{
  "bids_meta": {
    "AcquisitionDate": "'04-14-2024'",
    "AcquisitionDuration": 233.542,
    "AcquisitionMatrixPE": 256,
    "AcquisitionNumber": 2,
    "AcquisitionTime": "17:42:34.350000",
    "BodyPartExamined": "BRAIN",
    "CoilString": "MULTI COIL",
    "ConversionSoftware": "dcm2niix",
    "ConversionSoftwareVersion": "v1.0.20230411",
    "DeviceSerialNumber": "45051",
    "EchoTime": 0.004605,
    "EchoTrainLength": 128,
    "EstimatedEffectiveEchoSpacing": 1.79305e-05,
    "EstimatedTotalReadoutTime": 0.00457228,
    "FlipAngle": 8,
    "FrequencyEncodingSteps": 256,
    "ImageOrientationPatientDICOM": [
      0.998436,
      -0.0401736,
      0.0388913,
      0.0415408,
      0.998523,
      -0.035007
    ],
    "ImageType": [
      "ORIGINAL",
      "PRIMARY",
      "T1",
      "NONE"
    ],
    "ImagingFrequency": 127.75024,
    "InPlanePhaseEncodingDirectionDICOM": "ROW",
    "InstitutionAddress": "1161 21ST AVE. SOUTH",
    "InstitutionName": "VANDERBILT INSTITUTE OF IMAGING",
    "InstitutionalDepartmentName": "MRI DEPT.",
    "MRAcquisitionType": "3D",
    "MTState": true,
    "MagneticFieldStrength": 3,
    "Manufacturer": "Philips",
    "ManufacturersModelName": "MR 7700",
    "Modality": "MR",
    "ParallelAcquisitionTechnique": "SENSE",
    "ParallelReductionFactorInPlane": 2,
    "PatientPosition": "HFS",
    "PercentPhaseFOV": 100,
    "PercentSampling": 100,
    "PhaseEncodingAxis": "i",
    "PhaseEncodingSteps": 256,
    "PhaseEncodingStepsOutOfPlane": 150,
    "PhilipsRescaleIntercept": 0,
    "PhilipsRescaleSlope": 2.76654,
    "PhilipsScaleSlope": 0.00672808,
    "PixelBandwidth": 217.014,
    "ProtocolName": "WIP AnatBrain_T1W3D",
    "PulseSequenceName": "T1TFE",
    "ReconMatrixPE": 256,
    "RepetitionTime": 0.0089369,
    "ScanOptions": "SP",
    "ScanningSequence": "GR",
    "SequenceVariant": "MP",
    "SeriesDescription": "AnatBrain_T1W3D",
    "SeriesNumber": 201,
    "SliceThickness": 1,
    "SoftwareVersions": "5.9.0\\5.9.0.0",
    "SpacingBetweenSlices": 1,
    "SpoilingState": true,
    "SpoilingType": "COMBINED",
    "StationName": "PHILIPS-JJJ61LI",
    "UsePhilipsFloatNotDisplayScaling": 1,
    "WaterFatShift": 2.00149,
    "acq_id": "D1S0201",
    "dataset": "<unset>",
    "modality": "T1w",
    "session_id": "1",
    "subject_id": "1213"
  },
  "cjv": 0.3197315396906723,
  "cnr": 4.062562437622573,
  "efc": 0.6373984104272182,
  "fber": 81671.859375,
  "fwhm_avg": 4.572713333333334,
  "fwhm_x": 4.54491,
  "fwhm_y": 4.73263,
  "fwhm_z": 4.4406,
  "icvs_csf": 0.19293332726962523,
  "icvs_gm": 0.4471111891986151,
  "icvs_wm": 0.3599554835317597,
  "inu_med": 2.002248525619507,
  "inu_range": 0.7738240361213684,
  "provenance": {
    "md5sum": "1ceb13a6e2251d2673dd930ebb54419c",
    "settings": {
      "testing": false
    },
    "software": "mriqc",
    "version": "0.15.2",
    "warnings": {
      "large_rot_frame": true,
      "small_air_mask": false
    },
    "webapi_port": null,
    "webapi_url": "https://mriqc.nimh.nih.gov/api/v1"
  },
  "qi_1": 0.01817184075816352,
  "qi_2": 7.975160771809135e-05,
  "rpve_csf": 23.948140171267987,
  "rpve_gm": 11.407566128001267,
  "rpve_wm": 16.22206351426041,
  "size_x": 256,
  "size_y": 256,
  "size_z": 150,
  "snr_csf": 3.1660649344472636,
  "snr_gm": 11.917546911162367,
  "snr_total": 11.00011681019671,
  "snr_wm": 17.9167385849805,
  "snrd_csf": 75.48578704248305,
  "snrd_gm": 142.6106892309196,
  "snrd_total": 142.9894888015867,
  "snrd_wm": 210.87199013135748,
  "spacing_x": 1.0,
  "spacing_y": 1.0,
  "spacing_z": 1.0,
  "summary_bg_k": 13.634673992749264,
  "summary_bg_mad": 3.1067924073472604,
  "summary_bg_mean": 2.8700103759765625,
  "summary_bg_median": 2.120997428894043,
  "summary_bg_n": 509066.0,
  "summary_bg_p05": 0.0,
  "summary_bg_p95": 10.950282096862793,
  "summary_bg_stdv": 3.712433099746704,
  "summary_csf_k": 6.377683442127532,
  "summary_csf_mad": 102.57636461170152,
  "summary_csf_mean": 368.0141906738281,
  "summary_csf_median": 357.96923828125,
  "summary_csf_n": 10259.0,
  "summary_csf_p05": 205.03773193359376,
  "summary_csf_p95": 563.2354431152344,
  "summary_csf_stdv": 113.05889129638672,
  "summary_gm_k": 0.3196021410428478,
  "summary_gm_mad": 54.46744286761019,
  "summary_gm_mean": 676.7889404296875,
  "summary_gm_median": 676.2894287109375,
  "summary_gm_n": 26078.0,
  "summary_gm_p05": 583.4002136230469,
  "summary_gm_p95": 770.4313598632812,
  "summary_gm_stdv": 56.746280670166016,
  "summary_wm_k": 1.061188677397971,
  "summary_wm_mad": 49.032607177770274,
  "summary_wm_mean": 995.2456665039062,
  "summary_wm_median": 999.9986572265625,
  "summary_wm_n": 179982.0,
  "summary_wm_p05": 891.5831329345702,
  "summary_wm_p95": 1077.4178100585934,
  "summary_wm_stdv": 55.813499450683594,
  "tpm_overlap_csf": 0.14641214907169342,
  "tpm_overlap_gm": 0.4614272713661194,
  "tpm_overlap_wm": 0.4863395094871521,
  "wm2max": 0.5088679142314594
}