{
  "bids_meta": {
    "AcquisitionDate": "'05-11-2023'",
    "AcquisitionDuration": 233.246,
    "AcquisitionMatrixPE": 256,
    "AcquisitionNumber": 2,
    "AcquisitionTime": "19:59:50.040000",
    "BodyPartExamined": "BRAIN",
    "CoilString": "MULTI COIL",
    "ConversionSoftware": "dcm2niix",
    "ConversionSoftwareVersion": "v1.0.20230411",
    "DeviceSerialNumber": "45051",
    "EchoTime": 0.004605,
    "EchoTrainLength": 128,
    "EstimatedEffectiveEchoSpacing": 1.79305e-05,
    "EstimatedTotalReadoutTime": 0.00457228,
    "FlipAngle": 8,
    "FrequencyEncodingSteps": 256,
    "ImageOrientationPatientDICOM": [
      0.99919,
      -0.0385393,
      -0.0115797,
      0.038986,
      0.99839,
      0.0412088
    ],
    "ImageType": [
      "ORIGINAL",
      "PRIMARY",
      "T1",
      "NONE"
    ],
    "ImagingFrequency": 127.750496,
    "InPlanePhaseEncodingDirectionDICOM": "ROW",
    "InstitutionAddress": "1161 21ST AVE. SOUTH",
    "InstitutionName": "VANDERBILT INSTITUTE OF IMAGING",
    "InstitutionalDepartmentName": "MRI DEPT.",
    "MRAcquisitionType": "3D",
    "MTState": true,
    "MagneticFieldStrength": 3,
    "Manufacturer": "Philips",
    "ManufacturersModelName": "Ingenia Elition X",
    "Modality": "MR",
    "ParallelAcquisitionTechnique": "SENSE",
    "ParallelReductionFactorInPlane": 2,
    "PatientPosition": "HFS",
    "PercentPhaseFOV": 100,
    "PercentSampling": 100,
    "PhaseEncodingAxis": "i",
    "PhaseEncodingSteps": 256,
    "PhaseEncodingStepsOutOfPlane": 150,
    "PhilipsRescaleIntercept": 0,
    "PhilipsRescaleSlope": 2.83419,
    "PhilipsScaleSlope": 0.00645793,
    "PixelBandwidth": 217.014,
    "ProtocolName": "WIP AnatBrain_T1W3D",
    "PulseSequenceName": "T1TFE",
    "ReconMatrixPE": 256,
    "RepetitionTime": 0.0089253,
    "ScanOptions": "SP",
    "ScanningSequence": "GR",
    "SequenceVariant": "MP",
    "SeriesDescription": "AnatBrain_T1W3D",
    "SeriesNumber": 201,
    "SliceThickness": 1,
    "SoftwareVersions": "5.7.1\\5.7.1.2",
    "SpacingBetweenSlices": 1,
    "SpoilingState": true,
    "SpoilingType": "COMBINED",
    "StationName": "PHILIPS-JJJ61LI",
    "UsePhilipsFloatNotDisplayScaling": 1,
    "WaterFatShift": 2.00149,
    "acq_id": "D1S0201",
    "dataset": "<unset>",
    "modality": "T1w",
    "session_id": "1",
    "subject_id": "1195"
  },
  "cjv": 0.31792760484737764,
  "cnr": 3.9729658956357157,
  "efc": 0.6586633059560528,
  "fber": 71535.359375,
  "fwhm_avg": 4.7707533333333325,
  "fwhm_x": 4.76269,
  "fwhm_y": 4.97629,
  "fwhm_z": 4.57328,
  "icvs_csf": 0.20246235158975653,
  "icvs_gm": 0.4230230805980899,
  "icvs_wm": 0.37451456781215353,
  "inu_med": 2.318402051925659,
  "inu_range": 0.9715850353240967,
  "provenance": {
    "md5sum": "156932a828bcb98fb436b645f19132f5",
    "settings": {
      "testing": false
    },
    "software": "mriqc",
    "version": "0.15.2",
    "warnings": {
      "large_rot_frame": true,
      "small_air_mask": false
    },
    "webapi_port": null,
    "webapi_url": "https://mriqc.nimh.nih.gov/api/v1"
  },
  "qi_1": 0.009507199359959206,
  "qi_2": 8.85060916858212e-05,
  "rpve_csf": 20.365357717176455,
  "rpve_gm": 10.331293813205276,
  "rpve_wm": 13.85190962018219,
  "size_x": 256,
  "size_y": 256,
  "size_z": 150,
  "snr_csf": 3.5206829272000655,
  "snr_gm": 11.693854681267814,
  "snr_total": 11.51979682432878,
  "snr_wm": 19.344852864518465,
  "snrd_csf": 69.49551554556778,
  "snrd_gm": 131.7390939701179,
  "snrd_total": 130.91962285440053,
  "snrd_wm": 191.5242590475159,
  "spacing_x": 1.0,
  "spacing_y": 1.0,
  "spacing_z": 1.0,
  "summary_bg_k": 19.980298261268665,
  "summary_bg_mad": 3.420649167401688,
  "summary_bg_mean": 4.596490383148193,
  "summary_bg_median": 2.3277945518493652,
  "summary_bg_n": 555396.0,
  "summary_bg_p05": 0.0,
  "summary_bg_p95": 16.857625007629395,
  "summary_bg_stdv": 6.419932842254639,
  "summary_csf_k": 2.4304235817683404,
  "summary_csf_mad": 96.09825981925228,
  "summary_csf_mean": 369.4031982421875,
  "summary_csf_median": 362.85540771484375,
  "summary_csf_n": 17868.0,
  "summary_csf_p05": 213.95903778076172,
  "summary_csf_p95": 536.301525878906,
  "summary_csf_stdv": 103.06104278564453,
  "summary_gm_k": 0.9144742766795639,
  "summary_gm_mad": 53.83622388719114,
  "summary_gm_mean": 690.1265258789062,
  "summary_gm_median": 687.846435546875,
  "summary_gm_n": 25134.0,
  "summary_gm_p05": 598.6942169189454,
  "summary_gm_p95": 790.956411743164,
  "summary_gm_stdv": 58.82001876831055,
  "summary_wm_k": 0.9011388600227495,
  "summary_wm_mad": 45.40645751346629,
  "summary_wm_mean": 995.9635009765625,
  "summary_wm_median": 1000.0014038085938,
  "summary_wm_n": 224504.0,
  "summary_wm_p05": 899.8286193847657,
  "summary_wm_p95": 1073.0723205566405,
  "summary_wm_stdv": 51.693294525146484,
  "tpm_overlap_csf": 0.14855903387069702,
  "tpm_overlap_gm": 0.4428354501724243,
  "tpm_overlap_wm": 0.4850378930568695,
  "wm2max": 0.5485749481538655
}