{
  "bids_meta": {
    "AcquisitionDate": "'01-22-2023'",
    "AcquisitionDuration": 236.753,
    "AcquisitionMatrixPE": 256,
    "AcquisitionNumber": 2,
    "AcquisitionTime": "14:47:39.320000",
    "BodyPartExamined": "BRAIN",
    "CoilString": "MULTI COIL",
    "ConversionSoftware": "dcm2niix",
    "ConversionSoftwareVersion": "v1.0.20230411",
    "DeviceSerialNumber": "45051",
    "EchoTime": 0.004605,
    "EchoTrainLength": 128,
    "EstimatedEffectiveEchoSpacing": 1.79305e-05,
    "EstimatedTotalReadoutTime": 0.00457228,
    "FlipAngle": 8,
    "FrequencyEncodingSteps": 256,
    "ImageOrientationPatientDICOM": [
      0.999931,
      0.00595168,
      -0.0101129,
      -0.00891982,
      0.945494,
      -0.325516
    ],
    "ImageType": [
      "ORIGINAL",
      "PRIMARY",
      "T1",
      "NONE"
    ],
    "ImagingFrequency": 127.7504,
    "InPlanePhaseEncodingDirectionDICOM": "ROW",
    "InstitutionAddress": "1161 21ST AVE. SOUTH",
    "InstitutionName": "VANDERBILT INSTITUTE OF IMAGING",
    "InstitutionalDepartmentName": "MRI DEPT.",
    "MRAcquisitionType": "3D",
    "MTState": true,
    "MagneticFieldStrength": 3,
    "Manufacturer": "Philips",
    "ManufacturersModelName": "Ingenia Elition X",
    "Modality": "MR",
    "ParallelAcquisitionTechnique": "SENSE",
    "ParallelReductionFactorInPlane": 2,
    "PatientPosition": "HFS",
    "PercentPhaseFOV": 100,
    "PercentSampling": 100,
    "PhaseEncodingAxis": "i",
    "PhaseEncodingSteps": 256,
    "PhaseEncodingStepsOutOfPlane": 150,
    "PhilipsRescaleIntercept": 0,
    "PhilipsRescaleSlope": 3.31575,
    "PhilipsScaleSlope": 0.00644244,
    "PixelBandwidth": 217.014,
    "ProtocolName": "WIP AnatBrain_T1W3D",
    "PulseSequenceName": "T1TFE",
    "ReconMatrixPE": 256,
    "RepetitionTime": 0.0090592,
    "ScanOptions": "SP",
    "ScanningSequence": "GR",
    "SequenceVariant": "MP",
    "SeriesDescription": "AnatBrain_T1W3D",
    "SeriesNumber": 201,
    "SliceThickness": 1,
    "SoftwareVersions": "5.7.1\\5.7.1.2",
    "SpacingBetweenSlices": 1,
    "SpoilingState": true,
    "SpoilingType": "COMBINED",
    "StationName": "PHILIPS-JJJ61LI",
    "UsePhilipsFloatNotDisplayScaling": 1,
    "WaterFatShift": 2.00149,
    "acq_id": "D1S0201",
    "dataset": "<unset>",
    "modality": "T1w",
    "session_id": "1",
    "subject_id": "1119"
  },
  "cjv": 0.2968074690739697,
  "cnr": 4.131872789679433,
  "efc": 0.7078732321129371,
  "fber": 52561.95703125,
  "fwhm_avg": 4.92467,
  "fwhm_x": 4.86517,
  "fwhm_y": 5.07089,
  "fwhm_z": 4.83795,
  "icvs_csf": 0.19689156138398742,
  "icvs_gm": 0.4462066435613618,
  "icvs_wm": 0.3569017950546508,
  "inu_med": 2.072049617767334,
  "inu_range": 0.9471549987792969,
  "provenance": {
    "md5sum": "d28edfcb58dbeac04b640d86ec53b639",
    "settings": {
      "testing": false
    },
    "software": "mriqc",
    "version": "0.15.2",
    "warnings": {
      "large_rot_frame": true,
      "small_air_mask": false
    },
    "webapi_port": null,
    "webapi_url": "https://mriqc.nimh.nih.gov/api/v1"
  },
  "qi_1": 0.0,
  "qi_2": 3.0064634237547595e-05,
  "rpve_csf": 22.474822717955348,
  "rpve_gm": 10.90540549706201,
  "rpve_wm": 15.490846894814434,
  "size_x": 256,
  "size_y": 256,
  "size_z": 150,
  "snr_csf": 3.3996734252470207,
  "snr_gm": 11.693933952211951,
  "snr_total": 11.182540641007384,
  "snr_wm": 18.454014545563176,
  "snrd_csf": 58.809046792804146,
  "snrd_gm": 108.17992007806922,
  "snrd_total": 109.3192808990326,
  "snrd_wm": 160.96887582622446,
  "spacing_x": 1.0,
  "spacing_y": 1.0,
  "spacing_z": 1.0,
  "summary_bg_k": 5.787007955455923,
  "summary_bg_mad": 4.069957835915418,
  "summary_bg_mean": 7.309413433074951,
  "summary_bg_median": 5.238615036010742,
  "summary_bg_n": 478992.0,
  "summary_bg_p05": 0.0,
  "summary_bg_p95": 22.38486356735227,
  "summary_bg_stdv": 7.769749641418457,
  "summary_csf_k": 2.2554945786150524,
  "summary_csf_mad": 97.32631125402642,
  "summary_csf_mean": 376.1143493652344,
  "summary_csf_median": 365.34429931640625,
  "summary_csf_n": 19586.0,
  "summary_csf_p05": 225.92161178588867,
  "summary_csf_p95": 560.5670776367188,
  "summary_csf_stdv": 107.46178436279297,
  "summary_gm_k": 0.8710322140810538,
  "summary_gm_mad": 53.341465120731215,
  "summary_gm_mean": 676.2637939453125,
  "summary_gm_median": 672.0550537109375,
  "summary_gm_n": 38363.0,
  "summary_gm_p05": 590.5136962890624,
  "summary_gm_p95": 775.9885620117187,
  "summary_gm_stdv": 57.46965026855469,
  "summary_wm_k": 1.5934887451179138,
  "summary_wm_mad": 43.995116845685374,
  "summary_wm_mean": 995.4295654296875,
  "summary_wm_median": 1000.000244140625,
  "summary_wm_n": 200514.0,
  "summary_wm_p05": 890.8377532958984,
  "summary_wm_p95": 1074.1058532714844,
  "summary_wm_stdv": 54.188629150390625,
  "tpm_overlap_csf": 0.15210938453674316,
  "tpm_overlap_gm": 0.4658403992652893,
  "tpm_overlap_wm": 0.48680976033210754,
  "wm2max": 0.6127893161325495
}