{
	"Modality": "MR",
	"MagneticFieldStrength": 3,
	"ImagingFrequency": 127.750344,
	"Manufacturer": "Philips",
	"ManufacturersModelName": "MR 7700",
	"InstitutionName": "VANDERBILT INSTITUTE OF IMAGING",
	"InstitutionalDepartmentName": "MRI DEPT.",
	"InstitutionAddress": "1161 21ST AVE. SOUTH",
	"DeviceSerialNumber": "45051",
	"StationName": "PHILIPS-JJJ61LI",
	"BodyPartExamined": "BRAIN",
	"PatientPosition": "HFS",
	"SoftwareVersions": "5.9.0\\5.9.0.0",
	"MRAcquisitionType": "2D",
	"SeriesDescription": "TOPUP_2.25mmiso_APA",
	"ProtocolName": "WIP TOPUP_2.25mmiso_APA",
	"ScanningSequence": "SE",
	"SequenceVariant": "SK",
	"ScanOptions": "FS",
	"PulseSequenceName": "SEEPI",
	"ImageType": ["ORIGINAL", "PRIMARY", "T2", "NONE"],
	"SeriesNumber": 601,
	"AcquisitionTime": "17:26:24.320000",
	"AcquisitionNumber": 6,
	"PhilipsRescaleSlope": 1.51746,
	"PhilipsRescaleIntercept": 0,
	"PhilipsScaleSlope": 0.022514,
	"UsePhilipsFloatNotDisplayScaling": 1,
	"SliceThickness": 2.25,
	"SpacingBetweenSlices": 2.25,
	"EchoTime": 0.034229,
	"RepetitionTime": 1.71771,
	"MTState": false,
	"FlipAngle": 90,
	"CoilString": "MULTI COIL",
	"PercentPhaseFOV": 100,
	"PercentSampling": 100,
	"EchoTrainLength": 47,
	"PhaseEncodingSteps": 94,
	"FrequencyEncodingSteps": 96,
	"PhaseEncodingStepsOutOfPlane": 1,
	"AcquisitionMatrixPE": 94,
	"ReconMatrixPE": 96,
	"ParallelReductionFactorInPlane": 2,
	"ParallelAcquisitionTechnique": "SENSE",
	"WaterFatShift": 12.8849,
	"EffectiveEchoSpacing": 0.000305755,
	"TotalReadoutTime": 0.0290468,
	"AcquisitionDuration": 6.87085,
	"PixelBandwidth": 2151.43,
	"PhaseEncodingDirection": "j",
	"ImageOrientationPatientDICOM": [
		0.999836,
		-0.0174496,
		-0.0048393,
		0.0174811,
		0.999826,
		0.00653454	],
	"InPlanePhaseEncodingDirectionDICOM": "COL",
	"ConversionSoftware": "dcm2niix",
	"ConversionSoftwareVersion": "v1.0.20230411",
	"AcquisitionDate":"'10-22-2023'"
}
