{
  "bids_meta": {
    "AcquisitionDate": "'09-26-2024'",
    "AcquisitionDuration": 232.607,
    "AcquisitionMatrixPE": 256,
    "AcquisitionNumber": 2,
    "AcquisitionTime": "19:06:0.660000",
    "BodyPartExamined": "BRAIN",
    "CoilString": "MULTI COIL",
    "ConversionSoftware": "dcm2niix",
    "ConversionSoftwareVersion": "v1.0.20230411",
    "DeviceSerialNumber": "45051",
    "EchoTime": 0.004605,
    "EchoTrainLength": 128,
    "EstimatedEffectiveEchoSpacing": 1.79305e-05,
    "EstimatedTotalReadoutTime": 0.00457228,
    "FlipAngle": 8,
    "FrequencyEncodingSteps": 256,
    "ImageOrientationPatientDICOM": [
      0.99725,
      0.0741174,
      -4.52109e-06,
      -0.0741166,
      0.99724,
      0.0043573
    ],
    "ImageType": [
      "ORIGINAL",
      "PRIMARY",
      "T1",
      "NONE"
    ],
    "ImagingFrequency": 127.75028,
    "InPlanePhaseEncodingDirectionDICOM": "ROW",
    "InstitutionAddress": "1161 21ST AVE. SOUTH",
    "InstitutionName": "VANDERBILT INSTITUTE OF IMAGING",
    "InstitutionalDepartmentName": "MRI DEPT.",
    "MRAcquisitionType": "3D",
    "MTState": true,
    "MagneticFieldStrength": 3,
    "Manufacturer": "Philips",
    "ManufacturersModelName": "MR 7700",
    "Modality": "MR",
    "ParallelAcquisitionTechnique": "SENSE",
    "ParallelReductionFactorInPlane": 2,
    "PatientPosition": "HFS",
    "PercentPhaseFOV": 100,
    "PercentSampling": 100,
    "PhaseEncodingAxis": "i",
    "PhaseEncodingSteps": 256,
    "PhaseEncodingStepsOutOfPlane": 150,
    "PhilipsRescaleIntercept": 0,
    "PhilipsRescaleSlope": 2.11306,
    "PhilipsScaleSlope": 0.00655951,
    "PixelBandwidth": 217.014,
    "ProtocolName": "WIP AnatBrain_T1W3D",
    "PulseSequenceName": "T1TFE",
    "ReconMatrixPE": 256,
    "RepetitionTime": 0.0089002,
    "ScanOptions": "SP",
    "ScanningSequence": "GR",
    "SequenceVariant": "MP",
    "SeriesDescription": "AnatBrain_T1W3D",
    "SeriesNumber": 201,
    "SliceThickness": 1,
    "SoftwareVersions": "5.9.0\\5.9.0.0",
    "SpacingBetweenSlices": 1,
    "SpoilingState": true,
    "SpoilingType": "COMBINED",
    "StationName": "PHILIPS-JJJ61LI",
    "UsePhilipsFloatNotDisplayScaling": 1,
    "WaterFatShift": 2.00149,
    "acq_id": "D1S0201",
    "dataset": "<unset>",
    "modality": "T1w",
    "session_id": "1",
    "subject_id": "1246"
  },
  "cjv": 0.2850454717796108,
  "cnr": 4.516777099573675,
  "efc": 0.5972228070426983,
  "fber": 83933.4296875,
  "fwhm_avg": 4.544160000000001,
  "fwhm_x": 4.40979,
  "fwhm_y": 4.79552,
  "fwhm_z": 4.42717,
  "icvs_csf": 0.1937761639338111,
  "icvs_gm": 0.44543893182825306,
  "icvs_wm": 0.3607849042379358,
  "inu_med": 2.1699891090393066,
  "inu_range": 0.7010713696479796,
  "provenance": {
    "md5sum": "9ea31ab627d3e5b3d6efeca04f66e21d",
    "settings": {
      "testing": false
    },
    "software": "mriqc",
    "version": "0.15.2",
    "warnings": {
      "large_rot_frame": true,
      "small_air_mask": false
    },
    "webapi_port": null,
    "webapi_url": "https://mriqc.nimh.nih.gov/api/v1"
  },
  "qi_1": 0.018080230245927212,
  "qi_2": 3.122834133963546e-05,
  "rpve_csf": 25.793661876839824,
  "rpve_gm": 12.219925869104502,
  "rpve_wm": 16.926852144551862,
  "size_x": 256,
  "size_y": 256,
  "size_z": 150,
  "snr_csf": 3.6129345934947317,
  "snr_gm": 12.069620321164269,
  "snr_total": 11.3719888638088,
  "snr_wm": 18.433411676767403,
  "snrd_csf": 64.36098214506465,
  "snrd_gm": 140.57325812303017,
  "snrd_total": 140.06426080272695,
  "snrd_wm": 215.25854214008598,
  "spacing_x": 1.0,
  "spacing_y": 1.0,
  "spacing_z": 1.0,
  "summary_bg_k": 21.003475165234185,
  "summary_bg_mad": 3.0434827407748735,
  "summary_bg_mean": 3.5586555004119873,
  "summary_bg_median": 2.0740737915039062,
  "summary_bg_n": 792452.0,
  "summary_bg_p05": 0.0,
  "summary_bg_p95": 15.055261087417604,
  "summary_bg_stdv": 5.493051052093506,
  "summary_csf_k": 1.429451099680409,
  "summary_csf_mad": 67.75460014315988,
  "summary_csf_mean": 316.7442932128906,
  "summary_csf_median": 298.9935302734375,
  "summary_csf_n": 21236.0,
  "summary_csf_p05": 208.89097595214844,
  "summary_csf_p95": 473.99725341796875,
  "summary_csf_stdv": 82.75447082519531,
  "summary_gm_k": 0.23706911503537098,
  "summary_gm_mad": 52.53953513657614,
  "summary_gm_mean": 654.1409912109375,
  "summary_gm_median": 653.0430908203125,
  "summary_gm_n": 27835.0,
  "summary_gm_p05": 565.5136779785156,
  "summary_gm_p95": 743.3608581542969,
  "summary_gm_stdv": 54.105377197265625,
  "summary_wm_k": 1.530343196120839,
  "summary_wm_mad": 46.35864756743511,
  "summary_wm_mean": 996.074462890625,
  "summary_wm_median": 999.9989013671875,
  "summary_wm_n": 167603.0,
  "summary_wm_p05": 896.1605407714844,
  "summary_wm_p95": 1077.3991821289062,
  "summary_wm_stdv": 54.24909591674805,
  "tpm_overlap_csf": 0.1619594395160675,
  "tpm_overlap_gm": 0.4564903974533081,
  "tpm_overlap_wm": 0.4893525242805481,
  "wm2max": 0.5048861966786788
}