{
  "bids_meta": {
    "AcquisitionDate": "'06-27-2023'",
    "AcquisitionDuration": 233.906,
    "AcquisitionMatrixPE": 256,
    "AcquisitionNumber": 2,
    "AcquisitionTime": "15:48:30.060000",
    "BodyPartExamined": "BRAIN",
    "CoilString": "MULTI COIL",
    "ConversionSoftware": "dcm2niix",
    "ConversionSoftwareVersion": "v1.0.20230411",
    "DeviceSerialNumber": "45051",
    "EchoTime": 0.004605,
    "EchoTrainLength": 128,
    "EstimatedEffectiveEchoSpacing": 1.79305e-05,
    "EstimatedTotalReadoutTime": 0.00457228,
    "FlipAngle": 8,
    "FrequencyEncodingSteps": 256,
    "ImageOrientationPatientDICOM": [
      0.996278,
      0.0735492,
      0.0449449,
      -0.0719869,
      0.996776,
      -0.035445
    ],
    "ImageType": [
      "ORIGINAL",
      "PRIMARY",
      "T1",
      "NONE"
    ],
    "ImagingFrequency": 127.750312,
    "InPlanePhaseEncodingDirectionDICOM": "ROW",
    "InstitutionAddress": "1161 21ST AVE. SOUTH",
    "InstitutionName": "VANDERBILT INSTITUTE OF IMAGING",
    "InstitutionalDepartmentName": "MRI DEPT.",
    "MRAcquisitionType": "3D",
    "MTState": true,
    "MagneticFieldStrength": 3,
    "Manufacturer": "Philips",
    "ManufacturersModelName": "MR 7700",
    "Modality": "MR",
    "ParallelAcquisitionTechnique": "SENSE",
    "ParallelReductionFactorInPlane": 2,
    "PatientPosition": "HFS",
    "PercentPhaseFOV": 100,
    "PercentSampling": 100,
    "PhaseEncodingAxis": "i",
    "PhaseEncodingSteps": 256,
    "PhaseEncodingStepsOutOfPlane": 150,
    "PhilipsRescaleIntercept": 0,
    "PhilipsRescaleSlope": 2.7956,
    "PhilipsScaleSlope": 0.00607762,
    "PixelBandwidth": 217.014,
    "ProtocolName": "WIP AnatBrain_T1W3D",
    "PulseSequenceName": "T1TFE",
    "ReconMatrixPE": 256,
    "RepetitionTime": 0.0089512,
    "ScanOptions": "SP",
    "ScanningSequence": "GR",
    "SequenceVariant": "MP",
    "SeriesDescription": "AnatBrain_T1W3D",
    "SeriesNumber": 201,
    "SliceThickness": 1,
    "SoftwareVersions": "5.9.0\\5.9.0.0",
    "SpacingBetweenSlices": 1,
    "SpoilingState": true,
    "SpoilingType": "COMBINED",
    "StationName": "PHILIPS-JJJ61LI",
    "UsePhilipsFloatNotDisplayScaling": 1,
    "WaterFatShift": 2.00149,
    "acq_id": "D1S0201",
    "dataset": "<unset>",
    "modality": "T1w",
    "session_id": "1",
    "subject_id": "1203"
  },
  "cjv": 0.31312204119351444,
  "cnr": 4.1246459736693994,
  "efc": 0.6342396909393299,
  "fber": 81783.8359375,
  "fwhm_avg": 4.22283,
  "fwhm_x": 4.21497,
  "fwhm_y": 4.41918,
  "fwhm_z": 4.03434,
  "icvs_csf": 0.20468309606625384,
  "icvs_gm": 0.434272695430069,
  "icvs_wm": 0.36104420850367713,
  "inu_med": 1.5049078464508057,
  "inu_range": 0.5496528387069703,
  "provenance": {
    "md5sum": "de0e65170d10a09dd00d7ba156bc893b",
    "settings": {
      "testing": false
    },
    "software": "mriqc",
    "version": "0.15.2",
    "warnings": {
      "large_rot_frame": true,
      "small_air_mask": false
    },
    "webapi_port": null,
    "webapi_url": "https://mriqc.nimh.nih.gov/api/v1"
  },
  "qi_1": 0.011389396447215615,
  "qi_2": 4.416046002267968e-05,
  "rpve_csf": 21.29787480722325,
  "rpve_gm": 10.848410628779535,
  "rpve_wm": 15.162091883656984,
  "size_x": 256,
  "size_y": 256,
  "size_z": 150,
  "snr_csf": 2.9748256214933124,
  "snr_gm": 10.053554801662267,
  "snr_total": 10.946433257946117,
  "snr_wm": 19.810919350682767,
  "snrd_csf": 64.43155663528151,
  "snrd_gm": 135.6193926950397,
  "snrd_total": 135.37285743527738,
  "snrd_wm": 206.0676229755109,
  "spacing_x": 1.0,
  "spacing_y": 1.0,
  "spacing_z": 1.0,
  "summary_bg_k": 9.04696855222973,
  "summary_bg_mad": 3.1792036514932303,
  "summary_bg_mean": 4.627355098724365,
  "summary_bg_median": 2.1443402767181396,
  "summary_bg_n": 810333.0,
  "summary_bg_p05": 0.0,
  "summary_bg_p95": 17.6821620941162,
  "summary_bg_stdv": 6.062843322753906,
  "summary_csf_k": 87.06185882504317,
  "summary_csf_mad": 72.08825258123011,
  "summary_csf_mean": 329.66522216796875,
  "summary_csf_median": 312.6693115234375,
  "summary_csf_n": 32612.0,
  "summary_csf_p05": 214.27992858886716,
  "summary_csf_p95": 494.67354888916,
  "summary_csf_stdv": 105.10347747802734,
  "summary_gm_k": 0.6543534414294156,
  "summary_gm_mad": 61.76290633551425,
  "summary_gm_mean": 661.2037963867188,
  "summary_gm_median": 658.1250610351562,
  "summary_gm_n": 23891.0,
  "summary_gm_p05": 559.2964172363281,
  "summary_gm_p95": 773.0287475585938,
  "summary_gm_stdv": 65.46055603027344,
  "summary_wm_k": 2.0940381880680397,
  "summary_wm_mad": 45.28307322849727,
  "summary_wm_mean": 998.7886962890625,
  "summary_wm_median": 999.99169921875,
  "summary_wm_n": 202068.0,
  "summary_wm_p05": 913.9784484863281,
  "summary_wm_p95": 1077.038684082031,
  "summary_wm_stdv": 50.47666931152344,
  "tpm_overlap_csf": 0.16682755947113037,
  "tpm_overlap_gm": 0.44911280274391174,
  "tpm_overlap_wm": 0.4908910393714905,
  "wm2max": 0.6141502881778568
}