{
  "bids_meta": {
    "AcquisitionDate": "'08-16-2021'",
    "AcquisitionDuration": 234.433,
    "AcquisitionMatrixPE": 256,
    "AcquisitionNumber": 2,
    "AcquisitionTime": "08:09:28.110000",
    "BodyPartExamined": "BRAIN",
    "CoilString": "MULTI COIL",
    "ConversionSoftware": "dcm2niix",
    "ConversionSoftwareVersion": "v1.0.20230411",
    "DeviceSerialNumber": "45051",
    "EchoTime": 0.004605,
    "EchoTrainLength": 128,
    "EstimatedEffectiveEchoSpacing": 1.79305e-05,
    "EstimatedTotalReadoutTime": 0.00457228,
    "FlipAngle": 8,
    "FrequencyEncodingSteps": 256,
    "ImageOrientationPatientDICOM": [
      0.99579,
      0.0730959,
      0.0553089,
      -0.0696697,
      0.995671,
      -0.061527
    ],
    "ImageType": [
      "ORIGINAL",
      "PRIMARY",
      "T1",
      "NONE"
    ],
    "ImagingFrequency": 127.750672,
    "InPlanePhaseEncodingDirectionDICOM": "ROW",
    "InstitutionAddress": "1161 21ST AVE. SOUTH",
    "InstitutionName": "VANDERBILT INSTITUTE OF IMAGING",
    "InstitutionalDepartmentName": "MRI DEPT.",
    "MRAcquisitionType": "3D",
    "MTState": true,
    "MagneticFieldStrength": 3,
    "Manufacturer": "Philips",
    "ManufacturersModelName": "Ingenia Elition X",
    "Modality": "MR",
    "ParallelAcquisitionTechnique": "SENSE",
    "ParallelReductionFactorInPlane": 2,
    "PatientPosition": "HFS",
    "PercentPhaseFOV": 100,
    "PercentSampling": 100,
    "PhaseEncodingAxis": "i",
    "PhaseEncodingSteps": 256,
    "PhaseEncodingStepsOutOfPlane": 150,
    "PhilipsRescaleIntercept": 0,
    "PhilipsRescaleSlope": 3.69573,
    "PhilipsScaleSlope": 0.00720384,
    "PixelBandwidth": 217.014,
    "ProtocolName": "WIP AnatBrain_T1W3D",
    "PulseSequenceName": "T1TFE",
    "ReconMatrixPE": 256,
    "RepetitionTime": 0.0089711,
    "ScanOptions": "SP",
    "ScanningSequence": "GR",
    "SequenceVariant": "MP",
    "SeriesDescription": "AnatBrain_T1W3D",
    "SeriesNumber": 201,
    "SliceThickness": 1,
    "SoftwareVersions": "5.6.1\\5.6.1.0",
    "SpacingBetweenSlices": 1,
    "SpoilingState": true,
    "SpoilingType": "COMBINED",
    "StationName": "PHILIPS-JJJ61LI",
    "UsePhilipsFloatNotDisplayScaling": 1,
    "WaterFatShift": 2.0015,
    "acq_id": "D1S0201",
    "dataset": "<unset>",
    "modality": "T1w",
    "session_id": "1",
    "subject_id": "1089"
  },
  "cjv": 0.3019842353131512,
  "cnr": 4.12668034346431,
  "efc": 0.7014829901205818,
  "fber": 43048.14453125,
  "fwhm_avg": 4.49036,
  "fwhm_x": 4.46649,
  "fwhm_y": 4.70427,
  "fwhm_z": 4.30032,
  "icvs_csf": 0.22522519166858937,
  "icvs_gm": 0.41232085672548907,
  "icvs_wm": 0.3624539516059216,
  "inu_med": 1.8455809354782104,
  "inu_range": 0.7765712738037109,
  "provenance": {
    "md5sum": "36d25bbc7f638ebacb2d04b9470b1677",
    "settings": {
      "testing": false
    },
    "software": "mriqc",
    "version": "0.15.2",
    "warnings": {
      "large_rot_frame": true,
      "small_air_mask": false
    },
    "webapi_port": null,
    "webapi_url": "https://mriqc.nimh.nih.gov/api/v1"
  },
  "qi_1": 0.040432414444482506,
  "qi_2": 0.00012709056234546103,
  "rpve_csf": 17.610846705644825,
  "rpve_gm": 9.912816720667871,
  "rpve_wm": 13.572258372085242,
  "size_x": 256,
  "size_y": 256,
  "size_z": 150,
  "snr_csf": 2.8034743949938488,
  "snr_gm": 10.456499943033004,
  "snr_total": 11.570466325092985,
  "snr_wm": 21.4514246372521,
  "snrd_csf": 53.07021883706859,
  "snrd_gm": 109.97692134589929,
  "snrd_total": 108.97625071627628,
  "snrd_wm": 163.88161196586094,
  "spacing_x": 1.0,
  "spacing_y": 1.0,
  "spacing_z": 1.0,
  "summary_bg_k": 11.853383244192543,
  "summary_bg_mad": 3.9976202923315816,
  "summary_bg_mean": 6.293938159942627,
  "summary_bg_median": 2.6963539123535156,
  "summary_bg_n": 474715.0,
  "summary_bg_p05": 0.0,
  "summary_bg_p95": 22.217724990844722,
  "summary_bg_stdv": 7.835580348968506,
  "summary_csf_k": 75.73020069494773,
  "summary_csf_mad": 76.48106341775906,
  "summary_csf_mean": 339.129150390625,
  "summary_csf_median": 323.83270263671875,
  "summary_csf_n": 34328.0,
  "summary_csf_p05": 212.43122329711917,
  "summary_csf_p95": 497.0248046875,
  "summary_csf_stdv": 115.509521484375,
  "summary_gm_k": 0.6623963484182736,
  "summary_gm_mad": 59.89472257080184,
  "summary_gm_mean": 674.6092529296875,
  "summary_gm_median": 671.0755004882812,
  "summary_gm_n": 28839.0,
  "summary_gm_p05": 575.73173828125,
  "summary_gm_p95": 785.9483947753906,
  "summary_gm_stdv": 64.17671966552734,
  "summary_wm_k": 1.972447951061799,
  "summary_wm_mad": 39.43532775331549,
  "summary_wm_mean": 997.9778442382812,
  "summary_wm_median": 1000.0001220703125,
  "summary_wm_n": 240958.0,
  "summary_wm_p05": 916.6689483642579,
  "summary_wm_p95": 1068.8255126953125,
  "summary_wm_stdv": 46.616859436035156,
  "tpm_overlap_csf": 0.16572806239128113,
  "tpm_overlap_gm": 0.45060116052627563,
  "tpm_overlap_wm": 0.4933890998363495,
  "wm2max": 0.6156332063041083
}