{
  "bids_meta": {
    "AcquisitionDate": "'02-06-2023'",
    "AcquisitionDuration": 235.123,
    "AcquisitionMatrixPE": 256,
    "AcquisitionNumber": 2,
    "AcquisitionTime": "16:07:43.660000",
    "BodyPartExamined": "BRAIN",
    "CoilString": "MULTI COIL",
    "ConversionSoftware": "dcm2niix",
    "ConversionSoftwareVersion": "v1.0.20230411",
    "DeviceSerialNumber": "45051",
    "EchoTime": 0.004605,
    "EchoTrainLength": 128,
    "EstimatedEffectiveEchoSpacing": 1.79305e-05,
    "EstimatedTotalReadoutTime": 0.00457228,
    "FlipAngle": 8,
    "FrequencyEncodingSteps": 256,
    "ImageOrientationPatientDICOM": [
      0.997335,
      0.0714247,
      -0.0148494,
      -0.0727713,
      0.988353,
      -0.133653
    ],
    "ImageType": [
      "ORIGINAL",
      "PRIMARY",
      "T1",
      "NONE"
    ],
    "ImagingFrequency": 127.75052,
    "InPlanePhaseEncodingDirectionDICOM": "ROW",
    "InstitutionAddress": "1161 21ST AVE. SOUTH",
    "InstitutionName": "VANDERBILT INSTITUTE OF IMAGING",
    "InstitutionalDepartmentName": "MRI DEPT.",
    "MRAcquisitionType": "3D",
    "MTState": true,
    "MagneticFieldStrength": 3,
    "Manufacturer": "Philips",
    "ManufacturersModelName": "Ingenia Elition X",
    "Modality": "MR",
    "ParallelAcquisitionTechnique": "SENSE",
    "ParallelReductionFactorInPlane": 2,
    "PatientPosition": "HFS",
    "PercentPhaseFOV": 100,
    "PercentSampling": 100,
    "PhaseEncodingAxis": "i",
    "PhaseEncodingSteps": 256,
    "PhaseEncodingStepsOutOfPlane": 150,
    "PhilipsRescaleIntercept": 0,
    "PhilipsRescaleSlope": 3.05861,
    "PhilipsScaleSlope": 0.00627605,
    "PixelBandwidth": 217.014,
    "ProtocolName": "WIP AnatBrain_T1W3D",
    "PulseSequenceName": "T1TFE",
    "ReconMatrixPE": 256,
    "RepetitionTime": 0.0089972,
    "ScanOptions": "SP",
    "ScanningSequence": "GR",
    "SequenceVariant": "MP",
    "SeriesDescription": "AnatBrain_T1W3D",
    "SeriesNumber": 201,
    "SliceThickness": 1,
    "SoftwareVersions": "5.7.1\\5.7.1.2",
    "SpacingBetweenSlices": 1,
    "SpoilingState": true,
    "SpoilingType": "COMBINED",
    "StationName": "PHILIPS-JJJ61LI",
    "UsePhilipsFloatNotDisplayScaling": 1,
    "WaterFatShift": 2.00149,
    "acq_id": "D1S0201",
    "dataset": "<unset>",
    "modality": "T1w",
    "session_id": "1",
    "subject_id": "1184"
  },
  "cjv": 0.2662779849790091,
  "cnr": 4.7590984560416585,
  "efc": 0.6629537161126241,
  "fber": 75435.5234375,
  "fwhm_avg": 4.8775,
  "fwhm_x": 4.84225,
  "fwhm_y": 5.07287,
  "fwhm_z": 4.71738,
  "icvs_csf": 0.19964339517865254,
  "icvs_gm": 0.4382298574433534,
  "icvs_wm": 0.36212674737799405,
  "inu_med": 1.9242209196090698,
  "inu_range": 0.7862814545631411,
  "provenance": {
    "md5sum": "fe53bec06ed83823d3c8311075bb00ee",
    "settings": {
      "testing": false
    },
    "software": "mriqc",
    "version": "0.15.2",
    "warnings": {
      "large_rot_frame": true,
      "small_air_mask": false
    },
    "webapi_port": null,
    "webapi_url": "https://mriqc.nimh.nih.gov/api/v1"
  },
  "qi_1": 0.014050624084791855,
  "qi_2": 5.164319008413433e-05,
  "rpve_csf": 23.063290989296323,
  "rpve_gm": 11.51451346605333,
  "rpve_wm": 16.26609451370614,
  "size_x": 256,
  "size_y": 256,
  "size_z": 150,
  "snr_csf": 3.3230989864860967,
  "snr_gm": 12.537281347171698,
  "snr_total": 11.987320729632804,
  "snr_wm": 20.101581855240614,
  "snrd_csf": 71.20989052481882,
  "snrd_gm": 132.01339051126098,
  "snrd_total": 134.92014957702992,
  "snrd_wm": 201.53716769500997,
  "spacing_x": 1.0,
  "spacing_y": 1.0,
  "spacing_z": 1.0,
  "summary_bg_k": 14.988461910135708,
  "summary_bg_mad": 3.2506884247837964,
  "summary_bg_mean": 5.335312366485596,
  "summary_bg_median": 2.1925559043884277,
  "summary_bg_n": 488546.0,
  "summary_bg_p05": 0.0,
  "summary_bg_p95": 18.701574325561523,
  "summary_bg_stdv": 7.055120468139648,
  "summary_csf_k": 1.222173149801379,
  "summary_csf_mad": 99.80087425861957,
  "summary_csf_mean": 359.95672607421875,
  "summary_csf_median": 353.3327941894531,
  "summary_csf_n": 14833.0,
  "summary_csf_p05": 201.92681579589845,
  "summary_csf_p95": 543.2903930664063,
  "summary_csf_stdv": 106.32270812988281,
  "summary_gm_k": 0.3684772697404952,
  "summary_gm_mad": 50.91753175122436,
  "summary_gm_mean": 657.4717407226562,
  "summary_gm_median": 655.0306396484375,
  "summary_gm_n": 34706.0,
  "summary_gm_p05": 575.7613677978516,
  "summary_gm_p95": 745.6902008056641,
  "summary_gm_stdv": 52.245872497558594,
  "summary_wm_k": 1.6395718736674452,
  "summary_wm_mad": 40.93946679604011,
  "summary_wm_mean": 996.4026489257812,
  "summary_wm_median": 999.9971923828125,
  "summary_wm_n": 191096.0,
  "summary_wm_p05": 904.4679718017578,
  "summary_wm_p95": 1069.6123352050781,
  "summary_wm_stdv": 49.7470588684082,
  "tpm_overlap_csf": 0.14021514356136322,
  "tpm_overlap_gm": 0.45796680450439453,
  "tpm_overlap_wm": 0.48738422989845276,
  "wm2max": 0.5965652509662763
}