{
  "bids_meta": {
    "AcquisitionDate": "'07-05-2022'",
    "AcquisitionDuration": 234.52,
    "AcquisitionMatrixPE": 256,
    "AcquisitionNumber": 2,
    "AcquisitionTime": "15:43:54.320000",
    "BodyPartExamined": "BRAIN",
    "CoilString": "MULTI COIL",
    "ConversionSoftware": "dcm2niix",
    "ConversionSoftwareVersion": "v1.0.20230411",
    "DeviceSerialNumber": "45051",
    "EchoTime": 0.004605,
    "EchoTrainLength": 128,
    "EstimatedEffectiveEchoSpacing": 1.79305e-05,
    "EstimatedTotalReadoutTime": 0.00457228,
    "FlipAngle": 8,
    "FrequencyEncodingSteps": 256,
    "ImageOrientationPatientDICOM": [
      0.988763,
      0.139246,
      0.0543926,
      -0.137412,
      0.989855,
      -0.0361262
    ],
    "ImageType": [
      "ORIGINAL",
      "PRIMARY",
      "T1",
      "NONE"
    ],
    "ImagingFrequency": 127.75056,
    "InPlanePhaseEncodingDirectionDICOM": "ROW",
    "InstitutionAddress": "1161 21ST AVE. SOUTH",
    "InstitutionName": "VANDERBILT INSTITUTE OF IMAGING",
    "InstitutionalDepartmentName": "MRI DEPT.",
    "MRAcquisitionType": "3D",
    "MTState": true,
    "MagneticFieldStrength": 3,
    "Manufacturer": "Philips",
    "ManufacturersModelName": "Ingenia Elition X",
    "Modality": "MR",
    "ParallelAcquisitionTechnique": "SENSE",
    "ParallelReductionFactorInPlane": 2,
    "PatientPosition": "HFS",
    "PercentPhaseFOV": 100,
    "PercentSampling": 100,
    "PhaseEncodingAxis": "i",
    "PhaseEncodingSteps": 256,
    "PhaseEncodingStepsOutOfPlane": 150,
    "PhilipsRescaleIntercept": 0,
    "PhilipsRescaleSlope": 3.04322,
    "PhilipsScaleSlope": 0.00730916,
    "PixelBandwidth": 217.014,
    "ProtocolName": "WIP AnatBrain_T1W3D",
    "PulseSequenceName": "T1TFE",
    "ReconMatrixPE": 256,
    "RepetitionTime": 0.0089752,
    "ScanOptions": "SP",
    "ScanningSequence": "GR",
    "SequenceVariant": "MP",
    "SeriesDescription": "AnatBrain_T1W3D",
    "SeriesNumber": 201,
    "SliceThickness": 1,
    "SoftwareVersions": "5.7.1\\5.7.1.2",
    "SpacingBetweenSlices": 1,
    "SpoilingState": true,
    "SpoilingType": "COMBINED",
    "StationName": "PHILIPS-JJJ61LI",
    "UsePhilipsFloatNotDisplayScaling": 1,
    "WaterFatShift": 2.00149,
    "acq_id": "D1S0201",
    "dataset": "<unset>",
    "modality": "T1w",
    "session_id": "1",
    "subject_id": "1101"
  },
  "cjv": 0.32310111677313513,
  "cnr": 3.874801498420063,
  "efc": 0.6616672604332681,
  "fber": 54004.88671875,
  "fwhm_avg": 4.456436666666668,
  "fwhm_x": 4.35606,
  "fwhm_y": 4.64784,
  "fwhm_z": 4.36541,
  "icvs_csf": 0.20767387219345607,
  "icvs_gm": 0.4320334771319016,
  "icvs_wm": 0.3602926506746423,
  "inu_med": 2.131516933441162,
  "inu_range": 0.7867596805095673,
  "provenance": {
    "md5sum": "4089e4a74fed1d2a2f5cb266df6d2112",
    "settings": {
      "testing": false
    },
    "software": "mriqc",
    "version": "0.15.2",
    "warnings": {
      "large_rot_frame": true,
      "small_air_mask": false
    },
    "webapi_port": null,
    "webapi_url": "https://mriqc.nimh.nih.gov/api/v1"
  },
  "qi_1": 0.01994426783957593,
  "qi_2": 2.2917680351141213e-05,
  "rpve_csf": 20.48704990391355,
  "rpve_gm": 10.552485287183028,
  "rpve_wm": 14.68872195645748,
  "size_x": 256,
  "size_y": 256,
  "size_z": 150,
  "snr_csf": 3.6040152943357904,
  "snr_gm": 10.58293871533372,
  "snr_total": 11.436595970192087,
  "snr_wm": 20.12283390090675,
  "snrd_csf": 52.52944789209347,
  "snrd_gm": 121.6595351003498,
  "snrd_total": 117.42324676075367,
  "snrd_wm": 178.08075728981774,
  "spacing_x": 1.0,
  "spacing_y": 1.0,
  "spacing_z": 1.0,
  "summary_bg_k": 13.506221310554718,
  "summary_bg_mad": 3.6788651843646183,
  "summary_bg_mean": 5.659343719482422,
  "summary_bg_median": 2.4813568592071533,
  "summary_bg_n": 656973.0,
  "summary_bg_p05": 0.0,
  "summary_bg_p95": 20.226358032226564,
  "summary_bg_stdv": 7.010094165802002,
  "summary_csf_k": 7.489616522494622,
  "summary_csf_mad": 63.128096665683,
  "summary_csf_mean": 316.19964599609375,
  "summary_csf_median": 294.974853515625,
  "summary_csf_n": 27738.0,
  "summary_csf_p05": 219.59275283813477,
  "summary_csf_p95": 473.8534210205076,
  "summary_csf_stdv": 81.84469604492188,
  "summary_gm_k": 0.7512453489731996,
  "summary_gm_mad": 59.733286880017296,
  "summary_gm_mean": 687.55029296875,
  "summary_gm_median": 683.1692504882812,
  "summary_gm_n": 30679.0,
  "summary_gm_p05": 588.99423828125,
  "summary_gm_p95": 800.7438720703125,
  "summary_gm_stdv": 64.55278015136719,
  "summary_wm_k": 1.4314771880863297,
  "summary_wm_mad": 42.63445105841977,
  "summary_wm_mean": 999.28125,
  "summary_wm_median": 999.998046875,
  "summary_wm_n": 213406.0,
  "summary_wm_p05": 914.4197082519531,
  "summary_wm_p95": 1077.73583984375,
  "summary_wm_stdv": 49.694576263427734,
  "tpm_overlap_csf": 0.1706625372171402,
  "tpm_overlap_gm": 0.45648348331451416,
  "tpm_overlap_wm": 0.5005988478660583,
  "wm2max": 0.5963475176442999
}