{
  "bids_meta": {
    "AcquisitionDate": "'07-07-2023'",
    "AcquisitionDuration": 236.269,
    "AcquisitionMatrixPE": 256,
    "AcquisitionNumber": 2,
    "AcquisitionTime": "11:09:57.020000",
    "BodyPartExamined": "BRAIN",
    "CoilString": "MULTI COIL",
    "ConversionSoftware": "dcm2niix",
    "ConversionSoftwareVersion": "v1.0.20230411",
    "DeviceSerialNumber": "45051",
    "EchoTime": 0.004605,
    "EchoTrainLength": 128,
    "EstimatedEffectiveEchoSpacing": 1.79305e-05,
    "EstimatedTotalReadoutTime": 0.00457228,
    "FlipAngle": 8,
    "FrequencyEncodingSteps": 256,
    "ImageOrientationPatientDICOM": [
      0.995132,
      -0.0711593,
      -0.0681822,
      0.0590177,
      0.984363,
      -0.16597
    ],
    "ImageType": [
      "ORIGINAL",
      "PRIMARY",
      "T1",
      "NONE"
    ],
    "ImagingFrequency": 127.750544,
    "InPlanePhaseEncodingDirectionDICOM": "ROW",
    "InstitutionAddress": "1161 21ST AVE. SOUTH",
    "InstitutionName": "VANDERBILT INSTITUTE OF IMAGING",
    "InstitutionalDepartmentName": "MRI DEPT.",
    "MRAcquisitionType": "3D",
    "MTState": true,
    "MagneticFieldStrength": 3,
    "Manufacturer": "Philips",
    "ManufacturersModelName": "MR 7700",
    "Modality": "MR",
    "ParallelAcquisitionTechnique": "SENSE",
    "ParallelReductionFactorInPlane": 2,
    "PatientPosition": "HFS",
    "PercentPhaseFOV": 100,
    "PercentSampling": 100,
    "PhaseEncodingAxis": "i",
    "PhaseEncodingSteps": 256,
    "PhaseEncodingStepsOutOfPlane": 150,
    "PhilipsRescaleIntercept": 0,
    "PhilipsRescaleSlope": 2.88938,
    "PhilipsScaleSlope": 0.00668791,
    "PixelBandwidth": 217.014,
    "ProtocolName": "WIP AnatBrain_T1W3D",
    "PulseSequenceName": "T1TFE",
    "ReconMatrixPE": 256,
    "RepetitionTime": 0.0090421,
    "ScanOptions": "SP",
    "ScanningSequence": "GR",
    "SequenceVariant": "MP",
    "SeriesDescription": "AnatBrain_T1W3D",
    "SeriesNumber": 201,
    "SliceThickness": 1,
    "SoftwareVersions": "5.9.0\\5.9.0.0",
    "SpacingBetweenSlices": 1,
    "SpoilingState": true,
    "SpoilingType": "COMBINED",
    "StationName": "PHILIPS-JJJ61LI",
    "UsePhilipsFloatNotDisplayScaling": 1,
    "WaterFatShift": 2.00149,
    "acq_id": "D1S0201",
    "dataset": "<unset>",
    "modality": "T1w",
    "session_id": "1",
    "subject_id": "1199"
  },
  "cjv": 0.31172131566676403,
  "cnr": 4.113222283233119,
  "efc": 0.6209426533546119,
  "fber": 72874.671875,
  "fwhm_avg": 4.294926666666666,
  "fwhm_x": 4.20263,
  "fwhm_y": 4.52537,
  "fwhm_z": 4.15678,
  "icvs_csf": 0.19501384625252516,
  "icvs_gm": 0.4415342173659265,
  "icvs_wm": 0.3634519363815483,
  "inu_med": 1.7073891162872314,
  "inu_range": 0.522969609498978,
  "provenance": {
    "md5sum": "9a29c6d03ac42cdd216595171c1d3203",
    "settings": {
      "testing": false
    },
    "software": "mriqc",
    "version": "0.15.2",
    "warnings": {
      "large_rot_frame": true,
      "small_air_mask": false
    },
    "webapi_port": null,
    "webapi_url": "https://mriqc.nimh.nih.gov/api/v1"
  },
  "qi_1": 0.015148816534617249,
  "qi_2": 3.110853950004354e-05,
  "rpve_csf": 26.434167927505815,
  "rpve_gm": 13.019753574594054,
  "rpve_wm": 18.60334966619593,
  "size_x": 256,
  "size_y": 256,
  "size_z": 150,
  "snr_csf": 2.238832203909274,
  "snr_gm": 10.54437059703432,
  "snr_total": 11.311524661331271,
  "snr_wm": 21.15137118305022,
  "snrd_csf": 70.6237998738096,
  "snrd_gm": 135.68938345038652,
  "snrd_total": 136.03036554630947,
  "snrd_wm": 201.77791331473233,
  "spacing_x": 1.0,
  "spacing_y": 1.0,
  "spacing_z": 1.0,
  "summary_bg_k": 13.86934643683946,
  "summary_bg_mad": 3.2468042107454127,
  "summary_bg_mean": 4.37756872177124,
  "summary_bg_median": 2.1899361610412598,
  "summary_bg_n": 664329.0,
  "summary_bg_p05": 0.0,
  "summary_bg_p95": 17.90621223449707,
  "summary_bg_stdv": 6.1968278884887695,
  "summary_csf_k": 94.49217203871537,
  "summary_csf_mad": 95.26357214447837,
  "summary_csf_mean": 371.3733825683594,
  "summary_csf_median": 350.0059814453125,
  "summary_csf_n": 13123.0,
  "summary_csf_p05": 218.22698364257812,
  "summary_csf_p95": 567.3656860351562,
  "summary_csf_stdv": 156.32821655273438,
  "summary_gm_k": 0.3846006936984727,
  "summary_gm_mad": 61.586675389436394,
  "summary_gm_mean": 674.7551879882812,
  "summary_gm_median": 672.4658813476562,
  "summary_gm_n": 28150.0,
  "summary_gm_p05": 574.5387817382813,
  "summary_gm_p95": 781.5353607177734,
  "summary_gm_stdv": 63.773738861083984,
  "summary_wm_k": 1.330008016294805,
  "summary_wm_mad": 40.51126405568559,
  "summary_wm_mean": 996.5016479492188,
  "summary_wm_median": 999.9954223632812,
  "summary_wm_n": 176390.0,
  "summary_wm_p05": 911.579672241211,
  "summary_wm_p95": 1066.9012878417968,
  "summary_wm_stdv": 47.27790832519531,
  "tpm_overlap_csf": 0.1525047868490219,
  "tpm_overlap_gm": 0.45210275053977966,
  "tpm_overlap_wm": 0.49853453040122986,
  "wm2max": 0.6268459679355329
}