{
  "bids_meta": {
    "AcquisitionDate": "'11-11-2021'",
    "AcquisitionDuration": 233.794,
    "AcquisitionMatrixPE": 256,
    "AcquisitionNumber": 2,
    "AcquisitionTime": "17:07:10.050000",
    "BodyPartExamined": "BRAIN",
    "CoilString": "MULTI COIL",
    "ConversionSoftware": "dcm2niix",
    "ConversionSoftwareVersion": "v1.0.20230411",
    "DeviceSerialNumber": "45051",
    "EchoTime": 0.004605,
    "EchoTrainLength": 128,
    "EstimatedEffectiveEchoSpacing": 1.79305e-05,
    "EstimatedTotalReadoutTime": 0.00457228,
    "FlipAngle": 8,
    "FrequencyEncodingSteps": 256,
    "ImageOrientationPatientDICOM": [
      0.997148,
      0.0731776,
      -0.0184787,
      -0.0740468,
      0.995908,
      -0.0518146
    ],
    "ImageType": [
      "ORIGINAL",
      "PRIMARY",
      "T1",
      "NONE"
    ],
    "ImagingFrequency": 127.750672,
    "InPlanePhaseEncodingDirectionDICOM": "ROW",
    "InstitutionAddress": "1161 21ST AVE. SOUTH",
    "InstitutionName": "VANDERBILT INSTITUTE OF IMAGING",
    "InstitutionalDepartmentName": "MRI DEPT.",
    "MRAcquisitionType": "3D",
    "MTState": true,
    "MagneticFieldStrength": 3,
    "Manufacturer": "Philips",
    "ManufacturersModelName": "Ingenia Elition X",
    "Modality": "MR",
    "ParallelAcquisitionTechnique": "SENSE",
    "ParallelReductionFactorInPlane": 2,
    "PatientPosition": "HFS",
    "PercentPhaseFOV": 100,
    "PercentSampling": 100,
    "PhaseEncodingAxis": "i",
    "PhaseEncodingSteps": 256,
    "PhaseEncodingStepsOutOfPlane": 150,
    "PhilipsRescaleIntercept": 0,
    "PhilipsRescaleSlope": 3.45714,
    "PhilipsScaleSlope": 0.00681987,
    "PixelBandwidth": 217.014,
    "ProtocolName": "WIP AnatBrain_T1W3D",
    "PulseSequenceName": "T1TFE",
    "ReconMatrixPE": 256,
    "RepetitionTime": 0.0089468,
    "ScanOptions": "SP",
    "ScanningSequence": "GR",
    "SequenceVariant": "MP",
    "SeriesDescription": "AnatBrain_T1W3D",
    "SeriesNumber": 201,
    "SliceThickness": 1,
    "SoftwareVersions": "5.6.1\\5.6.1.0",
    "SpacingBetweenSlices": 1,
    "SpoilingState": true,
    "SpoilingType": "COMBINED",
    "StationName": "PHILIPS-JJJ61LI",
    "UsePhilipsFloatNotDisplayScaling": 1,
    "WaterFatShift": 2.0015,
    "acq_id": "D1S0201",
    "dataset": "<unset>",
    "modality": "T1w",
    "session_id": "1",
    "subject_id": "1081"
  },
  "cjv": 0.28805141239247045,
  "cnr": 4.312876878543477,
  "efc": 0.7010282922965887,
  "fber": 51972.375,
  "fwhm_avg": 4.612226666666667,
  "fwhm_x": 4.44446,
  "fwhm_y": 4.79971,
  "fwhm_z": 4.59251,
  "icvs_csf": 0.1992333048272804,
  "icvs_gm": 0.4554926609056592,
  "icvs_wm": 0.3452740342670604,
  "inu_med": 2.2357351779937744,
  "inu_range": 0.8866788148880005,
  "provenance": {
    "md5sum": "b291fdbbfdfdf3bb854205653ee4473f",
    "settings": {
      "testing": false
    },
    "software": "mriqc",
    "version": "0.15.2",
    "warnings": {
      "large_rot_frame": true,
      "small_air_mask": false
    },
    "webapi_port": null,
    "webapi_url": "https://mriqc.nimh.nih.gov/api/v1"
  },
  "qi_1": 0.007656210942530129,
  "qi_2": 0.00010035189573240928,
  "rpve_csf": 21.27957280806102,
  "rpve_gm": 10.372783553951495,
  "rpve_wm": 15.553380030048968,
  "size_x": 256,
  "size_y": 256,
  "size_z": 150,
  "snr_csf": 3.338314251071415,
  "snr_gm": 11.44298441777563,
  "snr_total": 11.010236789473616,
  "snr_wm": 18.249411699573802,
  "snrd_csf": 59.73206144240174,
  "snrd_gm": 113.12113744631803,
  "snrd_total": 115.06930913371046,
  "snrd_wm": 172.35472851241158,
  "spacing_x": 1.0,
  "spacing_y": 1.0,
  "spacing_z": 1.0,
  "summary_bg_k": 6.659737822800807,
  "summary_bg_mad": 3.801095003933503,
  "summary_bg_mean": 6.296669960021973,
  "summary_bg_median": 2.5637996196746826,
  "summary_bg_n": 294867.0,
  "summary_bg_p05": 0.0,
  "summary_bg_p95": 21.579608726501476,
  "summary_bg_stdv": 7.580892086029053,
  "summary_csf_k": 7.430566853099355,
  "summary_csf_mad": 83.65128753810382,
  "summary_csf_mean": 356.1500549316406,
  "summary_csf_median": 346.5648498535156,
  "summary_csf_n": 16491.0,
  "summary_csf_p05": 205.7575225830078,
  "summary_csf_p95": 534.4470520019531,
  "summary_csf_stdv": 103.8111801147461,
  "summary_gm_k": 0.47554842107816464,
  "summary_gm_mad": 54.83031120844316,
  "summary_gm_mean": 659.3955688476562,
  "summary_gm_median": 656.3277587890625,
  "summary_gm_n": 33027.0,
  "summary_gm_p05": 571.1171691894531,
  "summary_gm_p95": 758.3413757324219,
  "summary_gm_stdv": 57.35547637939453,
  "summary_wm_k": 1.9229572687539944,
  "summary_wm_mad": 44.16510392255688,
  "summary_wm_mean": 996.0361328125,
  "summary_wm_median": 1000.00048828125,
  "summary_wm_n": 194864.0,
  "summary_wm_p05": 893.1078125,
  "summary_wm_p95": 1077.3550048828124,
  "summary_wm_stdv": 54.796173095703125,
  "tpm_overlap_csf": 0.13451842963695526,
  "tpm_overlap_gm": 0.4556760787963867,
  "tpm_overlap_wm": 0.4784754514694214,
  "wm2max": 0.5497717179537264
}