{
    "TaskName": "LocalSem",
	"Modality": "MR",
	"MagneticFieldStrength": 3,
	"ImagingFrequency": 127.75032,
	"Manufacturer": "Philips",
	"ManufacturersModelName": "MR 7700",
	"InstitutionName": "VANDERBILT INSTITUTE OF IMAGING",
	"InstitutionalDepartmentName": "MRI DEPT.",
	"InstitutionAddress": "1161 21ST AVE. SOUTH",
	"DeviceSerialNumber": "45051",
	"StationName": "PHILIPS-JJJ61LI",
	"BodyPartExamined": "BRAIN",
	"PatientPosition": "HFS",
	"SoftwareVersions": "5.9.0\\5.9.0.0",
	"MRAcquisitionType": "2D",
	"SeriesDescription": "EPI_task-LocalSem_run-2",
	"ProtocolName": "WIP EPI_task-LocalSem_run-2",
	"ScanningSequence": "GR",
	"SequenceVariant": "SK",
	"ScanOptions": "FS",
	"PulseSequenceName": "FEEPI",
	"ImageType": ["ORIGINAL", "PRIMARY", "T2", "NONE"],
	"SeriesNumber": 1001,
	"AcquisitionTime": "09:43:42.670000",
	"AcquisitionNumber": 10,
	"PhilipsRescaleSlope": 0.779731,
	"PhilipsRescaleIntercept": 0,
	"PhilipsScaleSlope": 0.0385271,
	"UsePhilipsFloatNotDisplayScaling": 1,
	"SliceThickness": 2.25,
	"SpacingBetweenSlices": 2.25,
	"EchoTime": 0.03,
	"RepetitionTime": 2,
	"MTState": false,
	"FlipAngle": 72,
	"CoilString": "MULTI COIL",
	"PercentPhaseFOV": 100,
	"PercentSampling": 100,
	"EchoTrainLength": 47,
	"PhaseEncodingSteps": 94,
	"FrequencyEncodingSteps": 96,
	"PhaseEncodingStepsOutOfPlane": 1,
	"AcquisitionMatrixPE": 94,
	"ReconMatrixPE": 96,
	"ParallelReductionFactorInPlane": 2,
	"ParallelAcquisitionTechnique": "MBSENSE",
	"ParallelReductionFactorOutOfPlane": 2,
	"WaterFatShift": 13.0722,
	"EstimatedEffectiveEchoSpacing": 0.0003102,
	"EstimatedTotalReadoutTime": 0.029469,
	"PixelBandwidth": 2120.09,
	"PhaseEncodingAxis": "j",
	"ImageOrientationPatientDICOM": [
		0.99897,
		0.0421036,
		-0.0169396,
		-0.0426128,
		0.998613,
		-0.0309115	],
	"InPlanePhaseEncodingDirectionDICOM": "COL",
	"ConversionSoftware": "dcm2niix",
	"ConversionSoftwareVersion": "v1.0.20230411",
	"AcquisitionDate":"'06-07-2024'"
}
