{
    "TaskName": "LocalEng",
	"Modality": "MR",
	"MagneticFieldStrength": 3,
	"ImagingFrequency": 127.7506,
	"Manufacturer": "Philips",
	"ManufacturersModelName": "Ingenia Elition X",
	"InstitutionName": "VANDERBILT INSTITUTE OF IMAGING",
	"InstitutionalDepartmentName": "MRI DEPT.",
	"InstitutionAddress": "1161 21ST AVE. SOUTH",
	"DeviceSerialNumber": "45051",
	"StationName": "PHILIPS-JJJ61LI",
	"BodyPartExamined": "BRAIN",
	"PatientPosition": "HFS",
	"SoftwareVersions": "5.7.1\\5.7.1.2",
	"MRAcquisitionType": "2D",
	"SeriesDescription": "EPI_task-LocalEng_run-2",
	"ProtocolName": "WIP EPI_task-LocalEng_run-2",
	"ScanningSequence": "GR",
	"SequenceVariant": "SK",
	"ScanOptions": "FS",
	"PulseSequenceName": "FEEPI",
	"ImageType": ["ORIGINAL", "PRIMARY", "T2", "NONE"],
	"SeriesNumber": 1101,
	"AcquisitionTime": "10:52:35.190000",
	"AcquisitionNumber": 11,
	"PhilipsRescaleSlope": 0.788034,
	"PhilipsRescaleIntercept": 0,
	"PhilipsScaleSlope": 0.0483705,
	"UsePhilipsFloatNotDisplayScaling": 1,
	"SliceThickness": 2.25,
	"SpacingBetweenSlices": 2.25,
	"EchoTime": 0.030001,
	"RepetitionTime": 2,
	"MTState": false,
	"FlipAngle": 72,
	"CoilString": "MULTI COIL",
	"PercentPhaseFOV": 100,
	"PercentSampling": 100,
	"EchoTrainLength": 47,
	"PhaseEncodingSteps": 94,
	"FrequencyEncodingSteps": 96,
	"PhaseEncodingStepsOutOfPlane": 1,
	"AcquisitionMatrixPE": 94,
	"ReconMatrixPE": 96,
	"ParallelReductionFactorInPlane": 2,
	"ParallelAcquisitionTechnique": "MBSENSE",
	"ParallelReductionFactorOutOfPlane": 2,
	"WaterFatShift": 13.4267,
	"EstimatedEffectiveEchoSpacing": 0.00031861,
	"EstimatedTotalReadoutTime": 0.030268,
	"PixelBandwidth": 2104.6,
	"PhaseEncodingAxis": "j",
	"ImageOrientationPatientDICOM": [
		0.990106,
		0.119991,
		-0.0727474,
		-0.111023,
		0.986929,
		0.116813	],
	"InPlanePhaseEncodingDirectionDICOM": "COL",
	"ConversionSoftware": "dcm2niix",
	"ConversionSoftwareVersion": "v1.0.20230411",
	"AcquisitionDate":"'12-21-2022'"
}
