{
  "bids_meta": {
    "AcquisitionDate": "'11-22-2021'",
    "AcquisitionDuration": 234.222,
    "AcquisitionMatrixPE": 256,
    "AcquisitionNumber": 2,
    "AcquisitionTime": "16:06:0.140000",
    "BodyPartExamined": "BRAIN",
    "CoilString": "MULTI COIL",
    "ConversionSoftware": "dcm2niix",
    "ConversionSoftwareVersion": "v1.0.20230411",
    "DeviceSerialNumber": "45051",
    "EchoTime": 0.004605,
    "EchoTrainLength": 128,
    "EstimatedEffectiveEchoSpacing": 1.79305e-05,
    "EstimatedTotalReadoutTime": 0.00457228,
    "FlipAngle": 8,
    "FrequencyEncodingSteps": 256,
    "ImageOrientationPatientDICOM": [
      0.999327,
      -0.0298417,
      -0.0213237,
      0.0277921,
      0.995492,
      -0.0906851
    ],
    "ImageType": [
      "ORIGINAL",
      "PRIMARY",
      "T1",
      "NONE"
    ],
    "ImagingFrequency": 127.750704,
    "InPlanePhaseEncodingDirectionDICOM": "ROW",
    "InstitutionAddress": "1161 21ST AVE. SOUTH",
    "InstitutionName": "VANDERBILT INSTITUTE OF IMAGING",
    "InstitutionalDepartmentName": "MRI DEPT.",
    "MRAcquisitionType": "3D",
    "MTState": true,
    "MagneticFieldStrength": 3,
    "Manufacturer": "Philips",
    "ManufacturersModelName": "Ingenia Elition X",
    "Modality": "MR",
    "ParallelAcquisitionTechnique": "SENSE",
    "ParallelReductionFactorInPlane": 2,
    "PatientPosition": "HFS",
    "PercentPhaseFOV": 100,
    "PercentSampling": 100,
    "PhaseEncodingAxis": "i",
    "PhaseEncodingSteps": 256,
    "PhaseEncodingStepsOutOfPlane": 150,
    "PhilipsRescaleIntercept": 0,
    "PhilipsRescaleSlope": 3.65079,
    "PhilipsScaleSlope": 0.00671936,
    "PixelBandwidth": 217.014,
    "ProtocolName": "WIP AnatBrain_T1W3D",
    "PulseSequenceName": "T1TFE",
    "ReconMatrixPE": 256,
    "RepetitionTime": 0.0089628,
    "ScanOptions": "SP",
    "ScanningSequence": "GR",
    "SequenceVariant": "MP",
    "SeriesDescription": "AnatBrain_T1W3D",
    "SeriesNumber": 201,
    "SliceThickness": 1,
    "SoftwareVersions": "5.6.1\\5.6.1.0",
    "SpacingBetweenSlices": 1,
    "SpoilingState": true,
    "SpoilingType": "COMBINED",
    "StationName": "PHILIPS-JJJ61LI",
    "UsePhilipsFloatNotDisplayScaling": 1,
    "WaterFatShift": 2.0015,
    "acq_id": "D1S0201",
    "dataset": "<unset>",
    "modality": "T1w",
    "session_id": "1",
    "subject_id": "1080"
  },
  "cjv": 0.2906654632409977,
  "cnr": 4.307623550699459,
  "efc": 0.7068134590540932,
  "fber": 48805.94921875,
  "fwhm_avg": 4.532179999999999,
  "fwhm_x": 4.46905,
  "fwhm_y": 4.79524,
  "fwhm_z": 4.33225,
  "icvs_csf": 0.19798257353952745,
  "icvs_gm": 0.44758624486268034,
  "icvs_wm": 0.3544311815977922,
  "inu_med": 2.1681759357452393,
  "inu_range": 0.956469321250915,
  "provenance": {
    "md5sum": "314cef419b08392f5a5cc41a2ec4c1bd",
    "settings": {
      "testing": false
    },
    "software": "mriqc",
    "version": "0.15.2",
    "warnings": {
      "large_rot_frame": true,
      "small_air_mask": false
    },
    "webapi_port": null,
    "webapi_url": "https://mriqc.nimh.nih.gov/api/v1"
  },
  "qi_1": 0.010166456521048115,
  "qi_2": 5.8569078996215156e-05,
  "rpve_csf": 21.718534131843377,
  "rpve_gm": 10.608904614931262,
  "rpve_wm": 15.140081855219163,
  "size_x": 256,
  "size_y": 256,
  "size_z": 150,
  "snr_csf": 3.3464638158650124,
  "snr_gm": 11.486948924482501,
  "snr_total": 10.955768927561685,
  "snr_wm": 18.033894042337543,
  "snrd_csf": 56.96123751439543,
  "snrd_gm": 113.0737992165961,
  "snrd_total": 114.1417690651645,
  "snrd_wm": 172.39027046450195,
  "spacing_x": 1.0,
  "spacing_y": 1.0,
  "spacing_z": 1.0,
  "summary_bg_k": 47.35364475482448,
  "summary_bg_mad": 3.8002957858472506,
  "summary_bg_mean": 5.191448211669922,
  "summary_bg_median": 2.563260555267334,
  "summary_bg_n": 295633.0,
  "summary_bg_p05": 0.0,
  "summary_bg_p95": 18.702473449707025,
  "summary_bg_stdv": 6.720848083496094,
  "summary_csf_k": 1.860382893442508,
  "summary_csf_mad": 89.3693596136812,
  "summary_csf_mean": 342.0879211425781,
  "summary_csf_median": 330.4190673828125,
  "summary_csf_n": 20448.0,
  "summary_csf_p05": 205.66483993530272,
  "summary_csf_p95": 515.3703125,
  "summary_csf_stdv": 98.73436737060547,
  "summary_gm_k": 0.42699177321656157,
  "summary_gm_mad": 54.67778886717784,
  "summary_gm_mean": 657.2278442382812,
  "summary_gm_median": 655.9151611328125,
  "summary_gm_n": 34140.0,
  "summary_gm_p05": 565.5719787597657,
  "summary_gm_p95": 752.8742065429688,
  "summary_gm_stdv": 57.100067138671875,
  "summary_wm_k": 1.2954830856314885,
  "summary_wm_mad": 45.3347435084513,
  "summary_wm_mean": 995.8349609375,
  "summary_wm_median": 999.9963989257812,
  "summary_wm_n": 204497.0,
  "summary_wm_p05": 891.3177368164062,
  "summary_wm_p95": 1078.7809814453124,
  "summary_wm_stdv": 55.4508056640625,
  "tpm_overlap_csf": 0.1649884581565857,
  "tpm_overlap_gm": 0.4604659378528595,
  "tpm_overlap_wm": 0.4970207214355469,
  "wm2max": 0.607602086255175
}