{
  "bids_meta": {
    "AcquisitionDate": "'06-07-2024'",
    "AcquisitionDuration": 233.172,
    "AcquisitionMatrixPE": 256,
    "AcquisitionNumber": 2,
    "AcquisitionTime": "09:02:31.530000",
    "BodyPartExamined": "BRAIN",
    "CoilString": "MULTI COIL",
    "ConversionSoftware": "dcm2niix",
    "ConversionSoftwareVersion": "v1.0.20230411",
    "DeviceSerialNumber": "45051",
    "EchoTime": 0.004605,
    "EchoTrainLength": 128,
    "EstimatedEffectiveEchoSpacing": 1.79305e-05,
    "EstimatedTotalReadoutTime": 0.00457228,
    "FlipAngle": 8,
    "FrequencyEncodingSteps": 256,
    "ImageOrientationPatientDICOM": [
      0.99897,
      0.0421036,
      -0.0169396,
      -0.0426128,
      0.998613,
      -0.0309115
    ],
    "ImageType": [
      "ORIGINAL",
      "PRIMARY",
      "T1",
      "NONE"
    ],
    "ImagingFrequency": 127.750264,
    "InPlanePhaseEncodingDirectionDICOM": "ROW",
    "InstitutionAddress": "1161 21ST AVE. SOUTH",
    "InstitutionName": "VANDERBILT INSTITUTE OF IMAGING",
    "InstitutionalDepartmentName": "MRI DEPT.",
    "MRAcquisitionType": "3D",
    "MTState": true,
    "MagneticFieldStrength": 3,
    "Manufacturer": "Philips",
    "ManufacturersModelName": "MR 7700",
    "Modality": "MR",
    "ParallelAcquisitionTechnique": "SENSE",
    "ParallelReductionFactorInPlane": 2,
    "PatientPosition": "HFS",
    "PercentPhaseFOV": 100,
    "PercentSampling": 100,
    "PhaseEncodingAxis": "i",
    "PhaseEncodingSteps": 256,
    "PhaseEncodingStepsOutOfPlane": 150,
    "PhilipsRescaleIntercept": 0,
    "PhilipsRescaleSlope": 2.7851,
    "PhilipsScaleSlope": 0.00589551,
    "PixelBandwidth": 217.014,
    "ProtocolName": "WIP AnatBrain_T1W3D",
    "PulseSequenceName": "T1TFE",
    "ReconMatrixPE": 256,
    "RepetitionTime": 0.0089224,
    "ScanOptions": "SP",
    "ScanningSequence": "GR",
    "SequenceVariant": "MP",
    "SeriesDescription": "AnatBrain_T1W3D",
    "SeriesNumber": 201,
    "SliceThickness": 1,
    "SoftwareVersions": "5.9.0\\5.9.0.0",
    "SpacingBetweenSlices": 1,
    "SpoilingState": true,
    "SpoilingType": "COMBINED",
    "StationName": "PHILIPS-JJJ61LI",
    "UsePhilipsFloatNotDisplayScaling": 1,
    "WaterFatShift": 2.00149,
    "acq_id": "D1S0201",
    "dataset": "<unset>",
    "modality": "T1w",
    "session_id": "1",
    "subject_id": "1223"
  },
  "cjv": 0.3010519272670696,
  "cnr": 4.153230734262049,
  "efc": 0.6503675033291988,
  "fber": 77738.6796875,
  "fwhm_avg": 4.867306666666667,
  "fwhm_x": 4.77733,
  "fwhm_y": 5.15819,
  "fwhm_z": 4.6664,
  "icvs_csf": 0.16866479319734629,
  "icvs_gm": 0.4529986195708817,
  "icvs_wm": 0.378336587231772,
  "inu_med": 2.3460657596588135,
  "inu_range": 1.210464763641357,
  "provenance": {
    "md5sum": "4361f0a44f2161b278458107bbe014fe",
    "settings": {
      "testing": false
    },
    "software": "mriqc",
    "version": "0.15.2",
    "warnings": {
      "large_rot_frame": true,
      "small_air_mask": false
    },
    "webapi_port": null,
    "webapi_url": "https://mriqc.nimh.nih.gov/api/v1"
  },
  "qi_1": 0.029955952566831298,
  "qi_2": 5.796605796475546e-05,
  "rpve_csf": 20.1388556375219,
  "rpve_gm": 8.588060923286454,
  "rpve_wm": 11.66077127005253,
  "size_x": 256,
  "size_y": 256,
  "size_z": 150,
  "snr_csf": 3.093802436094212,
  "snr_gm": 11.823649143426616,
  "snr_total": 11.8403766968759,
  "snr_wm": 20.60367851110687,
  "snrd_csf": 208.0878114982417,
  "snrd_gm": 384.5428458113013,
  "snrd_total": 384.5068487450057,
  "snrd_wm": 560.889888925474,
  "spacing_x": 1.0,
  "spacing_y": 1.0,
  "spacing_z": 1.0,
  "summary_bg_k": 22.2200623283258,
  "summary_bg_mad": 0.1680298585859786,
  "summary_bg_mean": 2.8754255771636963,
  "summary_bg_median": 2.3324689865112305,
  "summary_bg_n": 571713.0,
  "summary_bg_p05": 0.0,
  "summary_bg_p95": 9.57137508392334,
  "summary_bg_stdv": 3.5890960693359375,
  "summary_csf_k": 9.032284520870988,
  "summary_csf_mad": 101.99708738381067,
  "summary_csf_mean": 384.45428466796875,
  "summary_csf_median": 370.9956970214844,
  "summary_csf_n": 16051.0,
  "summary_csf_p05": 217.33499908447266,
  "summary_csf_p95": 582.9236145019531,
  "summary_csf_stdv": 119.91203308105469,
  "summary_gm_k": 1.4150947135748382,
  "summary_gm_mad": 52.692012232412445,
  "summary_gm_mean": 690.1878051757812,
  "summary_gm_median": 685.5939331054688,
  "summary_gm_n": 53597.0,
  "summary_gm_p05": 604.1033935546875,
  "summary_gm_p95": 790.9775268554687,
  "summary_gm_stdv": 57.98442840576172,
  "summary_wm_k": 1.395549221530791,
  "summary_wm_mad": 41.96042990213688,
  "summary_wm_mean": 998.6878051757812,
  "summary_wm_median": 999.9996337890625,
  "summary_wm_n": 273295.0,
  "summary_wm_p05": 914.497314453125,
  "summary_wm_p95": 1074.823779296875,
  "summary_wm_stdv": 48.534915924072266,
  "tpm_overlap_csf": 0.13690932095050812,
  "tpm_overlap_gm": 0.45428064465522766,
  "tpm_overlap_wm": 0.49058905243873596,
  "wm2max": 0.4894191425953238
}