{
  "bids_meta": {
    "AcquisitionDate": "'07-29-2022'",
    "AcquisitionDuration": 232.846,
    "AcquisitionMatrixPE": 256,
    "AcquisitionNumber": 2,
    "AcquisitionTime": "18:41:17.490000",
    "BodyPartExamined": "BRAIN",
    "CoilString": "MULTI COIL",
    "ConversionSoftware": "dcm2niix",
    "ConversionSoftwareVersion": "v1.0.20230411",
    "DeviceSerialNumber": "45051",
    "EchoTime": 0.004605,
    "EchoTrainLength": 128,
    "EstimatedEffectiveEchoSpacing": 1.79305e-05,
    "EstimatedTotalReadoutTime": 0.00457228,
    "FlipAngle": 8,
    "FrequencyEncodingSteps": 256,
    "ImageOrientationPatientDICOM": [
      0.999656,
      0.0229241,
      -0.0127624,
      -0.0225947,
      0.999422,
      0.0253833
    ],
    "ImageType": [
      "ORIGINAL",
      "PRIMARY",
      "T1",
      "NONE"
    ],
    "ImagingFrequency": 127.750544,
    "InPlanePhaseEncodingDirectionDICOM": "ROW",
    "InstitutionAddress": "1161 21ST AVE. SOUTH",
    "InstitutionName": "VANDERBILT INSTITUTE OF IMAGING",
    "InstitutionalDepartmentName": "MRI DEPT.",
    "MRAcquisitionType": "3D",
    "MTState": true,
    "MagneticFieldStrength": 3,
    "Manufacturer": "Philips",
    "ManufacturersModelName": "Ingenia Elition X",
    "Modality": "MR",
    "ParallelAcquisitionTechnique": "SENSE",
    "ParallelReductionFactorInPlane": 2,
    "PatientPosition": "HFS",
    "PercentPhaseFOV": 100,
    "PercentSampling": 100,
    "PhaseEncodingAxis": "i",
    "PhaseEncodingSteps": 256,
    "PhaseEncodingStepsOutOfPlane": 150,
    "PhilipsRescaleIntercept": 0,
    "PhilipsRescaleSlope": 3.01612,
    "PhilipsScaleSlope": 0.00748629,
    "PixelBandwidth": 217.014,
    "ProtocolName": "WIP AnatBrain_T1W3D",
    "PulseSequenceName": "T1TFE",
    "ReconMatrixPE": 256,
    "RepetitionTime": 0.0089096,
    "ScanOptions": "SP",
    "ScanningSequence": "GR",
    "SequenceVariant": "MP",
    "SeriesDescription": "AnatBrain_T1W3D",
    "SeriesNumber": 201,
    "SliceThickness": 1,
    "SoftwareVersions": "5.7.1\\5.7.1.2",
    "SpacingBetweenSlices": 1,
    "SpoilingState": true,
    "SpoilingType": "COMBINED",
    "StationName": "PHILIPS-JJJ61LI",
    "UsePhilipsFloatNotDisplayScaling": 1,
    "WaterFatShift": 2.00149,
    "acq_id": "D1S0201",
    "dataset": "<unset>",
    "modality": "T1w",
    "session_id": "1",
    "subject_id": "1156"
  },
  "cjv": 0.31695067239364766,
  "cnr": 4.110248281073059,
  "efc": 0.6887469867304975,
  "fber": 61229.85546875,
  "fwhm_avg": 4.36852,
  "fwhm_x": 4.36128,
  "fwhm_y": 4.5215,
  "fwhm_z": 4.22278,
  "icvs_csf": 0.20370433439637,
  "icvs_gm": 0.4386582792103669,
  "icvs_wm": 0.3576373863932631,
  "inu_med": 1.7780653238296509,
  "inu_range": 0.6743679523468016,
  "provenance": {
    "md5sum": "cf5f61ceb388378eca80b5735ad1c894",
    "settings": {
      "testing": false
    },
    "software": "mriqc",
    "version": "0.15.2",
    "warnings": {
      "large_rot_frame": true,
      "small_air_mask": false
    },
    "webapi_port": null,
    "webapi_url": "https://mriqc.nimh.nih.gov/api/v1"
  },
  "qi_1": 0.016809382009376452,
  "qi_2": 5.657299024253601e-05,
  "rpve_csf": 22.217978379217033,
  "rpve_gm": 11.163641956676855,
  "rpve_wm": 15.854192561741451,
  "size_x": 256,
  "size_y": 256,
  "size_z": 150,
  "snr_csf": 3.405816361427557,
  "snr_gm": 11.595358021635915,
  "snr_total": 11.516265507953301,
  "snr_wm": 19.54762214079643,
  "snrd_csf": 62.19685424215358,
  "snrd_gm": 121.22990985429298,
  "snrd_total": 120.63805936406031,
  "snrd_wm": 178.48741399573436,
  "spacing_x": 1.0,
  "spacing_y": 1.0,
  "spacing_z": 1.0,
  "summary_bg_k": 12.669140965986827,
  "summary_bg_mad": 3.670485236036096,
  "summary_bg_mean": 5.154698848724365,
  "summary_bg_median": 2.4757046699523926,
  "summary_bg_n": 383713.0,
  "summary_bg_p05": 0.0,
  "summary_bg_p95": 18.48275451660156,
  "summary_bg_stdv": 6.581843852996826,
  "summary_csf_k": 22.90390302631682,
  "summary_csf_mad": 83.81462353690769,
  "summary_csf_mean": 358.995361328125,
  "summary_csf_median": 348.4658203125,
  "summary_csf_n": 17111.0,
  "summary_csf_p05": 218.50157928466797,
  "summary_csf_p95": 528.8562316894531,
  "summary_csf_stdv": 102.31192779541016,
  "summary_gm_k": 0.2718938639523185,
  "summary_gm_mad": 57.40780756408308,
  "summary_gm_mean": 681.4603881835938,
  "summary_gm_median": 679.2060546875,
  "summary_gm_n": 26500.0,
  "summary_gm_p05": 588.7512817382812,
  "summary_gm_p95": 780.3994903564453,
  "summary_gm_stdv": 58.574581146240234,
  "summary_wm_k": 1.151007320857091,
  "summary_wm_mad": 44.26758481931332,
  "summary_wm_mean": 998.0281982421875,
  "summary_wm_median": 999.99853515625,
  "summary_wm_n": 193072.0,
  "summary_wm_p05": 907.7292205810547,
  "summary_wm_p95": 1077.53916015625,
  "summary_wm_stdv": 51.15690994262695,
  "tpm_overlap_csf": 0.15951146185398102,
  "tpm_overlap_gm": 0.4533044099807739,
  "tpm_overlap_wm": 0.49563002586364746,
  "wm2max": 0.562579657639726
}