{
	"Modality": "MR",
	"MagneticFieldStrength": 3,
	"ImagingFrequency": 127.750224,
	"Manufacturer": "Philips",
	"ManufacturersModelName": "MR 7700",
	"InstitutionName": "VANDERBILT INSTITUTE OF IMAGING",
	"InstitutionalDepartmentName": "MRI DEPT.",
	"InstitutionAddress": "1161 21ST AVE. SOUTH",
	"DeviceSerialNumber": "45051",
	"StationName": "PHILIPS-JJJ61LI",
	"BodyPartExamined": "BRAIN",
	"PatientPosition": "HFS",
	"SoftwareVersions": "5.9.0\\5.9.0.0",
	"MRAcquisitionType": "2D",
	"SeriesDescription": "DTI_opt64dir_MB2_APP",
	"ProtocolName": "WIP DTI_opt64dir_MB2_APP",
	"ScanningSequence": "SE",
	"SequenceVariant": "SK",
	"ScanOptions": "FS",
	"PulseSequenceName": "DwiSE",
	"ImageType": ["ORIGINAL", "PRIMARY", "DIFFUSION", "NONE"],
	"SeriesNumber": 501,
	"AcquisitionTime": "08:33:20.190000",
	"AcquisitionNumber": 5,
	"PhilipsRescaleSlope": 1.23932,
	"PhilipsRescaleIntercept": 0,
	"PhilipsScaleSlope": 0.047187,
	"UsePhilipsFloatNotDisplayScaling": 1,
	"SliceThickness": 2,
	"SpacingBetweenSlices": 2,
	"EchoTime": 0.051176,
	"RepetitionTime": 3.34285,
	"MTState": false,
	"FlipAngle": 78,
	"CoilString": "MULTI COIL",
	"PercentPhaseFOV": 100,
	"PercentSampling": 98.2143,
	"EchoTrainLength": 55,
	"PartialFourierDirection": "PHASE",
	"PartialFourierEnabled": "YES",
	"PhaseEncodingStepsNoPartialFourier": 110,
	"FrequencyEncodingSteps": 112,
	"PhaseEncodingStepsOutOfPlane": 1,
	"AcquisitionMatrixPE": 110,
	"ReconMatrixPE": 112,
	"ParallelReductionFactorInPlane": 2,
	"ParallelAcquisitionTechnique": "MBSENSE",
	"ParallelReductionFactorOutOfPlane": 2,
	"WaterFatShift": 16.6542,
	"EstimatedEffectiveEchoSpacing": 0.000339262,
	"EstimatedTotalReadoutTime": 0.0376581,
	"AcquisitionDuration": 224.954,
	"PixelBandwidth": 2314.05,
	"PhaseEncodingAxis": "j",
	"ImageOrientationPatientDICOM": [
		0.994422,
		-0.0071493,
		0.105235,
		-0.0058526,
		0.992423,
		0.122726	],
	"InPlanePhaseEncodingDirectionDICOM": "COL",
	"ConversionSoftware": "dcm2niix",
	"ConversionSoftwareVersion": "v1.0.20230411",
	"AcqusitionDate":"04-19-2025"
}
