{
  "aor": 0.024204662576687117,
  "aqi": 0.0575677754601227,
  "bids_meta": {
    "AcquisitionDate": "'07-22-2024'",
    "AcquisitionMatrixPE": 94,
    "AcquisitionNumber": 7,
    "AcquisitionTime": "17:35:9.650000",
    "BodyPartExamined": "BRAIN",
    "CoilString": "MULTI COIL",
    "ConversionSoftware": "dcm2niix",
    "ConversionSoftwareVersion": "v1.0.20230411",
    "DeviceSerialNumber": "45051",
    "EchoTime": 0.03,
    "EchoTrainLength": 47,
    "EstimatedEffectiveEchoSpacing": 0.000309211,
    "EstimatedTotalReadoutTime": 0.029375,
    "FlipAngle": 72,
    "FrequencyEncodingSteps": 96,
    "ImageOrientationPatientDICOM": [
      0.999746,
      0.00443036,
      0.022093,
      -0.0013486,
      0.990487,
      -0.137598
    ],
    "ImageType": [
      "ORIGINAL",
      "PRIMARY",
      "T2",
      "NONE"
    ],
    "ImagingFrequency": 127.750272,
    "InPlanePhaseEncodingDirectionDICOM": "COL",
    "InstitutionAddress": "1161 21ST AVE. SOUTH",
    "InstitutionName": "VANDERBILT INSTITUTE OF IMAGING",
    "InstitutionalDepartmentName": "MRI DEPT.",
    "Instructions": "In this game you’ll decide if two words relate to each other and you’ll see symbols and decide if they match or not. You’ll also see those green and red crosses throughout the game. If the words go together  or the symbols or crosses match, please press the button under your index finger. If the words do not go together or the symbols or crosses do not match, please press the button under your middle finger. The black cross means it’s time to respond, and the blue cross means to get ready for the next round. Remember to hold still. Let’s get started.",
    "MRAcquisitionType": "2D",
    "MTState": true,
    "MagneticFieldStrength": 3,
    "Manufacturer": "Philips",
    "ManufacturersModelName": "MR 7700",
    "Modality": "MR",
    "ParallelAcquisitionTechnique": "MBSENSE",
    "ParallelReductionFactorInPlane": 2,
    "ParallelReductionFactorOutOfPlane": 2,
    "PatientPosition": "HFS",
    "PercentPhaseFOV": 100,
    "PercentSampling": 100,
    "PhaseEncodingAxis": "j",
    "PhaseEncodingSteps": 94,
    "PhaseEncodingStepsOutOfPlane": 1,
    "PhilipsRescaleIntercept": 0,
    "PhilipsRescaleSlope": 0.89304,
    "PhilipsScaleSlope": 0.0510269,
    "PixelBandwidth": 2133.05,
    "ProtocolName": "WIP EPI_task-ReadMean_run-2",
    "PulseSequenceName": "FEEPI",
    "ReconMatrixPE": 96,
    "RepetitionTime": 2,
    "ScanOptions": "FS",
    "ScanningSequence": "GR",
    "SequenceVariant": "SK",
    "SeriesDescription": "EPI_task-ReadMean_run-2",
    "SeriesNumber": 701,
    "SliceThickness": 2.25,
    "SoftwareVersions": "5.9.0\\5.9.0.0",
    "SpacingBetweenSlices": 2.25,
    "StationName": "PHILIPS-JJJ61LI",
    "TaskDescription": "The visual word meaning task is designed to visually present participants with two monosyllabic English words and ask them to decide if they relate to each other. Word pairs were categorized into three experimental conditions: high semantic association (HighY), low semantic association (LowY), and not semantically related (UnrN). Participants were instructed to respond ‘yes’ for semantically related conditions (HighY and LowY) and ‘no’ for the not semantically related condition (UnrN). In addition to the three experimental conditions, the task included a perceptual control condition (Perc), in which participants responded “yes” when presented with a pair of matched false font symbols. The task also included a fixation baseline condition (Fix), where participants responded “yes” when they saw a pair of crosses with the same color. The task consisted of 120 trials, divided into two separate 60-trial runs with 12 trials per condition per run. The order of the trials were pseudorandomized, ensuring that no more than three trials of the same conditions appeared consecutively. In each trial, the first stimulus was presented for 800 ms, followed by a 200 ms blank inter-stimulus-interval, and a second 800 ms for the text stimulus. The response window showed a black fixation cross and varied from 2500 to 3500 ms, with one third of trials having each of the following inter-trial intervals: 2500 ms, 3000 ms, and 3500 ms. An additional blue fixation cross was shown for 500 ms, as an indication that the next trial would soon begin.",
    "TaskName": "ReadMean",
    "UsePhilipsFloatNotDisplayScaling": 1,
    "WaterFatShift": 13.0305,
    "acq_id": "D2S0701",
    "dataset": "<unset>",
    "modality": "bold",
    "run_id": 2,
    "session_id": "1",
    "subject_id": "1229",
    "task_id": "ReadMean"
  },
  "dummy_trs": 0,
  "dvars_nstd": 64.7331577825926,
  "dvars_std": 1.2349711564814814,
  "dvars_vstd": 1.1391339196913586,
  "efc": 0.49832569689300565,
  "fber": 72197.3515625,
  "fd_mean": 0.7591488965342784,
  "fd_num": 111,
  "fd_perc": 68.09815950920246,
  "fwhm_avg": 2.7512074074074078,
  "fwhm_x": 2.5710711111111113,
  "fwhm_y": 3.074528888888889,
  "fwhm_z": 2.6080222222222225,
  "gcor": 0.0579707,
  "gsr_x": -0.01677977293729782,
  "gsr_y": 0.027081061154603958,
  "provenance": {
    "md5sum": "68797d848a486abcb7967f7af2a80b9a",
    "settings": {
      "fd_thres": 0.2,
      "hmc_fsl": false,
      "testing": false
    },
    "software": "mriqc",
    "version": "0.15.2",
    "webapi_port": null,
    "webapi_url": "https://mriqc.nimh.nih.gov/api/v1"
  },
  "size_t": 163,
  "size_x": 96,
  "size_y": 96,
  "size_z": 54,
  "snr": 5.799692003899248,
  "spacing_tr": 2.0000009536743164,
  "spacing_x": 2.25,
  "spacing_y": 2.25,
  "spacing_z": 2.25,
  "summary_bg_k": 53.11073632378587,
  "summary_bg_mad": 145.69653065297362,
  "summary_bg_mean": 1058.56884765625,
  "summary_bg_median": 102.80345153808594,
  "summary_bg_n": 316246.0,
  "summary_bg_p05": 3.625858724117279,
  "summary_bg_p95": 4922.0474853515625,
  "summary_bg_stdv": 2673.912353515625,
  "summary_fg_k": 3.212551080874791,
  "summary_fg_mad": 4242.260653024261,
  "summary_fg_mean": 28409.06640625,
  "summary_fg_median": 28474.7578125,
  "summary_fg_n": 111415.0,
  "summary_fg_p05": 21505.5322265625,
  "summary_fg_p95": 35579.555859375,
  "summary_fg_stdv": 4909.6796875,
  "tsnr": 20.27250099182129
}