{
  "bids_meta": {
    "AcquisitionDate": "'03-11-2023'",
    "AcquisitionDuration": 234.991,
    "AcquisitionMatrixPE": 256,
    "AcquisitionNumber": 2,
    "AcquisitionTime": "11:08:47.790000",
    "BodyPartExamined": "BRAIN",
    "CoilString": "MULTI COIL",
    "ConversionSoftware": "dcm2niix",
    "ConversionSoftwareVersion": "v1.0.20230411",
    "DeviceSerialNumber": "45051",
    "EchoTime": 0.004605,
    "EchoTrainLength": 128,
    "EstimatedEffectiveEchoSpacing": 1.79305e-05,
    "EstimatedTotalReadoutTime": 0.00457228,
    "FlipAngle": 8,
    "FrequencyEncodingSteps": 256,
    "ImageOrientationPatientDICOM": [
      0.998255,
      0.0458043,
      0.0372583,
      -0.0411743,
      0.992309,
      -0.116739
    ],
    "ImageType": [
      "ORIGINAL",
      "PRIMARY",
      "T1",
      "NONE"
    ],
    "ImagingFrequency": 127.750408,
    "InPlanePhaseEncodingDirectionDICOM": "ROW",
    "InstitutionAddress": "1161 21ST AVE. SOUTH",
    "InstitutionName": "VANDERBILT INSTITUTE OF IMAGING",
    "InstitutionalDepartmentName": "MRI DEPT.",
    "MRAcquisitionType": "3D",
    "MTState": true,
    "MagneticFieldStrength": 3,
    "Manufacturer": "Philips",
    "ManufacturersModelName": "Ingenia Elition X",
    "Modality": "MR",
    "ParallelAcquisitionTechnique": "SENSE",
    "ParallelReductionFactorInPlane": 2,
    "PatientPosition": "HFS",
    "PercentPhaseFOV": 100,
    "PercentSampling": 100,
    "PhaseEncodingAxis": "i",
    "PhaseEncodingSteps": 256,
    "PhaseEncodingStepsOutOfPlane": 150,
    "PhilipsRescaleIntercept": 0,
    "PhilipsRescaleSlope": 3.55092,
    "PhilipsScaleSlope": 0.00651222,
    "PixelBandwidth": 217.014,
    "ProtocolName": "WIP AnatBrain_T1W3D",
    "PulseSequenceName": "T1TFE",
    "ReconMatrixPE": 256,
    "RepetitionTime": 0.0089921,
    "ScanOptions": "SP",
    "ScanningSequence": "GR",
    "SequenceVariant": "MP",
    "SeriesDescription": "AnatBrain_T1W3D",
    "SeriesNumber": 201,
    "SliceThickness": 1,
    "SoftwareVersions": "5.7.1\\5.7.1.2",
    "SpacingBetweenSlices": 1,
    "SpoilingState": true,
    "SpoilingType": "COMBINED",
    "StationName": "PHILIPS-JJJ61LI",
    "UsePhilipsFloatNotDisplayScaling": 1,
    "WaterFatShift": 2.00149,
    "acq_id": "D1S0201",
    "dataset": "<unset>",
    "modality": "T1w",
    "session_id": "1",
    "subject_id": "1185"
  },
  "cjv": 0.3149766760918962,
  "cnr": 3.9615996833376315,
  "efc": 0.7123212582162174,
  "fber": 12378.423828125,
  "fwhm_avg": 4.624583333333333,
  "fwhm_x": 4.57947,
  "fwhm_y": 4.92711,
  "fwhm_z": 4.36717,
  "icvs_csf": 0.21969635543513064,
  "icvs_gm": 0.4091298928253117,
  "icvs_wm": 0.37117375173955763,
  "inu_med": 1.8676868677139282,
  "inu_range": 0.8564810752868652,
  "provenance": {
    "md5sum": "08819f1946afa08413173b82f8a73e5e",
    "settings": {
      "testing": false
    },
    "software": "mriqc",
    "version": "0.15.2",
    "warnings": {
      "large_rot_frame": true,
      "small_air_mask": false
    },
    "webapi_port": null,
    "webapi_url": "https://mriqc.nimh.nih.gov/api/v1"
  },
  "qi_1": 0.0,
  "qi_2": 7.707138158849193e-05,
  "rpve_csf": 17.879236505061463,
  "rpve_gm": 9.810015407378422,
  "rpve_wm": 12.904343560234414,
  "size_x": 256,
  "size_y": 256,
  "size_z": 150,
  "snr_csf": 3.6636884986033897,
  "snr_gm": 10.54012607498095,
  "snr_total": 12.377576193455193,
  "snr_wm": 22.928914006781245,
  "snrd_csf": 49.67111075576065,
  "snrd_gm": 109.29093381184298,
  "snrd_total": 105.97426139903331,
  "snrd_wm": 158.9607396294963,
  "spacing_x": 1.0,
  "spacing_y": 1.0,
  "spacing_z": 1.0,
  "summary_bg_k": 5.7555739011476135,
  "summary_bg_mad": 4.121394112166168,
  "summary_bg_mean": 7.405973434448242,
  "summary_bg_median": 5.190393447875977,
  "summary_bg_n": 589807.0,
  "summary_bg_p05": 0.0,
  "summary_bg_p95": 22.946633911132793,
  "summary_bg_stdv": 8.008956909179688,
  "summary_csf_k": 2.6807310206546653,
  "summary_csf_mad": 69.34855136251211,
  "summary_csf_mean": 327.1822814941406,
  "summary_csf_median": 312.4757385253906,
  "summary_csf_n": 39696.0,
  "summary_csf_p05": 218.92808532714844,
  "summary_csf_p95": 487.29290771484375,
  "summary_csf_stdv": 85.28885650634766,
  "summary_gm_k": 0.5991681152173922,
  "summary_gm_mad": 60.36518454187183,
  "summary_gm_mean": 691.25146484375,
  "summary_gm_median": 687.5377807617188,
  "summary_gm_n": 27728.0,
  "summary_gm_p05": 591.6377960205078,
  "summary_gm_p95": 805.5334899902343,
  "summary_gm_stdv": 65.22933197021484,
  "summary_wm_k": 1.4913973332568098,
  "summary_wm_mad": 38.05479922270506,
  "summary_wm_mean": 998.4501953125,
  "summary_wm_median": 1000.0053100585938,
  "summary_wm_n": 253612.0,
  "summary_wm_p05": 923.0429138183594,
  "summary_wm_p95": 1065.3962280273438,
  "summary_wm_stdv": 43.61320114135742,
  "tpm_overlap_csf": 0.1635572910308838,
  "tpm_overlap_gm": 0.4464107155799866,
  "tpm_overlap_wm": 0.5047236680984497,
  "wm2max": 0.6314602826116207
}