{
  "Modality": "MR",
  "MagneticFieldStrength": 3,
  "ImagingFrequency": 127.750288,
  "Manufacturer": "Philips",
  "ManufacturersModelName": "MR 7700",
  "InstitutionName": "VANDERBILT INSTITUTE OF IMAGING",
  "InstitutionalDepartmentName": "MRI DEPT.",
  "InstitutionAddress": "1161 21ST AVE. SOUTH",
  "DeviceSerialNumber": "45051",
  "StationName": "PHILIPS-JJJ61LI",
  "BodyPartExamined": "BRAIN",
  "PatientPosition": "HFS",
  "SoftwareVersions": "5.9.0\\5.9.0.0",
  "MRAcquisitionType": "2D",
  "SeriesDescription": "TOPUP_2.25mmiso_APP",
  "ProtocolName": "WIP TOPUP_2.25mmiso_APP",
  "ScanningSequence": "SE",
  "SequenceVariant": "SK",
  "ScanOptions": "FS",
  "PulseSequenceName": "SEEPI",
  "ImageType": [
    "ORIGINAL",
    "PRIMARY",
    "T2",
    "NONE"
  ],
  "SeriesNumber": 601,
  "AcquisitionTime": "14:58:48.150000",
  "AcquisitionNumber": 6,
  "PhilipsRescaleSlope": 1.98779,
  "PhilipsRescaleIntercept": 0,
  "PhilipsScaleSlope": 0.0172466,
  "UsePhilipsFloatNotDisplayScaling": 1,
  "SliceThickness": 2.25,
  "SpacingBetweenSlices": 2.25,
  "EchoTime": 0.034537,
  "RepetitionTime": 1.72825,
  "MTState": false,
  "FlipAngle": 90,
  "CoilString": "MULTI COIL",
  "PercentPhaseFOV": 100,
  "PercentSampling": 100,
  "EchoTrainLength": 47,
  "PhaseEncodingSteps": 94,
  "FrequencyEncodingSteps": 96,
  "PhaseEncodingStepsOutOfPlane": 1,
  "AcquisitionMatrixPE": 94,
  "ReconMatrixPE": 96,
  "ParallelReductionFactorInPlane": 2,
  "ParallelAcquisitionTechnique": "SENSE",
  "WaterFatShift": 12.9085,
  "EffectiveEchoSpacing": 0.000306316,
  "TotalReadoutTime": 0.0291,
  "AcquisitionDuration": 6.91302,
  "PixelBandwidth": 2152.86,
  "PhaseEncodingDirection": "j-",
  "ImageOrientationPatientDICOM": [
    0.997157,
    -0.0439958,
    0.0611803,
    0.046426,
    0.998165,
    -0.0388846
  ],
  "InPlanePhaseEncodingDirectionDICOM": "COL",
  "ConversionSoftware": "dcm2niix",
  "ConversionSoftwareVersion": "v1.0.20230411",
  "AcquisitionDate": "'04-14-2024'"
}
