{
  "aor": 0.008724609929078012,
  "aqi": 0.017250073333333334,
  "bids_meta": {
    "AcquisitionDate": "'06-07-2024'",
    "AcquisitionMatrixPE": 94,
    "AcquisitionNumber": 9,
    "AcquisitionTime": "18:11:12.300000",
    "BodyPartExamined": "BRAIN",
    "CoilString": "MULTI COIL",
    "ConversionSoftware": "dcm2niix",
    "ConversionSoftwareVersion": "v1.0.20230411",
    "DeviceSerialNumber": "45051",
    "EchoTime": 0.030001,
    "EchoTrainLength": 47,
    "EstimatedEffectiveEchoSpacing": 0.000310794,
    "EstimatedTotalReadoutTime": 0.0295254,
    "FlipAngle": 72,
    "FrequencyEncodingSteps": 96,
    "ImageOrientationPatientDICOM": [
      0.998445,
      0.0304671,
      0.0466886,
      -0.0306271,
      0.999527,
      0.00271638
    ],
    "ImageType": [
      "ORIGINAL",
      "PRIMARY",
      "T2",
      "NONE"
    ],
    "ImagingFrequency": 127.750304,
    "InPlanePhaseEncodingDirectionDICOM": "COL",
    "InstitutionAddress": "1161 21ST AVE. SOUTH",
    "InstitutionName": "VANDERBILT INSTITUTE OF IMAGING",
    "InstitutionalDepartmentName": "MRI DEPT.",
    "Instructions": "In this game you'll see pictures and decide if the meanings go together or not. You will also see two fuzzy pictures and decide if they are the same or not. You’ll also see those green and red crosses throughout the game. If the picture's meanings go together or the pictures or crosses are the same, please press the button under your index finger. If the picture's meanings do not go together or the pictures or crosses are different, please press the button under your middle finger. The black cross means it’s time to respond, and the blue cross means to get ready for the next round. Let's get started.",
    "MRAcquisitionType": "2D",
    "MTState": true,
    "MagneticFieldStrength": 3,
    "Manufacturer": "Philips",
    "ManufacturersModelName": "MR 7700",
    "Modality": "MR",
    "ParallelAcquisitionTechnique": "MBSENSE",
    "ParallelReductionFactorInPlane": 2,
    "ParallelReductionFactorOutOfPlane": 2,
    "PatientPosition": "HFS",
    "PercentPhaseFOV": 100,
    "PercentSampling": 100,
    "PhaseEncodingAxis": "j",
    "PhaseEncodingSteps": 94,
    "PhaseEncodingStepsOutOfPlane": 1,
    "PhilipsRescaleIntercept": 0,
    "PhilipsRescaleSlope": 0.827106,
    "PhilipsScaleSlope": 0.0485404,
    "PixelBandwidth": 2114.71,
    "ProtocolName": "WIP EPI_task-LocalSem_run-1",
    "PulseSequenceName": "FEEPI",
    "ReconMatrixPE": 96,
    "RepetitionTime": 2,
    "ScanOptions": "FS",
    "ScanningSequence": "GR",
    "SequenceVariant": "SK",
    "SeriesDescription": "EPI_task-LocalSem_run-1",
    "SeriesNumber": 901,
    "SliceThickness": 2.25,
    "SoftwareVersions": "5.9.0\\5.9.0.0",
    "SpacingBetweenSlices": 2.25,
    "StationName": "PHILIPS-JJJ61LI",
    "TaskDescription": "The picture meaning localizer is designed to visually present participants with two images and ask them to judge whether or not the two images are semantically related. Picture pairs were categorized into two experimental conditions: semantically related (PicY), and not semantically related (PicN). Participants were instructed to respond ‘yes’ for semantically related condition (PicY) and ‘no’ for the not semantically related condition (PicN). In addition to the two experimental conditions, the task included a perceptual control condition (Perc), in which participants responded “yes” when presented with a pair of matched visually scrambled pictures. The task also included a fixation baseline condition (Fix), where participants responded “yes” when they saw a pair of crosses with the same color. The task consisted of 96 trials, divided into two separate 48-trial runs with 12 trials per condition per run. The order of the trials were pseudorandomized, ensuring that no more than three trials of the same conditions appeared consecutively. In each trial, the first stimulus was presented for 1000 ms, followed by a 200 ms blank inter-stimulus-interval, and a second 1000 ms stimulus. The response window showed a black fixation cross and varied from 2500 to 3500 ms, with one third of trials having each of the following inter-trial intervals: 2500 ms, 3000 ms, and 3500 ms. An additional blue fixation cross was shown for 500 ms, as an indication that the next trial would soon begin.",
    "TaskName": "LocalSem",
    "UsePhilipsFloatNotDisplayScaling": 1,
    "WaterFatShift": 13.0972,
    "acq_id": "D1S0901",
    "dataset": "<unset>",
    "modality": "bold",
    "run_id": 1,
    "session_id": "1",
    "subject_id": "1180",
    "task_id": "LocalSem"
  },
  "dummy_trs": 0,
  "dvars_nstd": 43.41325122300001,
  "dvars_std": 1.2967584461428572,
  "dvars_vstd": 1.0651627126428578,
  "efc": 0.4794022087586857,
  "fber": 353377.125,
  "fd_mean": 0.23779406738301218,
  "fd_num": 56,
  "fd_perc": 39.716312056737586,
  "fwhm_avg": 2.6996977777777773,
  "fwhm_x": 2.6133155555555554,
  "fwhm_y": 2.9280577777777776,
  "fwhm_z": 2.55772,
  "gcor": 0.0254002,
  "gsr_x": -0.01545761525630951,
  "gsr_y": 0.03235180303454399,
  "provenance": {
    "md5sum": "f625471c0f795b11663c86d35921d61e",
    "settings": {
      "fd_thres": 0.2,
      "hmc_fsl": false,
      "testing": false
    },
    "software": "mriqc",
    "version": "0.15.2",
    "webapi_port": null,
    "webapi_url": "https://mriqc.nimh.nih.gov/api/v1"
  },
  "size_t": 141,
  "size_x": 96,
  "size_y": 96,
  "size_z": 54,
  "snr": 5.451143095627959,
  "spacing_tr": 2.0000009536743164,
  "spacing_x": 2.25,
  "spacing_y": 2.25,
  "spacing_z": 2.25,
  "summary_bg_k": 132.37751838749173,
  "summary_bg_mad": 69.11831451794643,
  "summary_bg_mean": 726.9727783203125,
  "summary_bg_median": 48.51904296875,
  "summary_bg_n": 312560.0,
  "summary_bg_p05": 1.0205670773983002,
  "summary_bg_p95": 3081.264331054687,
  "summary_bg_stdv": 2836.322265625,
  "summary_fg_k": 2.856691978907416,
  "summary_fg_mad": 5014.172285815778,
  "summary_fg_mean": 31063.146484375,
  "summary_fg_median": 31074.947265625,
  "summary_fg_n": 113872.0,
  "summary_fg_p05": 22956.135449218753,
  "summary_fg_p95": 39611.584765625,
  "summary_fg_stdv": 5700.6044921875,
  "tsnr": 42.726158142089844
}