{
	"Modality": "MR",
	"MagneticFieldStrength": 3,
	"ImagingFrequency": 127.750496,
	"Manufacturer": "Philips",
	"ManufacturersModelName": "Ingenia Elition X",
	"InstitutionName": "VANDERBILT INSTITUTE OF IMAGING",
	"InstitutionalDepartmentName": "MRI DEPT.",
	"InstitutionAddress": "1161 21ST AVE. SOUTH",
	"DeviceSerialNumber": "45051",
	"StationName": "PHILIPS-JJJ61LI",
	"BodyPartExamined": "BRAIN",
	"PatientPosition": "HFS",
	"SoftwareVersions": "5.7.1\\5.7.1.2",
	"MRAcquisitionType": "2D",
	"SeriesDescription": "DTI_6dir_MB2_APA",
	"ProtocolName": "WIP DTI_6dir_MB2_APA",
	"ScanningSequence": "SE",
	"SequenceVariant": "SK",
	"ScanOptions": "FS",
	"PulseSequenceName": "DwiSE",
	"ImageType": ["ORIGINAL", "PRIMARY", "DIFFUSION", "NONE"],
	"SeriesNumber": 801,
	"AcquisitionTime": "18:47:57.870000",
	"AcquisitionNumber": 8,
	"PhilipsRescaleSlope": 1.15287,
	"PhilipsRescaleIntercept": 0,
	"PhilipsScaleSlope": 0.0405874,
	"UsePhilipsFloatNotDisplayScaling": 1,
	"SliceThickness": 2,
	"SpacingBetweenSlices": 2.2,
	"EchoTime": 0.065966,
	"RepetitionTime": 3.5874,
	"MTState": false,
	"FlipAngle": 78,
	"CoilString": "MULTI COIL",
	"PercentPhaseFOV": 100,
	"PercentSampling": 98.2143,
	"EchoTrainLength": 55,
	"PartialFourierDirection": "PHASE",
	"PartialFourierEnabled": "YES",
	"PhaseEncodingStepsNoPartialFourier": 110,
	"FrequencyEncodingSteps": 112,
	"PhaseEncodingStepsOutOfPlane": 1,
	"AcquisitionMatrixPE": 110,
	"ReconMatrixPE": 112,
	"ParallelReductionFactorInPlane": 2,
	"ParallelAcquisitionTechnique": "MBSENSE",
	"ParallelReductionFactorOutOfPlane": 2,
	"WaterFatShift": 17.9463,
	"EstimatedEffectiveEchoSpacing": 0.000365582,
	"EstimatedTotalReadoutTime": 0.0405797,
	"AcquisitionDuration": 32.3924,
	"PixelBandwidth": 2275.77,
	"PhaseEncodingAxis": "j",
	"ImageOrientationPatientDICOM": [
		0.997521,
		0.0365073,
		-0.0601548,
		-0.0405961,
		0.996844,
		-0.0682146	],
	"InPlanePhaseEncodingDirectionDICOM": "COL",
	"ConversionSoftware": "dcm2niix",
	"ConversionSoftwareVersion": "v1.0.20230411",
	"AcquisitionDate":"'01-19-2023'"
}
