{
    "TaskName": "LocalSR0",
	"Modality": "MR",
	"MagneticFieldStrength": 3,
	"ImagingFrequency": 127.75024,
	"Manufacturer": "Philips",
	"ManufacturersModelName": "MR 7700",
	"InstitutionName": "VANDERBILT INSTITUTE OF IMAGING",
	"InstitutionalDepartmentName": "MRI DEPT.",
	"InstitutionAddress": "1161 21ST AVE. SOUTH",
	"DeviceSerialNumber": "45051",
	"StationName": "PHILIPS-JJJ61LI",
	"BodyPartExamined": "BRAIN",
	"PatientPosition": "HFS",
	"SoftwareVersions": "5.9.0\\5.9.0.0",
	"MRAcquisitionType": "2D",
	"SeriesDescription": "EPI_task-LocalSR0_run-1",
	"ProtocolName": "WIP EPI_task-LocalSR0_run-1",
	"ScanningSequence": "GR",
	"SequenceVariant": "SK",
	"ScanOptions": "FS",
	"PulseSequenceName": "FEEPI",
	"ImageType": ["ORIGINAL", "PRIMARY", "T2", "NONE"],
	"SeriesNumber": 501,
	"AcquisitionTime": "19:57:56.220000",
	"AcquisitionNumber": 5,
	"PhilipsRescaleSlope": 0.910379,
	"PhilipsRescaleIntercept": 0,
	"PhilipsScaleSlope": 0.0496808,
	"UsePhilipsFloatNotDisplayScaling": 1,
	"SliceThickness": 2.25,
	"SpacingBetweenSlices": 2.25,
	"EchoTime": 0.03,
	"RepetitionTime": 2,
	"MTState": false,
	"FlipAngle": 72,
	"CoilString": "MULTI COIL",
	"PercentPhaseFOV": 100,
	"PercentSampling": 100,
	"EchoTrainLength": 47,
	"PhaseEncodingSteps": 94,
	"FrequencyEncodingSteps": 96,
	"PhaseEncodingStepsOutOfPlane": 1,
	"AcquisitionMatrixPE": 94,
	"ReconMatrixPE": 96,
	"ParallelReductionFactorInPlane": 2,
	"ParallelAcquisitionTechnique": "MBSENSE",
	"ParallelReductionFactorOutOfPlane": 2,
	"WaterFatShift": 13.0931,
	"EstimatedEffectiveEchoSpacing": 0.000310695,
	"EstimatedTotalReadoutTime": 0.029516,
	"PixelBandwidth": 2115.6,
	"PhaseEncodingAxis": "j",
	"ImageOrientationPatientDICOM": [
		0.998656,
		-0.0420787,
		0.0302432,
		0.0431124,
		0.998479,
		-0.0343792	],
	"InPlanePhaseEncodingDirectionDICOM": "COL",
	"ConversionSoftware": "dcm2niix",
	"ConversionSoftwareVersion": "v1.0.20230411",
	"AcqusitionDate":"03-20-2025"
}
