{
  "bids_meta": {
    "AcquisitionDate": "'09-14-2024'",
    "AcquisitionDuration": 234.542,
    "AcquisitionMatrixPE": 256,
    "AcquisitionNumber": 2,
    "AcquisitionTime": "18:00:38.460000",
    "BodyPartExamined": "BRAIN",
    "CoilString": "MULTI COIL",
    "ConversionSoftware": "dcm2niix",
    "ConversionSoftwareVersion": "v1.0.20230411",
    "DeviceSerialNumber": "45051",
    "EchoTime": 0.004605,
    "EchoTrainLength": 128,
    "EstimatedEffectiveEchoSpacing": 1.79305e-05,
    "EstimatedTotalReadoutTime": 0.00457228,
    "FlipAngle": 8,
    "FrequencyEncodingSteps": 256,
    "ImageOrientationPatientDICOM": [
      0.995417,
      -0.0933094,
      -0.020939,
      0.0912077,
      0.992162,
      -0.085412
    ],
    "ImageType": [
      "ORIGINAL",
      "PRIMARY",
      "T1",
      "NONE"
    ],
    "ImagingFrequency": 127.75028,
    "InPlanePhaseEncodingDirectionDICOM": "ROW",
    "InstitutionAddress": "1161 21ST AVE. SOUTH",
    "InstitutionName": "VANDERBILT INSTITUTE OF IMAGING",
    "InstitutionalDepartmentName": "MRI DEPT.",
    "MRAcquisitionType": "3D",
    "MTState": true,
    "MagneticFieldStrength": 3,
    "Manufacturer": "Philips",
    "ManufacturersModelName": "MR 7700",
    "Modality": "MR",
    "ParallelAcquisitionTechnique": "SENSE",
    "ParallelReductionFactorInPlane": 2,
    "PatientPosition": "HFS",
    "PercentPhaseFOV": 100,
    "PercentSampling": 100,
    "PhaseEncodingAxis": "i",
    "PhaseEncodingSteps": 256,
    "PhaseEncodingStepsOutOfPlane": 150,
    "PhilipsRescaleIntercept": 0,
    "PhilipsRescaleSlope": 3.8735,
    "PhilipsScaleSlope": 0.00732295,
    "PixelBandwidth": 217.014,
    "ProtocolName": "WIP AnatBrain_T1W3D",
    "PulseSequenceName": "T1TFE",
    "ReconMatrixPE": 256,
    "RepetitionTime": 0.0089753,
    "ScanOptions": "SP",
    "ScanningSequence": "GR",
    "SequenceVariant": "MP",
    "SeriesDescription": "AnatBrain_T1W3D",
    "SeriesNumber": 201,
    "SliceThickness": 1,
    "SoftwareVersions": "5.9.0\\5.9.0.0",
    "SpacingBetweenSlices": 1,
    "SpoilingState": true,
    "SpoilingType": "COMBINED",
    "StationName": "PHILIPS-JJJ61LI",
    "UsePhilipsFloatNotDisplayScaling": 1,
    "WaterFatShift": 2.00149,
    "acq_id": "D1S0201",
    "dataset": "<unset>",
    "modality": "T1w",
    "session_id": "1",
    "subject_id": "1251"
  },
  "cjv": 0.4333905382194506,
  "cnr": 2.8530332551890543,
  "efc": 0.7011673697773452,
  "fber": 10407.5478515625,
  "fwhm_avg": 4.560803333333333,
  "fwhm_x": 4.53994,
  "fwhm_y": 4.82044,
  "fwhm_z": 4.32203,
  "icvs_csf": 0.24091092451356663,
  "icvs_gm": 0.3944904982101853,
  "icvs_wm": 0.3645985772762481,
  "inu_med": 1.6175304651260376,
  "inu_range": 0.5952309846878052,
  "provenance": {
    "md5sum": "6870c493d253aac9233ecdcd09d2d2d0",
    "settings": {
      "testing": false
    },
    "software": "mriqc",
    "version": "0.15.2",
    "warnings": {
      "large_rot_frame": true,
      "small_air_mask": false
    },
    "webapi_port": null,
    "webapi_url": "https://mriqc.nimh.nih.gov/api/v1"
  },
  "qi_1": 2.0743898018630203e-05,
  "qi_2": 1.3260192800052812e-05,
  "rpve_csf": 23.829290755366422,
  "rpve_gm": 13.950107171634617,
  "rpve_wm": 17.861435203413574,
  "size_x": 256,
  "size_y": 256,
  "size_z": 150,
  "snr_csf": 3.7094223155054915,
  "snr_gm": 10.94248134213116,
  "snr_total": 9.656692071004358,
  "snr_wm": 14.318172555376421,
  "snrd_csf": 49.62120882114011,
  "snrd_gm": 90.02315883006695,
  "snrd_total": 88.57365993714905,
  "snrd_wm": 126.07661216024009,
  "spacing_x": 1.0,
  "spacing_y": 1.0,
  "spacing_z": 1.0,
  "summary_bg_k": 12.15276433121643,
  "summary_bg_mad": 5.19634915429414,
  "summary_bg_mean": 18.067869186401367,
  "summary_bg_median": 6.093380451202393,
  "summary_bg_n": 636839.0,
  "summary_bg_p05": 0.0,
  "summary_bg_p95": 82.67576217651364,
  "summary_bg_stdv": 30.180713653564453,
  "summary_csf_k": 0.9185476025480139,
  "summary_csf_mad": 98.67532634331639,
  "summary_csf_mean": 393.3263244628906,
  "summary_csf_median": 393.5808410644531,
  "summary_csf_n": 27420.0,
  "summary_csf_p05": 218.90786437988282,
  "summary_csf_p95": 563.8544494628906,
  "summary_csf_stdv": 106.10106658935547,
  "summary_gm_k": 0.5704913270234133,
  "summary_gm_mad": 61.18733923280399,
  "summary_gm_mean": 716.60498046875,
  "summary_gm_median": 714.0372314453125,
  "summary_gm_n": 16322.0,
  "summary_gm_p05": 615.2321441650391,
  "summary_gm_p95": 829.3493438720702,
  "summary_gm_stdv": 65.2516860961914,
  "summary_wm_k": 1.7752487119066593,
  "summary_wm_mad": 62.74735638038256,
  "summary_wm_mean": 1005.1817016601562,
  "summary_wm_median": 1000.0026245117188,
  "summary_wm_n": 176941.0,
  "summary_wm_p05": 901.6491088867188,
  "summary_wm_p95": 1126.42529296875,
  "summary_wm_stdv": 69.84130096435547,
  "tpm_overlap_csf": 0.14757484197616577,
  "tpm_overlap_gm": 0.44268298149108887,
  "tpm_overlap_wm": 0.5029801726341248,
  "wm2max": 0.593087183542642
}