{
  "bids_meta": {
    "AcquisitionDate": "'05-21-2023'",
    "AcquisitionDuration": 237.826,
    "AcquisitionMatrixPE": 256,
    "AcquisitionNumber": 2,
    "AcquisitionTime": "15:33:1.170000",
    "BodyPartExamined": "BRAIN",
    "CoilString": "MULTI COIL",
    "ConversionSoftware": "dcm2niix",
    "ConversionSoftwareVersion": "v1.0.20230411",
    "DeviceSerialNumber": "45051",
    "EchoTime": 0.004605,
    "EchoTrainLength": 128,
    "EstimatedEffectiveEchoSpacing": 1.79305e-05,
    "EstimatedTotalReadoutTime": 0.00457228,
    "FlipAngle": 8,
    "FrequencyEncodingSteps": 256,
    "ImageOrientationPatientDICOM": [
      0.998058,
      0.0213071,
      0.058528,
      -8.25209e-05,
      0.94012,
      -0.340844
    ],
    "ImageType": [
      "ORIGINAL",
      "PRIMARY",
      "T1",
      "NONE"
    ],
    "ImagingFrequency": 127.750552,
    "InPlanePhaseEncodingDirectionDICOM": "ROW",
    "InstitutionAddress": "1161 21ST AVE. SOUTH",
    "InstitutionName": "VANDERBILT INSTITUTE OF IMAGING",
    "InstitutionalDepartmentName": "MRI DEPT.",
    "MRAcquisitionType": "3D",
    "MTState": true,
    "MagneticFieldStrength": 3,
    "Manufacturer": "Philips",
    "ManufacturersModelName": "Ingenia Elition X",
    "Modality": "MR",
    "ParallelAcquisitionTechnique": "SENSE",
    "ParallelReductionFactorInPlane": 2,
    "PatientPosition": "HFS",
    "PercentPhaseFOV": 100,
    "PercentSampling": 100,
    "PhaseEncodingAxis": "i",
    "PhaseEncodingSteps": 256,
    "PhaseEncodingStepsOutOfPlane": 150,
    "PhilipsRescaleIntercept": 0,
    "PhilipsRescaleSlope": 3.72723,
    "PhilipsScaleSlope": 0.00691823,
    "PixelBandwidth": 217.014,
    "ProtocolName": "WIP AnatBrain_T1W3D",
    "PulseSequenceName": "T1TFE",
    "ReconMatrixPE": 256,
    "RepetitionTime": 0.0091012,
    "ScanOptions": "SP",
    "ScanningSequence": "GR",
    "SequenceVariant": "MP",
    "SeriesDescription": "AnatBrain_T1W3D",
    "SeriesNumber": 201,
    "SliceThickness": 1,
    "SoftwareVersions": "5.7.1\\5.7.1.2",
    "SpacingBetweenSlices": 1,
    "SpoilingState": true,
    "SpoilingType": "COMBINED",
    "StationName": "PHILIPS-JJJ61LI",
    "UsePhilipsFloatNotDisplayScaling": 1,
    "WaterFatShift": 2.00149,
    "acq_id": "D1S0201",
    "dataset": "<unset>",
    "modality": "T1w",
    "session_id": "1",
    "subject_id": "1194"
  },
  "cjv": 0.34861770393021,
  "cnr": 3.5840669026879346,
  "efc": 0.723828845949415,
  "fber": 13629.4482421875,
  "fwhm_avg": 4.781903333333333,
  "fwhm_x": 4.54103,
  "fwhm_y": 5.00669,
  "fwhm_z": 4.79799,
  "icvs_csf": 0.2159030716210289,
  "icvs_gm": 0.4181211554608685,
  "icvs_wm": 0.3659757729181026,
  "inu_med": 2.1969287395477295,
  "inu_range": 1.046808660030365,
  "provenance": {
    "md5sum": "c8fd3927aeccb8f3473728ae3936e02b",
    "settings": {
      "testing": false
    },
    "software": "mriqc",
    "version": "0.15.2",
    "warnings": {
      "large_rot_frame": true,
      "small_air_mask": false
    },
    "webapi_port": null,
    "webapi_url": "https://mriqc.nimh.nih.gov/api/v1"
  },
  "qi_1": 0.0,
  "qi_2": 8.904799969453424e-05,
  "rpve_csf": 19.089337277618668,
  "rpve_gm": 10.224484009497878,
  "rpve_wm": 13.863222555495737,
  "size_x": 256,
  "size_y": 256,
  "size_z": 150,
  "snr_csf": 3.5336523445854766,
  "snr_gm": 10.555257511081711,
  "snr_total": 10.890966567210947,
  "snr_wm": 18.583989845965657,
  "snrd_csf": 60.84936006811129,
  "snrd_gm": 110.75613591066096,
  "snrd_total": 110.37787001346176,
  "snrd_wm": 159.52811406161308,
  "spacing_x": 1.0,
  "spacing_y": 1.0,
  "spacing_z": 1.0,
  "summary_bg_k": 7.284463139784743,
  "summary_bg_mad": 4.106713737845004,
  "summary_bg_mean": 6.500863075256348,
  "summary_bg_median": 2.7699363231658936,
  "summary_bg_n": 431656.0,
  "summary_bg_p05": 0.0,
  "summary_bg_p95": 22.052950382232666,
  "summary_bg_stdv": 7.395012855529785,
  "summary_csf_k": 0.8785342931018745,
  "summary_csf_mad": 107.91527999199457,
  "summary_csf_mean": 383.2205505371094,
  "summary_csf_median": 381.43341064453125,
  "summary_csf_n": 23056.0,
  "summary_csf_p05": 214.2246856689453,
  "summary_csf_p95": 555.0771331787109,
  "summary_csf_stdv": 107.94076538085938,
  "summary_gm_k": 0.7142058927524579,
  "summary_gm_mad": 62.245675063280814,
  "summary_gm_mean": 698.5360717773438,
  "summary_gm_median": 694.2733764648438,
  "summary_gm_n": 24901.0,
  "summary_gm_p05": 599.7715454101562,
  "summary_gm_p95": 813.7619018554688,
  "summary_gm_stdv": 65.7738037109375,
  "summary_wm_k": 1.7156394847557,
  "summary_wm_mad": 44.33599590800901,
  "summary_wm_mean": 998.1367797851562,
  "summary_wm_median": 999.9998779296875,
  "summary_wm_n": 231005.0,
  "summary_wm_p05": 902.7337402343751,
  "summary_wm_p95": 1080.8005615234374,
  "summary_wm_stdv": 53.809635162353516,
  "tpm_overlap_csf": 0.14063231647014618,
  "tpm_overlap_gm": 0.4386388957500458,
  "tpm_overlap_wm": 0.4751136004924774,
  "wm2max": 0.6580490112520632
}