{
  "bids_meta": {
    "AcquisitionDate": "'09-23-2023'",
    "AcquisitionDuration": 235.473,
    "AcquisitionMatrixPE": 256,
    "AcquisitionNumber": 2,
    "AcquisitionTime": "11:02:50.000000",
    "BodyPartExamined": "BRAIN",
    "CoilString": "MULTI COIL",
    "ConversionSoftware": "dcm2niix",
    "ConversionSoftwareVersion": "v1.0.20230411",
    "DeviceSerialNumber": "45051",
    "EchoTime": 0.004605,
    "EchoTrainLength": 128,
    "EstimatedEffectiveEchoSpacing": 1.79305e-05,
    "EstimatedTotalReadoutTime": 0.00457228,
    "FlipAngle": 8,
    "FrequencyEncodingSteps": 256,
    "ImageOrientationPatientDICOM": [
      0.997308,
      -0.00350383,
      -0.0732442,
      -0.0044756,
      0.994087,
      -0.108495
    ],
    "ImageType": [
      "ORIGINAL",
      "PRIMARY",
      "T1",
      "NONE"
    ],
    "ImagingFrequency": 127.750304,
    "InPlanePhaseEncodingDirectionDICOM": "ROW",
    "InstitutionAddress": "1161 21ST AVE. SOUTH",
    "InstitutionName": "VANDERBILT INSTITUTE OF IMAGING",
    "InstitutionalDepartmentName": "MRI DEPT.",
    "MRAcquisitionType": "3D",
    "MTState": true,
    "MagneticFieldStrength": 3,
    "Manufacturer": "Philips",
    "ManufacturersModelName": "MR 7700",
    "Modality": "MR",
    "ParallelAcquisitionTechnique": "SENSE",
    "ParallelReductionFactorInPlane": 2,
    "PatientPosition": "HFS",
    "PercentPhaseFOV": 100,
    "PercentSampling": 100,
    "PhaseEncodingAxis": "i",
    "PhaseEncodingSteps": 256,
    "PhaseEncodingStepsOutOfPlane": 150,
    "PhilipsRescaleIntercept": 0,
    "PhilipsRescaleSlope": 3.31526,
    "PhilipsScaleSlope": 0.00675039,
    "PixelBandwidth": 217.014,
    "ProtocolName": "WIP AnatBrain_T1W3D",
    "PulseSequenceName": "T1TFE",
    "ReconMatrixPE": 256,
    "RepetitionTime": 0.0090118,
    "ScanOptions": "SP",
    "ScanningSequence": "GR",
    "SequenceVariant": "MP",
    "SeriesDescription": "AnatBrain_T1W3D",
    "SeriesNumber": 201,
    "SliceThickness": 1,
    "SoftwareVersions": "5.9.0\\5.9.0.0",
    "SpacingBetweenSlices": 1,
    "SpoilingState": true,
    "SpoilingType": "COMBINED",
    "StationName": "PHILIPS-JJJ61LI",
    "UsePhilipsFloatNotDisplayScaling": 1,
    "WaterFatShift": 2.00149,
    "acq_id": "D1S0201",
    "dataset": "<unset>",
    "modality": "T1w",
    "session_id": "1",
    "subject_id": "1116"
  },
  "cjv": 0.28724104221003915,
  "cnr": 4.350319515468003,
  "efc": 0.6766197084175815,
  "fber": 57098.95703125,
  "fwhm_avg": 4.566136666666667,
  "fwhm_x": 4.62065,
  "fwhm_y": 4.71042,
  "fwhm_z": 4.36734,
  "icvs_csf": 0.20045161128905728,
  "icvs_gm": 0.44311024568113266,
  "icvs_wm": 0.35643814302981003,
  "inu_med": 1.7593644857406616,
  "inu_range": 0.7174741744995115,
  "provenance": {
    "md5sum": "334cd0e8f75c09e4a19e69f6a229df96",
    "settings": {
      "testing": false
    },
    "software": "mriqc",
    "version": "0.15.2",
    "warnings": {
      "large_rot_frame": true,
      "small_air_mask": false
    },
    "webapi_port": null,
    "webapi_url": "https://mriqc.nimh.nih.gov/api/v1"
  },
  "qi_1": 0.008412016374488683,
  "qi_2": 4.8878196519732875e-05,
  "rpve_csf": 20.66838061013839,
  "rpve_gm": 10.30974409743456,
  "rpve_wm": 14.757790069980713,
  "size_x": 256,
  "size_y": 256,
  "size_z": 150,
  "snr_csf": 3.186446556220285,
  "snr_gm": 11.033291239995997,
  "snr_total": 11.83590468878077,
  "snr_wm": 21.287976270126027,
  "snrd_csf": 60.2604421809112,
  "snrd_gm": 118.33874346263624,
  "snrd_total": 118.72927152082711,
  "snrd_wm": 177.5886289189339,
  "spacing_x": 1.0,
  "spacing_y": 1.0,
  "spacing_z": 1.0,
  "summary_bg_k": 15.49076595187427,
  "summary_bg_mad": 3.6890432850172292,
  "summary_bg_mean": 3.8408756256103516,
  "summary_bg_median": 2.4882218837738037,
  "summary_bg_n": 371074.0,
  "summary_bg_p05": 0.0,
  "summary_bg_p95": 13.52491669654846,
  "summary_bg_stdv": 5.244166374206543,
  "summary_csf_k": 4.070512083002863,
  "summary_csf_mad": 97.38716635607385,
  "summary_csf_mean": 351.350830078125,
  "summary_csf_median": 339.3238220214844,
  "summary_csf_n": 20088.0,
  "summary_csf_p05": 206.1573059082031,
  "summary_csf_p95": 530.6860382080077,
  "summary_csf_stdv": 106.48707580566406,
  "summary_gm_k": 0.7912029546651502,
  "summary_gm_mad": 55.688481260884444,
  "summary_gm_mean": 670.0726928710938,
  "summary_gm_median": 666.360107421875,
  "summary_gm_n": 41146.0,
  "summary_gm_p05": 578.3014221191406,
  "summary_gm_p95": 775.4160766601562,
  "summary_gm_stdv": 60.39467239379883,
  "summary_wm_k": 1.5383174598594467,
  "summary_wm_mad": 40.14473083510106,
  "summary_wm_mean": 997.1115112304688,
  "summary_wm_median": 999.9935302734375,
  "summary_wm_n": 214805.0,
  "summary_wm_p05": 914.5752685546876,
  "summary_wm_p95": 1068.4672119140623,
  "summary_wm_stdv": 46.97446060180664,
  "tpm_overlap_csf": 0.15657339990139008,
  "tpm_overlap_gm": 0.4691217243671417,
  "tpm_overlap_wm": 0.5107564926147461,
  "wm2max": 0.5911178291817671
}