{
  "bids_meta": {
    "AcquisitionDate": "'05-19-2024'",
    "AcquisitionDuration": 232.869,
    "AcquisitionMatrixPE": 256,
    "AcquisitionNumber": 2,
    "AcquisitionTime": "15:51:30.010000",
    "BodyPartExamined": "BRAIN",
    "CoilString": "MULTI COIL",
    "ConversionSoftware": "dcm2niix",
    "ConversionSoftwareVersion": "v1.0.20230411",
    "DeviceSerialNumber": "45051",
    "EchoTime": 0.004605,
    "EchoTrainLength": 128,
    "EstimatedEffectiveEchoSpacing": 1.79305e-05,
    "EstimatedTotalReadoutTime": 0.00457228,
    "FlipAngle": 8,
    "FrequencyEncodingSteps": 256,
    "ImageOrientationPatientDICOM": [
      0.999976,
      -0.00661988,
      0.00205203,
      0.00669649,
      0.999181,
      -0.039894
    ],
    "ImageType": [
      "ORIGINAL",
      "PRIMARY",
      "T1",
      "NONE"
    ],
    "ImagingFrequency": 127.7502,
    "InPlanePhaseEncodingDirectionDICOM": "ROW",
    "InstitutionAddress": "1161 21ST AVE. SOUTH",
    "InstitutionName": "VANDERBILT INSTITUTE OF IMAGING",
    "InstitutionalDepartmentName": "MRI DEPT.",
    "MRAcquisitionType": "3D",
    "MTState": true,
    "MagneticFieldStrength": 3,
    "Manufacturer": "Philips",
    "ManufacturersModelName": "MR 7700",
    "Modality": "MR",
    "ParallelAcquisitionTechnique": "SENSE",
    "ParallelReductionFactorInPlane": 2,
    "PatientPosition": "HFS",
    "PercentPhaseFOV": 100,
    "PercentSampling": 100,
    "PhaseEncodingAxis": "i",
    "PhaseEncodingSteps": 256,
    "PhaseEncodingStepsOutOfPlane": 150,
    "PhilipsRescaleIntercept": 0,
    "PhilipsRescaleSlope": 2.86935,
    "PhilipsScaleSlope": 0.00701346,
    "PixelBandwidth": 217.014,
    "ProtocolName": "WIP AnatBrain_T1W3D",
    "PulseSequenceName": "T1TFE",
    "ReconMatrixPE": 256,
    "RepetitionTime": 0.0089105,
    "ScanOptions": "SP",
    "ScanningSequence": "GR",
    "SequenceVariant": "MP",
    "SeriesDescription": "AnatBrain_T1W3D",
    "SeriesNumber": 201,
    "SliceThickness": 1,
    "SoftwareVersions": "5.9.0\\5.9.0.0",
    "SpacingBetweenSlices": 1,
    "SpoilingState": true,
    "SpoilingType": "COMBINED",
    "StationName": "PHILIPS-JJJ61LI",
    "UsePhilipsFloatNotDisplayScaling": 1,
    "WaterFatShift": 2.00149,
    "acq_id": "D1S0201",
    "dataset": "<unset>",
    "modality": "T1w",
    "session_id": "1",
    "subject_id": "1228"
  },
  "cjv": 0.36563631425954635,
  "cnr": 3.5062484023738483,
  "efc": 0.6552386957123851,
  "fber": 54500.97265625,
  "fwhm_avg": 4.599473333333333,
  "fwhm_x": 4.56958,
  "fwhm_y": 4.74544,
  "fwhm_z": 4.4834,
  "icvs_csf": 0.23273261141912716,
  "icvs_gm": 0.41582768886821836,
  "icvs_wm": 0.3514396997126545,
  "inu_med": 2.0704116821289062,
  "inu_range": 0.9983844041824339,
  "provenance": {
    "md5sum": "c8e4e5ae122fa5c36b1354ff77f05010",
    "settings": {
      "testing": false
    },
    "software": "mriqc",
    "version": "0.15.2",
    "warnings": {
      "large_rot_frame": true,
      "small_air_mask": false
    },
    "webapi_port": null,
    "webapi_url": "https://mriqc.nimh.nih.gov/api/v1"
  },
  "qi_1": 0.010111566018423746,
  "qi_2": 3.256938860694465e-05,
  "rpve_csf": 20.655762173209716,
  "rpve_gm": 11.538410965716,
  "rpve_wm": 15.633796350548927,
  "size_x": 256,
  "size_y": 256,
  "size_z": 150,
  "snr_csf": 3.510121341922029,
  "snr_gm": 10.666866828311186,
  "snr_total": 10.150989986326467,
  "snr_wm": 16.275981788746183,
  "snrd_csf": 57.652404653302746,
  "snrd_gm": 114.5554336899263,
  "snrd_total": 113.05322977795164,
  "snrd_wm": 166.9518509906259,
  "spacing_x": 1.0,
  "spacing_y": 1.0,
  "spacing_z": 1.0,
  "summary_bg_k": 35.92668435546528,
  "summary_bg_mad": 3.9241152045907826,
  "summary_bg_mean": 5.163869857788086,
  "summary_bg_median": 2.6523845195770264,
  "summary_bg_n": 622963.0,
  "summary_bg_p05": 0.0,
  "summary_bg_p95": 21.5964937210083,
  "summary_bg_stdv": 9.968494415283203,
  "summary_csf_k": 0.9605304201253051,
  "summary_csf_mad": 91.89957449598315,
  "summary_csf_mean": 351.2854919433594,
  "summary_csf_median": 345.3245544433594,
  "summary_csf_n": 37665.0,
  "summary_csf_p05": 200.7444854736328,
  "summary_csf_p95": 520.5862426757809,
  "summary_csf_stdv": 98.37835693359375,
  "summary_gm_k": 0.6176627281468536,
  "summary_gm_mad": 60.88840268319259,
  "summary_gm_mean": 690.5489501953125,
  "summary_gm_median": 686.1605224609375,
  "summary_gm_n": 19859.0,
  "summary_gm_p05": 594.0612609863281,
  "summary_gm_p95": 803.6639831542968,
  "summary_gm_stdv": 64.32472229003906,
  "summary_wm_k": 1.7308009688596062,
  "summary_wm_mad": 53.863778353471346,
  "summary_wm_mean": 1003.0410766601562,
  "summary_wm_median": 1000.0029296875,
  "summary_wm_n": 183865.0,
  "summary_wm_p05": 906.168505859375,
  "summary_wm_p95": 1105.7372314453123,
  "summary_wm_stdv": 61.44023895263672,
  "tpm_overlap_csf": 0.15158772468566895,
  "tpm_overlap_gm": 0.44125425815582275,
  "tpm_overlap_wm": 0.48391833901405334,
  "wm2max": 0.524588462554175
}