{
  "bids_meta": {
    "AcquisitionDate": "'06-30-2024'",
    "AcquisitionDuration": 235.458,
    "AcquisitionMatrixPE": 256,
    "AcquisitionNumber": 2,
    "AcquisitionTime": "14:12:14.250000",
    "BodyPartExamined": "BRAIN",
    "CoilString": "MULTI COIL",
    "ConversionSoftware": "dcm2niix",
    "ConversionSoftwareVersion": "v1.0.20230411",
    "DeviceSerialNumber": "45051",
    "EchoTime": 0.004605,
    "EchoTrainLength": 128,
    "EstimatedEffectiveEchoSpacing": 1.79305e-05,
    "EstimatedTotalReadoutTime": 0.00457228,
    "FlipAngle": 8,
    "FrequencyEncodingSteps": 256,
    "ImageOrientationPatientDICOM": [
      0.989662,
      -0.0610067,
      0.129798,
      0.0668902,
      0.996899,
      -0.0414587
    ],
    "ImageType": [
      "ORIGINAL",
      "PRIMARY",
      "T1",
      "NONE"
    ],
    "ImagingFrequency": 127.750376,
    "InPlanePhaseEncodingDirectionDICOM": "ROW",
    "InstitutionAddress": "1161 21ST AVE. SOUTH",
    "InstitutionName": "VANDERBILT INSTITUTE OF IMAGING",
    "InstitutionalDepartmentName": "MRI DEPT.",
    "MRAcquisitionType": "3D",
    "MTState": true,
    "MagneticFieldStrength": 3,
    "Manufacturer": "Philips",
    "ManufacturersModelName": "MR 7700",
    "Modality": "MR",
    "ParallelAcquisitionTechnique": "SENSE",
    "ParallelReductionFactorInPlane": 2,
    "PatientPosition": "HFS",
    "PercentPhaseFOV": 100,
    "PercentSampling": 100,
    "PhaseEncodingAxis": "i",
    "PhaseEncodingSteps": 256,
    "PhaseEncodingStepsOutOfPlane": 150,
    "PhilipsRescaleIntercept": 0,
    "PhilipsRescaleSlope": 2.8254,
    "PhilipsScaleSlope": 0.00736275,
    "PixelBandwidth": 217.014,
    "ProtocolName": "WIP AnatBrain_T1W3D",
    "PulseSequenceName": "T1TFE",
    "ReconMatrixPE": 256,
    "RepetitionTime": 0.009012,
    "ScanOptions": "SP",
    "ScanningSequence": "GR",
    "SequenceVariant": "MP",
    "SeriesDescription": "AnatBrain_T1W3D",
    "SeriesNumber": 201,
    "SliceThickness": 1,
    "SoftwareVersions": "5.9.0\\5.9.0.0",
    "SpacingBetweenSlices": 1,
    "SpoilingState": true,
    "SpoilingType": "COMBINED",
    "StationName": "PHILIPS-JJJ61LI",
    "UsePhilipsFloatNotDisplayScaling": 1,
    "WaterFatShift": 2.00149,
    "acq_id": "D1S0201",
    "dataset": "<unset>",
    "modality": "T1w",
    "session_id": "1",
    "subject_id": "1225"
  },
  "cjv": 0.3314515250894151,
  "cnr": 3.820953252766047,
  "efc": 0.6447036739200674,
  "fber": 54165.77734375,
  "fwhm_avg": 4.549816666666666,
  "fwhm_x": 4.55704,
  "fwhm_y": 4.75529,
  "fwhm_z": 4.33712,
  "icvs_csf": 0.1929255926866982,
  "icvs_gm": 0.4430162615845797,
  "icvs_wm": 0.3640581457287221,
  "inu_med": 1.6409014463424683,
  "inu_range": 0.6549813747406006,
  "provenance": {
    "md5sum": "76a64afb009a50ac4a22f0c9a5d95f2d",
    "settings": {
      "testing": false
    },
    "software": "mriqc",
    "version": "0.15.2",
    "warnings": {
      "large_rot_frame": true,
      "small_air_mask": false
    },
    "webapi_port": null,
    "webapi_url": "https://mriqc.nimh.nih.gov/api/v1"
  },
  "qi_1": 0.027546014242886597,
  "qi_2": 3.6466101435405844e-05,
  "rpve_csf": 22.78857297932122,
  "rpve_gm": 10.937472451142916,
  "rpve_wm": 15.231819859149644,
  "size_x": 256,
  "size_y": 256,
  "size_z": 150,
  "snr_csf": 3.3218858230827557,
  "snr_gm": 11.268957020598743,
  "snr_total": 10.96717181226824,
  "snr_wm": 18.310672593123225,
  "snrd_csf": 63.93973529732574,
  "snrd_gm": 116.92470319087053,
  "snrd_total": 117.10497133965028,
  "snrd_wm": 170.45047553075455,
  "spacing_x": 1.0,
  "spacing_y": 1.0,
  "spacing_z": 1.0,
  "summary_bg_k": 9.936935758444537,
  "summary_bg_mad": 3.843552890360806,
  "summary_bg_mean": 5.949976444244385,
  "summary_bg_median": 2.5969388484954834,
  "summary_bg_n": 723961.0,
  "summary_bg_p05": 0.0,
  "summary_bg_p95": 23.72965431213379,
  "summary_bg_stdv": 8.150164604187012,
  "summary_csf_k": 30.620781361881527,
  "summary_csf_mad": 93.5730219341438,
  "summary_csf_mean": 379.14141845703125,
  "summary_csf_median": 375.12152099609375,
  "summary_csf_n": 15275.0,
  "summary_csf_p05": 216.01138000488282,
  "summary_csf_p95": 545.805499267578,
  "summary_csf_stdv": 112.92057037353516,
  "summary_gm_k": 0.7818942277661964,
  "summary_gm_mad": 55.64119978754648,
  "summary_gm_mean": 688.8687744140625,
  "summary_gm_median": 685.9736328125,
  "summary_gm_n": 32464.0,
  "summary_gm_p05": 595.3838592529297,
  "summary_gm_p95": 795.6569305419922,
  "summary_gm_stdv": 60.87192153930664,
  "summary_wm_k": 1.168933342841611,
  "summary_wm_mad": 48.44283301034411,
  "summary_wm_mean": 997.9711303710938,
  "summary_wm_median": 999.99853515625,
  "summary_wm_n": 208168.0,
  "summary_wm_p05": 903.2814453125,
  "summary_wm_p95": 1081.9760009765625,
  "summary_wm_stdv": 54.61274719238281,
  "tpm_overlap_csf": 0.14955797791481018,
  "tpm_overlap_gm": 0.46577879786491394,
  "tpm_overlap_wm": 0.5070202350616455,
  "wm2max": 0.5496036675430911
}