{
  "bids_meta": {
    "AcquisitionDate": "'06-07-2024'",
    "AcquisitionDuration": 233.246,
    "AcquisitionMatrixPE": 256,
    "AcquisitionNumber": 2,
    "AcquisitionTime": "17:37:59.060000",
    "BodyPartExamined": "BRAIN",
    "CoilString": "MULTI COIL",
    "ConversionSoftware": "dcm2niix",
    "ConversionSoftwareVersion": "v1.0.20230411",
    "DeviceSerialNumber": "45051",
    "EchoTime": 0.004605,
    "EchoTrainLength": 128,
    "EstimatedEffectiveEchoSpacing": 1.79305e-05,
    "EstimatedTotalReadoutTime": 0.00457228,
    "FlipAngle": 8,
    "FrequencyEncodingSteps": 256,
    "ImageOrientationPatientDICOM": [
      0.998445,
      0.0304671,
      0.0466886,
      -0.0306271,
      0.999527,
      0.00271638
    ],
    "ImageType": [
      "ORIGINAL",
      "PRIMARY",
      "T1",
      "NONE"
    ],
    "ImagingFrequency": 127.750288,
    "InPlanePhaseEncodingDirectionDICOM": "ROW",
    "InstitutionAddress": "1161 21ST AVE. SOUTH",
    "InstitutionName": "VANDERBILT INSTITUTE OF IMAGING",
    "InstitutionalDepartmentName": "MRI DEPT.",
    "MRAcquisitionType": "3D",
    "MTState": true,
    "MagneticFieldStrength": 3,
    "Manufacturer": "Philips",
    "ManufacturersModelName": "MR 7700",
    "Modality": "MR",
    "ParallelAcquisitionTechnique": "SENSE",
    "ParallelReductionFactorInPlane": 2,
    "PatientPosition": "HFS",
    "PercentPhaseFOV": 100,
    "PercentSampling": 100,
    "PhaseEncodingAxis": "i",
    "PhaseEncodingSteps": 256,
    "PhaseEncodingStepsOutOfPlane": 150,
    "PhilipsRescaleIntercept": 0,
    "PhilipsRescaleSlope": 2.84371,
    "PhilipsScaleSlope": 0.00704728,
    "PixelBandwidth": 217.014,
    "ProtocolName": "WIP AnatBrain_T1W3D",
    "PulseSequenceName": "T1TFE",
    "ReconMatrixPE": 256,
    "RepetitionTime": 0.0089253,
    "ScanOptions": "SP",
    "ScanningSequence": "GR",
    "SequenceVariant": "MP",
    "SeriesDescription": "AnatBrain_T1W3D",
    "SeriesNumber": 201,
    "SliceThickness": 1,
    "SoftwareVersions": "5.9.0\\5.9.0.0",
    "SpacingBetweenSlices": 1,
    "SpoilingState": true,
    "SpoilingType": "COMBINED",
    "StationName": "PHILIPS-JJJ61LI",
    "UsePhilipsFloatNotDisplayScaling": 1,
    "WaterFatShift": 2.00149,
    "acq_id": "D1S0201",
    "dataset": "<unset>",
    "modality": "T1w",
    "session_id": "1",
    "subject_id": "1180"
  },
  "cjv": 0.3353810030444858,
  "cnr": 3.821291545236318,
  "efc": 0.666559297716234,
  "fber": 64211.5234375,
  "fwhm_avg": 4.65635,
  "fwhm_x": 4.6898,
  "fwhm_y": 4.82958,
  "fwhm_z": 4.44967,
  "icvs_csf": 0.20916826406363642,
  "icvs_gm": 0.4182204443407902,
  "icvs_wm": 0.3726112915955734,
  "inu_med": 2.257155656814575,
  "inu_range": 0.9415495872497557,
  "provenance": {
    "md5sum": "fbe458f6321b7a2361d12c727b772d8d",
    "settings": {
      "testing": false
    },
    "software": "mriqc",
    "version": "0.15.2",
    "warnings": {
      "large_rot_frame": true,
      "small_air_mask": false
    },
    "webapi_port": null,
    "webapi_url": "https://mriqc.nimh.nih.gov/api/v1"
  },
  "qi_1": 0.03408451835783723,
  "qi_2": 8.463027474340706e-05,
  "rpve_csf": 21.06512294744684,
  "rpve_gm": 11.10770828075828,
  "rpve_wm": 14.960735171261486,
  "size_x": 256,
  "size_y": 256,
  "size_z": 150,
  "snr_csf": 3.5793673309835086,
  "snr_gm": 10.923159834127656,
  "snr_total": 11.363876724230602,
  "snr_wm": 19.589103007580643,
  "snrd_csf": 188.2737861466243,
  "snrd_gm": 365.99540252056744,
  "snrd_total": 361.7639782930924,
  "snrd_wm": 531.0227462120855,
  "spacing_x": 1.0,
  "spacing_y": 1.0,
  "spacing_z": 1.0,
  "summary_bg_k": 19.831894798053376,
  "summary_bg_mad": 0.23372127282097876,
  "summary_bg_mean": 3.8502280712127686,
  "summary_bg_median": 2.43251895904541,
  "summary_bg_n": 494793.0,
  "summary_bg_p05": 0.0,
  "summary_bg_p95": 12.99072856903076,
  "summary_bg_stdv": 5.182806968688965,
  "summary_csf_k": 11.639319369287431,
  "summary_csf_mad": 89.87692283655704,
  "summary_csf_mean": 364.8274230957031,
  "summary_csf_median": 354.5481262207031,
  "summary_csf_n": 17155.0,
  "summary_csf_p05": 226.24028472900392,
  "summary_csf_p95": 528.9226440429687,
  "summary_csf_stdv": 99.05040740966797,
  "summary_gm_k": 0.7993917855367725,
  "summary_gm_mad": 59.279384735972855,
  "summary_gm_mean": 694.2911987304688,
  "summary_gm_median": 689.2249145507812,
  "summary_gm_n": 27465.0,
  "summary_gm_p05": 599.9214721679688,
  "summary_gm_p95": 803.9761230468749,
  "summary_gm_stdv": 63.09642791748047,
  "summary_wm_k": 1.9752611236545548,
  "summary_wm_mad": 44.94748788137032,
  "summary_wm_mean": 998.4196166992188,
  "summary_wm_median": 999.9964599609375,
  "summary_wm_n": 212038.0,
  "summary_wm_p05": 911.7857116699219,
  "summary_wm_p95": 1077.8563354492187,
  "summary_wm_stdv": 51.04848861694336,
  "tpm_overlap_csf": 0.1629205346107483,
  "tpm_overlap_gm": 0.4536580443382263,
  "tpm_overlap_wm": 0.5111327171325684,
  "wm2max": 0.5255556152638694
}