{
  "bids_meta": {
    "AcquisitionDate": "'10-08-2024'",
    "AcquisitionDuration": 233.6,
    "AcquisitionMatrixPE": 256,
    "AcquisitionNumber": 2,
    "AcquisitionTime": "09:39:45.330000",
    "BodyPartExamined": "BRAIN",
    "CoilString": "MULTI COIL",
    "ConversionSoftware": "dcm2niix",
    "ConversionSoftwareVersion": "v1.0.20230411",
    "DeviceSerialNumber": "45051",
    "EchoTime": 0.004605,
    "EchoTrainLength": 128,
    "EstimatedEffectiveEchoSpacing": 1.79305e-05,
    "EstimatedTotalReadoutTime": 0.00457228,
    "FlipAngle": 8,
    "FrequencyEncodingSteps": 256,
    "ImageOrientationPatientDICOM": [
      0.998636,
      0.0171897,
      -0.0492954,
      -0.0186096,
      0.999421,
      -0.0284918
    ],
    "ImageType": [
      "ORIGINAL",
      "PRIMARY",
      "T1",
      "NONE"
    ],
    "ImagingFrequency": 127.750208,
    "InPlanePhaseEncodingDirectionDICOM": "ROW",
    "InstitutionAddress": "1161 21ST AVE. SOUTH",
    "InstitutionName": "VANDERBILT INSTITUTE OF IMAGING",
    "InstitutionalDepartmentName": "MRI DEPT.",
    "MRAcquisitionType": "3D",
    "MTState": true,
    "MagneticFieldStrength": 3,
    "Manufacturer": "Philips",
    "ManufacturersModelName": "MR 7700",
    "Modality": "MR",
    "ParallelAcquisitionTechnique": "SENSE",
    "ParallelReductionFactorInPlane": 2,
    "PatientPosition": "HFS",
    "PercentPhaseFOV": 100,
    "PercentSampling": 100,
    "PhaseEncodingAxis": "i",
    "PhaseEncodingSteps": 256,
    "PhaseEncodingStepsOutOfPlane": 150,
    "PhilipsRescaleIntercept": 0,
    "PhilipsRescaleSlope": 2.71087,
    "PhilipsScaleSlope": 0.00660311,
    "PixelBandwidth": 217.014,
    "ProtocolName": "WIP AnatBrain_T1W3D",
    "PulseSequenceName": "T1TFE",
    "ReconMatrixPE": 256,
    "RepetitionTime": 0.0089392,
    "ScanOptions": "SP",
    "ScanningSequence": "GR",
    "SequenceVariant": "MP",
    "SeriesDescription": "AnatBrain_T1W3D",
    "SeriesNumber": 201,
    "SliceThickness": 1,
    "SoftwareVersions": "5.9.0\\5.9.0.0",
    "SpacingBetweenSlices": 1,
    "SpoilingState": true,
    "SpoilingType": "COMBINED",
    "StationName": "PHILIPS-JJJ61LI",
    "UsePhilipsFloatNotDisplayScaling": 1,
    "WaterFatShift": 2.00149,
    "acq_id": "D1S0201",
    "dataset": "<unset>",
    "modality": "T1w",
    "session_id": "1",
    "subject_id": "1277"
  },
  "cjv": 0.3147506706277415,
  "cnr": 3.8281458262427313,
  "efc": 0.665452972856391,
  "fber": 75782.7890625,
  "fwhm_avg": 4.669816666666667,
  "fwhm_x": 4.67942,
  "fwhm_y": 4.93315,
  "fwhm_z": 4.39688,
  "icvs_csf": 0.19292802632124906,
  "icvs_gm": 0.42146901586378915,
  "icvs_wm": 0.3856029578149618,
  "inu_med": 1.5392485857009888,
  "inu_range": 0.6520925760269161,
  "provenance": {
    "md5sum": "d582c1c15e6160cd68711cfb86451b64",
    "settings": {
      "testing": false
    },
    "software": "mriqc",
    "version": "0.15.2",
    "warnings": {
      "large_rot_frame": true,
      "small_air_mask": false
    },
    "webapi_port": null,
    "webapi_url": "https://mriqc.nimh.nih.gov/api/v1"
  },
  "qi_1": 0.0207857359831365,
  "qi_2": 7.237007544320778e-05,
  "rpve_csf": 19.453341794501707,
  "rpve_gm": 9.679214703929498,
  "rpve_wm": 12.811509772460733,
  "size_x": 256,
  "size_y": 256,
  "size_z": 150,
  "snr_csf": 2.9791686518632017,
  "snr_gm": 9.603212262604023,
  "snr_total": 11.466507868191359,
  "snr_wm": 21.817142690106852,
  "snrd_csf": 69.03299510060506,
  "snrd_gm": 130.26607661950084,
  "snrd_total": 130.54180671410484,
  "snrd_wm": 192.32634842220864,
  "spacing_x": 1.0,
  "spacing_y": 1.0,
  "spacing_z": 1.0,
  "summary_bg_k": 9.955097354303721,
  "summary_bg_mad": 3.4063724671426643,
  "summary_bg_mean": 4.278776168823242,
  "summary_bg_median": 2.297563314437866,
  "summary_bg_n": 679369.0,
  "summary_bg_p05": 0.0,
  "summary_bg_p95": 15.3205265045166,
  "summary_bg_stdv": 5.46636438369751,
  "summary_csf_k": 33.35990531587609,
  "summary_csf_mad": 110.98034109087838,
  "summary_csf_mean": 369.9251708984375,
  "summary_csf_median": 358.93609619140625,
  "summary_csf_n": 19247.0,
  "summary_csf_p05": 215.88837585449218,
  "summary_csf_p95": 541.3437744140626,
  "summary_csf_stdv": 120.47883605957031,
  "summary_gm_k": 1.3213178335308173,
  "summary_gm_mad": 61.54409944071771,
  "summary_gm_mean": 685.7606811523438,
  "summary_gm_median": 677.316650390625,
  "summary_gm_n": 32171.0,
  "summary_gm_p05": 586.997314453125,
  "summary_gm_p95": 817.1099853515625,
  "summary_gm_stdv": 70.52912139892578,
  "summary_wm_k": 1.1337105672977712,
  "summary_wm_mad": 40.02012492354819,
  "summary_wm_mean": 999.5890502929688,
  "summary_wm_median": 999.9981689453125,
  "summary_wm_n": 265933.0,
  "summary_wm_p05": 922.4863037109376,
  "summary_wm_p95": 1073.9864013671875,
  "summary_wm_stdv": 45.83534622192383,
  "tpm_overlap_csf": 0.15599533915519714,
  "tpm_overlap_gm": 0.44198280572891235,
  "tpm_overlap_wm": 0.4901003837585449,
  "wm2max": 0.5943585992493624
}