{
  "Modality": "MR",
  "MagneticFieldStrength": 3,
  "ImagingFrequency": 127.750496,
  "Manufacturer": "Philips",
  "ManufacturersModelName": "Ingenia Elition X",
  "InstitutionName": "VANDERBILT INSTITUTE OF IMAGING",
  "InstitutionalDepartmentName": "MRI DEPT.",
  "InstitutionAddress": "1161 21ST AVE. SOUTH",
  "DeviceSerialNumber": "45051",
  "StationName": "PHILIPS-JJJ61LI",
  "BodyPartExamined": "BRAIN",
  "PatientPosition": "HFS",
  "SoftwareVersions": "5.7.1\\5.7.1.2",
  "MRAcquisitionType": "2D",
  "SeriesDescription": "TOPUP_2.25mmiso_APP",
  "ProtocolName": "WIP TOPUP_2.25mmiso_APP",
  "ScanningSequence": "SE",
  "SequenceVariant": "SK",
  "ScanOptions": "FS",
  "PulseSequenceName": "SEEPI",
  "ImageType": [
    "ORIGINAL",
    "PRIMARY",
    "T2",
    "NONE"
  ],
  "SeriesNumber": 501,
  "AcquisitionTime": "19:07:51.640000",
  "AcquisitionNumber": 5,
  "PhilipsRescaleSlope": 2.20513,
  "PhilipsRescaleIntercept": 0,
  "PhilipsScaleSlope": 0.0167004,
  "UsePhilipsFloatNotDisplayScaling": 1,
  "SliceThickness": 2.25,
  "SpacingBetweenSlices": 2.25,
  "EchoTime": 0.034845,
  "RepetitionTime": 1.74172,
  "MTState": false,
  "FlipAngle": 90,
  "CoilString": "MULTI COIL",
  "PercentPhaseFOV": 100,
  "PercentSampling": 100,
  "EchoTrainLength": 47,
  "PhaseEncodingSteps": 94,
  "FrequencyEncodingSteps": 96,
  "PhaseEncodingStepsOutOfPlane": 1,
  "AcquisitionMatrixPE": 94,
  "ReconMatrixPE": 96,
  "ParallelReductionFactorInPlane": 2,
  "ParallelAcquisitionTechnique": "SENSE",
  "WaterFatShift": 12.9184,
  "EffectiveEchoSpacing": 0.000306549,
  "TotalReadoutTime": 0.0291221,
  "AcquisitionDuration": 6.96688,
  "PixelBandwidth": 2153.55,
  "PhaseEncodingDirection": "j-",
  "ImageOrientationPatientDICOM": [
    0.988583,
    0.150558,
    -0.00591897,
    -0.14913,
    0.983304,
    0.104278
  ],
  "InPlanePhaseEncodingDirectionDICOM": "COL",
  "ConversionSoftware": "dcm2niix",
  "ConversionSoftwareVersion": "v1.0.20230411",
  "AcquisitionDate": "'05-18-2023'"
}
