{
  "bids_meta": {
    "AcquisitionDate": "'10-21-2023'",
    "AcquisitionDuration": 235.239,
    "AcquisitionMatrixPE": 256,
    "AcquisitionNumber": 2,
    "AcquisitionTime": "11:02:7.400000",
    "BodyPartExamined": "BRAIN",
    "CoilString": "MULTI COIL",
    "ConversionSoftware": "dcm2niix",
    "ConversionSoftwareVersion": "v1.0.20230411",
    "DeviceSerialNumber": "45051",
    "EchoTime": 0.004605,
    "EchoTrainLength": 128,
    "EstimatedEffectiveEchoSpacing": 1.79305e-05,
    "EstimatedTotalReadoutTime": 0.00457228,
    "FlipAngle": 8,
    "FrequencyEncodingSteps": 256,
    "ImageOrientationPatientDICOM": [
      0.98023,
      -0.183337,
      -0.0744145,
      0.180639,
      0.982671,
      -0.0415508
    ],
    "ImageType": [
      "ORIGINAL",
      "PRIMARY",
      "T1",
      "NONE"
    ],
    "ImagingFrequency": 127.75032,
    "InPlanePhaseEncodingDirectionDICOM": "ROW",
    "InstitutionAddress": "1161 21ST AVE. SOUTH",
    "InstitutionName": "VANDERBILT INSTITUTE OF IMAGING",
    "InstitutionalDepartmentName": "MRI DEPT.",
    "MRAcquisitionType": "3D",
    "MTState": true,
    "MagneticFieldStrength": 3,
    "Manufacturer": "Philips",
    "ManufacturersModelName": "MR 7700",
    "Modality": "MR",
    "ParallelAcquisitionTechnique": "SENSE",
    "ParallelReductionFactorInPlane": 2,
    "PatientPosition": "HFS",
    "PercentPhaseFOV": 100,
    "PercentSampling": 100,
    "PhaseEncodingAxis": "i",
    "PhaseEncodingSteps": 256,
    "PhaseEncodingStepsOutOfPlane": 150,
    "PhilipsRescaleIntercept": 0,
    "PhilipsRescaleSlope": 2.61661,
    "PhilipsScaleSlope": 0.00659524,
    "PixelBandwidth": 217.014,
    "ProtocolName": "WIP AnatBrain_T1W3D",
    "PulseSequenceName": "T1TFE",
    "ReconMatrixPE": 256,
    "RepetitionTime": 0.0090033,
    "ScanOptions": "SP",
    "ScanningSequence": "GR",
    "SequenceVariant": "MP",
    "SeriesDescription": "AnatBrain_T1W3D",
    "SeriesNumber": 201,
    "SliceThickness": 1,
    "SoftwareVersions": "5.9.0\\5.9.0.0",
    "SpacingBetweenSlices": 1,
    "SpoilingState": true,
    "SpoilingType": "COMBINED",
    "StationName": "PHILIPS-JJJ61LI",
    "UsePhilipsFloatNotDisplayScaling": 1,
    "WaterFatShift": 2.00149,
    "acq_id": "D1S0201",
    "dataset": "<unset>",
    "modality": "T1w",
    "session_id": "1",
    "subject_id": "1209"
  },
  "cjv": 0.32221205088735105,
  "cnr": 4.000346213075597,
  "efc": 0.6738069813907887,
  "fber": 61163.234375,
  "fwhm_avg": 4.564773333333334,
  "fwhm_x": 4.55757,
  "fwhm_y": 4.7015,
  "fwhm_z": 4.43525,
  "icvs_csf": 0.18475937819725138,
  "icvs_gm": 0.438215712794527,
  "icvs_wm": 0.3770249090082216,
  "inu_med": 1.7967028617858887,
  "inu_range": 0.7720017075538632,
  "provenance": {
    "md5sum": "f718e66244c2d36847ca18299d1add6d",
    "settings": {
      "testing": false
    },
    "software": "mriqc",
    "version": "0.15.2",
    "warnings": {
      "large_rot_frame": true,
      "small_air_mask": false
    },
    "webapi_port": null,
    "webapi_url": "https://mriqc.nimh.nih.gov/api/v1"
  },
  "qi_1": 0.0223611967320762,
  "qi_2": 5.2855432489574665e-05,
  "rpve_csf": 23.262018518695474,
  "rpve_gm": 10.75261750623853,
  "rpve_wm": 14.525227598924593,
  "size_x": 256,
  "size_y": 256,
  "size_z": 150,
  "snr_csf": 2.867086093251096,
  "snr_gm": 11.615884055736023,
  "snr_total": 10.567150709000808,
  "snr_wm": 17.21848197801531,
  "snrd_csf": 62.38254302881633,
  "snrd_gm": 120.14373705519381,
  "snrd_total": 120.49070630087469,
  "snrd_wm": 178.94583881861394,
  "spacing_x": 1.0,
  "spacing_y": 1.0,
  "spacing_z": 1.0,
  "summary_bg_k": 10.2376861231959,
  "summary_bg_mad": 3.661092214273165,
  "summary_bg_mean": 4.521229267120361,
  "summary_bg_median": 2.4693691730499268,
  "summary_bg_n": 472697.0,
  "summary_bg_p05": 0.0,
  "summary_bg_p95": 17.248959350585892,
  "summary_bg_stdv": 5.824239253997803,
  "summary_csf_k": 32.96192444119342,
  "summary_csf_mad": 97.45575842648566,
  "summary_csf_mean": 361.9372253417969,
  "summary_csf_median": 348.61175537109375,
  "summary_csf_n": 13540.0,
  "summary_csf_p05": 208.73011627197263,
  "summary_csf_p95": 543.7235046386719,
  "summary_csf_stdv": 121.58647155761719,
  "summary_gm_k": 0.5978414903318332,
  "summary_gm_mad": 54.955007610854096,
  "summary_gm_mean": 673.3479614257812,
  "summary_gm_median": 671.3980712890625,
  "summary_gm_n": 27793.0,
  "summary_gm_p05": 583.0385864257813,
  "summary_gm_p95": 770.9347290039061,
  "summary_gm_stdv": 57.79895782470703,
  "summary_wm_k": 1.0607057157200757,
  "summary_wm_mad": 50.924906756156496,
  "summary_wm_mean": 997.9275512695312,
  "summary_wm_median": 1000.0012817382812,
  "summary_wm_n": 203356.0,
  "summary_wm_p05": 894.6920623779297,
  "summary_wm_p95": 1087.806884765625,
  "summary_wm_stdv": 58.07706069946289,
  "tpm_overlap_csf": 0.15089084208011627,
  "tpm_overlap_gm": 0.44885411858558655,
  "tpm_overlap_wm": 0.4870496094226837,
  "wm2max": 0.5264216061924069
}