{
  "bids_meta": {
    "AcquisitionDate": "'09-28-2024'",
    "AcquisitionDuration": 235.935,
    "AcquisitionMatrixPE": 256,
    "AcquisitionNumber": 2,
    "AcquisitionTime": "17:01:32.230000",
    "BodyPartExamined": "BRAIN",
    "CoilString": "MULTI COIL",
    "ConversionSoftware": "dcm2niix",
    "ConversionSoftwareVersion": "v1.0.20230411",
    "DeviceSerialNumber": "45051",
    "EchoTime": 0.004605,
    "EchoTrainLength": 128,
    "EstimatedEffectiveEchoSpacing": 1.79305e-05,
    "EstimatedTotalReadoutTime": 0.00457228,
    "FlipAngle": 8,
    "FrequencyEncodingSteps": 256,
    "ImageOrientationPatientDICOM": [
      0.993053,
      -0.116149,
      0.0188449,
      0.117665,
      0.978953,
      -0.166753
    ],
    "ImageType": [
      "ORIGINAL",
      "PRIMARY",
      "T1",
      "NONE"
    ],
    "ImagingFrequency": 127.75012,
    "InPlanePhaseEncodingDirectionDICOM": "ROW",
    "InstitutionAddress": "1161 21ST AVE. SOUTH",
    "InstitutionName": "VANDERBILT INSTITUTE OF IMAGING",
    "InstitutionalDepartmentName": "MRI DEPT.",
    "MRAcquisitionType": "3D",
    "MTState": true,
    "MagneticFieldStrength": 3,
    "Manufacturer": "Philips",
    "ManufacturersModelName": "MR 7700",
    "Modality": "MR",
    "ParallelAcquisitionTechnique": "SENSE",
    "ParallelReductionFactorInPlane": 2,
    "PatientPosition": "HFS",
    "PercentPhaseFOV": 100,
    "PercentSampling": 100,
    "PhaseEncodingAxis": "i",
    "PhaseEncodingSteps": 256,
    "PhaseEncodingStepsOutOfPlane": 150,
    "PhilipsRescaleIntercept": 0,
    "PhilipsRescaleSlope": 2.58266,
    "PhilipsScaleSlope": 0.00649443,
    "PixelBandwidth": 217.014,
    "ProtocolName": "WIP AnatBrain_T1W3D",
    "PulseSequenceName": "T1TFE",
    "ReconMatrixPE": 256,
    "RepetitionTime": 0.0090289,
    "ScanOptions": "SP",
    "ScanningSequence": "GR",
    "SequenceVariant": "MP",
    "SeriesDescription": "AnatBrain_T1W3D",
    "SeriesNumber": 201,
    "SliceThickness": 1,
    "SoftwareVersions": "5.9.0\\5.9.0.0",
    "SpacingBetweenSlices": 1,
    "SpoilingState": true,
    "SpoilingType": "COMBINED",
    "StationName": "PHILIPS-JJJ61LI",
    "UsePhilipsFloatNotDisplayScaling": 1,
    "WaterFatShift": 2.00149,
    "acq_id": "D1S0201",
    "dataset": "<unset>",
    "modality": "T1w",
    "session_id": "1",
    "subject_id": "1248"
  },
  "cjv": 0.2989108141837388,
  "cnr": 4.11987718137618,
  "efc": 0.6224893746445123,
  "fber": 82082.3515625,
  "fwhm_avg": 4.532123333333334,
  "fwhm_x": 4.51481,
  "fwhm_y": 4.77029,
  "fwhm_z": 4.31127,
  "icvs_csf": 0.19308355822313578,
  "icvs_gm": 0.44460963918663265,
  "icvs_wm": 0.36230680259023157,
  "inu_med": 1.8351733684539795,
  "inu_range": 0.682760953903198,
  "provenance": {
    "md5sum": "369592b2db15e011b301eebf29ec79fa",
    "settings": {
      "testing": false
    },
    "software": "mriqc",
    "version": "0.15.2",
    "warnings": {
      "large_rot_frame": true,
      "small_air_mask": false
    },
    "webapi_port": null,
    "webapi_url": "https://mriqc.nimh.nih.gov/api/v1"
  },
  "qi_1": 0.02353215645289867,
  "qi_2": 4.772472761861246e-05,
  "rpve_csf": 25.80264467096419,
  "rpve_gm": 12.161229488706915,
  "rpve_wm": 16.79396415928746,
  "size_x": 256,
  "size_y": 256,
  "size_z": 150,
  "snr_csf": 3.3125731074578124,
  "snr_gm": 11.304147043415995,
  "snr_total": 11.031656790525703,
  "snr_wm": 18.478250220703305,
  "snrd_csf": 67.7964836919019,
  "snrd_gm": 139.26923099475883,
  "snrd_total": 138.4272582875259,
  "snrd_wm": 208.216060175917,
  "spacing_x": 1.0,
  "spacing_y": 1.0,
  "spacing_z": 1.0,
  "summary_bg_k": 11.943266577108258,
  "summary_bg_mad": 3.1464152081218484,
  "summary_bg_mean": 4.108633995056152,
  "summary_bg_median": 2.122224807739258,
  "summary_bg_n": 736697.0,
  "summary_bg_p05": 0.0,
  "summary_bg_p95": 15.656608963012694,
  "summary_bg_stdv": 5.504310607910156,
  "summary_csf_k": 1.9961508668431875,
  "summary_csf_mad": 90.16898208095566,
  "summary_csf_mean": 340.35870361328125,
  "summary_csf_median": 325.6053161621094,
  "summary_csf_n": 18908.0,
  "summary_csf_p05": 205.19885482788087,
  "summary_csf_p95": 512.524966430664,
  "summary_csf_stdv": 98.29117584228516,
  "summary_gm_k": 0.8409566868292444,
  "summary_gm_mad": 53.451773476710116,
  "summary_gm_mean": 671.6608276367188,
  "summary_gm_median": 668.8665771484375,
  "summary_gm_n": 26648.0,
  "summary_gm_p05": 579.8876800537109,
  "summary_gm_p95": 775.374932861328,
  "summary_gm_stdv": 59.168907165527344,
  "summary_wm_k": 1.2573214866006994,
  "summary_wm_mad": 45.526584127545036,
  "summary_wm_mean": 997.2567749023438,
  "summary_wm_median": 999.9966430664062,
  "summary_wm_n": 168797.0,
  "summary_wm_p05": 900.3633666992188,
  "summary_wm_p95": 1080.5478271484374,
  "summary_wm_stdv": 54.11733627319336,
  "tpm_overlap_csf": 0.16158245503902435,
  "tpm_overlap_gm": 0.45812010765075684,
  "tpm_overlap_wm": 0.49144086241722107,
  "wm2max": 0.5689775524510395
}