{
	"Modality": "MR",
	"MagneticFieldStrength": 3,
	"ImagingFrequency": 127.750576,
	"Manufacturer": "Philips",
	"ManufacturersModelName": "Ingenia Elition X",
	"InstitutionName": "VANDERBILT INSTITUTE OF IMAGING",
	"InstitutionalDepartmentName": "MRI DEPT.",
	"InstitutionAddress": "1161 21ST AVE. SOUTH",
	"DeviceSerialNumber": "45051",
	"StationName": "PHILIPS-JJJ61LI",
	"BodyPartExamined": "BRAIN",
	"PatientPosition": "HFS",
	"SoftwareVersions": "5.7.1\\5.7.1.2",
	"MRAcquisitionType": "2D",
	"SeriesDescription": "TOPUP_2.25mmiso_APA",
	"ProtocolName": "WIP TOPUP_2.25mmiso_APA",
	"ScanningSequence": "SE",
	"SequenceVariant": "SK",
	"ScanOptions": "FS",
	"PulseSequenceName": "SEEPI",
	"ImageType": ["ORIGINAL", "PRIMARY", "T2", "NONE"],
	"SeriesNumber": 601,
	"AcquisitionTime": "10:56:7.370000",
	"AcquisitionNumber": 6,
	"PhilipsRescaleSlope": 2.13358,
	"PhilipsRescaleIntercept": 0,
	"PhilipsScaleSlope": 0.014527,
	"UsePhilipsFloatNotDisplayScaling": 1,
	"SliceThickness": 2.25,
	"SpacingBetweenSlices": 2.25,
	"EchoTime": 0.034537,
	"RepetitionTime": 1.72781,
	"MTState": false,
	"FlipAngle": 90,
	"CoilString": "MULTI COIL",
	"PercentPhaseFOV": 100,
	"PercentSampling": 100,
	"EchoTrainLength": 47,
	"PhaseEncodingSteps": 94,
	"FrequencyEncodingSteps": 96,
	"PhaseEncodingStepsOutOfPlane": 1,
	"AcquisitionMatrixPE": 94,
	"ReconMatrixPE": 96,
	"ParallelReductionFactorInPlane": 2,
	"ParallelAcquisitionTechnique": "SENSE",
	"WaterFatShift": 12.895,
	"EffectiveEchoSpacing": 0.000305993,
	"TotalReadoutTime": 0.0290693,
	"AcquisitionDuration": 6.91124,
	"PixelBandwidth": 2153.55,
	"PhaseEncodingDirection": "j",
	"ImageOrientationPatientDICOM": [
		0.997264,
		0.00681301,
		-0.0736125,
		-0.00383652,
		0.999172,
		0.0405006	],
	"InPlanePhaseEncodingDirectionDICOM": "COL",
	"ConversionSoftware": "dcm2niix",
	"ConversionSoftwareVersion": "v1.0.20230411",
	"AcquisitionDate":"'03-17-2022'"
}
