{
  "bids_meta": {
    "AcquisitionDate": "'11-08-2021'",
    "AcquisitionDuration": 233.427,
    "AcquisitionMatrixPE": 256,
    "AcquisitionNumber": 2,
    "AcquisitionTime": "17:04:6.130000",
    "BodyPartExamined": "BRAIN",
    "CoilString": "MULTI COIL",
    "ConversionSoftware": "dcm2niix",
    "ConversionSoftwareVersion": "v1.0.20230411",
    "DeviceSerialNumber": "45051",
    "EchoTime": 0.004605,
    "EchoTrainLength": 128,
    "EstimatedEffectiveEchoSpacing": 1.79305e-05,
    "EstimatedTotalReadoutTime": 0.00457228,
    "FlipAngle": 8,
    "FrequencyEncodingSteps": 256,
    "ImageOrientationPatientDICOM": [
      0.999893,
      -0.00598199,
      -0.0133256,
      0.00520672,
      0.998334,
      -0.0574729
    ],
    "ImageType": [
      "ORIGINAL",
      "PRIMARY",
      "T1",
      "NONE"
    ],
    "ImagingFrequency": 127.750608,
    "InPlanePhaseEncodingDirectionDICOM": "ROW",
    "InstitutionAddress": "1161 21ST AVE. SOUTH",
    "InstitutionName": "VANDERBILT INSTITUTE OF IMAGING",
    "InstitutionalDepartmentName": "MRI DEPT.",
    "MRAcquisitionType": "3D",
    "MTState": true,
    "MagneticFieldStrength": 3,
    "Manufacturer": "Philips",
    "ManufacturersModelName": "Ingenia Elition X",
    "Modality": "MR",
    "ParallelAcquisitionTechnique": "SENSE",
    "ParallelReductionFactorInPlane": 2,
    "PatientPosition": "HFS",
    "PercentPhaseFOV": 100,
    "PercentSampling": 100,
    "PhaseEncodingAxis": "i",
    "PhaseEncodingSteps": 256,
    "PhaseEncodingStepsOutOfPlane": 150,
    "PhilipsRescaleIntercept": 0,
    "PhilipsRescaleSlope": 3.07155,
    "PhilipsScaleSlope": 0.00680658,
    "PixelBandwidth": 217.014,
    "ProtocolName": "WIP AnatBrain_T1W3D",
    "PulseSequenceName": "T1TFE",
    "ReconMatrixPE": 256,
    "RepetitionTime": 0.0089316,
    "ScanOptions": "SP",
    "ScanningSequence": "GR",
    "SequenceVariant": "MP",
    "SeriesDescription": "AnatBrain_T1W3D",
    "SeriesNumber": 201,
    "SliceThickness": 1,
    "SoftwareVersions": "5.6.1\\5.6.1.0",
    "SpacingBetweenSlices": 1,
    "SpoilingState": true,
    "SpoilingType": "COMBINED",
    "StationName": "PHILIPS-JJJ61LI",
    "UsePhilipsFloatNotDisplayScaling": 1,
    "WaterFatShift": 2.00149,
    "acq_id": "D1S0201",
    "dataset": "<unset>",
    "modality": "T1w",
    "session_id": "1",
    "subject_id": "1076"
  },
  "cjv": 0.2908934598472832,
  "cnr": 4.393019602578492,
  "efc": 0.7320767884567525,
  "fber": 13453.7705078125,
  "fwhm_avg": 4.693886666666667,
  "fwhm_x": 4.77401,
  "fwhm_y": 4.89667,
  "fwhm_z": 4.41098,
  "icvs_csf": 0.21425800772348338,
  "icvs_gm": 0.42515887756761306,
  "icvs_wm": 0.3605831147089036,
  "inu_med": 1.9792866706848145,
  "inu_range": 0.7642608880996704,
  "provenance": {
    "md5sum": "9127a0f8bfc23df162541b454ec801ac",
    "settings": {
      "testing": false
    },
    "software": "mriqc",
    "version": "0.15.2",
    "warnings": {
      "large_rot_frame": true,
      "small_air_mask": false
    },
    "webapi_port": null,
    "webapi_url": "https://mriqc.nimh.nih.gov/api/v1"
  },
  "qi_1": 0.0,
  "qi_2": 0.0001532955391839693,
  "rpve_csf": 19.442488518915024,
  "rpve_gm": 10.36320762839554,
  "rpve_wm": 14.77692203858713,
  "size_x": 256,
  "size_y": 256,
  "size_z": 150,
  "snr_csf": 3.5738700115438777,
  "snr_gm": 10.942215457635472,
  "snr_total": 12.061375553365664,
  "snr_wm": 21.668041190917645,
  "snrd_csf": 57.860487694223835,
  "snrd_gm": 108.61042727542191,
  "snrd_total": 110.03346004708301,
  "snrd_wm": 163.6294651716033,
  "spacing_x": 1.0,
  "spacing_y": 1.0,
  "spacing_z": 1.0,
  "summary_bg_k": 6.06565600802338,
  "summary_bg_mad": 4.0037648336820135,
  "summary_bg_mean": 6.521390438079834,
  "summary_bg_median": 2.700498342514038,
  "summary_bg_n": 427061.0,
  "summary_bg_p05": 0.0,
  "summary_bg_p95": 20.991497039794922,
  "summary_bg_stdv": 6.99216365814209,
  "summary_csf_k": 2.455310965757789,
  "summary_csf_mad": 91.45739091805788,
  "summary_csf_mean": 358.9677429199219,
  "summary_csf_median": 353.6054382324219,
  "summary_csf_n": 23338.0,
  "summary_csf_p05": 208.992635345459,
  "summary_csf_p95": 520.3583831787105,
  "summary_csf_stdv": 98.93976593017578,
  "summary_gm_k": 0.3610341941383113,
  "summary_gm_mad": 58.620701780131654,
  "summary_gm_mean": 667.210205078125,
  "summary_gm_median": 663.755859375,
  "summary_gm_n": 38659.0,
  "summary_gm_p05": 574.0991943359376,
  "summary_gm_p95": 771.7841430664063,
  "summary_gm_stdv": 60.6593132019043,
  "summary_wm_k": 1.6752717119787404,
  "summary_wm_mad": 39.18941884652906,
  "summary_wm_mean": 998.8824462890625,
  "summary_wm_median": 999.9962158203125,
  "summary_wm_n": 219483.0,
  "summary_wm_p05": 921.1279296875,
  "summary_wm_p95": 1070.9516479492186,
  "summary_wm_stdv": 46.150638580322266,
  "tpm_overlap_csf": 0.14689424633979797,
  "tpm_overlap_gm": 0.4578462243080139,
  "tpm_overlap_wm": 0.4917299747467041,
  "wm2max": 0.5961987386769939
}