{
  "bids_meta": {
    "AcquisitionDate": "'08-25-2024'",
    "AcquisitionDuration": 233.228,
    "AcquisitionMatrixPE": 256,
    "AcquisitionNumber": 2,
    "AcquisitionTime": "09:43:24.200000",
    "BodyPartExamined": "BRAIN",
    "CoilString": "MULTI COIL",
    "ConversionSoftware": "dcm2niix",
    "ConversionSoftwareVersion": "v1.0.20230411",
    "DeviceSerialNumber": "45051",
    "EchoTime": 0.004605,
    "EchoTrainLength": 128,
    "EstimatedEffectiveEchoSpacing": 1.79305e-05,
    "EstimatedTotalReadoutTime": 0.00457228,
    "FlipAngle": 8,
    "FrequencyEncodingSteps": 256,
    "ImageOrientationPatientDICOM": [
      0.999308,
      -0.0272813,
      0.0252987,
      0.0263979,
      0.999052,
      0.0346174
    ],
    "ImageType": [
      "ORIGINAL",
      "PRIMARY",
      "T1",
      "NONE"
    ],
    "ImagingFrequency": 127.750184,
    "InPlanePhaseEncodingDirectionDICOM": "ROW",
    "InstitutionAddress": "1161 21ST AVE. SOUTH",
    "InstitutionName": "VANDERBILT INSTITUTE OF IMAGING",
    "InstitutionalDepartmentName": "MRI DEPT.",
    "MRAcquisitionType": "3D",
    "MTState": true,
    "MagneticFieldStrength": 3,
    "Manufacturer": "Philips",
    "ManufacturersModelName": "MR 7700",
    "Modality": "MR",
    "ParallelAcquisitionTechnique": "SENSE",
    "ParallelReductionFactorInPlane": 2,
    "PatientPosition": "HFS",
    "PercentPhaseFOV": 100,
    "PercentSampling": 100,
    "PhaseEncodingAxis": "i",
    "PhaseEncodingSteps": 256,
    "PhaseEncodingStepsOutOfPlane": 150,
    "PhilipsRescaleIntercept": 0,
    "PhilipsRescaleSlope": 2.55556,
    "PhilipsScaleSlope": 0.00641119,
    "PixelBandwidth": 217.014,
    "ProtocolName": "WIP AnatBrain_T1W3D",
    "PulseSequenceName": "T1TFE",
    "ReconMatrixPE": 256,
    "RepetitionTime": 0.0089246,
    "ScanOptions": "SP",
    "ScanningSequence": "GR",
    "SequenceVariant": "MP",
    "SeriesDescription": "AnatBrain_T1W3D",
    "SeriesNumber": 201,
    "SliceThickness": 1,
    "SoftwareVersions": "5.9.0\\5.9.0.0",
    "SpacingBetweenSlices": 1,
    "SpoilingState": true,
    "SpoilingType": "COMBINED",
    "StationName": "PHILIPS-JJJ61LI",
    "UsePhilipsFloatNotDisplayScaling": 1,
    "WaterFatShift": 2.00149,
    "acq_id": "D1S0201",
    "dataset": "<unset>",
    "modality": "T1w",
    "session_id": "1",
    "subject_id": "1268"
  },
  "cjv": 0.2797776352883736,
  "cnr": 4.6783115366695585,
  "efc": 0.6487544129185391,
  "fber": 80382.53125,
  "fwhm_avg": 5.068936666666667,
  "fwhm_x": 5.04043,
  "fwhm_y": 5.27469,
  "fwhm_z": 4.89169,
  "icvs_csf": 0.20605570695167516,
  "icvs_gm": 0.4128504489251707,
  "icvs_wm": 0.3810938441231541,
  "inu_med": 2.160856008529663,
  "inu_range": 0.837171196937561,
  "provenance": {
    "md5sum": "44188771d8bc2d44515d18378efdf7e0",
    "settings": {
      "testing": false
    },
    "software": "mriqc",
    "version": "0.15.2",
    "warnings": {
      "large_rot_frame": true,
      "small_air_mask": false
    },
    "webapi_port": null,
    "webapi_url": "https://mriqc.nimh.nih.gov/api/v1"
  },
  "qi_1": 0.013087221396553108,
  "qi_2": 9.783056663683472e-05,
  "rpve_csf": 20.798288346470837,
  "rpve_gm": 10.943027450410257,
  "rpve_wm": 14.307657273153337,
  "size_x": 256,
  "size_y": 256,
  "size_z": 150,
  "snr_csf": 3.5600208578719266,
  "snr_gm": 13.173404581241224,
  "snr_total": 12.397233680037829,
  "snr_wm": 20.458275601000334,
  "snrd_csf": 70.26911504012094,
  "snrd_gm": 136.6603552072537,
  "snrd_total": 137.0526700272704,
  "snrd_wm": 204.2285398344366,
  "spacing_x": 1.0,
  "spacing_y": 1.0,
  "spacing_z": 1.0,
  "summary_bg_k": 26.2083996602699,
  "summary_bg_mad": 3.2078585007466835,
  "summary_bg_mean": 4.109269142150879,
  "summary_bg_median": 2.163667678833008,
  "summary_bg_n": 490314.0,
  "summary_bg_p05": 0.0,
  "summary_bg_p95": 15.826837253570556,
  "summary_bg_stdv": 5.640470504760742,
  "summary_csf_k": 4.634819571944779,
  "summary_csf_mad": 84.89246014729711,
  "summary_csf_mean": 353.3740234375,
  "summary_csf_median": 344.0709228515625,
  "summary_csf_n": 23009.0,
  "summary_csf_p05": 225.43288269042972,
  "summary_csf_p95": 515.9787841796874,
  "summary_csf_stdv": 96.64646911621094,
  "summary_gm_k": 0.42616222945524385,
  "summary_gm_mad": 49.34629373724596,
  "summary_gm_mean": 670.7903442382812,
  "summary_gm_median": 669.1539306640625,
  "summary_gm_n": 31070.0,
  "summary_gm_p05": 589.6830352783203,
  "summary_gm_p95": 754.7394805908203,
  "summary_gm_stdv": 50.795005798339844,
  "summary_wm_k": 0.960216507360053,
  "summary_wm_mad": 43.21698595720089,
  "summary_wm_mean": 997.5807495117188,
  "summary_wm_median": 999.9998168945312,
  "summary_wm_n": 230285.0,
  "summary_wm_p05": 909.8864990234375,
  "summary_wm_p95": 1072.9350830078124,
  "summary_wm_stdv": 48.879859924316406,
  "tpm_overlap_csf": 0.16021628677845,
  "tpm_overlap_gm": 0.45383480191230774,
  "tpm_overlap_wm": 0.4926913380622864,
  "wm2max": 0.5176063627873969
}