{
  "bids_meta": {
    "AcquisitionDate": "'11-12-2023'",
    "AcquisitionDuration": 236.053,
    "AcquisitionMatrixPE": 256,
    "AcquisitionNumber": 6,
    "AcquisitionTime": "13:28:33.760000",
    "BodyPartExamined": "BRAIN",
    "CoilString": "MULTI COIL",
    "ConversionSoftware": "dcm2niix",
    "ConversionSoftwareVersion": "v1.0.20230411",
    "DeviceSerialNumber": "45051",
    "EchoTime": 0.004605,
    "EchoTrainLength": 128,
    "EstimatedEffectiveEchoSpacing": 1.79305e-05,
    "EstimatedTotalReadoutTime": 0.00457228,
    "FlipAngle": 8,
    "FrequencyEncodingSteps": 256,
    "ImageOrientationPatientDICOM": [
      0.999349,
      0.0358392,
      0.0041925,
      -0.0338422,
      0.971236,
      -0.235702
    ],
    "ImageType": [
      "ORIGINAL",
      "PRIMARY",
      "T1",
      "NONE"
    ],
    "ImagingFrequency": 127.750336,
    "InPlanePhaseEncodingDirectionDICOM": "ROW",
    "InstitutionAddress": "1161 21ST AVE. SOUTH",
    "InstitutionName": "VANDERBILT INSTITUTE OF IMAGING",
    "InstitutionalDepartmentName": "MRI DEPT.",
    "MRAcquisitionType": "3D",
    "MTState": true,
    "MagneticFieldStrength": 3,
    "Manufacturer": "Philips",
    "ManufacturersModelName": "MR 7700",
    "Modality": "MR",
    "ParallelAcquisitionTechnique": "SENSE",
    "ParallelReductionFactorInPlane": 2,
    "PatientPosition": "HFS",
    "PercentPhaseFOV": 100,
    "PercentSampling": 100,
    "PhaseEncodingAxis": "i",
    "PhaseEncodingSteps": 256,
    "PhaseEncodingStepsOutOfPlane": 150,
    "PhilipsRescaleIntercept": 0,
    "PhilipsRescaleSlope": 3.16508,
    "PhilipsScaleSlope": 0.0069102,
    "PixelBandwidth": 217.014,
    "ProtocolName": "WIP AnatBrain_T1W3D",
    "PulseSequenceName": "T1TFE",
    "ReconMatrixPE": 256,
    "RepetitionTime": 0.0090327,
    "ScanOptions": "SP",
    "ScanningSequence": "GR",
    "SequenceVariant": "MP",
    "SeriesDescription": "AnatBrain_T1W3D",
    "SeriesNumber": 601,
    "SliceThickness": 1,
    "SoftwareVersions": "5.9.0\\5.9.0.0",
    "SpacingBetweenSlices": 1,
    "SpoilingState": true,
    "SpoilingType": "COMBINED",
    "StationName": "PHILIPS-JJJ61LI",
    "UsePhilipsFloatNotDisplayScaling": 1,
    "WaterFatShift": 2.00149,
    "acq_id": "D1S0601",
    "dataset": "<unset>",
    "modality": "T1w",
    "session_id": "1",
    "subject_id": "1210"
  },
  "cjv": 0.32376705909281694,
  "cnr": 3.8526848246075516,
  "efc": 0.6739485143613888,
  "fber": 54978.8828125,
  "fwhm_avg": 4.52301,
  "fwhm_x": 4.58149,
  "fwhm_y": 4.68923,
  "fwhm_z": 4.29831,
  "icvs_csf": 0.20767230963473846,
  "icvs_gm": 0.4250579315604062,
  "icvs_wm": 0.36726975880485535,
  "inu_med": 1.9816780090332031,
  "inu_range": 0.7901283740997314,
  "provenance": {
    "md5sum": "69d06c46df8c6c251c58e98057e297f6",
    "settings": {
      "testing": false
    },
    "software": "mriqc",
    "version": "0.15.2",
    "warnings": {
      "large_rot_frame": true,
      "small_air_mask": false
    },
    "webapi_port": null,
    "webapi_url": "https://mriqc.nimh.nih.gov/api/v1"
  },
  "qi_1": 0.0,
  "qi_2": 0.00012771754966340885,
  "rpve_csf": 21.687197327455756,
  "rpve_gm": 11.268493214650517,
  "rpve_wm": 15.69479334320479,
  "size_x": 256,
  "size_y": 256,
  "size_z": 150,
  "snr_csf": 3.486844312140575,
  "snr_gm": 10.987102984729917,
  "snr_total": 12.516811751044024,
  "snr_wm": 23.07648795626158,
  "snrd_csf": 60.56027978386033,
  "snrd_gm": 117.39573326234064,
  "snrd_total": 115.1181620096114,
  "snrd_wm": 167.39847298263322,
  "spacing_x": 1.0,
  "spacing_y": 1.0,
  "spacing_z": 1.0,
  "summary_bg_k": 8.738501692038495,
  "summary_bg_mad": 3.913606423478335,
  "summary_bg_mean": 6.859646797180176,
  "summary_bg_median": 2.6396875381469727,
  "summary_bg_n": 678160.0,
  "summary_bg_p05": 0.0,
  "summary_bg_p95": 21.90102796554564,
  "summary_bg_stdv": 7.700973033905029,
  "summary_csf_k": 0.5116990455062944,
  "summary_csf_mad": 115.70396388177147,
  "summary_csf_mean": 371.24908447265625,
  "summary_csf_median": 361.7706298828125,
  "summary_csf_n": 17131.0,
  "summary_csf_p05": 227.14273071289062,
  "summary_csf_p95": 541.440673828125,
  "summary_csf_stdv": 103.74999237060547,
  "summary_gm_k": 0.6901014474072187,
  "summary_gm_mad": 59.628634202667335,
  "summary_gm_mean": 706.0654296875,
  "summary_gm_median": 701.2901611328125,
  "summary_gm_n": 31820.0,
  "summary_gm_p05": 611.0154907226563,
  "summary_gm_p95": 819.477328491211,
  "summary_gm_stdv": 63.827484130859375,
  "summary_wm_k": 1.5834677113440616,
  "summary_wm_mad": 37.0814795533785,
  "summary_wm_mean": 998.5818481445312,
  "summary_wm_median": 999.992919921875,
  "summary_wm_n": 217648.0,
  "summary_wm_p05": 924.7601440429687,
  "summary_wm_p95": 1065.72607421875,
  "summary_wm_stdv": 43.333744049072266,
  "tpm_overlap_csf": 0.16038979589939117,
  "tpm_overlap_gm": 0.46425217390060425,
  "tpm_overlap_wm": 0.5054541826248169,
  "wm2max": 0.5981348828950407
}