{
  "bids_meta": {
    "AcquisitionDate": "'07-13-2022'",
    "AcquisitionDuration": 233.962,
    "AcquisitionMatrixPE": 256,
    "AcquisitionNumber": 2,
    "AcquisitionTime": "17:02:37.210000",
    "BodyPartExamined": "BRAIN",
    "CoilString": "MULTI COIL",
    "ConversionSoftware": "dcm2niix",
    "ConversionSoftwareVersion": "v1.0.20230411",
    "DeviceSerialNumber": "45051",
    "EchoTime": 0.004605,
    "EchoTrainLength": 128,
    "EstimatedEffectiveEchoSpacing": 1.79305e-05,
    "EstimatedTotalReadoutTime": 0.00457228,
    "FlipAngle": 8,
    "FrequencyEncodingSteps": 256,
    "ImageOrientationPatientDICOM": [
      0.999227,
      -0.0392892,
      0.00122513,
      0.039245,
      0.995365,
      -0.0877923
    ],
    "ImageType": [
      "ORIGINAL",
      "PRIMARY",
      "T1",
      "NONE"
    ],
    "ImagingFrequency": 127.7506,
    "InPlanePhaseEncodingDirectionDICOM": "ROW",
    "InstitutionAddress": "1161 21ST AVE. SOUTH",
    "InstitutionName": "VANDERBILT INSTITUTE OF IMAGING",
    "InstitutionalDepartmentName": "MRI DEPT.",
    "MRAcquisitionType": "3D",
    "MTState": true,
    "MagneticFieldStrength": 3,
    "Manufacturer": "Philips",
    "ManufacturersModelName": "Ingenia Elition X",
    "Modality": "MR",
    "ParallelAcquisitionTechnique": "SENSE",
    "ParallelReductionFactorInPlane": 2,
    "PatientPosition": "HFS",
    "PercentPhaseFOV": 100,
    "PercentSampling": 100,
    "PhaseEncodingAxis": "i",
    "PhaseEncodingSteps": 256,
    "PhaseEncodingStepsOutOfPlane": 150,
    "PhilipsRescaleIntercept": 0,
    "PhilipsRescaleSlope": 2.93187,
    "PhilipsScaleSlope": 0.00716124,
    "PixelBandwidth": 217.014,
    "ProtocolName": "WIP AnatBrain_T1W3D",
    "PulseSequenceName": "T1TFE",
    "ReconMatrixPE": 256,
    "RepetitionTime": 0.0089526,
    "ScanOptions": "SP",
    "ScanningSequence": "GR",
    "SequenceVariant": "MP",
    "SeriesDescription": "AnatBrain_T1W3D",
    "SeriesNumber": 201,
    "SliceThickness": 1,
    "SoftwareVersions": "5.7.1\\5.7.1.2",
    "SpacingBetweenSlices": 1,
    "SpoilingState": true,
    "SpoilingType": "COMBINED",
    "StationName": "PHILIPS-JJJ61LI",
    "UsePhilipsFloatNotDisplayScaling": 1,
    "WaterFatShift": 2.0015,
    "acq_id": "D1S0201",
    "dataset": "<unset>",
    "modality": "T1w",
    "session_id": "1",
    "subject_id": "1131"
  },
  "cjv": 0.31960219597795936,
  "cnr": 3.926537842769251,
  "efc": 0.6966278774754611,
  "fber": 51644.26953125,
  "fwhm_avg": 4.9722333333333335,
  "fwhm_x": 4.94194,
  "fwhm_y": 5.17976,
  "fwhm_z": 4.795,
  "icvs_csf": 0.21595566763943683,
  "icvs_gm": 0.4109706667878649,
  "icvs_wm": 0.3730736655726982,
  "inu_med": 1.9997713565826416,
  "inu_range": 0.8831276416778562,
  "provenance": {
    "md5sum": "870800355a9840fc68c6061d456264a7",
    "settings": {
      "testing": false
    },
    "software": "mriqc",
    "version": "0.15.2",
    "warnings": {
      "large_rot_frame": true,
      "small_air_mask": false
    },
    "webapi_port": null,
    "webapi_url": "https://mriqc.nimh.nih.gov/api/v1"
  },
  "qi_1": 0.010932459988877216,
  "qi_2": 4.168966220952758e-05,
  "rpve_csf": 16.15461192538308,
  "rpve_gm": 8.878049547749107,
  "rpve_wm": 11.905096802778873,
  "size_x": 256,
  "size_y": 256,
  "size_z": 150,
  "snr_csf": 3.420609218210695,
  "snr_gm": 10.405180060399816,
  "snr_total": 11.278594604014765,
  "snr_wm": 20.009994533433783,
  "snrd_csf": 62.273948299908284,
  "snrd_gm": 112.7534856893432,
  "snrd_total": 113.86945940383619,
  "snrd_wm": 166.58094422225713,
  "spacing_x": 1.0,
  "spacing_y": 1.0,
  "spacing_z": 1.0,
  "summary_bg_k": 13.291389615817035,
  "summary_bg_mad": 3.9328362610366123,
  "summary_bg_mean": 5.184723377227783,
  "summary_bg_median": 2.6526577472686768,
  "summary_bg_n": 510107.0,
  "summary_bg_p05": 0.0,
  "summary_bg_p95": 19.104427909851065,
  "summary_bg_stdv": 6.579672813415527,
  "summary_csf_k": 3.472962208873489,
  "summary_csf_mad": 115.85594327788843,
  "summary_csf_mean": 380.1119689941406,
  "summary_csf_median": 373.83551025390625,
  "summary_csf_n": 29492.0,
  "summary_csf_p05": 221.99158630371096,
  "summary_csf_p95": 564.5078796386719,
  "summary_csf_stdv": 109.28730773925781,
  "summary_gm_k": 1.1737384521769636,
  "summary_gm_mad": 58.11929193560409,
  "summary_gm_mean": 682.22705078125,
  "summary_gm_median": 676.8682250976562,
  "summary_gm_n": 35389.0,
  "summary_gm_p05": 585.8664428710938,
  "summary_gm_p95": 797.4943359375,
  "summary_gm_stdv": 65.05016326904297,
  "summary_wm_k": 1.2139225727390235,
  "summary_wm_mad": 45.15394277404125,
  "summary_wm_mean": 997.9911499023438,
  "summary_wm_median": 999.998779296875,
  "summary_wm_n": 294236.0,
  "summary_wm_p05": 912.4402313232422,
  "summary_wm_p95": 1075.2964782714844,
  "summary_wm_stdv": 49.97488021850586,
  "tpm_overlap_csf": 0.1539391130208969,
  "tpm_overlap_gm": 0.44704583287239075,
  "tpm_overlap_wm": 0.49325865507125854,
  "wm2max": 0.5520297651332883
}