{
  "bids_meta": {
    "AcquisitionDate": "'12-19-2022'",
    "AcquisitionDuration": 234.999,
    "AcquisitionMatrixPE": 256,
    "AcquisitionNumber": 2,
    "AcquisitionTime": "15:55:16.080000",
    "BodyPartExamined": "BRAIN",
    "CoilString": "MULTI COIL",
    "ConversionSoftware": "dcm2niix",
    "ConversionSoftwareVersion": "v1.0.20230411",
    "DeviceSerialNumber": "45051",
    "EchoTime": 0.004605,
    "EchoTrainLength": 128,
    "EstimatedEffectiveEchoSpacing": 1.79305e-05,
    "EstimatedTotalReadoutTime": 0.00457228,
    "FlipAngle": 8,
    "FrequencyEncodingSteps": 256,
    "ImageOrientationPatientDICOM": [
      0.997148,
      0.0753306,
      -0.00466103,
      -0.0740468,
      0.988372,
      0.132809
    ],
    "ImageType": [
      "ORIGINAL",
      "PRIMARY",
      "T1",
      "NONE"
    ],
    "ImagingFrequency": 127.750408,
    "InPlanePhaseEncodingDirectionDICOM": "ROW",
    "InstitutionAddress": "1161 21ST AVE. SOUTH",
    "InstitutionName": "VANDERBILT INSTITUTE OF IMAGING",
    "InstitutionalDepartmentName": "MRI DEPT.",
    "MRAcquisitionType": "3D",
    "MTState": true,
    "MagneticFieldStrength": 3,
    "Manufacturer": "Philips",
    "ManufacturersModelName": "Ingenia Elition X",
    "Modality": "MR",
    "ParallelAcquisitionTechnique": "SENSE",
    "ParallelReductionFactorInPlane": 2,
    "PatientPosition": "HFS",
    "PercentPhaseFOV": 100,
    "PercentSampling": 100,
    "PhaseEncodingAxis": "i",
    "PhaseEncodingSteps": 256,
    "PhaseEncodingStepsOutOfPlane": 150,
    "PhilipsRescaleIntercept": 0,
    "PhilipsRescaleSlope": 3.0823,
    "PhilipsScaleSlope": 0.00643499,
    "PixelBandwidth": 217.014,
    "ProtocolName": "WIP AnatBrain_T1W3D",
    "PulseSequenceName": "T1TFE",
    "ReconMatrixPE": 256,
    "RepetitionTime": 0.0089923,
    "ScanOptions": "SP",
    "ScanningSequence": "GR",
    "SequenceVariant": "MP",
    "SeriesDescription": "AnatBrain_T1W3D",
    "SeriesNumber": 201,
    "SliceThickness": 1,
    "SoftwareVersions": "5.7.1\\5.7.1.2",
    "SpacingBetweenSlices": 1,
    "SpoilingState": true,
    "SpoilingType": "COMBINED",
    "StationName": "PHILIPS-JJJ61LI",
    "UsePhilipsFloatNotDisplayScaling": 1,
    "WaterFatShift": 2.00149,
    "acq_id": "D1S0201",
    "dataset": "<unset>",
    "modality": "T1w",
    "session_id": "1",
    "subject_id": "1117"
  },
  "cjv": 0.280259795882807,
  "cnr": 4.485894633814535,
  "efc": 0.6831771408319527,
  "fber": 70982.4921875,
  "fwhm_avg": 4.790516666666667,
  "fwhm_x": 4.76806,
  "fwhm_y": 4.96539,
  "fwhm_z": 4.6381,
  "icvs_csf": 0.19804421626037447,
  "icvs_gm": 0.43609244429284877,
  "icvs_wm": 0.3658633394467768,
  "inu_med": 1.8817471265792847,
  "inu_range": 0.8552667379379273,
  "provenance": {
    "md5sum": "c2944d0e651dbd5f869cf25678507011",
    "settings": {
      "testing": false
    },
    "software": "mriqc",
    "version": "0.15.2",
    "warnings": {
      "large_rot_frame": true,
      "small_air_mask": false
    },
    "webapi_port": null,
    "webapi_url": "https://mriqc.nimh.nih.gov/api/v1"
  },
  "qi_1": 0.0038464972431972765,
  "qi_2": 5.4431956850498155e-05,
  "rpve_csf": 18.41409118494917,
  "rpve_gm": 9.157958920592908,
  "rpve_wm": 12.82448727687049,
  "size_x": 256,
  "size_y": 256,
  "size_z": 150,
  "snr_csf": 2.7544350902993613,
  "snr_gm": 10.944563341971074,
  "snr_total": 11.406960919425655,
  "snr_wm": 20.521884326006532,
  "snrd_csf": 66.59449038062617,
  "snrd_gm": 128.52075280766567,
  "snrd_total": 130.57567489273393,
  "snrd_wm": 196.61178148991002,
  "spacing_x": 1.0,
  "spacing_y": 1.0,
  "spacing_z": 1.0,
  "summary_bg_k": 12.234034613537135,
  "summary_bg_mad": 3.332101741907472,
  "summary_bg_mean": 3.448443651199341,
  "summary_bg_median": 2.2474684715270996,
  "summary_bg_n": 424014.0,
  "summary_bg_p05": 0.0,
  "summary_bg_p95": 12.077708721160887,
  "summary_bg_stdv": 4.316017150878906,
  "summary_csf_k": 60.00479145329902,
  "summary_csf_mad": 75.02269012649987,
  "summary_csf_mean": 354.3985595703125,
  "summary_csf_median": 338.70751953125,
  "summary_csf_n": 22726.0,
  "summary_csf_p05": 218.62899017333984,
  "summary_csf_p95": 524.2568511962891,
  "summary_csf_stdv": 122.96534729003906,
  "summary_gm_k": 0.875644185438583,
  "summary_gm_mad": 55.86923674986545,
  "summary_gm_mean": 657.8281860351562,
  "summary_gm_median": 653.671875,
  "summary_gm_n": 42562.0,
  "summary_gm_p05": 567.7085662841797,
  "summary_gm_p95": 760.7233734130858,
  "summary_gm_stdv": 59.725013732910156,
  "summary_wm_k": 2.6188955606671325,
  "summary_wm_mad": 41.19008122744583,
  "summary_wm_mean": 997.0224609375,
  "summary_wm_median": 999.990966796875,
  "summary_wm_n": 242526.0,
  "summary_wm_p05": 908.9964141845703,
  "summary_wm_p95": 1069.7044677734375,
  "summary_wm_stdv": 48.727928161621094,
  "tpm_overlap_csf": 0.1467398703098297,
  "tpm_overlap_gm": 0.4485917389392853,
  "tpm_overlap_wm": 0.4779333472251892,
  "wm2max": 0.570250550517525
}