{
	"Modality": "MR",
	"MagneticFieldStrength": 3,
	"ImagingFrequency": 127.750608,
	"Manufacturer": "Philips",
	"ManufacturersModelName": "Ingenia Elition X",
	"InstitutionName": "VANDERBILT INSTITUTE OF IMAGING",
	"InstitutionalDepartmentName": "MRI DEPT.",
	"InstitutionAddress": "1161 21ST AVE. SOUTH",
	"DeviceSerialNumber": "45051",
	"StationName": "PHILIPS-JJJ61LI",
	"BodyPartExamined": "BRAIN",
	"PatientPosition": "HFS",
	"SoftwareVersions": "5.7.1\\5.7.1.2",
	"MRAcquisitionType": "2D",
	"SeriesDescription": "TOPUP_2.25mmiso_APA",
	"ProtocolName": "WIP TOPUP_2.25mmiso_APA",
	"ScanningSequence": "SE",
	"SequenceVariant": "SK",
	"ScanOptions": "FS",
	"PulseSequenceName": "SEEPI",
	"ImageType": ["ORIGINAL", "PRIMARY", "T2", "NONE"],
	"SeriesNumber": 701,
	"AcquisitionTime": "16:10:0.030000",
	"AcquisitionNumber": 7,
	"PhilipsRescaleSlope": 2.15092,
	"PhilipsRescaleIntercept": 0,
	"PhilipsScaleSlope": 0.0218429,
	"UsePhilipsFloatNotDisplayScaling": 1,
	"SliceThickness": 2.25,
	"SpacingBetweenSlices": 2.25,
	"EchoTime": 0.034537,
	"RepetitionTime": 1.7337,
	"MTState": false,
	"FlipAngle": 90,
	"CoilString": "MULTI COIL",
	"PercentPhaseFOV": 100,
	"PercentSampling": 100,
	"EchoTrainLength": 47,
	"PhaseEncodingSteps": 94,
	"FrequencyEncodingSteps": 96,
	"PhaseEncodingStepsOutOfPlane": 1,
	"AcquisitionMatrixPE": 94,
	"ReconMatrixPE": 96,
	"ParallelReductionFactorInPlane": 2,
	"ParallelAcquisitionTechnique": "SENSE",
	"WaterFatShift": 13.0132,
	"EffectiveEchoSpacing": 0.000308798,
	"TotalReadoutTime": 0.0293358,
	"AcquisitionDuration": 6.93481,
	"PixelBandwidth": 2153.55,
	"PhaseEncodingDirection": "j",
	"ImageOrientationPatientDICOM": [
		0.988763,
		0.139246,
		0.0543926,
		-0.137412,
		0.989855,
		-0.0361262	],
	"InPlanePhaseEncodingDirectionDICOM": "COL",
	"ConversionSoftware": "dcm2niix",
	"ConversionSoftwareVersion": "v1.0.20230411",
	"AcquisitionDate":"'07-05-2022'"
}
