{
  "Modality": "MR",
  "MagneticFieldStrength": 3,
  "ImagingFrequency": 127.750248,
  "Manufacturer": "Philips",
  "ManufacturersModelName": "MR 7700",
  "InstitutionName": "VANDERBILT INSTITUTE OF IMAGING",
  "InstitutionalDepartmentName": "MRI DEPT.",
  "InstitutionAddress": "1161 21ST AVE. SOUTH",
  "DeviceSerialNumber": "45051",
  "StationName": "PHILIPS-JJJ61LI",
  "BodyPartExamined": "BRAIN",
  "PatientPosition": "HFS",
  "SoftwareVersions": "5.9.0\\5.9.0.0",
  "MRAcquisitionType": "2D",
  "SeriesDescription": "TOPUP_2.25mmiso_APP",
  "ProtocolName": "WIP TOPUP_2.25mmiso_APP",
  "ScanningSequence": "SE",
  "SequenceVariant": "SK",
  "ScanOptions": "FS",
  "PulseSequenceName": "SEEPI",
  "ImageType": [
    "ORIGINAL",
    "PRIMARY",
    "T2",
    "NONE"
  ],
  "SeriesNumber": 701,
  "AcquisitionTime": "15:36:44.080000",
  "AcquisitionNumber": 7,
  "PhilipsRescaleSlope": 2.06007,
  "PhilipsRescaleIntercept": 0,
  "PhilipsScaleSlope": 0.0211811,
  "UsePhilipsFloatNotDisplayScaling": 1,
  "SliceThickness": 2.25,
  "SpacingBetweenSlices": 2.25,
  "EchoTime": 0.034229,
  "RepetitionTime": 1.71923,
  "MTState": false,
  "FlipAngle": 90,
  "CoilString": "MULTI COIL",
  "PercentPhaseFOV": 100,
  "PercentSampling": 100,
  "EchoTrainLength": 47,
  "PhaseEncodingSteps": 94,
  "FrequencyEncodingSteps": 96,
  "PhaseEncodingStepsOutOfPlane": 1,
  "AcquisitionMatrixPE": 94,
  "ReconMatrixPE": 96,
  "ParallelReductionFactorInPlane": 2,
  "ParallelAcquisitionTechnique": "SENSE",
  "WaterFatShift": 12.8488,
  "EffectiveEchoSpacing": 0.000304897,
  "TotalReadoutTime": 0.0289652,
  "AcquisitionDuration": 6.87693,
  "PixelBandwidth": 2150.31,
  "PhaseEncodingDirection": "j-",
  "ImageOrientationPatientDICOM": [
    0.998984,
    0.0405549,
    -0.0196482,
    -0.037863,
    0.991803,
    0.122039
  ],
  "InPlanePhaseEncodingDirectionDICOM": "COL",
  "ConversionSoftware": "dcm2niix",
  "ConversionSoftwareVersion": "v1.0.20230411",
  "AcquisitionDate": "'10-24-2024'"
}
