{
    "TaskName": "LocalEng",
	"Modality": "MR",
	"MagneticFieldStrength": 3,
	"ImagingFrequency": 127.750256,
	"Manufacturer": "Philips",
	"ManufacturersModelName": "MR 7700",
	"InstitutionName": "VANDERBILT INSTITUTE OF IMAGING",
	"InstitutionalDepartmentName": "MRI DEPT.",
	"InstitutionAddress": "1161 21ST AVE. SOUTH",
	"DeviceSerialNumber": "45051",
	"StationName": "PHILIPS-JJJ61LI",
	"BodyPartExamined": "BRAIN",
	"PatientPosition": "HFS",
	"SoftwareVersions": "5.9.0\\5.9.0.0",
	"MRAcquisitionType": "2D",
	"SeriesDescription": "EPI_task-LocalEng_run-1",
	"ProtocolName": "WIP EPI_task-LocalEng_run-1",
	"ScanningSequence": "GR",
	"SequenceVariant": "SK",
	"ScanOptions": "FS",
	"PulseSequenceName": "FEEPI",
	"ImageType": ["ORIGINAL", "PRIMARY", "T2", "NONE"],
	"SeriesNumber": 901,
	"AcquisitionTime": "18:00:4.210000",
	"AcquisitionNumber": 9,
	"PhilipsRescaleSlope": 0.787057,
	"PhilipsRescaleIntercept": 0,
	"PhilipsScaleSlope": 0.0504716,
	"UsePhilipsFloatNotDisplayScaling": 1,
	"SliceThickness": 2.25,
	"SpacingBetweenSlices": 2.25,
	"EchoTime": 0.03,
	"RepetitionTime": 2,
	"MTState": false,
	"FlipAngle": 72,
	"CoilString": "MULTI COIL",
	"PercentPhaseFOV": 100,
	"PercentSampling": 100,
	"EchoTrainLength": 47,
	"PhaseEncodingSteps": 94,
	"FrequencyEncodingSteps": 96,
	"PhaseEncodingStepsOutOfPlane": 1,
	"AcquisitionMatrixPE": 94,
	"ReconMatrixPE": 96,
	"ParallelReductionFactorInPlane": 2,
	"ParallelAcquisitionTechnique": "MBSENSE",
	"ParallelReductionFactorOutOfPlane": 2,
	"WaterFatShift": 13.1139,
	"EstimatedEffectiveEchoSpacing": 0.000311189,
	"EstimatedTotalReadoutTime": 0.029563,
	"PixelBandwidth": 2111.14,
	"PhaseEncodingAxis": "j",
	"ImageOrientationPatientDICOM": [
		0.997416,
		0.0687713,
		0.0207569,
		-0.0696376,
		0.996584,
		0.0443861	],
	"InPlanePhaseEncodingDirectionDICOM": "COL",
	"ConversionSoftware": "dcm2niix",
	"ConversionSoftwareVersion": "v1.0.20230411",
	"AcquisitionDate":"'06-12-2024'"
}
