{
  "bids_meta": {
    "AcquisitionDate": "'03-05-2023'",
    "AcquisitionDuration": 235.65,
    "AcquisitionMatrixPE": 256,
    "AcquisitionNumber": 2,
    "AcquisitionTime": "14:12:37.790000",
    "BodyPartExamined": "BRAIN",
    "CoilString": "MULTI COIL",
    "ConversionSoftware": "dcm2niix",
    "ConversionSoftwareVersion": "v1.0.20230411",
    "DeviceSerialNumber": "45051",
    "EchoTime": 0.004605,
    "EchoTrainLength": 128,
    "EstimatedEffectiveEchoSpacing": 1.79305e-05,
    "EstimatedTotalReadoutTime": 0.00457228,
    "FlipAngle": 8,
    "FrequencyEncodingSteps": 256,
    "ImageOrientationPatientDICOM": [
      0.996275,
      -0.085251,
      -0.012973,
      0.0819219,
      0.982672,
      -0.166267
    ],
    "ImageType": [
      "ORIGINAL",
      "PRIMARY",
      "T1",
      "NONE"
    ],
    "ImagingFrequency": 127.750552,
    "InPlanePhaseEncodingDirectionDICOM": "ROW",
    "InstitutionAddress": "1161 21ST AVE. SOUTH",
    "InstitutionName": "VANDERBILT INSTITUTE OF IMAGING",
    "InstitutionalDepartmentName": "MRI DEPT.",
    "MRAcquisitionType": "3D",
    "MTState": true,
    "MagneticFieldStrength": 3,
    "Manufacturer": "Philips",
    "ManufacturersModelName": "Ingenia Elition X",
    "Modality": "MR",
    "ParallelAcquisitionTechnique": "SENSE",
    "ParallelReductionFactorInPlane": 2,
    "PatientPosition": "HFS",
    "PercentPhaseFOV": 100,
    "PercentSampling": 100,
    "PhaseEncodingAxis": "i",
    "PhaseEncodingSteps": 256,
    "PhaseEncodingStepsOutOfPlane": 150,
    "PhilipsRescaleIntercept": 0,
    "PhilipsRescaleSlope": 3.67888,
    "PhilipsScaleSlope": 0.00708907,
    "PixelBandwidth": 217.014,
    "ProtocolName": "WIP AnatBrain_T1W3D",
    "PulseSequenceName": "T1TFE",
    "ReconMatrixPE": 256,
    "RepetitionTime": 0.0090178,
    "ScanOptions": "SP",
    "ScanningSequence": "GR",
    "SequenceVariant": "MP",
    "SeriesDescription": "AnatBrain_T1W3D",
    "SeriesNumber": 201,
    "SliceThickness": 1,
    "SoftwareVersions": "5.7.1\\5.7.1.2",
    "SpacingBetweenSlices": 1,
    "SpoilingState": true,
    "SpoilingType": "COMBINED",
    "StationName": "PHILIPS-JJJ61LI",
    "UsePhilipsFloatNotDisplayScaling": 1,
    "WaterFatShift": 2.00149,
    "acq_id": "D1S0201",
    "dataset": "<unset>",
    "modality": "T1w",
    "session_id": "1",
    "subject_id": "1191"
  },
  "cjv": 0.31220820941024774,
  "cnr": 4.100798927914643,
  "efc": 0.7094052865030316,
  "fber": 38719.5,
  "fwhm_avg": 4.476743333333334,
  "fwhm_x": 4.40939,
  "fwhm_y": 4.64625,
  "fwhm_z": 4.37459,
  "icvs_csf": 0.2056219025241009,
  "icvs_gm": 0.4437405685028252,
  "icvs_wm": 0.35063752897307393,
  "inu_med": 2.1706972122192383,
  "inu_range": 0.9765038132667538,
  "provenance": {
    "md5sum": "7a5c3b4f209805a754496e5ce9dbe810",
    "settings": {
      "testing": false
    },
    "software": "mriqc",
    "version": "0.15.2",
    "warnings": {
      "large_rot_frame": true,
      "small_air_mask": false
    },
    "webapi_port": null,
    "webapi_url": "https://mriqc.nimh.nih.gov/api/v1"
  },
  "qi_1": 0.011542978750944625,
  "qi_2": 0.0001610166538459303,
  "rpve_csf": 21.07007330232719,
  "rpve_gm": 10.516306956005794,
  "rpve_wm": 14.960534829215815,
  "size_x": 256,
  "size_y": 256,
  "size_z": 150,
  "snr_csf": 3.4747935345355794,
  "snr_gm": 11.39732398951119,
  "snr_total": 10.699892657691366,
  "snr_wm": 17.227560449027333,
  "snrd_csf": 48.312891826338976,
  "snrd_gm": 97.24308530015703,
  "snrd_total": 97.44956778395813,
  "snrd_wm": 146.79272622537837,
  "spacing_x": 1.0,
  "spacing_y": 1.0,
  "spacing_z": 1.0,
  "summary_bg_k": 13.615993297589867,
  "summary_bg_mad": 4.46300381747269,
  "summary_bg_mean": 4.507542133331299,
  "summary_bg_median": 3.0102503299713135,
  "summary_bg_n": 322315.0,
  "summary_bg_p05": 0.0,
  "summary_bg_p95": 15.455036926269528,
  "summary_bg_stdv": 5.270857810974121,
  "summary_csf_k": 18.86251437668534,
  "summary_csf_mad": 83.81136586601743,
  "summary_csf_mean": 338.6880187988281,
  "summary_csf_median": 329.1232604980469,
  "summary_csf_n": 23385.0,
  "summary_csf_p05": 206.42493896484376,
  "summary_csf_p95": 501.23146362304686,
  "summary_csf_stdv": 94.71533203125,
  "summary_gm_k": 0.2469881144050321,
  "summary_gm_mad": 56.95802275408051,
  "summary_gm_mean": 665.432373046875,
  "summary_gm_median": 662.4517822265625,
  "summary_gm_n": 34871.0,
  "summary_gm_p05": 574.285888671875,
  "summary_gm_p95": 763.3984680175781,
  "summary_gm_stdv": 58.122615814208984,
  "summary_wm_k": 4.134606132933568,
  "summary_wm_mad": 48.42735907361532,
  "summary_wm_mean": 999.2197875976562,
  "summary_wm_median": 1000.0001831054688,
  "summary_wm_n": 196305.0,
  "summary_wm_p05": 901.3295043945312,
  "summary_wm_p95": 1089.3656982421876,
  "summary_wm_stdv": 58.04638671875,
  "tpm_overlap_csf": 0.1614971160888672,
  "tpm_overlap_gm": 0.463565856218338,
  "tpm_overlap_wm": 0.4886493980884552,
  "wm2max": 0.5266645809700895
}