{
	"Modality": "MR",
	"MagneticFieldStrength": 3,
	"ImagingFrequency": 127.75072,
	"Manufacturer": "Philips",
	"ManufacturersModelName": "Ingenia Elition X",
	"InstitutionName": "VANDERBILT INSTITUTE OF IMAGING",
	"InstitutionalDepartmentName": "MRI DEPT.",
	"InstitutionAddress": "1161 21ST AVE. SOUTH",
	"DeviceSerialNumber": "45051",
	"StationName": "PHILIPS-JJJ61LI",
	"BodyPartExamined": "BRAIN",
	"PatientPosition": "HFS",
	"SoftwareVersions": "5.7.1\\5.7.1.2",
	"MRAcquisitionType": "2D",
	"SeriesDescription": "DTI_6dir_MB2_APA",
	"ProtocolName": "WIP DTI_6dir_MB2_APA",
	"ScanningSequence": "SE",
	"SequenceVariant": "SK",
	"ScanOptions": "FS",
	"PulseSequenceName": "DwiSE",
	"ImageType": ["ORIGINAL", "PRIMARY", "DIFFUSION", "NONE"],
	"SeriesNumber": 1101,
	"AcquisitionTime": "19:46:41.850000",
	"AcquisitionNumber": 11,
	"PhilipsRescaleSlope": 1.38095,
	"PhilipsRescaleIntercept": 0,
	"PhilipsScaleSlope": 0.0391172,
	"UsePhilipsFloatNotDisplayScaling": 1,
	"SliceThickness": 2,
	"SpacingBetweenSlices": 2.2,
	"EchoTime": 0.065349,
	"RepetitionTime": 3.63724,
	"MTState": false,
	"FlipAngle": 78,
	"CoilString": "MULTI COIL",
	"PercentPhaseFOV": 100,
	"PercentSampling": 98.2143,
	"EchoTrainLength": 55,
	"PartialFourierDirection": "PHASE",
	"PartialFourierEnabled": "YES",
	"PhaseEncodingStepsNoPartialFourier": 110,
	"FrequencyEncodingSteps": 112,
	"PhaseEncodingStepsOutOfPlane": 1,
	"AcquisitionMatrixPE": 110,
	"ReconMatrixPE": 112,
	"ParallelReductionFactorInPlane": 2,
	"ParallelAcquisitionTechnique": "MBSENSE",
	"ParallelReductionFactorOutOfPlane": 2,
	"WaterFatShift": 17.9006,
	"EstimatedEffectiveEchoSpacing": 0.000364651,
	"EstimatedTotalReadoutTime": 0.0404762,
	"AcquisitionDuration": 32.841,
	"PixelBandwidth": 2332.46,
	"PhaseEncodingAxis": "j",
	"ImageOrientationPatientDICOM": [
		0.999619,
		0.00780696,
		-0.0264847,
		-0.0127801,
		0.981083,
		-0.193165	],
	"InPlanePhaseEncodingDirectionDICOM": "COL",
	"ConversionSoftware": "dcm2niix",
	"ConversionSoftwareVersion": "v1.0.20230411",
	"AcquisitionDate":"'09-16-2022'"
}
