{
  "bids_meta": {
    "AcquisitionDate": "'01-21-2025'",
    "AcquisitionDuration": 232.849,
    "AcquisitionMatrixPE": 256,
    "AcquisitionNumber": 2,
    "AcquisitionTime": "18:24:15.450000",
    "BodyPartExamined": "BRAIN",
    "CoilString": "MULTI COIL",
    "ConversionSoftware": "dcm2niix",
    "ConversionSoftwareVersion": "v1.0.20230411",
    "DeviceSerialNumber": "45051",
    "EchoTime": 0.004605,
    "EchoTrainLength": 128,
    "EstimatedEffectiveEchoSpacing": 1.79305e-05,
    "EstimatedTotalReadoutTime": 0.00457228,
    "FlipAngle": 8,
    "FrequencyEncodingSteps": 256,
    "ImageOrientationPatientDICOM": [
      0.997459,
      -0.0700075,
      0.0132034,
      0.070075,
      0.997531,
      -0.0047182
    ],
    "ImageType": [
      "ORIGINAL",
      "PRIMARY",
      "T1",
      "NONE"
    ],
    "ImagingFrequency": 127.750288,
    "InPlanePhaseEncodingDirectionDICOM": "ROW",
    "InstitutionAddress": "1161 21ST AVE. SOUTH",
    "InstitutionName": "VANDERBILT INSTITUTE OF IMAGING",
    "InstitutionalDepartmentName": "MRI DEPT.",
    "MRAcquisitionType": "3D",
    "MTState": true,
    "MagneticFieldStrength": 3,
    "Manufacturer": "Philips",
    "ManufacturersModelName": "MR 7700",
    "Modality": "MR",
    "ParallelAcquisitionTechnique": "SENSE",
    "ParallelReductionFactorInPlane": 2,
    "PatientPosition": "HFS",
    "PercentPhaseFOV": 100,
    "PercentSampling": 100,
    "PhaseEncodingAxis": "i",
    "PhaseEncodingSteps": 256,
    "PhaseEncodingStepsOutOfPlane": 150,
    "PhilipsRescaleIntercept": 0,
    "PhilipsRescaleSlope": 3.37973,
    "PhilipsScaleSlope": 0.00654706,
    "PixelBandwidth": 217.014,
    "ProtocolName": "WIP AnatBrain_T1W3D",
    "PulseSequenceName": "T1TFE",
    "ReconMatrixPE": 256,
    "RepetitionTime": 0.0089097,
    "ScanOptions": "SP",
    "ScanningSequence": "GR",
    "SequenceVariant": "MP",
    "SeriesDescription": "AnatBrain_T1W3D",
    "SeriesNumber": 201,
    "SliceThickness": 1,
    "SoftwareVersions": "5.9.0\\5.9.0.0",
    "SpacingBetweenSlices": 1,
    "SpoilingState": true,
    "SpoilingType": "COMBINED",
    "StationName": "PHILIPS-JJJ61LI",
    "UsePhilipsFloatNotDisplayScaling": 1,
    "WaterFatShift": 2.00149,
    "acq_id": "D1S0201",
    "dataset": "<unset>",
    "modality": "T1w",
    "session_id": "1",
    "subject_id": "1283"
  },
  "cjv": 0.35063875876038003,
  "cnr": 3.570939569584795,
  "efc": 0.6866411094053154,
  "fber": 57099.29296875,
  "fwhm_avg": 4.492466666666666,
  "fwhm_x": 4.48517,
  "fwhm_y": 4.64312,
  "fwhm_z": 4.34911,
  "icvs_csf": 0.19356756980973833,
  "icvs_gm": 0.44309209639120395,
  "icvs_wm": 0.3633403337990577,
  "inu_med": 1.6486696004867554,
  "inu_range": 0.6926581263542171,
  "provenance": {
    "md5sum": "db2ac887eadd8df73f6f28abdf1e1833",
    "settings": {
      "testing": false
    },
    "software": "mriqc",
    "version": "0.15.2",
    "warnings": {
      "large_rot_frame": true,
      "small_air_mask": false
    },
    "webapi_port": null,
    "webapi_url": "https://mriqc.nimh.nih.gov/api/v1"
  },
  "qi_1": 0.0,
  "qi_2": 2.9045338373353277e-05,
  "rpve_csf": 25.68418889980535,
  "rpve_gm": 12.157405649285572,
  "rpve_wm": 16.909919772921278,
  "size_x": 256,
  "size_y": 256,
  "size_z": 150,
  "snr_csf": 2.449382766530213,
  "snr_gm": 10.260896562411734,
  "snr_total": 10.3808157968608,
  "snr_wm": 18.43216806164045,
  "snrd_csf": 59.90607336445623,
  "snrd_gm": 111.03756514680526,
  "snrd_total": 110.63757937762044,
  "snrd_wm": 160.9690996215998,
  "spacing_x": 1.0,
  "spacing_y": 1.0,
  "spacing_z": 1.0,
  "summary_bg_k": 12.01594861686339,
  "summary_bg_mad": 4.069988942147877,
  "summary_bg_mean": 7.486083030700684,
  "summary_bg_median": 2.7451658248901367,
  "summary_bg_n": 741867.0,
  "summary_bg_p05": 0.0,
  "summary_bg_p95": 25.507566833496092,
  "summary_bg_stdv": 9.115900039672852,
  "summary_csf_k": 37.76398151598519,
  "summary_csf_mad": 108.41497051021892,
  "summary_csf_mean": 388.4515380859375,
  "summary_csf_median": 372.16229248046875,
  "summary_csf_n": 16107.0,
  "summary_csf_p05": 215.2849380493164,
  "summary_csf_p95": 572.5582763671873,
  "summary_csf_stdv": 151.93653869628906,
  "summary_gm_k": 0.5399560611848719,
  "summary_gm_mad": 62.440728107835795,
  "summary_gm_mean": 697.2357788085938,
  "summary_gm_median": 689.8131103515625,
  "summary_gm_n": 22816.0,
  "summary_gm_p05": 600.4152679443359,
  "summary_gm_p95": 821.1913299560547,
  "summary_gm_stdv": 67.22589874267578,
  "summary_wm_k": 1.9347487554432217,
  "summary_wm_mad": 46.326070858532404,
  "summary_wm_mean": 999.2059326171875,
  "summary_wm_median": 1000.00927734375,
  "summary_wm_n": 175629.0,
  "summary_wm_p05": 906.6815551757812,
  "summary_wm_p95": 1084.6708251953125,
  "summary_wm_stdv": 54.253326416015625,
  "tpm_overlap_csf": 0.15140654146671295,
  "tpm_overlap_gm": 0.4565456211566925,
  "tpm_overlap_wm": 0.49070632457733154,
  "wm2max": 0.5975760392604308
}