{
  "bids_meta": {
    "AcquisitionDate": "'03-19-2023'",
    "AcquisitionDuration": 233.159,
    "AcquisitionMatrixPE": 256,
    "AcquisitionNumber": 2,
    "AcquisitionTime": "14:06:49.650000",
    "BodyPartExamined": "BRAIN",
    "CoilString": "MULTI COIL",
    "ConversionSoftware": "dcm2niix",
    "ConversionSoftwareVersion": "v1.0.20230411",
    "DeviceSerialNumber": "45051",
    "EchoTime": 0.004605,
    "EchoTrainLength": 128,
    "EstimatedEffectiveEchoSpacing": 1.79305e-05,
    "EstimatedTotalReadoutTime": 0.00457228,
    "FlipAngle": 8,
    "FrequencyEncodingSteps": 256,
    "ImageOrientationPatientDICOM": [
      0.999395,
      0.0277564,
      0.0209494,
      -0.0270408,
      0.999066,
      -0.0337018
    ],
    "ImageType": [
      "ORIGINAL",
      "PRIMARY",
      "T1",
      "NONE"
    ],
    "ImagingFrequency": 127.750376,
    "InPlanePhaseEncodingDirectionDICOM": "ROW",
    "InstitutionAddress": "1161 21ST AVE. SOUTH",
    "InstitutionName": "VANDERBILT INSTITUTE OF IMAGING",
    "InstitutionalDepartmentName": "MRI DEPT.",
    "MRAcquisitionType": "3D",
    "MTState": true,
    "MagneticFieldStrength": 3,
    "Manufacturer": "Philips",
    "ManufacturersModelName": "Ingenia Elition X",
    "Modality": "MR",
    "ParallelAcquisitionTechnique": "SENSE",
    "ParallelReductionFactorInPlane": 2,
    "PatientPosition": "HFS",
    "PercentPhaseFOV": 100,
    "PercentSampling": 100,
    "PhaseEncodingAxis": "i",
    "PhaseEncodingSteps": 256,
    "PhaseEncodingStepsOutOfPlane": 150,
    "PhilipsRescaleIntercept": 0,
    "PhilipsRescaleSlope": 3.38095,
    "PhilipsScaleSlope": 0.00595836,
    "PixelBandwidth": 217.014,
    "ProtocolName": "WIP AnatBrain_T1W3D",
    "PulseSequenceName": "T1TFE",
    "ReconMatrixPE": 256,
    "RepetitionTime": 0.0089219,
    "ScanOptions": "SP",
    "ScanningSequence": "GR",
    "SequenceVariant": "MP",
    "SeriesDescription": "AnatBrain_T1W3D",
    "SeriesNumber": 201,
    "SliceThickness": 1,
    "SoftwareVersions": "5.7.1\\5.7.1.2",
    "SpacingBetweenSlices": 1,
    "SpoilingState": true,
    "SpoilingType": "COMBINED",
    "StationName": "PHILIPS-JJJ61LI",
    "UsePhilipsFloatNotDisplayScaling": 1,
    "WaterFatShift": 2.00149,
    "acq_id": "D1S0201",
    "dataset": "<unset>",
    "modality": "T1w",
    "session_id": "1",
    "subject_id": "1190"
  },
  "cjv": 0.26184533967521906,
  "cnr": 4.809820386151326,
  "efc": 0.694551605281175,
  "fber": 55887.7421875,
  "fwhm_avg": 4.720820000000001,
  "fwhm_x": 4.74453,
  "fwhm_y": 4.78153,
  "fwhm_z": 4.6364,
  "icvs_csf": 0.2144959529002513,
  "icvs_gm": 0.4251917433506272,
  "icvs_wm": 0.3603123037491215,
  "inu_med": 2.03727650642395,
  "inu_range": 1.04607549905777,
  "provenance": {
    "md5sum": "b098adb502243cd4b26983efc4be974c",
    "settings": {
      "testing": false
    },
    "software": "mriqc",
    "version": "0.15.2",
    "warnings": {
      "large_rot_frame": true,
      "small_air_mask": false
    },
    "webapi_port": null,
    "webapi_url": "https://mriqc.nimh.nih.gov/api/v1"
  },
  "qi_1": 0.0,
  "qi_2": 0.0001116557546852558,
  "rpve_csf": 16.15093702262766,
  "rpve_gm": 8.643478777651815,
  "rpve_wm": 12.046926594876027,
  "size_x": 256,
  "size_y": 256,
  "size_z": 150,
  "snr_csf": 3.384882548367617,
  "snr_gm": 11.447832412239597,
  "snr_total": 11.97206008506292,
  "snr_wm": 21.083465294581544,
  "snrd_csf": 55.325387751522975,
  "snrd_gm": 114.87940706463537,
  "snrd_total": 116.15166004086073,
  "snrd_wm": 178.25018530642384,
  "spacing_x": 1.0,
  "spacing_y": 1.0,
  "spacing_z": 1.0,
  "summary_bg_k": 7.34286587240187,
  "summary_bg_mad": 3.675367500612531,
  "summary_bg_mean": 5.9985785484313965,
  "summary_bg_median": 2.4789977073669434,
  "summary_bg_n": 640483.0,
  "summary_bg_p05": 0.0,
  "summary_bg_p95": 19.608007431030273,
  "summary_bg_stdv": 6.66671895980835,
  "summary_csf_k": 33.075189828491084,
  "summary_csf_mad": 76.34921823756116,
  "summary_csf_mean": 322.03533935546875,
  "summary_csf_median": 310.3798522949219,
  "summary_csf_n": 29027.0,
  "summary_csf_p05": 199.1610336303711,
  "summary_csf_p95": 487.04091491699216,
  "summary_csf_stdv": 91.69432067871094,
  "summary_gm_k": 0.9349326258352524,
  "summary_gm_mad": 52.5911149256721,
  "summary_gm_mean": 644.2880249023438,
  "summary_gm_median": 644.482666015625,
  "summary_gm_n": 24163.0,
  "summary_gm_p05": 552.7953918457031,
  "summary_gm_p95": 734.2120300292969,
  "summary_gm_stdv": 56.29618835449219,
  "summary_wm_k": 1.5526783129573083,
  "summary_wm_mad": 40.49886680813094,
  "summary_wm_mean": 996.4340209960938,
  "summary_wm_median": 999.997802734375,
  "summary_wm_n": 266046.0,
  "summary_wm_p05": 910.3939971923828,
  "summary_wm_p95": 1066.4564819335938,
  "summary_wm_stdv": 47.43033981323242,
  "tpm_overlap_csf": 0.15643629431724548,
  "tpm_overlap_gm": 0.43390536308288574,
  "tpm_overlap_wm": 0.48064425587654114,
  "wm2max": 0.6543048515282339
}