{
  "bids_meta": {
    "AcquisitionDate": "'06-03-2023'",
    "AcquisitionDuration": 233.58,
    "AcquisitionMatrixPE": 256,
    "AcquisitionNumber": 2,
    "AcquisitionTime": "11:02:55.750000",
    "BodyPartExamined": "BRAIN",
    "CoilString": "MULTI COIL",
    "ConversionSoftware": "dcm2niix",
    "ConversionSoftwareVersion": "v1.0.20230411",
    "DeviceSerialNumber": "45051",
    "EchoTime": 0.004605,
    "EchoTrainLength": 128,
    "EstimatedEffectiveEchoSpacing": 1.79305e-05,
    "EstimatedTotalReadoutTime": 0.00457228,
    "FlipAngle": 8,
    "FrequencyEncodingSteps": 256,
    "ImageOrientationPatientDICOM": [
      0.99594,
      -0.0892483,
      -0.0117273,
      0.089644,
      0.995201,
      0.039237
    ],
    "ImageType": [
      "ORIGINAL",
      "PRIMARY",
      "T1",
      "NONE"
    ],
    "ImagingFrequency": 127.750384,
    "InPlanePhaseEncodingDirectionDICOM": "ROW",
    "InstitutionAddress": "1161 21ST AVE. SOUTH",
    "InstitutionName": "VANDERBILT INSTITUTE OF IMAGING",
    "InstitutionalDepartmentName": "MRI DEPT.",
    "MRAcquisitionType": "3D",
    "MTState": true,
    "MagneticFieldStrength": 3,
    "Manufacturer": "Philips",
    "ManufacturersModelName": "Ingenia Elition X",
    "Modality": "MR",
    "ParallelAcquisitionTechnique": "SENSE",
    "ParallelReductionFactorInPlane": 2,
    "PatientPosition": "HFS",
    "PercentPhaseFOV": 100,
    "PercentSampling": 100,
    "PhaseEncodingAxis": "i",
    "PhaseEncodingSteps": 256,
    "PhaseEncodingStepsOutOfPlane": 150,
    "PhilipsRescaleIntercept": 0,
    "PhilipsRescaleSlope": 2.63004,
    "PhilipsScaleSlope": 0.00642923,
    "PixelBandwidth": 217.014,
    "ProtocolName": "WIP AnatBrain_T1W3D",
    "PulseSequenceName": "T1TFE",
    "ReconMatrixPE": 256,
    "RepetitionTime": 0.0089384,
    "ScanOptions": "SP",
    "ScanningSequence": "GR",
    "SequenceVariant": "MP",
    "SeriesDescription": "AnatBrain_T1W3D",
    "SeriesNumber": 201,
    "SliceThickness": 1,
    "SoftwareVersions": "5.7.1\\5.7.1.2",
    "SpacingBetweenSlices": 1,
    "SpoilingState": true,
    "SpoilingType": "COMBINED",
    "StationName": "PHILIPS-JJJ61LI",
    "UsePhilipsFloatNotDisplayScaling": 1,
    "WaterFatShift": 2.00149,
    "acq_id": "D1S0201",
    "dataset": "<unset>",
    "modality": "T1w",
    "session_id": "1",
    "subject_id": "1169"
  },
  "cjv": 0.3813004606110299,
  "cnr": 3.3899657458947394,
  "efc": 0.673524975903259,
  "fber": 56853.3125,
  "fwhm_avg": 4.7206133333333336,
  "fwhm_x": 4.66313,
  "fwhm_y": 5.00033,
  "fwhm_z": 4.49838,
  "icvs_csf": 0.21198585721068966,
  "icvs_gm": 0.42820825564344417,
  "icvs_wm": 0.35980588714586614,
  "inu_med": 1.9596469402313232,
  "inu_range": 0.9163575291633603,
  "provenance": {
    "md5sum": "3845a359225166c411c741f7004ec6f9",
    "settings": {
      "testing": false
    },
    "software": "mriqc",
    "version": "0.15.2",
    "warnings": {
      "large_rot_frame": true,
      "small_air_mask": false
    },
    "webapi_port": null,
    "webapi_url": "https://mriqc.nimh.nih.gov/api/v1"
  },
  "qi_1": 0.03193703167586761,
  "qi_2": 2.782820278210236e-05,
  "rpve_csf": 21.509307318193663,
  "rpve_gm": 11.057763193950004,
  "rpve_wm": 15.064483532876219,
  "size_x": 256,
  "size_y": 256,
  "size_z": 150,
  "snr_csf": 3.4452932257464215,
  "snr_gm": 12.394563030958032,
  "snr_total": 10.280955627903543,
  "snr_wm": 15.003010627006175,
  "snrd_csf": 58.2818815712003,
  "snrd_gm": 112.18152330905838,
  "snrd_total": 110.37496470792713,
  "snrd_wm": 160.66148924352274,
  "spacing_x": 1.0,
  "spacing_y": 1.0,
  "spacing_z": 1.0,
  "summary_bg_k": 22.79143121430223,
  "summary_bg_mad": 4.077818875729735,
  "summary_bg_mean": 9.295490264892578,
  "summary_bg_median": 2.7504470348358154,
  "summary_bg_n": 742024.0,
  "summary_bg_p05": 0.0,
  "summary_bg_p95": 42.523125267028796,
  "summary_bg_stdv": 17.52859878540039,
  "summary_csf_k": 0.6473802098458634,
  "summary_csf_mad": 101.29419964380565,
  "summary_csf_mean": 362.43695068359375,
  "summary_csf_median": 362.7686767578125,
  "summary_csf_n": 19881.0,
  "summary_csf_p05": 187.65504455566406,
  "summary_csf_p95": 529.206298828125,
  "summary_csf_stdv": 105.29134368896484,
  "summary_gm_k": 0.3715529676718088,
  "summary_gm_mad": 54.48766757438729,
  "summary_gm_mean": 701.0656127929688,
  "summary_gm_median": 698.2606201171875,
  "summary_gm_n": 23872.0,
  "summary_gm_p05": 613.6634490966796,
  "summary_gm_p95": 797.211474609375,
  "summary_gm_stdv": 56.334861755371094,
  "summary_wm_k": 1.284569300731282,
  "summary_wm_mad": 60.57272532483951,
  "summary_wm_mean": 1001.8602905273438,
  "summary_wm_median": 1000.0184326171875,
  "summary_wm_n": 199444.0,
  "summary_wm_p05": 893.938198852539,
  "summary_wm_p95": 1114.2583251953124,
  "summary_wm_stdv": 66.65435028076172,
  "tpm_overlap_csf": 0.15048667788505554,
  "tpm_overlap_gm": 0.4532136917114258,
  "tpm_overlap_wm": 0.4868515431880951,
  "wm2max": 0.48719975609869215
}