{
    "TaskName": "LocalSR0",
	"Modality": "MR",
	"MagneticFieldStrength": 3,
	"ImagingFrequency": 127.75028,
	"Manufacturer": "Philips",
	"ManufacturersModelName": "MR 7700",
	"InstitutionName": "VANDERBILT INSTITUTE OF IMAGING",
	"InstitutionalDepartmentName": "MRI DEPT.",
	"InstitutionAddress": "1161 21ST AVE. SOUTH",
	"DeviceSerialNumber": "45051",
	"StationName": "PHILIPS-JJJ61LI",
	"BodyPartExamined": "BRAIN",
	"PatientPosition": "HFS",
	"SoftwareVersions": "5.9.0\\5.9.0.0",
	"MRAcquisitionType": "2D",
	"SeriesDescription": "EPI_task-LocalSR0_run-1",
	"ProtocolName": "WIP EPI_task-LocalSR0_run-1",
	"ScanningSequence": "GR",
	"SequenceVariant": "SK",
	"ScanOptions": "FS",
	"PulseSequenceName": "FEEPI",
	"ImageType": ["ORIGINAL", "PRIMARY", "T2", "NONE"],
	"SeriesNumber": 201,
	"AcquisitionTime": "10:05:11.970000",
	"AcquisitionNumber": 2,
	"PhilipsRescaleSlope": 0.80928,
	"PhilipsRescaleIntercept": 0,
	"PhilipsScaleSlope": 0.0447188,
	"UsePhilipsFloatNotDisplayScaling": 1,
	"SliceThickness": 2.25,
	"SpacingBetweenSlices": 2.25,
	"EchoTime": 0.030001,
	"RepetitionTime": 2,
	"MTState": false,
	"FlipAngle": 72,
	"CoilString": "MULTI COIL",
	"PercentPhaseFOV": 100,
	"PercentSampling": 100,
	"EchoTrainLength": 47,
	"PhaseEncodingSteps": 94,
	"FrequencyEncodingSteps": 96,
	"PhaseEncodingStepsOutOfPlane": 1,
	"AcquisitionMatrixPE": 94,
	"ReconMatrixPE": 96,
	"ParallelReductionFactorInPlane": 2,
	"ParallelAcquisitionTechnique": "MBSENSE",
	"ParallelReductionFactorOutOfPlane": 2,
	"WaterFatShift": 13.0764,
	"EstimatedEffectiveEchoSpacing": 0.000310299,
	"EstimatedTotalReadoutTime": 0.0294784,
	"PixelBandwidth": 2123.09,
	"PhaseEncodingAxis": "j",
	"ImageOrientationPatientDICOM": [
		0.999272,
		-0.0155974,
		0.0348192,
		0.0164106,
		0.999596,
		-0.0231929	],
	"InPlanePhaseEncodingDirectionDICOM": "COL",
	"ConversionSoftware": "dcm2niix",
	"ConversionSoftwareVersion": "v1.0.20230411",
	"AcquisitionDate":"'07-27-2024'"
}
