{
    "TaskName": "LocalEng",
	"Modality": "MR",
	"MagneticFieldStrength": 3,
	"ImagingFrequency": 127.750608,
	"Manufacturer": "Philips",
	"ManufacturersModelName": "MR 7700",
	"InstitutionName": "VANDERBILT INSTITUTE OF IMAGING",
	"InstitutionalDepartmentName": "MRI DEPT.",
	"InstitutionAddress": "1161 21ST AVE. SOUTH",
	"DeviceSerialNumber": "45051",
	"StationName": "PHILIPS-JJJ61LI",
	"BodyPartExamined": "BRAIN",
	"PatientPosition": "HFS",
	"SoftwareVersions": "5.9.0\\5.9.0.0",
	"MRAcquisitionType": "2D",
	"SeriesDescription": "EPI_task-LocalEng_run-2",
	"ProtocolName": "WIP EPI_task-LocalEng_run-2",
	"ScanningSequence": "GR",
	"SequenceVariant": "SK",
	"ScanOptions": "FS",
	"PulseSequenceName": "FEEPI",
	"ImageType": ["ORIGINAL", "PRIMARY", "T2", "NONE"],
	"SeriesNumber": 701,
	"AcquisitionTime": "11:30:4.300000",
	"AcquisitionNumber": 7,
	"PhilipsRescaleSlope": 0.888889,
	"PhilipsRescaleIntercept": 0,
	"PhilipsScaleSlope": 0.0400376,
	"UsePhilipsFloatNotDisplayScaling": 1,
	"SliceThickness": 2.25,
	"SpacingBetweenSlices": 2.25,
	"EchoTime": 0.030001,
	"RepetitionTime": 2,
	"MTState": false,
	"FlipAngle": 72,
	"CoilString": "MULTI COIL",
	"PercentPhaseFOV": 100,
	"PercentSampling": 100,
	"EchoTrainLength": 47,
	"PhaseEncodingSteps": 94,
	"FrequencyEncodingSteps": 96,
	"PhaseEncodingStepsOutOfPlane": 1,
	"AcquisitionMatrixPE": 94,
	"ReconMatrixPE": 96,
	"ParallelReductionFactorInPlane": 2,
	"ParallelAcquisitionTechnique": "MBSENSE",
	"ParallelReductionFactorOutOfPlane": 2,
	"WaterFatShift": 13.0389,
	"EstimatedEffectiveEchoSpacing": 0.000309408,
	"EstimatedTotalReadoutTime": 0.0293938,
	"PixelBandwidth": 2135.19,
	"PhaseEncodingAxis": "j",
	"ImageOrientationPatientDICOM": [
		0.999929,
		-0.00686567,
		0.00978835,
		0.00728687,
		0.99902,
		-0.0436645	],
	"InPlanePhaseEncodingDirectionDICOM": "COL",
	"ConversionSoftware": "dcm2niix",
	"ConversionSoftwareVersion": "v1.0.20230411",
	"AcquisitionDate":"'08-05-2023'"
}
