{
  "bids_meta": {
    "AcquisitionDate": "'08-05-2022'",
    "AcquisitionDuration": 234.953,
    "AcquisitionMatrixPE": 256,
    "AcquisitionNumber": 2,
    "AcquisitionTime": "14:35:59.380000",
    "BodyPartExamined": "BRAIN",
    "CoilString": "MULTI COIL",
    "ConversionSoftware": "dcm2niix",
    "ConversionSoftwareVersion": "v1.0.20230411",
    "DeviceSerialNumber": "45051",
    "EchoTime": 0.004605,
    "EchoTrainLength": 128,
    "EstimatedEffectiveEchoSpacing": 1.79305e-05,
    "EstimatedTotalReadoutTime": 0.00457228,
    "FlipAngle": 8,
    "FrequencyEncodingSteps": 256,
    "ImageOrientationPatientDICOM": [
      0.998514,
      0.0437993,
      -0.0324186,
      -0.0396346,
      0.992039,
      0.119528
    ],
    "ImageType": [
      "ORIGINAL",
      "PRIMARY",
      "T1",
      "NONE"
    ],
    "ImagingFrequency": 127.750568,
    "InPlanePhaseEncodingDirectionDICOM": "ROW",
    "InstitutionAddress": "1161 21ST AVE. SOUTH",
    "InstitutionName": "VANDERBILT INSTITUTE OF IMAGING",
    "InstitutionalDepartmentName": "MRI DEPT.",
    "MRAcquisitionType": "3D",
    "MTState": true,
    "MagneticFieldStrength": 3,
    "Manufacturer": "Philips",
    "ManufacturersModelName": "Ingenia Elition X",
    "Modality": "MR",
    "ParallelAcquisitionTechnique": "SENSE",
    "ParallelReductionFactorInPlane": 2,
    "PatientPosition": "HFS",
    "PercentPhaseFOV": 100,
    "PercentSampling": 100,
    "PhaseEncodingAxis": "i",
    "PhaseEncodingSteps": 256,
    "PhaseEncodingStepsOutOfPlane": 150,
    "PhilipsRescaleIntercept": 0,
    "PhilipsRescaleSlope": 2.76361,
    "PhilipsScaleSlope": 0.00674487,
    "PixelBandwidth": 217.014,
    "ProtocolName": "WIP AnatBrain_T1W3D",
    "PulseSequenceName": "T1TFE",
    "ReconMatrixPE": 256,
    "RepetitionTime": 0.0089906,
    "ScanOptions": "SP",
    "ScanningSequence": "GR",
    "SequenceVariant": "MP",
    "SeriesDescription": "AnatBrain_T1W3D",
    "SeriesNumber": 201,
    "SliceThickness": 1,
    "SoftwareVersions": "5.7.1\\5.7.1.2",
    "SpacingBetweenSlices": 1,
    "SpoilingState": true,
    "SpoilingType": "COMBINED",
    "StationName": "PHILIPS-JJJ61LI",
    "UsePhilipsFloatNotDisplayScaling": 1,
    "WaterFatShift": 2.00149,
    "acq_id": "D1S0201",
    "dataset": "<unset>",
    "modality": "T1w",
    "session_id": "1",
    "subject_id": "1148"
  },
  "cjv": 0.2738337838265833,
  "cnr": 4.605384757683505,
  "efc": 0.6978084616298347,
  "fber": 51529.21484375,
  "fwhm_avg": 4.787016666666667,
  "fwhm_x": 4.76653,
  "fwhm_y": 4.97352,
  "fwhm_z": 4.621,
  "icvs_csf": 0.1924483441008284,
  "icvs_gm": 0.4458108889966331,
  "icvs_wm": 0.3617407669025385,
  "inu_med": 2.087578773498535,
  "inu_range": 0.8914892196655273,
  "provenance": {
    "md5sum": "4289180efe810d8f7f36517f29ae9d1d",
    "settings": {
      "testing": false
    },
    "software": "mriqc",
    "version": "0.15.2",
    "warnings": {
      "large_rot_frame": true,
      "small_air_mask": false
    },
    "webapi_port": null,
    "webapi_url": "https://mriqc.nimh.nih.gov/api/v1"
  },
  "qi_1": 0.0,
  "qi_2": 0.00011057299051497481,
  "rpve_csf": 20.690626023835964,
  "rpve_gm": 9.913305878719243,
  "rpve_wm": 14.077060584585569,
  "size_x": 256,
  "size_y": 256,
  "size_z": 150,
  "snr_csf": 3.4382150108737637,
  "snr_gm": 12.20711807827477,
  "snr_total": 11.947109833396581,
  "snr_wm": 20.19599641104121,
  "snrd_csf": 59.60126471108905,
  "snrd_gm": 107.60440309660113,
  "snrd_total": 110.07570811776725,
  "snrd_wm": 163.02145654561156,
  "spacing_x": 1.0,
  "spacing_y": 1.0,
  "spacing_z": 1.0,
  "summary_bg_k": 8.829948523124253,
  "summary_bg_mad": 4.018712085338481,
  "summary_bg_mean": 7.320404052734375,
  "summary_bg_median": 2.7105801105499268,
  "summary_bg_n": 356811.0,
  "summary_bg_p05": 0.0,
  "summary_bg_p95": 24.625539779663086,
  "summary_bg_stdv": 8.541947364807129,
  "summary_csf_k": 2.7275821259717334,
  "summary_csf_mad": 99.76988113973296,
  "summary_csf_mean": 378.0679931640625,
  "summary_csf_median": 365.603759765625,
  "summary_csf_n": 14872.0,
  "summary_csf_p05": 228.47601623535155,
  "summary_csf_p95": 557.3763854980467,
  "summary_csf_stdv": 106.3317642211914,
  "summary_gm_k": 1.0797675820986097,
  "summary_gm_mad": 49.86548503538292,
  "summary_gm_mean": 661.2291870117188,
  "summary_gm_median": 660.062744140625,
  "summary_gm_n": 33802.0,
  "summary_gm_p05": 575.6662200927734,
  "summary_gm_p95": 750.6928955078125,
  "summary_gm_stdv": 54.0711555480957,
  "summary_wm_k": 1.1340658515285824,
  "summary_wm_mad": 43.22078657323954,
  "summary_wm_mean": 995.769287109375,
  "summary_wm_median": 999.9998779296875,
  "summary_wm_n": 218071.0,
  "summary_wm_p05": 904.0264282226562,
  "summary_wm_p95": 1069.3304443359375,
  "summary_wm_stdv": 49.514644622802734,
  "tpm_overlap_csf": 0.14500287175178528,
  "tpm_overlap_gm": 0.46176615357398987,
  "tpm_overlap_wm": 0.4852101802825928,
  "wm2max": 0.5214630896790058
}