{
  "bids_meta": {
    "AcquisitionDate": "'11-08-2021'",
    "AcquisitionDuration": 233.827,
    "AcquisitionMatrixPE": 256,
    "AcquisitionNumber": 2,
    "AcquisitionTime": "18:02:19.330000",
    "BodyPartExamined": "BRAIN",
    "CoilString": "MULTI COIL",
    "ConversionSoftware": "dcm2niix",
    "ConversionSoftwareVersion": "v1.0.20230411",
    "DeviceSerialNumber": "45051",
    "EchoTime": 0.004605,
    "EchoTrainLength": 128,
    "EstimatedEffectiveEchoSpacing": 1.79305e-05,
    "EstimatedTotalReadoutTime": 0.00457228,
    "FlipAngle": 8,
    "FrequencyEncodingSteps": 256,
    "ImageOrientationPatientDICOM": [
      0.999377,
      -0.0151265,
      0.0318832,
      0.0170049,
      0.998084,
      -0.0594931
    ],
    "ImageType": [
      "ORIGINAL",
      "PRIMARY",
      "T1",
      "NONE"
    ],
    "ImagingFrequency": 127.750768,
    "InPlanePhaseEncodingDirectionDICOM": "ROW",
    "InstitutionAddress": "1161 21ST AVE. SOUTH",
    "InstitutionName": "VANDERBILT INSTITUTE OF IMAGING",
    "InstitutionalDepartmentName": "MRI DEPT.",
    "MRAcquisitionType": "3D",
    "MTState": true,
    "MagneticFieldStrength": 3,
    "Manufacturer": "Philips",
    "ManufacturersModelName": "Ingenia Elition X",
    "Modality": "MR",
    "ParallelAcquisitionTechnique": "SENSE",
    "ParallelReductionFactorInPlane": 2,
    "PatientPosition": "HFS",
    "PercentPhaseFOV": 100,
    "PercentSampling": 100,
    "PhaseEncodingAxis": "i",
    "PhaseEncodingSteps": 256,
    "PhaseEncodingStepsOutOfPlane": 150,
    "PhilipsRescaleIntercept": 0,
    "PhilipsRescaleSlope": 2.89451,
    "PhilipsScaleSlope": 0.00672998,
    "PixelBandwidth": 217.014,
    "ProtocolName": "WIP AnatBrain_T1W3D",
    "PulseSequenceName": "T1TFE",
    "ReconMatrixPE": 256,
    "RepetitionTime": 0.0089473,
    "ScanOptions": "SP",
    "ScanningSequence": "GR",
    "SequenceVariant": "MP",
    "SeriesDescription": "AnatBrain_T1W3D",
    "SeriesNumber": 201,
    "SliceThickness": 1,
    "SoftwareVersions": "5.6.1\\5.6.1.0",
    "SpacingBetweenSlices": 1,
    "SpoilingState": true,
    "SpoilingType": "COMBINED",
    "StationName": "PHILIPS-JJJ61LI",
    "UsePhilipsFloatNotDisplayScaling": 1,
    "WaterFatShift": 2.0015,
    "acq_id": "D1S0201",
    "dataset": "<unset>",
    "modality": "T1w",
    "session_id": "1",
    "subject_id": "1082"
  },
  "cjv": 0.29187650096007345,
  "cnr": 4.292482004247648,
  "efc": 0.6563940902068656,
  "fber": 56314.55078125,
  "fwhm_avg": 4.588703333333334,
  "fwhm_x": 4.53339,
  "fwhm_y": 4.78182,
  "fwhm_z": 4.4509,
  "icvs_csf": 0.18260797829997413,
  "icvs_gm": 0.4560662101819353,
  "icvs_wm": 0.3613258115180905,
  "inu_med": 1.5551376342773438,
  "inu_range": 0.6491875410079953,
  "provenance": {
    "md5sum": "b612973b35b231299791cb442e4a3b27",
    "settings": {
      "testing": false
    },
    "software": "mriqc",
    "version": "0.15.2",
    "warnings": {
      "large_rot_frame": true,
      "small_air_mask": false
    },
    "webapi_port": null,
    "webapi_url": "https://mriqc.nimh.nih.gov/api/v1"
  },
  "qi_1": 0.01371570649563473,
  "qi_2": 5.712368838556336e-05,
  "rpve_csf": 22.105961437610247,
  "rpve_gm": 10.049863712520944,
  "rpve_wm": 14.29021682503577,
  "size_x": 256,
  "size_y": 256,
  "size_z": 150,
  "snr_csf": 3.2241460932645354,
  "snr_gm": 10.736943633027092,
  "snr_total": 10.56848428907716,
  "snr_wm": 17.74436314093985,
  "snrd_csf": 59.37073693913895,
  "snrd_gm": 113.14466609111655,
  "snrd_total": 115.92198721137324,
  "snrd_wm": 175.25055860386422,
  "spacing_x": 1.0,
  "spacing_y": 1.0,
  "spacing_z": 1.0,
  "summary_bg_k": 10.700980981260425,
  "summary_bg_mad": 3.738269958323634,
  "summary_bg_mean": 3.9097979068756104,
  "summary_bg_median": 2.5259652137756348,
  "summary_bg_n": 549744.0,
  "summary_bg_p05": 0.0,
  "summary_bg_p95": 15.285507202148436,
  "summary_bg_stdv": 4.9448323249816895,
  "summary_csf_k": 29.78304143367786,
  "summary_csf_mad": 85.54560053808194,
  "summary_csf_mean": 349.0904541015625,
  "summary_csf_median": 338.7750244140625,
  "summary_csf_n": 19184.0,
  "summary_csf_p05": 207.94470138549804,
  "summary_csf_p95": 512.5280944824218,
  "summary_csf_stdv": 105.07160186767578,
  "summary_gm_k": 0.5732371920741177,
  "summary_gm_mad": 56.325446410790505,
  "summary_gm_mean": 649.6187744140625,
  "summary_gm_median": 645.6141357421875,
  "summary_gm_n": 41570.0,
  "summary_gm_p05": 557.9848510742188,
  "summary_gm_p95": 755.0313873291016,
  "summary_gm_stdv": 60.12943649291992,
  "summary_wm_k": 1.8731477413517768,
  "summary_wm_mad": 47.110355125365174,
  "summary_wm_mean": 996.4366455078125,
  "summary_wm_median": 999.9962158203125,
  "summary_wm_n": 219042.0,
  "summary_wm_p05": 894.4838745117187,
  "summary_wm_p95": 1080.9594604492188,
  "summary_wm_stdv": 56.35558319091797,
  "tpm_overlap_csf": 0.15196312963962555,
  "tpm_overlap_gm": 0.4558611214160919,
  "tpm_overlap_wm": 0.4824780523777008,
  "wm2max": 0.5641097364779202
}