{
  "bids_meta": {
    "AcquisitionDate": "'10-04-2021'",
    "AcquisitionDuration": 235.467,
    "AcquisitionMatrixPE": 256,
    "AcquisitionNumber": 2,
    "AcquisitionTime": "16:17:40.680000",
    "BodyPartExamined": "BRAIN",
    "CoilString": "MULTI COIL",
    "ConversionSoftware": "dcm2niix",
    "ConversionSoftwareVersion": "v1.0.20230411",
    "DeviceSerialNumber": "45051",
    "EchoTime": 0.004605,
    "EchoTrainLength": 128,
    "EstimatedEffectiveEchoSpacing": 1.79305e-05,
    "EstimatedTotalReadoutTime": 0.00457228,
    "FlipAngle": 8,
    "FrequencyEncodingSteps": 256,
    "ImageOrientationPatientDICOM": [
      0.999114,
      0.0325766,
      -0.026638,
      -0.0365174,
      0.985761,
      -0.164139
    ],
    "ImageType": [
      "ORIGINAL",
      "PRIMARY",
      "T1",
      "NONE"
    ],
    "ImagingFrequency": 127.750776,
    "InPlanePhaseEncodingDirectionDICOM": "ROW",
    "InstitutionAddress": "1161 21ST AVE. SOUTH",
    "InstitutionName": "VANDERBILT INSTITUTE OF IMAGING",
    "InstitutionalDepartmentName": "MRI DEPT.",
    "MRAcquisitionType": "3D",
    "MTState": true,
    "MagneticFieldStrength": 3,
    "Manufacturer": "Philips",
    "ManufacturersModelName": "Ingenia Elition X",
    "Modality": "MR",
    "ParallelAcquisitionTechnique": "SENSE",
    "ParallelReductionFactorInPlane": 2,
    "PatientPosition": "HFS",
    "PercentPhaseFOV": 100,
    "PercentSampling": 100,
    "PhaseEncodingAxis": "i",
    "PhaseEncodingSteps": 256,
    "PhaseEncodingStepsOutOfPlane": 150,
    "PhilipsRescaleIntercept": 0,
    "PhilipsRescaleSlope": 3.558,
    "PhilipsScaleSlope": 0.00765446,
    "PixelBandwidth": 217.014,
    "ProtocolName": "WIP AnatBrain_T1W3D",
    "PulseSequenceName": "T1TFE",
    "ReconMatrixPE": 256,
    "RepetitionTime": 0.0090107,
    "ScanOptions": "SP",
    "ScanningSequence": "GR",
    "SequenceVariant": "MP",
    "SeriesDescription": "AnatBrain_T1W3D",
    "SeriesNumber": 201,
    "SliceThickness": 1,
    "SoftwareVersions": "5.6.1\\5.6.1.0",
    "SpacingBetweenSlices": 1,
    "SpoilingState": true,
    "SpoilingType": "COMBINED",
    "StationName": "PHILIPS-JJJ61LI",
    "UsePhilipsFloatNotDisplayScaling": 1,
    "WaterFatShift": 2.0015,
    "acq_id": "D1S0201",
    "dataset": "<unset>",
    "modality": "T1w",
    "session_id": "1",
    "subject_id": "1077"
  },
  "cjv": 0.2828256657475568,
  "cnr": 4.365848417379907,
  "efc": 0.7029937598366014,
  "fber": 37928.96875,
  "fwhm_avg": 4.470156666666667,
  "fwhm_x": 4.38948,
  "fwhm_y": 4.69484,
  "fwhm_z": 4.32615,
  "icvs_csf": 0.2082210024189236,
  "icvs_gm": 0.43374935132458164,
  "icvs_wm": 0.3580296462564948,
  "inu_med": 2.2382869720458984,
  "inu_range": 0.9954745769500732,
  "provenance": {
    "md5sum": "28bf76771651d9643c2268fb38cc8b73",
    "settings": {
      "testing": false
    },
    "software": "mriqc",
    "version": "0.15.2",
    "warnings": {
      "large_rot_frame": true,
      "small_air_mask": false
    },
    "webapi_port": null,
    "webapi_url": "https://mriqc.nimh.nih.gov/api/v1"
  },
  "qi_1": 0.016489517476614583,
  "qi_2": 7.672532536806381e-05,
  "rpve_csf": 18.89645496266335,
  "rpve_gm": 9.789243409979182,
  "rpve_wm": 13.996804661772801,
  "size_x": 256,
  "size_y": 256,
  "size_z": 150,
  "snr_csf": 3.261872342761065,
  "snr_gm": 10.590758015694766,
  "snr_total": 11.328754935693711,
  "snr_wm": 20.133634448625305,
  "snrd_csf": 52.27682827340544,
  "snrd_gm": 98.41917010499675,
  "snrd_total": 100.46387015079803,
  "snrd_wm": 150.69561207399192,
  "spacing_x": 1.0,
  "spacing_y": 1.0,
  "spacing_z": 1.0,
  "summary_bg_k": 6.432661884101693,
  "summary_bg_mad": 4.347418006373156,
  "summary_bg_mean": 5.653359413146973,
  "summary_bg_median": 2.932288885116577,
  "summary_bg_n": 564090.0,
  "summary_bg_p05": 0.0,
  "summary_bg_p95": 19.190285587310747,
  "summary_bg_stdv": 6.628222465515137,
  "summary_csf_k": 3.171068102818073,
  "summary_csf_mad": 97.82950829300073,
  "summary_csf_mean": 359.5734558105469,
  "summary_csf_median": 346.9036865234375,
  "summary_csf_n": 21756.0,
  "summary_csf_p05": 211.53508377075195,
  "summary_csf_p95": 541.2397918701172,
  "summary_csf_stdv": 106.34864807128906,
  "summary_gm_k": 0.8722347427291841,
  "summary_gm_mad": 56.12740716791944,
  "summary_gm_mean": 656.680419921875,
  "summary_gm_median": 653.0995483398438,
  "summary_gm_n": 37065.0,
  "summary_gm_p05": 562.469580078125,
  "summary_gm_p95": 764.4584350585938,
  "summary_gm_stdv": 61.666099548339844,
  "summary_wm_k": 1.5556046258570584,
  "summary_wm_mad": 41.9851339063881,
  "summary_wm_mean": 996.6971435546875,
  "summary_wm_median": 1000.0006713867188,
  "summary_wm_n": 229539.0,
  "summary_wm_p05": 906.3746215820312,
  "summary_wm_p95": 1070.6755249023438,
  "summary_wm_stdv": 49.66805648803711,
  "tpm_overlap_csf": 0.1631254255771637,
  "tpm_overlap_gm": 0.4649307429790497,
  "tpm_overlap_wm": 0.5059791803359985,
  "wm2max": 0.6177393150026411
}