{
  "bids_meta": {
    "AcquisitionDate": "'08-17-2024'",
    "AcquisitionDuration": 235.568,
    "AcquisitionMatrixPE": 256,
    "AcquisitionNumber": 2,
    "AcquisitionTime": "14:54:7.130000",
    "BodyPartExamined": "BRAIN",
    "CoilString": "MULTI COIL",
    "ConversionSoftware": "dcm2niix",
    "ConversionSoftwareVersion": "v1.0.20230411",
    "DeviceSerialNumber": "45051",
    "EchoTime": 0.004605,
    "EchoTrainLength": 128,
    "EstimatedEffectiveEchoSpacing": 1.79305e-05,
    "EstimatedTotalReadoutTime": 0.00457228,
    "FlipAngle": 8,
    "FrequencyEncodingSteps": 256,
    "ImageOrientationPatientDICOM": [
      0.997148,
      0.0709119,
      -0.0258445,
      -0.0740468,
      0.985433,
      -0.153099
    ],
    "ImageType": [
      "ORIGINAL",
      "PRIMARY",
      "T1",
      "NONE"
    ],
    "ImagingFrequency": 127.750224,
    "InPlanePhaseEncodingDirectionDICOM": "ROW",
    "InstitutionAddress": "1161 21ST AVE. SOUTH",
    "InstitutionName": "VANDERBILT INSTITUTE OF IMAGING",
    "InstitutionalDepartmentName": "MRI DEPT.",
    "MRAcquisitionType": "3D",
    "MTState": true,
    "MagneticFieldStrength": 3,
    "Manufacturer": "Philips",
    "ManufacturersModelName": "MR 7700",
    "Modality": "MR",
    "ParallelAcquisitionTechnique": "SENSE",
    "ParallelReductionFactorInPlane": 2,
    "PatientPosition": "HFS",
    "PercentPhaseFOV": 100,
    "PercentSampling": 100,
    "PhaseEncodingAxis": "i",
    "PhaseEncodingSteps": 256,
    "PhaseEncodingStepsOutOfPlane": 150,
    "PhilipsRescaleIntercept": 0,
    "PhilipsRescaleSlope": 2.52332,
    "PhilipsScaleSlope": 0.00576301,
    "PixelBandwidth": 217.014,
    "ProtocolName": "WIP AnatBrain_T1W3D",
    "PulseSequenceName": "T1TFE",
    "ReconMatrixPE": 256,
    "RepetitionTime": 0.0090146,
    "ScanOptions": "SP",
    "ScanningSequence": "GR",
    "SequenceVariant": "MP",
    "SeriesDescription": "AnatBrain_T1W3D",
    "SeriesNumber": 201,
    "SliceThickness": 1,
    "SoftwareVersions": "5.9.0\\5.9.0.0",
    "SpacingBetweenSlices": 1,
    "SpoilingState": true,
    "SpoilingType": "COMBINED",
    "StationName": "PHILIPS-JJJ61LI",
    "UsePhilipsFloatNotDisplayScaling": 1,
    "WaterFatShift": 2.00149,
    "acq_id": "D1S0201",
    "dataset": "<unset>",
    "modality": "T1w",
    "session_id": "1",
    "subject_id": "1240"
  },
  "cjv": 0.30587524581042885,
  "cnr": 4.270664821748525,
  "efc": 0.6205883816745611,
  "fber": 72246.03125,
  "fwhm_avg": 4.57801,
  "fwhm_x": 4.65094,
  "fwhm_y": 4.67036,
  "fwhm_z": 4.41273,
  "icvs_csf": 0.22993657950368857,
  "icvs_gm": 0.40627940564317216,
  "icvs_wm": 0.36378401485313927,
  "inu_med": 1.463456392288208,
  "inu_range": 0.5163500905036926,
  "provenance": {
    "md5sum": "a8b86cc6030ac37964dc54e92c1543f1",
    "settings": {
      "testing": false
    },
    "software": "mriqc",
    "version": "0.15.2",
    "warnings": {
      "large_rot_frame": true,
      "small_air_mask": false
    },
    "webapi_port": null,
    "webapi_url": "https://mriqc.nimh.nih.gov/api/v1"
  },
  "qi_1": 0.01597417223020088,
  "qi_2": 6.199621125732536e-05,
  "rpve_csf": 22.797221058740117,
  "rpve_gm": 12.962044118534209,
  "rpve_wm": 17.539562628543486,
  "size_x": 256,
  "size_y": 256,
  "size_z": 150,
  "snr_csf": 3.3692557224132145,
  "snr_gm": 11.892163331277267,
  "snr_total": 12.700508385528797,
  "snr_wm": 22.840106102895913,
  "snrd_csf": 70.96520412476292,
  "snrd_gm": 137.3017150813122,
  "snrd_total": 135.87106696302465,
  "snrd_wm": 199.3462816829988,
  "spacing_x": 1.0,
  "spacing_y": 1.0,
  "spacing_z": 1.0,
  "summary_bg_k": 12.55435011491777,
  "summary_bg_mad": 3.286432490458673,
  "summary_bg_mean": 4.733121395111084,
  "summary_bg_median": 2.216665029525757,
  "summary_bg_n": 810548.0,
  "summary_bg_p05": 0.0,
  "summary_bg_p95": 18.077892780303934,
  "summary_bg_stdv": 6.339915752410889,
  "summary_csf_k": 1.3744173095318537,
  "summary_csf_mad": 102.62722047393297,
  "summary_csf_mean": 367.2770080566406,
  "summary_csf_median": 355.99053955078125,
  "summary_csf_n": 22761.0,
  "summary_csf_p05": 221.63607788085938,
  "summary_csf_p95": 553.188232421875,
  "summary_csf_stdv": 105.65618896484375,
  "summary_gm_k": 0.5378809856415465,
  "summary_gm_mad": 55.98787026478616,
  "summary_gm_mean": 688.720458984375,
  "summary_gm_median": 688.7616577148438,
  "summary_gm_n": 16563.0,
  "summary_gm_p05": 594.0898925781249,
  "summary_gm_p95": 782.2025451660156,
  "summary_gm_stdv": 57.915523529052734,
  "summary_wm_k": 1.6332378075303868,
  "summary_wm_mad": 39.21303696048352,
  "summary_wm_mean": 999.0498046875,
  "summary_wm_median": 1000.0026245117188,
  "summary_wm_n": 180119.0,
  "summary_wm_p05": 923.937548828125,
  "summary_wm_p95": 1067.6530029296875,
  "summary_wm_stdv": 43.78262710571289,
  "tpm_overlap_csf": 0.16164124011993408,
  "tpm_overlap_gm": 0.45194879174232483,
  "tpm_overlap_wm": 0.5013315081596375,
  "wm2max": 0.5917558012852395
}