{
  "Modality": "MR",
  "MagneticFieldStrength": 3,
  "ImagingFrequency": 127.75028,
  "Manufacturer": "Philips",
  "ManufacturersModelName": "MR 7700",
  "InstitutionName": "VANDERBILT INSTITUTE OF IMAGING",
  "InstitutionalDepartmentName": "MRI DEPT.",
  "InstitutionAddress": "1161 21ST AVE. SOUTH",
  "DeviceSerialNumber": "45051",
  "StationName": "PHILIPS-JJJ61LI",
  "BodyPartExamined": "BRAIN",
  "PatientPosition": "HFS",
  "SoftwareVersions": "5.9.0\\5.9.0.0",
  "MRAcquisitionType": "2D",
  "SeriesDescription": "TOPUP_2.25mmiso_APP",
  "ProtocolName": "WIP TOPUP_2.25mmiso_APP",
  "ScanningSequence": "SE",
  "SequenceVariant": "SK",
  "ScanOptions": "FS",
  "PulseSequenceName": "SEEPI",
  "ImageType": [
    "ORIGINAL",
    "PRIMARY",
    "T2",
    "NONE"
  ],
  "SeriesNumber": 601,
  "AcquisitionTime": "19:31:42.790000",
  "AcquisitionNumber": 6,
  "PhilipsRescaleSlope": 1.7978,
  "PhilipsRescaleIntercept": 0,
  "PhilipsScaleSlope": 0.0197802,
  "UsePhilipsFloatNotDisplayScaling": 1,
  "SliceThickness": 2.25,
  "SpacingBetweenSlices": 2.25,
  "EchoTime": 0.034229,
  "RepetitionTime": 1.72063,
  "MTState": false,
  "FlipAngle": 90,
  "CoilString": "MULTI COIL",
  "PercentPhaseFOV": 100,
  "PercentSampling": 100,
  "EchoTrainLength": 47,
  "PhaseEncodingSteps": 94,
  "FrequencyEncodingSteps": 96,
  "PhaseEncodingStepsOutOfPlane": 1,
  "AcquisitionMatrixPE": 94,
  "ReconMatrixPE": 96,
  "ParallelReductionFactorInPlane": 2,
  "ParallelAcquisitionTechnique": "SENSE",
  "WaterFatShift": 12.8456,
  "EffectiveEchoSpacing": 0.000304822,
  "TotalReadoutTime": 0.0289581,
  "AcquisitionDuration": 6.88253,
  "PixelBandwidth": 2148.43,
  "PhaseEncodingDirection": "j-",
  "ImageOrientationPatientDICOM": [
    0.99725,
    0.0734258,
    0.0101013,
    -0.0741166,
    0.987333,
    0.140289
  ],
  "InPlanePhaseEncodingDirectionDICOM": "COL",
  "ConversionSoftware": "dcm2niix",
  "ConversionSoftwareVersion": "v1.0.20230411",
  "AcquisitionDate": "'09-26-2024'"
}
