{
  "bids_meta": {
    "AcquisitionDate": "'09-22-2022'",
    "AcquisitionDuration": 233.116,
    "AcquisitionMatrixPE": 256,
    "AcquisitionNumber": 2,
    "AcquisitionTime": "19:12:31.720000",
    "BodyPartExamined": "BRAIN",
    "CoilString": "MULTI COIL",
    "ConversionSoftware": "dcm2niix",
    "ConversionSoftwareVersion": "v1.0.20230411",
    "DeviceSerialNumber": "45051",
    "EchoTime": 0.004605,
    "EchoTrainLength": 128,
    "EstimatedEffectiveEchoSpacing": 1.79305e-05,
    "EstimatedTotalReadoutTime": 0.00457228,
    "FlipAngle": 8,
    "FrequencyEncodingSteps": 256,
    "ImageOrientationPatientDICOM": [
      0.999365,
      -0.0325006,
      0.0145747,
      0.0329703,
      0.998904,
      -0.0332356
    ],
    "ImageType": [
      "ORIGINAL",
      "PRIMARY",
      "T1",
      "NONE"
    ],
    "ImagingFrequency": 127.750424,
    "InPlanePhaseEncodingDirectionDICOM": "ROW",
    "InstitutionAddress": "1161 21ST AVE. SOUTH",
    "InstitutionName": "VANDERBILT INSTITUTE OF IMAGING",
    "InstitutionalDepartmentName": "MRI DEPT.",
    "MRAcquisitionType": "3D",
    "MTState": true,
    "MagneticFieldStrength": 3,
    "Manufacturer": "Philips",
    "ManufacturersModelName": "Ingenia Elition X",
    "Modality": "MR",
    "ParallelAcquisitionTechnique": "SENSE",
    "ParallelReductionFactorInPlane": 2,
    "PatientPosition": "HFS",
    "PercentPhaseFOV": 100,
    "PercentSampling": 100,
    "PhaseEncodingAxis": "i",
    "PhaseEncodingSteps": 256,
    "PhaseEncodingStepsOutOfPlane": 150,
    "PhilipsRescaleIntercept": 0,
    "PhilipsRescaleSlope": 2.73602,
    "PhilipsScaleSlope": 0.00578601,
    "PixelBandwidth": 217.014,
    "ProtocolName": "WIP AnatBrain_T1W3D",
    "PulseSequenceName": "T1TFE",
    "ReconMatrixPE": 256,
    "RepetitionTime": 0.0089202,
    "ScanOptions": "SP",
    "ScanningSequence": "GR",
    "SequenceVariant": "MP",
    "SeriesDescription": "AnatBrain_T1W3D",
    "SeriesNumber": 201,
    "SliceThickness": 1,
    "SoftwareVersions": "5.7.1\\5.7.1.2",
    "SpacingBetweenSlices": 1,
    "SpoilingState": true,
    "SpoilingType": "COMBINED",
    "StationName": "PHILIPS-JJJ61LI",
    "UsePhilipsFloatNotDisplayScaling": 1,
    "WaterFatShift": 2.00149,
    "acq_id": "D1S0201",
    "dataset": "<unset>",
    "modality": "T1w",
    "session_id": "1",
    "subject_id": "1161"
  },
  "cjv": 0.2426095380896432,
  "cnr": 5.034000575434783,
  "efc": 0.6645842794473373,
  "fber": 63434.3125,
  "fwhm_avg": 4.866806666666666,
  "fwhm_x": 4.78107,
  "fwhm_y": 5.16612,
  "fwhm_z": 4.65323,
  "icvs_csf": 0.1986492155822334,
  "icvs_gm": 0.4155149709557651,
  "icvs_wm": 0.3858358134620015,
  "inu_med": 1.8084354400634766,
  "inu_range": 0.7608998417854309,
  "provenance": {
    "md5sum": "6f67af76f1dfa5c9caa3b8194007e7d1",
    "settings": {
      "testing": false
    },
    "software": "mriqc",
    "version": "0.15.2",
    "warnings": {
      "large_rot_frame": true,
      "small_air_mask": false
    },
    "webapi_port": null,
    "webapi_url": "https://mriqc.nimh.nih.gov/api/v1"
  },
  "qi_1": 0.027506124116846244,
  "qi_2": 0.00012858932682518795,
  "rpve_csf": 17.870461055840703,
  "rpve_gm": 9.185784376572705,
  "rpve_wm": 11.9516506157693,
  "size_x": 256,
  "size_y": 256,
  "size_z": 150,
  "snr_csf": 3.505410115890037,
  "snr_gm": 12.04262034417242,
  "snr_total": 12.454197343539363,
  "snr_wm": 21.81456157055563,
  "snrd_csf": 52.28387837483464,
  "snrd_gm": 121.89264901336136,
  "snrd_total": 121.09783597787718,
  "snrd_wm": 189.11698054543555,
  "spacing_x": 1.0,
  "spacing_y": 1.0,
  "spacing_z": 1.0,
  "summary_bg_k": 16.016351522626895,
  "summary_bg_mad": 3.464194358045405,
  "summary_bg_mean": 3.557292938232422,
  "summary_bg_median": 2.3365635871887207,
  "summary_bg_n": 556103.0,
  "summary_bg_p05": 0.0,
  "summary_bg_p95": 12.426858139038087,
  "summary_bg_stdv": 4.508547306060791,
  "summary_csf_k": 26.04626074934381,
  "summary_csf_mad": 49.633534343452716,
  "summary_csf_mean": 295.33111572265625,
  "summary_csf_median": 276.4638366699219,
  "summary_csf_n": 32969.0,
  "summary_csf_p05": 204.53509826660155,
  "summary_csf_p95": 444.8274291992187,
  "summary_csf_stdv": 78.86656188964844,
  "summary_gm_k": 1.0874388453672443,
  "summary_gm_mad": 48.07353981858866,
  "summary_gm_mean": 646.5887451171875,
  "summary_gm_median": 644.5372924804688,
  "summary_gm_n": 35315.0,
  "summary_gm_p05": 564.0845642089844,
  "summary_gm_p95": 737.4142822265625,
  "summary_gm_stdv": 53.520591735839844,
  "summary_wm_k": 1.5709168046015467,
  "summary_wm_mad": 38.16569576926136,
  "summary_wm_mean": 996.8038330078125,
  "summary_wm_median": 1000.00244140625,
  "summary_wm_n": 277959.0,
  "summary_wm_p05": 913.0430908203125,
  "summary_wm_p95": 1065.325634765625,
  "summary_wm_stdv": 45.84096908569336,
  "tpm_overlap_csf": 0.1604502648115158,
  "tpm_overlap_gm": 0.4416864514350891,
  "tpm_overlap_wm": 0.48945286870002747,
  "wm2max": 0.5512366789258462
}