{
    "TaskName": "LocalASL",
	"Modality": "MR",
	"MagneticFieldStrength": 3,
	"ImagingFrequency": 127.7506,
	"Manufacturer": "Philips",
	"ManufacturersModelName": "Ingenia Elition X",
	"InstitutionName": "VANDERBILT INSTITUTE OF IMAGING",
	"InstitutionalDepartmentName": "MRI DEPT.",
	"InstitutionAddress": "1161 21ST AVE. SOUTH",
	"DeviceSerialNumber": "45051",
	"StationName": "PHILIPS-JJJ61LI",
	"BodyPartExamined": "BRAIN",
	"PatientPosition": "HFS",
	"SoftwareVersions": "5.7.1\\5.7.1.2",
	"MRAcquisitionType": "2D",
	"SeriesDescription": "EPI_task-LocalASL_run-1",
	"ProtocolName": "WIP EPI_task-LocalASL_run-1",
	"ScanningSequence": "GR",
	"SequenceVariant": "SK",
	"ScanOptions": "FS",
	"PulseSequenceName": "FEEPI",
	"ImageType": ["ORIGINAL", "PRIMARY", "T2", "NONE"],
	"SeriesNumber": 401,
	"AcquisitionTime": "17:54:59.650000",
	"AcquisitionNumber": 4,
	"PhilipsRescaleSlope": 0.776557,
	"PhilipsRescaleIntercept": 0,
	"PhilipsScaleSlope": 0.0561209,
	"UsePhilipsFloatNotDisplayScaling": 1,
	"SliceThickness": 2.25,
	"SpacingBetweenSlices": 2.25,
	"EchoTime": 0.03,
	"RepetitionTime": 2,
	"MTState": false,
	"FlipAngle": 72,
	"CoilString": "MULTI COIL",
	"PercentPhaseFOV": 100,
	"PercentSampling": 100,
	"EchoTrainLength": 47,
	"PhaseEncodingSteps": 94,
	"FrequencyEncodingSteps": 96,
	"PhaseEncodingStepsOutOfPlane": 1,
	"AcquisitionMatrixPE": 94,
	"ReconMatrixPE": 96,
	"ParallelReductionFactorInPlane": 2,
	"ParallelAcquisitionTechnique": "MBSENSE",
	"ParallelReductionFactorOutOfPlane": 2,
	"WaterFatShift": 13.3892,
	"EstimatedEffectiveEchoSpacing": 0.00031772,
	"EstimatedTotalReadoutTime": 0.0301834,
	"PixelBandwidth": 2112.6,
	"PhaseEncodingAxis": "j",
	"ImageOrientationPatientDICOM": [
		0.994544,
		-0.0447191,
		-0.094246,
		0.04892,
		0.997888,
		0.0427447	],
	"InPlanePhaseEncodingDirectionDICOM": "COL",
	"ConversionSoftware": "dcm2niix",
	"ConversionSoftwareVersion": "v1.0.20230411",
	"AcquisitionDate":"'11-11-2022'"
}
