{
    "TaskName": "ReadMean",
	"Modality": "MR",
	"MagneticFieldStrength": 3,
	"ImagingFrequency": 127.750648,
	"Manufacturer": "Philips",
	"ManufacturersModelName": "Ingenia Elition X",
	"InstitutionName": "VANDERBILT INSTITUTE OF IMAGING",
	"InstitutionalDepartmentName": "MRI DEPT.",
	"InstitutionAddress": "1161 21ST AVE. SOUTH",
	"DeviceSerialNumber": "45051",
	"StationName": "PHILIPS-JJJ61LI",
	"BodyPartExamined": "BRAIN",
	"PatientPosition": "HFS",
	"SoftwareVersions": "5.6.1\\5.6.1.0",
	"MRAcquisitionType": "2D",
	"SeriesDescription": "EPI_task-ReadMean_run-1",
	"ProtocolName": "WIP EPI_task-ReadMean_run-1",
	"ScanningSequence": "GR",
	"SequenceVariant": "SK",
	"ScanOptions": "FS",
	"PulseSequenceName": "FEEPI",
	"ImageType": ["ORIGINAL", "PRIMARY", "T2", "NONE"],
	"SeriesNumber": 301,
	"AcquisitionTime": "15:19:35.210000",
	"AcquisitionNumber": 3,
	"PhilipsRescaleSlope": 0.789744,
	"PhilipsRescaleIntercept": 0,
	"PhilipsScaleSlope": 0.0572361,
	"UsePhilipsFloatNotDisplayScaling": 1,
	"SliceThickness": 2.25,
	"SpacingBetweenSlices": 2.25,
	"EchoTime": 0.030001,
	"RepetitionTime": 2,
	"MTState": false,
	"FlipAngle": 72,
	"CoilString": "MULTI COIL",
	"PercentPhaseFOV": 100,
	"PercentSampling": 100,
	"EchoTrainLength": 47,
	"PhaseEncodingSteps": 94,
	"FrequencyEncodingSteps": 96,
	"PhaseEncodingStepsOutOfPlane": 1,
	"AcquisitionMatrixPE": 94,
	"ReconMatrixPE": 96,
	"ParallelReductionFactorInPlane": 2,
	"ParallelAcquisitionTechnique": "MBSENSE",
	"ParallelReductionFactorOutOfPlane": 2,
	"WaterFatShift": 13.385,
	"EstimatedEffectiveEchoSpacing": 0.000317621,
	"EstimatedTotalReadoutTime": 0.030174,
	"PixelBandwidth": 2124.27,
	"PhaseEncodingAxis": "j",
	"ImageOrientationPatientDICOM": [
		0.998796,
		0.0432368,
		0.0231813,
		-0.0376356,
		0.978396,
		-0.203288	],
	"InPlanePhaseEncodingDirectionDICOM": "COL",
	"ConversionSoftware": "dcm2niix",
	"ConversionSoftwareVersion": "v1.0.20230411",
	"AcquisitionDate":"'12-03-2021'"
}
