{
    "TaskName": "LocalSR0",
	"Modality": "MR",
	"MagneticFieldStrength": 3,
	"ImagingFrequency": 127.75056,
	"Manufacturer": "Philips",
	"ManufacturersModelName": "Ingenia Elition X",
	"InstitutionName": "VANDERBILT INSTITUTE OF IMAGING",
	"InstitutionalDepartmentName": "MRI DEPT.",
	"InstitutionAddress": "1161 21ST AVE. SOUTH",
	"DeviceSerialNumber": "45051",
	"StationName": "PHILIPS-JJJ61LI",
	"BodyPartExamined": "BRAIN",
	"PatientPosition": "HFS",
	"SoftwareVersions": "5.7.1\\5.7.1.2",
	"MRAcquisitionType": "2D",
	"SeriesDescription": "EPI_task-LocalSR0_run-2",
	"ProtocolName": "WIP EPI_task-LocalSR0_run-2",
	"ScanningSequence": "GR",
	"SequenceVariant": "SK",
	"ScanOptions": "FS",
	"PulseSequenceName": "FEEPI",
	"ImageType": ["ORIGINAL", "PRIMARY", "T2", "NONE"],
	"SeriesNumber": 801,
	"AcquisitionTime": "16:37:41.630000",
	"AcquisitionNumber": 8,
	"PhilipsRescaleSlope": 0.82442,
	"PhilipsRescaleIntercept": 0,
	"PhilipsScaleSlope": 0.0452049,
	"UsePhilipsFloatNotDisplayScaling": 1,
	"SliceThickness": 2.25,
	"SpacingBetweenSlices": 2.25,
	"EchoTime": 0.03,
	"RepetitionTime": 2,
	"MTState": false,
	"FlipAngle": 72,
	"CoilString": "MULTI COIL",
	"PercentPhaseFOV": 100,
	"PercentSampling": 100,
	"EchoTrainLength": 47,
	"PhaseEncodingSteps": 94,
	"FrequencyEncodingSteps": 96,
	"PhaseEncodingStepsOutOfPlane": 1,
	"AcquisitionMatrixPE": 94,
	"ReconMatrixPE": 96,
	"ParallelReductionFactorInPlane": 2,
	"ParallelAcquisitionTechnique": "MBSENSE",
	"ParallelReductionFactorOutOfPlane": 2,
	"WaterFatShift": 13.3892,
	"EstimatedEffectiveEchoSpacing": 0.00031772,
	"EstimatedTotalReadoutTime": 0.0301834,
	"PixelBandwidth": 2123.37,
	"PhaseEncodingAxis": "j",
	"ImageOrientationPatientDICOM": [
		0.997335,
		0.0714247,
		-0.0148494,
		-0.0727713,
		0.988353,
		-0.133653	],
	"InPlanePhaseEncodingDirectionDICOM": "COL",
	"ConversionSoftware": "dcm2niix",
	"ConversionSoftwareVersion": "v1.0.20230411",
	"AcquisitionDate":"'02-06-2023'"
}
