{
    "TaskName": "ReadMean",
	"Modality": "MR",
	"MagneticFieldStrength": 3,
	"ImagingFrequency": 127.750128,
	"Manufacturer": "Philips",
	"ManufacturersModelName": "MR 7700",
	"InstitutionName": "VANDERBILT INSTITUTE OF IMAGING",
	"InstitutionalDepartmentName": "MRI DEPT.",
	"InstitutionAddress": "1161 21ST AVE. SOUTH",
	"DeviceSerialNumber": "45051",
	"StationName": "PHILIPS-JJJ61LI",
	"BodyPartExamined": "BRAIN",
	"PatientPosition": "HFS",
	"SoftwareVersions": "5.9.0\\5.9.0.0",
	"MRAcquisitionType": "2D",
	"SeriesDescription": "EPI_task-ReadMean_run-1",
	"ProtocolName": "WIP EPI_task-ReadMean_run-1",
	"ScanningSequence": "GR",
	"SequenceVariant": "SK",
	"ScanOptions": "FS",
	"PulseSequenceName": "FEEPI",
	"ImageType": ["ORIGINAL", "PRIMARY", "T2", "NONE"],
	"SeriesNumber": 301,
	"AcquisitionTime": "17:13:9.970000",
	"AcquisitionNumber": 3,
	"PhilipsRescaleSlope": 0.877411,
	"PhilipsRescaleIntercept": 0,
	"PhilipsScaleSlope": 0.0415387,
	"UsePhilipsFloatNotDisplayScaling": 1,
	"SliceThickness": 2.25,
	"SpacingBetweenSlices": 2.25,
	"EchoTime": 0.03,
	"RepetitionTime": 2,
	"MTState": false,
	"FlipAngle": 72,
	"CoilString": "MULTI COIL",
	"PercentPhaseFOV": 100,
	"PercentSampling": 100,
	"EchoTrainLength": 47,
	"PhaseEncodingSteps": 94,
	"FrequencyEncodingSteps": 96,
	"PhaseEncodingStepsOutOfPlane": 1,
	"AcquisitionMatrixPE": 94,
	"ReconMatrixPE": 96,
	"ParallelReductionFactorInPlane": 2,
	"ParallelAcquisitionTechnique": "MBSENSE",
	"ParallelReductionFactorOutOfPlane": 2,
	"WaterFatShift": 13.1681,
	"EstimatedEffectiveEchoSpacing": 0.000312476,
	"EstimatedTotalReadoutTime": 0.0296852,
	"PixelBandwidth": 2092.02,
	"PhaseEncodingAxis": "j",
	"ImageOrientationPatientDICOM": [
		0.988978,
		0.14535,
		0.0282051,
		-0.14373,
		0.988205,
		-0.0528479	],
	"InPlanePhaseEncodingDirectionDICOM": "COL",
	"ConversionSoftware": "dcm2niix",
	"ConversionSoftwareVersion": "v1.0.20230411",
	"AcquisitionDate":"'09-14-2024'"
}
