{
  "bids_meta": {
    "AcquisitionDate": "'03-22-2024'",
    "AcquisitionDuration": 233.305,
    "AcquisitionMatrixPE": 256,
    "AcquisitionNumber": 2,
    "AcquisitionTime": "17:30:16.880000",
    "BodyPartExamined": "BRAIN",
    "CoilString": "MULTI COIL",
    "ConversionSoftware": "dcm2niix",
    "ConversionSoftwareVersion": "v1.0.20230411",
    "DeviceSerialNumber": "45051",
    "EchoTime": 0.004605,
    "EchoTrainLength": 128,
    "EstimatedEffectiveEchoSpacing": 1.79305e-05,
    "EstimatedTotalReadoutTime": 0.00457228,
    "FlipAngle": 8,
    "FrequencyEncodingSteps": 256,
    "ImageOrientationPatientDICOM": [
      0.999473,
      -0.0138827,
      0.0293344,
      0.0148874,
      0.9993,
      -0.0343131
    ],
    "ImageType": [
      "ORIGINAL",
      "PRIMARY",
      "T1",
      "NONE"
    ],
    "ImagingFrequency": 127.750064,
    "InPlanePhaseEncodingDirectionDICOM": "ROW",
    "InstitutionAddress": "1161 21ST AVE. SOUTH",
    "InstitutionName": "VANDERBILT INSTITUTE OF IMAGING",
    "InstitutionalDepartmentName": "MRI DEPT.",
    "MRAcquisitionType": "3D",
    "MTState": true,
    "MagneticFieldStrength": 3,
    "Manufacturer": "Philips",
    "ManufacturersModelName": "MR 7700",
    "Modality": "MR",
    "ParallelAcquisitionTechnique": "SENSE",
    "ParallelReductionFactorInPlane": 2,
    "PatientPosition": "HFS",
    "PercentPhaseFOV": 100,
    "PercentSampling": 100,
    "PhaseEncodingAxis": "i",
    "PhaseEncodingSteps": 256,
    "PhaseEncodingStepsOutOfPlane": 150,
    "PhilipsRescaleIntercept": 0,
    "PhilipsRescaleSlope": 2.33236,
    "PhilipsScaleSlope": 0.00645595,
    "PixelBandwidth": 217.014,
    "ProtocolName": "WIP AnatBrain_T1W3D",
    "PulseSequenceName": "T1TFE",
    "ReconMatrixPE": 256,
    "RepetitionTime": 0.0089276,
    "ScanOptions": "SP",
    "ScanningSequence": "GR",
    "SequenceVariant": "MP",
    "SeriesDescription": "AnatBrain_T1W3D",
    "SeriesNumber": 201,
    "SliceThickness": 1,
    "SoftwareVersions": "5.9.0\\5.9.0.0",
    "SpacingBetweenSlices": 1,
    "SpoilingState": true,
    "SpoilingType": "COMBINED",
    "StationName": "PHILIPS-JJJ61LI",
    "UsePhilipsFloatNotDisplayScaling": 1,
    "WaterFatShift": 2.00149,
    "acq_id": "D1S0201",
    "dataset": "<unset>",
    "modality": "T1w",
    "session_id": "1",
    "subject_id": "1204"
  },
  "cjv": 0.27606044149815706,
  "cnr": 4.655881499347851,
  "efc": 0.6445551076775232,
  "fber": 81455.5078125,
  "fwhm_avg": 4.97971,
  "fwhm_x": 4.99108,
  "fwhm_y": 5.2407,
  "fwhm_z": 4.70735,
  "icvs_csf": 0.20912900438474694,
  "icvs_gm": 0.4163650916989718,
  "icvs_wm": 0.37450590391628125,
  "inu_med": 1.7030963897705078,
  "inu_range": 0.709622722864151,
  "provenance": {
    "md5sum": "81ce3484edaddc8e1a667e55ee92b336",
    "settings": {
      "testing": false
    },
    "software": "mriqc",
    "version": "0.15.2",
    "warnings": {
      "large_rot_frame": true,
      "small_air_mask": false
    },
    "webapi_port": null,
    "webapi_url": "https://mriqc.nimh.nih.gov/api/v1"
  },
  "qi_1": 0.007819413167135955,
  "qi_2": 3.157184773247817e-05,
  "rpve_csf": 22.19344196467276,
  "rpve_gm": 11.599916010675548,
  "rpve_wm": 15.6379281011553,
  "size_x": 256,
  "size_y": 256,
  "size_z": 150,
  "snr_csf": 4.269592024028717,
  "snr_gm": 14.162306632533673,
  "snr_total": 13.358006951546473,
  "snr_wm": 21.642122198077033,
  "snrd_csf": 80.00389771773716,
  "snrd_gm": 133.58631910878572,
  "snrd_total": 136.0323110877699,
  "snrd_wm": 194.5067164367868,
  "spacing_x": 1.0,
  "spacing_y": 1.0,
  "spacing_z": 1.0,
  "summary_bg_k": 10.76592565592526,
  "summary_bg_mad": 3.3681881528793567,
  "summary_bg_mean": 4.976468563079834,
  "summary_bg_median": 2.271808385848999,
  "summary_bg_n": 594717.0,
  "summary_bg_p05": 0.0,
  "summary_bg_p95": 17.109041976928708,
  "summary_bg_stdv": 6.222995758056641,
  "summary_csf_k": 0.44186284283245403,
  "summary_csf_mad": 98.32528508161386,
  "summary_csf_mean": 403.4300537109375,
  "summary_csf_median": 411.316162109375,
  "summary_csf_n": 13403.0,
  "summary_csf_p05": 249.92010803222658,
  "summary_csf_p95": 550.3498840332031,
  "summary_csf_stdv": 96.33258056640625,
  "summary_gm_k": 0.866133500027487,
  "summary_gm_mad": 45.408719784917864,
  "summary_gm_mean": 688.87255859375,
  "summary_gm_median": 686.794189453125,
  "summary_gm_n": 23360.0,
  "summary_gm_p05": 614.9203552246094,
  "summary_gm_p95": 770.8140930175781,
  "summary_gm_stdv": 48.49347686767578,
  "summary_wm_k": 1.049273511803193,
  "summary_wm_mad": 41.05452592206732,
  "summary_wm_mean": 996.2792358398438,
  "summary_wm_median": 999.9982299804688,
  "summary_wm_n": 195953.0,
  "summary_wm_p05": 912.1144775390626,
  "summary_wm_p95": 1064.28818359375,
  "summary_wm_stdv": 46.205989837646484,
  "tpm_overlap_csf": 0.14756573736667633,
  "tpm_overlap_gm": 0.4567861557006836,
  "tpm_overlap_wm": 0.49946659803390503,
  "wm2max": 0.5135043294402083
}