{
  "bids_meta": {
    "AcquisitionDate": "'05-31-2023'",
    "AcquisitionDuration": 232.951,
    "AcquisitionMatrixPE": 256,
    "AcquisitionNumber": 2,
    "AcquisitionTime": "18:37:3.020000",
    "BodyPartExamined": "BRAIN",
    "CoilString": "MULTI COIL",
    "ConversionSoftware": "dcm2niix",
    "ConversionSoftwareVersion": "v1.0.20230411",
    "DeviceSerialNumber": "45051",
    "EchoTime": 0.004605,
    "EchoTrainLength": 128,
    "EstimatedEffectiveEchoSpacing": 1.79305e-05,
    "EstimatedTotalReadoutTime": 0.00457228,
    "FlipAngle": 8,
    "FrequencyEncodingSteps": 256,
    "ImageOrientationPatientDICOM": [
      0.999224,
      0.0372847,
      -0.0127331,
      -0.0369473,
      0.998985,
      0.0257763
    ],
    "ImageType": [
      "ORIGINAL",
      "PRIMARY",
      "T1",
      "NONE"
    ],
    "ImagingFrequency": 127.750512,
    "InPlanePhaseEncodingDirectionDICOM": "ROW",
    "InstitutionAddress": "1161 21ST AVE. SOUTH",
    "InstitutionName": "VANDERBILT INSTITUTE OF IMAGING",
    "InstitutionalDepartmentName": "MRI DEPT.",
    "MRAcquisitionType": "3D",
    "MTState": true,
    "MagneticFieldStrength": 3,
    "Manufacturer": "Philips",
    "ManufacturersModelName": "Ingenia Elition X",
    "Modality": "MR",
    "ParallelAcquisitionTechnique": "SENSE",
    "ParallelReductionFactorInPlane": 2,
    "PatientPosition": "HFS",
    "PercentPhaseFOV": 100,
    "PercentSampling": 100,
    "PhaseEncodingAxis": "i",
    "PhaseEncodingSteps": 256,
    "PhaseEncodingStepsOutOfPlane": 150,
    "PhilipsRescaleIntercept": 0,
    "PhilipsRescaleSlope": 2.98022,
    "PhilipsScaleSlope": 0.00679757,
    "PixelBandwidth": 217.014,
    "ProtocolName": "WIP AnatBrain_T1W3D",
    "PulseSequenceName": "T1TFE",
    "ReconMatrixPE": 256,
    "RepetitionTime": 0.0089137,
    "ScanOptions": "SP",
    "ScanningSequence": "GR",
    "SequenceVariant": "MP",
    "SeriesDescription": "AnatBrain_T1W3D",
    "SeriesNumber": 201,
    "SliceThickness": 1,
    "SoftwareVersions": "5.7.1\\5.7.1.2",
    "SpacingBetweenSlices": 1,
    "SpoilingState": true,
    "SpoilingType": "COMBINED",
    "StationName": "PHILIPS-JJJ61LI",
    "UsePhilipsFloatNotDisplayScaling": 1,
    "WaterFatShift": 2.00149,
    "acq_id": "D1S0201",
    "dataset": "<unset>",
    "modality": "T1w",
    "session_id": "1",
    "subject_id": "1198"
  },
  "cjv": 0.30035894717104805,
  "cnr": 4.3330147988123064,
  "efc": 0.6999874117818689,
  "fber": 55784.16015625,
  "fwhm_avg": 4.669086666666667,
  "fwhm_x": 4.60062,
  "fwhm_y": 4.85075,
  "fwhm_z": 4.55589,
  "icvs_csf": 0.19490498097731657,
  "icvs_gm": 0.44552026836131836,
  "icvs_wm": 0.3595747506613651,
  "inu_med": 2.1392571926116943,
  "inu_range": 0.8483987689018253,
  "provenance": {
    "md5sum": "65e871c3224c57c1aafde0324a876ae9",
    "settings": {
      "testing": false
    },
    "software": "mriqc",
    "version": "0.15.2",
    "warnings": {
      "large_rot_frame": true,
      "small_air_mask": false
    },
    "webapi_port": null,
    "webapi_url": "https://mriqc.nimh.nih.gov/api/v1"
  },
  "qi_1": 0.006942051921684516,
  "qi_2": 4.5153567344023947e-05,
  "rpve_csf": 22.024591276953995,
  "rpve_gm": 10.732866223892024,
  "rpve_wm": 15.319419349055758,
  "size_x": 256,
  "size_y": 256,
  "size_z": 150,
  "snr_csf": 3.154399696621352,
  "snr_gm": 11.270633944372594,
  "snr_total": 11.20971664422386,
  "snr_wm": 19.20411629167764,
  "snrd_csf": 57.815799711797006,
  "snrd_gm": 117.59912215954319,
  "snrd_total": 117.93989889627257,
  "snrd_wm": 178.40477481747752,
  "spacing_x": 1.0,
  "spacing_y": 1.0,
  "spacing_z": 1.0,
  "summary_bg_k": 13.762441291290006,
  "summary_bg_mad": 3.6721780513457216,
  "summary_bg_mean": 5.8841471672058105,
  "summary_bg_median": 2.47684645652771,
  "summary_bg_n": 300386.0,
  "summary_bg_p05": 0.0,
  "summary_bg_p95": 20.592201709747314,
  "summary_bg_stdv": 7.432356357574463,
  "summary_csf_k": 58.53419965223853,
  "summary_csf_mad": 77.21734228438937,
  "summary_csf_mean": 338.33453369140625,
  "summary_csf_median": 324.0697937011719,
  "summary_csf_n": 16127.0,
  "summary_csf_p05": 217.48645935058596,
  "summary_csf_p95": 499.3036254882811,
  "summary_csf_stdv": 102.73262023925781,
  "summary_gm_k": 0.924446509810779,
  "summary_gm_mad": 56.041938552478854,
  "summary_gm_mean": 662.089599609375,
  "summary_gm_median": 659.16796875,
  "summary_gm_n": 33652.0,
  "summary_gm_p05": 572.9775817871093,
  "summary_gm_p95": 759.5558502197265,
  "summary_gm_stdv": 58.48456954956055,
  "summary_wm_k": 0.9563543050500432,
  "summary_wm_mad": 46.32896656599042,
  "summary_wm_mean": 996.8863525390625,
  "summary_wm_median": 999.9965209960938,
  "summary_wm_n": 204775.0,
  "summary_wm_p05": 903.6093688964843,
  "summary_wm_p95": 1075.506213378906,
  "summary_wm_stdv": 52.071861267089844,
  "tpm_overlap_csf": 0.16588883101940155,
  "tpm_overlap_gm": 0.46714991331100464,
  "tpm_overlap_wm": 0.5014083981513977,
  "wm2max": 0.5775140034018216
}