{
  "bids_meta": {
    "AcquisitionDate": "'06-09-2022'",
    "AcquisitionDuration": 235.28,
    "AcquisitionMatrixPE": 256,
    "AcquisitionNumber": 2,
    "AcquisitionTime": "14:35:31.270000",
    "BodyPartExamined": "BRAIN",
    "CoilString": "MULTI COIL",
    "ConversionSoftware": "dcm2niix",
    "ConversionSoftwareVersion": "v1.0.20230411",
    "DeviceSerialNumber": "45051",
    "EchoTime": 0.004605,
    "EchoTrainLength": 128,
    "EstimatedEffectiveEchoSpacing": 1.79305e-05,
    "EstimatedTotalReadoutTime": 0.00457228,
    "FlipAngle": 8,
    "FrequencyEncodingSteps": 256,
    "ImageOrientationPatientDICOM": [
      0.998017,
      0.0472101,
      -0.0416354,
      -0.0522859,
      0.99004,
      -0.130714
    ],
    "ImageType": [
      "ORIGINAL",
      "PRIMARY",
      "T1",
      "NONE"
    ],
    "ImagingFrequency": 127.75052,
    "InPlanePhaseEncodingDirectionDICOM": "ROW",
    "InstitutionAddress": "1161 21ST AVE. SOUTH",
    "InstitutionName": "VANDERBILT INSTITUTE OF IMAGING",
    "InstitutionalDepartmentName": "MRI DEPT.",
    "MRAcquisitionType": "3D",
    "MTState": true,
    "MagneticFieldStrength": 3,
    "Manufacturer": "Philips",
    "ManufacturersModelName": "Ingenia Elition X",
    "Modality": "MR",
    "ParallelAcquisitionTechnique": "SENSE",
    "ParallelReductionFactorInPlane": 2,
    "PatientPosition": "HFS",
    "PercentPhaseFOV": 100,
    "PercentSampling": 100,
    "PhaseEncodingAxis": "i",
    "PhaseEncodingSteps": 256,
    "PhaseEncodingStepsOutOfPlane": 150,
    "PhilipsRescaleIntercept": 0,
    "PhilipsRescaleSlope": 3.71795,
    "PhilipsScaleSlope": 0.00681479,
    "PixelBandwidth": 217.014,
    "ProtocolName": "WIP AnatBrain_T1W3D",
    "PulseSequenceName": "T1TFE",
    "ReconMatrixPE": 256,
    "RepetitionTime": 0.0090034,
    "ScanOptions": "SP",
    "ScanningSequence": "GR",
    "SequenceVariant": "MP",
    "SeriesDescription": "AnatBrain_T1W3D",
    "SeriesNumber": 201,
    "SliceThickness": 1,
    "SoftwareVersions": "5.7.1\\5.7.1.2",
    "SpacingBetweenSlices": 1,
    "SpoilingState": true,
    "SpoilingType": "COMBINED",
    "StationName": "PHILIPS-JJJ61LI",
    "UsePhilipsFloatNotDisplayScaling": 1,
    "WaterFatShift": 2.00149,
    "acq_id": "D1S0201",
    "dataset": "<unset>",
    "modality": "T1w",
    "session_id": "1",
    "subject_id": "1129"
  },
  "cjv": 0.3464787824123057,
  "cnr": 3.580920973327569,
  "efc": 0.7163631676804655,
  "fber": 48887.5234375,
  "fwhm_avg": 4.899876666666667,
  "fwhm_x": 4.77298,
  "fwhm_y": 5.15477,
  "fwhm_z": 4.77188,
  "icvs_csf": 0.2263301760483694,
  "icvs_gm": 0.415448981932042,
  "icvs_wm": 0.3582208420195886,
  "inu_med": 2.097858428955078,
  "inu_range": 0.9168769478797905,
  "provenance": {
    "md5sum": "bcb35ecc648b6a4bc9d7ec283ccfee9a",
    "settings": {
      "testing": false
    },
    "software": "mriqc",
    "version": "0.15.2",
    "warnings": {
      "large_rot_frame": true,
      "small_air_mask": false
    },
    "webapi_port": null,
    "webapi_url": "https://mriqc.nimh.nih.gov/api/v1"
  },
  "qi_1": 0.002394975737522863,
  "qi_2": 5.182711989940247e-05,
  "rpve_csf": 17.58301395951722,
  "rpve_gm": 9.86061985228921,
  "rpve_wm": 13.776218443284572,
  "size_x": 256,
  "size_y": 256,
  "size_z": 150,
  "snr_csf": 3.4373580809385693,
  "snr_gm": 9.760385740493913,
  "snr_total": 11.3946139921874,
  "snr_wm": 20.986098155129717,
  "snrd_csf": 59.61090613149899,
  "snrd_gm": 116.25580451301383,
  "snrd_total": 114.56139850076856,
  "snrd_wm": 167.8174848577928,
  "spacing_x": 1.0,
  "spacing_y": 1.0,
  "spacing_z": 1.0,
  "summary_bg_k": 5.0001004078642275,
  "summary_bg_mad": 3.903862926380367,
  "summary_bg_mean": 6.2157511711120605,
  "summary_bg_median": 2.633115530014038,
  "summary_bg_n": 401224.0,
  "summary_bg_p05": 0.0,
  "summary_bg_p95": 21.95357780456542,
  "summary_bg_stdv": 7.344753742218018,
  "summary_csf_k": 0.3835637775023053,
  "summary_csf_mad": 106.21703805872463,
  "summary_csf_mean": 368.9389343261719,
  "summary_csf_median": 355.2127685546875,
  "summary_csf_n": 28103.0,
  "summary_csf_p05": 227.48071746826173,
  "summary_csf_p95": 551.3097412109373,
  "summary_csf_stdv": 103.33705139160156,
  "summary_gm_k": 0.8382139646610578,
  "summary_gm_mad": 66.33513792086781,
  "summary_gm_mean": 700.5003051757812,
  "summary_gm_median": 692.7515258789062,
  "summary_gm_n": 28429.0,
  "summary_gm_p05": 598.9423950195313,
  "summary_gm_p95": 829.017333984375,
  "summary_gm_stdv": 70.9745864868164,
  "summary_wm_k": 1.244242669628166,
  "summary_wm_mad": 40.1199815854208,
  "summary_wm_mean": 998.6406860351562,
  "summary_wm_median": 1000.0001220703125,
  "summary_wm_n": 237448.0,
  "summary_wm_p05": 914.9848236083985,
  "summary_wm_p95": 1074.4425048828125,
  "summary_wm_stdv": 47.65049743652344,
  "tpm_overlap_csf": 0.14081718027591705,
  "tpm_overlap_gm": 0.44523265957832336,
  "tpm_overlap_wm": 0.47561925649642944,
  "wm2max": 0.6271927170449402
}