{
  "bids_meta": {
    "AcquisitionDate": "'10-16-2023'",
    "AcquisitionDuration": 236.32,
    "AcquisitionMatrixPE": 256,
    "AcquisitionNumber": 2,
    "AcquisitionTime": "18:03:23.880000",
    "BodyPartExamined": "BRAIN",
    "CoilString": "MULTI COIL",
    "ConversionSoftware": "dcm2niix",
    "ConversionSoftwareVersion": "v1.0.20230411",
    "DeviceSerialNumber": "45051",
    "EchoTime": 0.004605,
    "EchoTrainLength": 128,
    "EstimatedEffectiveEchoSpacing": 1.79305e-05,
    "EstimatedTotalReadoutTime": 0.00457228,
    "FlipAngle": 8,
    "FrequencyEncodingSteps": 256,
    "ImageOrientationPatientDICOM": [
      0.997148,
      0.0754018,
      0.00331611,
      -0.0740468,
      0.968833,
      0.23639
    ],
    "ImageType": [
      "ORIGINAL",
      "PRIMARY",
      "T1",
      "NONE"
    ],
    "ImagingFrequency": 127.75048,
    "InPlanePhaseEncodingDirectionDICOM": "ROW",
    "InstitutionAddress": "1161 21ST AVE. SOUTH",
    "InstitutionName": "VANDERBILT INSTITUTE OF IMAGING",
    "InstitutionalDepartmentName": "MRI DEPT.",
    "MRAcquisitionType": "3D",
    "MTState": true,
    "MagneticFieldStrength": 3,
    "Manufacturer": "Philips",
    "ManufacturersModelName": "MR 7700",
    "Modality": "MR",
    "ParallelAcquisitionTechnique": "SENSE",
    "ParallelReductionFactorInPlane": 2,
    "PatientPosition": "HFS",
    "PercentPhaseFOV": 100,
    "PercentSampling": 100,
    "PhaseEncodingAxis": "i",
    "PhaseEncodingSteps": 256,
    "PhaseEncodingStepsOutOfPlane": 150,
    "PhilipsRescaleIntercept": 0,
    "PhilipsRescaleSlope": 2.67179,
    "PhilipsScaleSlope": 0.00668564,
    "PixelBandwidth": 217.014,
    "ProtocolName": "WIP AnatBrain_T1W3D",
    "PulseSequenceName": "T1TFE",
    "ReconMatrixPE": 256,
    "RepetitionTime": 0.0090431,
    "ScanOptions": "SP",
    "ScanningSequence": "GR",
    "SequenceVariant": "MP",
    "SeriesDescription": "AnatBrain_T1W3D",
    "SeriesNumber": 201,
    "SliceThickness": 1,
    "SoftwareVersions": "5.9.0\\5.9.0.0",
    "SpacingBetweenSlices": 1,
    "SpoilingState": true,
    "SpoilingType": "COMBINED",
    "StationName": "PHILIPS-JJJ61LI",
    "UsePhilipsFloatNotDisplayScaling": 1,
    "WaterFatShift": 2.00149,
    "acq_id": "D1S0201",
    "dataset": "<unset>",
    "modality": "T1w",
    "session_id": "1",
    "subject_id": "1111"
  },
  "cjv": 0.29521922042934456,
  "cnr": 4.156704489272784,
  "efc": 0.6405515543653855,
  "fber": 68856.859375,
  "fwhm_avg": 4.673456666666667,
  "fwhm_x": 4.71454,
  "fwhm_y": 4.83261,
  "fwhm_z": 4.47322,
  "icvs_csf": 0.1988426604336345,
  "icvs_gm": 0.43695034382367764,
  "icvs_wm": 0.36420699574268783,
  "inu_med": 2.2454471588134766,
  "inu_range": 0.9419197976589195,
  "provenance": {
    "md5sum": "0e49f589ddafb70907e9e319ab215f38",
    "settings": {
      "testing": false
    },
    "software": "mriqc",
    "version": "0.15.2",
    "warnings": {
      "large_rot_frame": true,
      "small_air_mask": false
    },
    "webapi_port": null,
    "webapi_url": "https://mriqc.nimh.nih.gov/api/v1"
  },
  "qi_1": 0.013372000959150157,
  "qi_2": 4.8950565574305865e-05,
  "rpve_csf": 25.386153229333722,
  "rpve_gm": 12.48308983557124,
  "rpve_wm": 17.101678949021068,
  "size_x": 256,
  "size_y": 256,
  "size_z": 150,
  "snr_csf": 3.525634444426889,
  "snr_gm": 12.26700961442089,
  "snr_total": 11.383634460693402,
  "snr_wm": 18.358259323232428,
  "snrd_csf": 68.56420326494508,
  "snrd_gm": 132.15786521350432,
  "snrd_total": 132.0644865670099,
  "snrd_wm": 195.47139122258028,
  "spacing_x": 1.0,
  "spacing_y": 1.0,
  "spacing_z": 1.0,
  "summary_bg_k": 111.65880920864224,
  "summary_bg_mad": 3.351585378044223,
  "summary_bg_mean": 5.921838283538818,
  "summary_bg_median": 2.2606101036071777,
  "summary_bg_n": 719184.0,
  "summary_bg_p05": 0.0,
  "summary_bg_p95": 22.624669075012182,
  "summary_bg_stdv": 8.203204154968262,
  "summary_csf_k": 2.777603213038505,
  "summary_csf_mad": 80.76024035927531,
  "summary_csf_mean": 363.6106872558594,
  "summary_csf_median": 350.7648010253906,
  "summary_csf_n": 19693.0,
  "summary_csf_p05": 228.70511169433593,
  "summary_csf_p95": 542.8237426757812,
  "summary_csf_stdv": 99.48731231689453,
  "summary_gm_k": 0.8951614976475226,
  "summary_gm_mad": 50.23373758227065,
  "summary_gm_mean": 678.3964233398438,
  "summary_gm_median": 676.1010131835938,
  "summary_gm_n": 22047.0,
  "summary_gm_p05": 593.1574157714844,
  "summary_gm_p95": 771.6357849121094,
  "summary_gm_stdv": 55.114139556884766,
  "summary_wm_k": 1.185726751522389,
  "summary_wm_mad": 45.38867605985689,
  "summary_wm_mean": 994.8513793945312,
  "summary_wm_median": 1000.0040893554688,
  "summary_wm_n": 174847.0,
  "summary_wm_p05": 890.7087341308594,
  "summary_wm_p95": 1074.2216674804686,
  "summary_wm_stdv": 54.47146224975586,
  "tpm_overlap_csf": 0.158255472779274,
  "tpm_overlap_gm": 0.4616599977016449,
  "tpm_overlap_wm": 0.4969184994697571,
  "wm2max": 0.5656694273379228
}