{
  "bids_meta": {
    "AcquisitionDate": "'02-15-2023'",
    "AcquisitionDuration": 235.763,
    "AcquisitionMatrixPE": 256,
    "AcquisitionNumber": 2,
    "AcquisitionTime": "11:03:18.480000",
    "BodyPartExamined": "BRAIN",
    "CoilString": "MULTI COIL",
    "ConversionSoftware": "dcm2niix",
    "ConversionSoftwareVersion": "v1.0.20230411",
    "DeviceSerialNumber": "45051",
    "EchoTime": 0.004605,
    "EchoTrainLength": 128,
    "EstimatedEffectiveEchoSpacing": 1.79305e-05,
    "EstimatedTotalReadoutTime": 0.00457228,
    "FlipAngle": 8,
    "FrequencyEncodingSteps": 256,
    "ImageOrientationPatientDICOM": [
      0.998456,
      -0.0224518,
      -0.0508143,
      0.0143009,
      0.987744,
      -0.155424
    ],
    "ImageType": [
      "ORIGINAL",
      "PRIMARY",
      "T1",
      "NONE"
    ],
    "ImagingFrequency": 127.750544,
    "InPlanePhaseEncodingDirectionDICOM": "ROW",
    "InstitutionAddress": "1161 21ST AVE. SOUTH",
    "InstitutionName": "VANDERBILT INSTITUTE OF IMAGING",
    "InstitutionalDepartmentName": "MRI DEPT.",
    "MRAcquisitionType": "3D",
    "MTState": true,
    "MagneticFieldStrength": 3,
    "Manufacturer": "Philips",
    "ManufacturersModelName": "Ingenia Elition X",
    "Modality": "MR",
    "ParallelAcquisitionTechnique": "SENSE",
    "ParallelReductionFactorInPlane": 2,
    "PatientPosition": "HFS",
    "PercentPhaseFOV": 100,
    "PercentSampling": 100,
    "PhaseEncodingAxis": "i",
    "PhaseEncodingSteps": 256,
    "PhaseEncodingStepsOutOfPlane": 150,
    "PhilipsRescaleIntercept": 0,
    "PhilipsRescaleSlope": 2.70305,
    "PhilipsScaleSlope": 0.00644966,
    "PixelBandwidth": 217.014,
    "ProtocolName": "WIP AnatBrain_T1W3D",
    "PulseSequenceName": "T1TFE",
    "ReconMatrixPE": 256,
    "RepetitionTime": 0.0090223,
    "ScanOptions": "SP",
    "ScanningSequence": "GR",
    "SequenceVariant": "MP",
    "SeriesDescription": "AnatBrain_T1W3D",
    "SeriesNumber": 201,
    "SliceThickness": 1,
    "SoftwareVersions": "5.7.1\\5.7.1.2",
    "SpacingBetweenSlices": 1,
    "SpoilingState": true,
    "SpoilingType": "COMBINED",
    "StationName": "PHILIPS-JJJ61LI",
    "UsePhilipsFloatNotDisplayScaling": 1,
    "WaterFatShift": 2.00149,
    "acq_id": "D1S0201",
    "dataset": "<unset>",
    "modality": "T1w",
    "session_id": "1",
    "subject_id": "1187"
  },
  "cjv": 0.2966553683203267,
  "cnr": 4.312433562512651,
  "efc": 0.6658872360667998,
  "fber": 74185.203125,
  "fwhm_avg": 4.793573333333334,
  "fwhm_x": 4.73989,
  "fwhm_y": 5.01796,
  "fwhm_z": 4.62287,
  "icvs_csf": 0.18855100326117005,
  "icvs_gm": 0.44219776980317776,
  "icvs_wm": 0.36925122693565215,
  "inu_med": 2.0401294231414795,
  "inu_range": 0.8604927659034729,
  "provenance": {
    "md5sum": "d45e5a8eb331b7467146ecb4e08f3b4a",
    "settings": {
      "testing": false
    },
    "software": "mriqc",
    "version": "0.15.2",
    "warnings": {
      "large_rot_frame": true,
      "small_air_mask": false
    },
    "webapi_port": null,
    "webapi_url": "https://mriqc.nimh.nih.gov/api/v1"
  },
  "qi_1": 0.013184905214669581,
  "qi_2": 6.858078366501702e-05,
  "rpve_csf": 22.4863120682086,
  "rpve_gm": 10.767578755122614,
  "rpve_wm": 15.05609209611373,
  "size_x": 256,
  "size_y": 256,
  "size_z": 150,
  "snr_csf": 3.137006362755883,
  "snr_gm": 11.682533726687636,
  "snr_total": 11.884803825080715,
  "snr_wm": 20.83487138579862,
  "snrd_csf": 69.08694226373922,
  "snrd_gm": 134.06798445938222,
  "snrd_total": 133.8928264347552,
  "snrd_wm": 198.52355258114414,
  "spacing_x": 1.0,
  "spacing_y": 1.0,
  "spacing_z": 1.0,
  "summary_bg_k": 23.295347568768836,
  "summary_bg_mad": 3.3000450019587095,
  "summary_bg_mean": 3.561284303665161,
  "summary_bg_median": 2.2355434894561768,
  "summary_bg_n": 502565.0,
  "summary_bg_p05": 0.0,
  "summary_bg_p95": 13.833723831176757,
  "summary_bg_stdv": 4.81044864654541,
  "summary_csf_k": 26.540233201319925,
  "summary_csf_mad": 90.04537156884149,
  "summary_csf_mean": 358.8399658203125,
  "summary_csf_median": 348.00390625,
  "summary_csf_n": 12498.0,
  "summary_csf_p05": 213.497354888916,
  "summary_csf_p95": 528.4757781982421,
  "summary_csf_stdv": 110.93059539794922,
  "summary_gm_k": 0.5570948650149803,
  "summary_gm_mad": 55.25557299591064,
  "summary_gm_mean": 678.615234375,
  "summary_gm_median": 675.3256225585938,
  "summary_gm_n": 40734.0,
  "summary_gm_p05": 591.1113891601562,
  "summary_gm_p95": 779.3231353759766,
  "summary_gm_stdv": 57.80572509765625,
  "summary_wm_k": 1.376139273155153,
  "summary_wm_mad": 41.0609507729898,
  "summary_wm_mean": 997.0243530273438,
  "summary_wm_median": 1000.0004272460938,
  "summary_wm_n": 220802.0,
  "summary_wm_p05": 910.139794921875,
  "summary_wm_p95": 1069.2735534667968,
  "summary_wm_stdv": 47.996368408203125,
  "tpm_overlap_csf": 0.15336200594902039,
  "tpm_overlap_gm": 0.4567926824092865,
  "tpm_overlap_wm": 0.499271959066391,
  "wm2max": 0.5750615253953077
}