{
  "bids_meta": {
    "AcquisitionDate": "'09-28-2024'",
    "AcquisitionDuration": 235.319,
    "AcquisitionMatrixPE": 256,
    "AcquisitionNumber": 2,
    "AcquisitionTime": "17:55:24.300000",
    "BodyPartExamined": "BRAIN",
    "CoilString": "MULTI COIL",
    "ConversionSoftware": "dcm2niix",
    "ConversionSoftwareVersion": "v1.0.20230411",
    "DeviceSerialNumber": "45051",
    "EchoTime": 0.004605,
    "EchoTrainLength": 128,
    "EstimatedEffectiveEchoSpacing": 1.79305e-05,
    "EstimatedTotalReadoutTime": 0.00457228,
    "FlipAngle": 8,
    "FrequencyEncodingSteps": 256,
    "ImageOrientationPatientDICOM": [
      0.996916,
      -0.0386757,
      -0.0682795,
      0.0456764,
      0.993513,
      0.104142
    ],
    "ImageType": [
      "ORIGINAL",
      "PRIMARY",
      "T1",
      "NONE"
    ],
    "ImagingFrequency": 127.750232,
    "InPlanePhaseEncodingDirectionDICOM": "ROW",
    "InstitutionAddress": "1161 21ST AVE. SOUTH",
    "InstitutionName": "VANDERBILT INSTITUTE OF IMAGING",
    "InstitutionalDepartmentName": "MRI DEPT.",
    "MRAcquisitionType": "3D",
    "MTState": true,
    "MagneticFieldStrength": 3,
    "Manufacturer": "Philips",
    "ManufacturersModelName": "MR 7700",
    "Modality": "MR",
    "ParallelAcquisitionTechnique": "SENSE",
    "ParallelReductionFactorInPlane": 2,
    "PatientPosition": "HFS",
    "PercentPhaseFOV": 100,
    "PercentSampling": 100,
    "PhaseEncodingAxis": "i",
    "PhaseEncodingSteps": 256,
    "PhaseEncodingStepsOutOfPlane": 150,
    "PhilipsRescaleIntercept": 0,
    "PhilipsRescaleSlope": 1.97167,
    "PhilipsScaleSlope": 0.00631432,
    "PixelBandwidth": 217.014,
    "ProtocolName": "WIP AnatBrain_T1W3D",
    "PulseSequenceName": "T1TFE",
    "ReconMatrixPE": 256,
    "RepetitionTime": 0.0090058,
    "ScanOptions": "SP",
    "ScanningSequence": "GR",
    "SequenceVariant": "MP",
    "SeriesDescription": "AnatBrain_T1W3D",
    "SeriesNumber": 201,
    "SliceThickness": 1,
    "SoftwareVersions": "5.9.0\\5.9.0.0",
    "SpacingBetweenSlices": 1,
    "SpoilingState": true,
    "SpoilingType": "COMBINED",
    "StationName": "PHILIPS-JJJ61LI",
    "UsePhilipsFloatNotDisplayScaling": 1,
    "WaterFatShift": 2.00149,
    "acq_id": "D1S0201",
    "dataset": "<unset>",
    "modality": "T1w",
    "session_id": "1",
    "subject_id": "1247"
  },
  "cjv": 0.3543295713173432,
  "cnr": 3.5223954144110756,
  "efc": 0.6145588649727981,
  "fber": 79936.875,
  "fwhm_avg": 4.872436666666666,
  "fwhm_x": 4.78099,
  "fwhm_y": 5.09423,
  "fwhm_z": 4.74209,
  "icvs_csf": 0.2261415904166762,
  "icvs_gm": 0.40352400847623693,
  "icvs_wm": 0.3703344011070869,
  "inu_med": 2.455650806427002,
  "inu_range": 1.1132399559020993,
  "provenance": {
    "md5sum": "d94930b804fcfb5a5e5296a46ba6648b",
    "settings": {
      "testing": false
    },
    "software": "mriqc",
    "version": "0.15.2",
    "warnings": {
      "large_rot_frame": true,
      "small_air_mask": false
    },
    "webapi_port": null,
    "webapi_url": "https://mriqc.nimh.nih.gov/api/v1"
  },
  "qi_1": 0.020720586769305112,
  "qi_2": 0.00013038156411500427,
  "rpve_csf": 19.289833573955672,
  "rpve_gm": 10.764564647810497,
  "rpve_wm": 14.039296806142776,
  "size_x": 256,
  "size_y": 256,
  "size_z": 150,
  "snr_csf": 3.6366462547031184,
  "snr_gm": 10.627185391301925,
  "snr_total": 10.645641600730148,
  "snr_wm": 17.6730931561854,
  "snrd_csf": 216.79879193221296,
  "snrd_gm": 411.1525379014811,
  "snrd_total": 406.5040473555302,
  "snrd_wm": 591.5608122328965,
  "spacing_x": 1.0,
  "spacing_y": 1.0,
  "spacing_z": 1.0,
  "summary_bg_k": 31.25452034051232,
  "summary_bg_mad": 0.10747980970460184,
  "summary_bg_mean": 2.8912458419799805,
  "summary_bg_median": 2.232347249984741,
  "summary_bg_n": 804647.0,
  "summary_bg_p05": 0.0,
  "summary_bg_p95": 9.342660617828368,
  "summary_bg_stdv": 4.168289661407471,
  "summary_csf_k": 0.32413332755060686,
  "summary_csf_mad": 102.12773356013925,
  "summary_csf_mean": 368.7054138183594,
  "summary_csf_median": 366.489013671875,
  "summary_csf_n": 29276.0,
  "summary_csf_p05": 211.23650741577148,
  "summary_csf_p95": 533.9953460693359,
  "summary_csf_stdv": 100.7749252319336,
  "summary_gm_k": 0.8744704938360433,
  "summary_gm_mad": 59.865041569357146,
  "summary_gm_mean": 700.3190307617188,
  "summary_gm_median": 695.03564453125,
  "summary_gm_n": 23377.0,
  "summary_gm_p05": 603.3934936523438,
  "summary_gm_p95": 818.4205078125001,
  "summary_gm_stdv": 65.4002685546875,
  "summary_wm_k": 1.3823196229430996,
  "summary_wm_mad": 48.19570247697382,
  "summary_wm_mean": 1001.097412109375,
  "summary_wm_median": 1000.008056640625,
  "summary_wm_n": 221774.0,
  "summary_wm_p05": 908.5013610839844,
  "summary_wm_p95": 1095.286376953125,
  "summary_wm_stdv": 56.583518981933594,
  "tpm_overlap_csf": 0.15434063971042633,
  "tpm_overlap_gm": 0.4484942853450775,
  "tpm_overlap_wm": 0.48141971230506897,
  "wm2max": 0.4610404773475259
}