{
  "bids_meta": {
    "AcquisitionDate": "'07-27-2023'",
    "AcquisitionDuration": 233.233,
    "AcquisitionMatrixPE": 256,
    "AcquisitionNumber": 2,
    "AcquisitionTime": "17:05:51.230000",
    "BodyPartExamined": "BRAIN",
    "CoilString": "MULTI COIL",
    "ConversionSoftware": "dcm2niix",
    "ConversionSoftwareVersion": "v1.0.20230411",
    "DeviceSerialNumber": "45051",
    "EchoTime": 0.004605,
    "EchoTrainLength": 128,
    "EstimatedEffectiveEchoSpacing": 1.79305e-05,
    "EstimatedTotalReadoutTime": 0.00457228,
    "FlipAngle": 8,
    "FrequencyEncodingSteps": 256,
    "ImageOrientationPatientDICOM": [
      0.999876,
      0.0156833,
      -0.00101504,
      -0.0156026,
      0.99833,
      0.0556232
    ],
    "ImageType": [
      "ORIGINAL",
      "PRIMARY",
      "T1",
      "NONE"
    ],
    "ImagingFrequency": 127.75044,
    "InPlanePhaseEncodingDirectionDICOM": "ROW",
    "InstitutionAddress": "1161 21ST AVE. SOUTH",
    "InstitutionName": "VANDERBILT INSTITUTE OF IMAGING",
    "InstitutionalDepartmentName": "MRI DEPT.",
    "MRAcquisitionType": "3D",
    "MTState": true,
    "MagneticFieldStrength": 3,
    "Manufacturer": "Philips",
    "ManufacturersModelName": "MR 7700",
    "Modality": "MR",
    "ParallelAcquisitionTechnique": "SENSE",
    "ParallelReductionFactorInPlane": 2,
    "PatientPosition": "HFS",
    "PercentPhaseFOV": 100,
    "PercentSampling": 100,
    "PhaseEncodingAxis": "i",
    "PhaseEncodingSteps": 256,
    "PhaseEncodingStepsOutOfPlane": 150,
    "PhilipsRescaleIntercept": 0,
    "PhilipsRescaleSlope": 3.49206,
    "PhilipsScaleSlope": 0.00602144,
    "PixelBandwidth": 217.014,
    "ProtocolName": "WIP AnatBrain_T1W3D",
    "PulseSequenceName": "T1TFE",
    "ReconMatrixPE": 256,
    "RepetitionTime": 0.008924,
    "ScanOptions": "SP",
    "ScanningSequence": "GR",
    "SequenceVariant": "MP",
    "SeriesDescription": "AnatBrain_T1W3D",
    "SeriesNumber": 201,
    "SliceThickness": 1,
    "SoftwareVersions": "5.9.0\\5.9.0.0",
    "SpacingBetweenSlices": 1,
    "SpoilingState": true,
    "SpoilingType": "COMBINED",
    "StationName": "PHILIPS-JJJ61LI",
    "UsePhilipsFloatNotDisplayScaling": 1,
    "WaterFatShift": 2.00149,
    "acq_id": "D1S0201",
    "dataset": "<unset>",
    "modality": "T1w",
    "session_id": "1",
    "subject_id": "1206"
  },
  "cjv": 0.3045892719725167,
  "cnr": 4.162235142119258,
  "efc": 0.6802694754860942,
  "fber": 49154.96875,
  "fwhm_avg": 4.5132233333333325,
  "fwhm_x": 4.40027,
  "fwhm_y": 4.65842,
  "fwhm_z": 4.48098,
  "icvs_csf": 0.21445724617334283,
  "icvs_gm": 0.42300802871512766,
  "icvs_wm": 0.3625347251115295,
  "inu_med": 2.07289981842041,
  "inu_range": 0.9114231407642361,
  "provenance": {
    "md5sum": "851809308a4ebf027c6453fd4d3a6454",
    "settings": {
      "testing": false
    },
    "software": "mriqc",
    "version": "0.15.2",
    "warnings": {
      "large_rot_frame": true,
      "small_air_mask": false
    },
    "webapi_port": null,
    "webapi_url": "https://mriqc.nimh.nih.gov/api/v1"
  },
  "qi_1": 0.01661112324584073,
  "qi_2": 9.811709545870645e-05,
  "rpve_csf": 20.47100371669019,
  "rpve_gm": 10.909514065396827,
  "rpve_wm": 15.003098831469465,
  "size_x": 256,
  "size_y": 256,
  "size_z": 150,
  "snr_csf": 3.215581413582752,
  "snr_gm": 10.609142871390352,
  "snr_total": 11.67211007951591,
  "snr_wm": 21.191605953574626,
  "snrd_csf": 54.345120388179396,
  "snrd_gm": 112.43544472260069,
  "snrd_total": 111.48650689014092,
  "snrd_wm": 167.67895555964265,
  "spacing_x": 1.0,
  "spacing_y": 1.0,
  "spacing_z": 1.0,
  "summary_bg_k": 6.746501448502711,
  "summary_bg_mad": 3.907078356420878,
  "summary_bg_mean": 5.482695579528809,
  "summary_bg_median": 2.6618990898132324,
  "summary_bg_n": 560254.0,
  "summary_bg_p05": 0.0,
  "summary_bg_p95": 19.5716890335083,
  "summary_bg_stdv": 6.644637584686279,
  "summary_csf_k": 33.99619607108108,
  "summary_csf_mad": 90.55040104769157,
  "summary_csf_mean": 334.9993591308594,
  "summary_csf_median": 324.1014404296875,
  "summary_csf_n": 22335.0,
  "summary_csf_p05": 194.92073211669924,
  "summary_csf_p95": 499.80840454101565,
  "summary_csf_stdv": 100.7886734008789,
  "summary_gm_k": 0.686228098557276,
  "summary_gm_mad": 58.67517727668563,
  "summary_gm_mean": 675.1732177734375,
  "summary_gm_median": 670.5383911132812,
  "summary_gm_n": 21185.0,
  "summary_gm_p05": 581.1918579101563,
  "summary_gm_p95": 787.2279907226563,
  "summary_gm_stdv": 63.20233154296875,
  "summary_wm_k": 1.9076040262891167,
  "summary_wm_mad": 41.67456928151559,
  "summary_wm_mean": 997.6961669921875,
  "summary_wm_median": 999.9976196289062,
  "summary_wm_n": 217083.0,
  "summary_wm_p05": 916.1783935546875,
  "summary_wm_p95": 1069.62080078125,
  "summary_wm_stdv": 47.18827438354492,
  "tpm_overlap_csf": 0.16382107138633728,
  "tpm_overlap_gm": 0.45811018347740173,
  "tpm_overlap_wm": 0.4978907108306885,
  "wm2max": 0.5953450011229426
}