{
	"Modality": "MR",
	"MagneticFieldStrength": 3,
	"ImagingFrequency": 127.750296,
	"Manufacturer": "Philips",
	"ManufacturersModelName": "MR 7700",
	"InstitutionName": "VANDERBILT INSTITUTE OF IMAGING",
	"InstitutionalDepartmentName": "MRI DEPT.",
	"InstitutionAddress": "1161 21ST AVE. SOUTH",
	"DeviceSerialNumber": "45051",
	"StationName": "PHILIPS-JJJ61LI",
	"BodyPartExamined": "BRAIN",
	"PatientPosition": "HFS",
	"SoftwareVersions": "5.9.0\\5.9.0.0",
	"MRAcquisitionType": "2D",
	"SeriesDescription": "DTI_opt64dir_MB2_APP",
	"ProtocolName": "WIP DTI_opt64dir_MB2_APP",
	"ScanningSequence": "SE",
	"SequenceVariant": "SK",
	"ScanOptions": "FS",
	"PulseSequenceName": "DwiSE",
	"ImageType": ["ORIGINAL", "PRIMARY", "DIFFUSION", "NONE"],
	"SeriesNumber": 701,
	"AcquisitionTime": "16:27:45.650000",
	"AcquisitionNumber": 7,
	"PhilipsRescaleSlope": 1.49475,
	"PhilipsRescaleIntercept": 0,
	"PhilipsScaleSlope": 0.0447453,
	"UsePhilipsFloatNotDisplayScaling": 1,
	"SliceThickness": 2,
	"SpacingBetweenSlices": 2,
	"EchoTime": 0.051176,
	"RepetitionTime": 3.33706,
	"MTState": false,
	"FlipAngle": 78,
	"CoilString": "MULTI COIL",
	"PercentPhaseFOV": 100,
	"PercentSampling": 98.2143,
	"EchoTrainLength": 55,
	"PartialFourierDirection": "PHASE",
	"PartialFourierEnabled": "YES",
	"PhaseEncodingStepsNoPartialFourier": 110,
	"FrequencyEncodingSteps": 112,
	"PhaseEncodingStepsOutOfPlane": 1,
	"AcquisitionMatrixPE": 110,
	"ReconMatrixPE": 112,
	"ParallelReductionFactorInPlane": 2,
	"ParallelAcquisitionTechnique": "MBSENSE",
	"ParallelReductionFactorOutOfPlane": 2,
	"WaterFatShift": 16.6875,
	"EstimatedEffectiveEchoSpacing": 0.000339939,
	"EstimatedTotalReadoutTime": 0.0377333,
	"AcquisitionDuration": 224.566,
	"PixelBandwidth": 2304.19,
	"PhaseEncodingAxis": "j",
	"ImageOrientationPatientDICOM": [
		0.996656,
		0.0781059,
		0.0239854,
		-0.0748217,
		0.990412,
		-0.116132	],
	"InPlanePhaseEncodingDirectionDICOM": "COL",
	"ConversionSoftware": "dcm2niix",
	"ConversionSoftwareVersion": "v1.0.20230411",
	"AcquisitionDate":"'10-22-2023'"
}
