{
  "bids_meta": {
    "AcquisitionDate": "'04-14-2024'",
    "AcquisitionDuration": 234.428,
    "AcquisitionMatrixPE": 256,
    "AcquisitionNumber": 2,
    "AcquisitionTime": "14:33:20.390000",
    "BodyPartExamined": "BRAIN",
    "CoilString": "MULTI COIL",
    "ConversionSoftware": "dcm2niix",
    "ConversionSoftwareVersion": "v1.0.20230411",
    "DeviceSerialNumber": "45051",
    "EchoTime": 0.004605,
    "EchoTrainLength": 128,
    "EstimatedEffectiveEchoSpacing": 1.79305e-05,
    "EstimatedTotalReadoutTime": 0.00457228,
    "FlipAngle": 8,
    "FrequencyEncodingSteps": 256,
    "ImageOrientationPatientDICOM": [
      0.995794,
      -0.0439958,
      0.0803632,
      0.0471659,
      0.998165,
      -0.0379838
    ],
    "ImageType": [
      "ORIGINAL",
      "PRIMARY",
      "T1",
      "NONE"
    ],
    "ImagingFrequency": 127.750296,
    "InPlanePhaseEncodingDirectionDICOM": "ROW",
    "InstitutionAddress": "1161 21ST AVE. SOUTH",
    "InstitutionName": "VANDERBILT INSTITUTE OF IMAGING",
    "InstitutionalDepartmentName": "MRI DEPT.",
    "MRAcquisitionType": "3D",
    "MTState": true,
    "MagneticFieldStrength": 3,
    "Manufacturer": "Philips",
    "ManufacturersModelName": "MR 7700",
    "Modality": "MR",
    "ParallelAcquisitionTechnique": "SENSE",
    "ParallelReductionFactorInPlane": 2,
    "PatientPosition": "HFS",
    "PercentPhaseFOV": 100,
    "PercentSampling": 100,
    "PhaseEncodingAxis": "i",
    "PhaseEncodingSteps": 256,
    "PhaseEncodingStepsOutOfPlane": 150,
    "PhilipsRescaleIntercept": 0,
    "PhilipsRescaleSlope": 2.44396,
    "PhilipsScaleSlope": 0.00669597,
    "PixelBandwidth": 217.014,
    "ProtocolName": "WIP AnatBrain_T1W3D",
    "PulseSequenceName": "T1TFE",
    "ReconMatrixPE": 256,
    "RepetitionTime": 0.0089717,
    "ScanOptions": "SP",
    "ScanningSequence": "GR",
    "SequenceVariant": "MP",
    "SeriesDescription": "AnatBrain_T1W3D",
    "SeriesNumber": 201,
    "SliceThickness": 1,
    "SoftwareVersions": "5.9.0\\5.9.0.0",
    "SpacingBetweenSlices": 1,
    "SpoilingState": true,
    "SpoilingType": "COMBINED",
    "StationName": "PHILIPS-JJJ61LI",
    "UsePhilipsFloatNotDisplayScaling": 1,
    "WaterFatShift": 2.00149,
    "acq_id": "D1S0201",
    "dataset": "<unset>",
    "modality": "T1w",
    "session_id": "1",
    "subject_id": "1211"
  },
  "cjv": 0.2703708850223528,
  "cnr": 4.634298653521764,
  "efc": 0.6341656244292445,
  "fber": 83392.6640625,
  "fwhm_avg": 4.678146666666667,
  "fwhm_x": 4.72814,
  "fwhm_y": 4.77595,
  "fwhm_z": 4.53035,
  "icvs_csf": 0.18427077129874098,
  "icvs_gm": 0.4507495726599959,
  "icvs_wm": 0.36497965604126315,
  "inu_med": 1.7913026809692383,
  "inu_range": 0.7137763500213623,
  "provenance": {
    "md5sum": "cb7584bdf174580d59f3ef4480d6cc07",
    "settings": {
      "testing": false
    },
    "software": "mriqc",
    "version": "0.15.2",
    "warnings": {
      "large_rot_frame": true,
      "small_air_mask": false
    },
    "webapi_port": null,
    "webapi_url": "https://mriqc.nimh.nih.gov/api/v1"
  },
  "qi_1": 0.014055287222658704,
  "qi_2": 4.459429169954433e-05,
  "rpve_csf": 22.247008390681085,
  "rpve_gm": 10.240269564459819,
  "rpve_wm": 14.545808698977382,
  "size_x": 256,
  "size_y": 256,
  "size_z": 150,
  "snr_csf": 3.489516172561785,
  "snr_gm": 11.981111029787854,
  "snr_total": 11.91356170850068,
  "snr_wm": 20.2700579231524,
  "snrd_csf": 73.13135870216826,
  "snrd_gm": 139.18292945128886,
  "snrd_total": 141.33949285249284,
  "snrd_wm": 211.70419040402138,
  "spacing_x": 1.0,
  "spacing_y": 1.0,
  "spacing_z": 1.0,
  "summary_bg_k": 18.583184687335955,
  "summary_bg_mad": 3.094578792608101,
  "summary_bg_mean": 3.137242317199707,
  "summary_bg_median": 2.1023194789886475,
  "summary_bg_n": 657970.0,
  "summary_bg_p05": 0.0,
  "summary_bg_p95": 11.292769050598142,
  "summary_bg_stdv": 4.371724605560303,
  "summary_csf_k": 8.208892176722657,
  "summary_csf_mad": 88.81243362773193,
  "summary_csf_mean": 356.3804626464844,
  "summary_csf_median": 345.440673828125,
  "summary_csf_n": 13129.0,
  "summary_csf_p05": 219.13483581542968,
  "summary_csf_p95": 522.8432617187494,
  "summary_csf_stdv": 98.9900894165039,
  "summary_gm_k": 0.6339283743145745,
  "summary_gm_mad": 50.80844502182931,
  "summary_gm_mean": 660.8952026367188,
  "summary_gm_median": 657.4395141601562,
  "summary_gm_n": 41359.0,
  "summary_gm_p05": 576.9575378417969,
  "summary_gm_p95": 755.0411254882812,
  "summary_gm_stdv": 54.872337341308594,
  "summary_wm_k": 1.8690458966900003,
  "summary_wm_mad": 41.80949115088765,
  "summary_wm_mean": 997.7193603515625,
  "summary_wm_median": 999.9983520507812,
  "summary_wm_n": 212009.0,
  "summary_wm_p05": 911.2008666992188,
  "summary_wm_p95": 1072.6827148437499,
  "summary_wm_stdv": 49.33365249633789,
  "tpm_overlap_csf": 0.14517441391944885,
  "tpm_overlap_gm": 0.458406001329422,
  "tpm_overlap_wm": 0.4883325695991516,
  "wm2max": 0.5393316615507585
}