{
  "bids_meta": {
    "AcquisitionDate": "'01-07-2023'",
    "AcquisitionDuration": 234.829,
    "AcquisitionMatrixPE": 256,
    "AcquisitionNumber": 2,
    "AcquisitionTime": "09:27:40.300000",
    "BodyPartExamined": "BRAIN",
    "CoilString": "MULTI COIL",
    "ConversionSoftware": "dcm2niix",
    "ConversionSoftwareVersion": "v1.0.20230411",
    "DeviceSerialNumber": "45051",
    "EchoTime": 0.004605,
    "EchoTrainLength": 128,
    "EstimatedEffectiveEchoSpacing": 1.79305e-05,
    "EstimatedTotalReadoutTime": 0.00457228,
    "FlipAngle": 8,
    "FrequencyEncodingSteps": 256,
    "ImageOrientationPatientDICOM": [
      0.998747,
      0.0482739,
      0.013192,
      -0.04623,
      0.990933,
      -0.12615
    ],
    "ImageType": [
      "ORIGINAL",
      "PRIMARY",
      "T1",
      "NONE"
    ],
    "ImagingFrequency": 127.750488,
    "InPlanePhaseEncodingDirectionDICOM": "ROW",
    "InstitutionAddress": "1161 21ST AVE. SOUTH",
    "InstitutionName": "VANDERBILT INSTITUTE OF IMAGING",
    "InstitutionalDepartmentName": "MRI DEPT.",
    "MRAcquisitionType": "3D",
    "MTState": true,
    "MagneticFieldStrength": 3,
    "Manufacturer": "Philips",
    "ManufacturersModelName": "Ingenia Elition X",
    "Modality": "MR",
    "ParallelAcquisitionTechnique": "SENSE",
    "ParallelReductionFactorInPlane": 2,
    "PatientPosition": "HFS",
    "PercentPhaseFOV": 100,
    "PercentSampling": 100,
    "PhaseEncodingAxis": "i",
    "PhaseEncodingSteps": 256,
    "PhaseEncodingStepsOutOfPlane": 150,
    "PhilipsRescaleIntercept": 0,
    "PhilipsRescaleSlope": 2.98095,
    "PhilipsScaleSlope": 0.00701221,
    "PixelBandwidth": 217.014,
    "ProtocolName": "WIP AnatBrain_T1W3D",
    "PulseSequenceName": "T1TFE",
    "ReconMatrixPE": 256,
    "RepetitionTime": 0.0089857,
    "ScanOptions": "SP",
    "ScanningSequence": "GR",
    "SequenceVariant": "MP",
    "SeriesDescription": "AnatBrain_T1W3D",
    "SeriesNumber": 201,
    "SliceThickness": 1,
    "SoftwareVersions": "5.7.1\\5.7.1.2",
    "SpacingBetweenSlices": 1,
    "SpoilingState": true,
    "SpoilingType": "COMBINED",
    "StationName": "PHILIPS-JJJ61LI",
    "UsePhilipsFloatNotDisplayScaling": 1,
    "WaterFatShift": 2.00149,
    "acq_id": "D1S0201",
    "dataset": "<unset>",
    "modality": "T1w",
    "session_id": "1",
    "subject_id": "1122"
  },
  "cjv": 0.2818183029256284,
  "cnr": 4.299321204464716,
  "efc": 0.722723846061726,
  "fber": 13146.8447265625,
  "fwhm_avg": 4.747803333333333,
  "fwhm_x": 4.76995,
  "fwhm_y": 5.00627,
  "fwhm_z": 4.46719,
  "icvs_csf": 0.18379411275954735,
  "icvs_gm": 0.47197261663233103,
  "icvs_wm": 0.3442332706081216,
  "inu_med": 1.962125301361084,
  "inu_range": 0.8459299564361573,
  "provenance": {
    "md5sum": "61df4337a1cf8cbeb64a5e4b5e6db6a5",
    "settings": {
      "testing": false
    },
    "software": "mriqc",
    "version": "0.15.2",
    "warnings": {
      "large_rot_frame": true,
      "small_air_mask": true
    },
    "webapi_port": null,
    "webapi_url": "https://mriqc.nimh.nih.gov/api/v1"
  },
  "qi_1": 0.0,
  "qi_2": 6.430392188816118e-05,
  "rpve_csf": 22.476652039325312,
  "rpve_gm": 9.924484600553205,
  "rpve_wm": 14.779702402735744,
  "size_x": 256,
  "size_y": 256,
  "size_z": 150,
  "snr_csf": 3.5290551888133095,
  "snr_gm": 12.801106797661932,
  "snr_total": 10.944144965119762,
  "snr_wm": 16.50227290888404,
  "snrd_csf": 58.53845082359044,
  "snrd_gm": 102.63974257088698,
  "snrd_total": 105.8790206035231,
  "snrd_wm": 156.45886841609192,
  "spacing_x": 1.0,
  "spacing_y": 1.0,
  "spacing_z": 1.0,
  "summary_bg_k": 27.141670018962376,
  "summary_bg_mad": 4.187275698595066,
  "summary_bg_mean": 7.586558818817139,
  "summary_bg_median": 2.8242745399475098,
  "summary_bg_n": 270259.0,
  "summary_bg_p05": 0.0,
  "summary_bg_p95": 25.87290802001952,
  "summary_bg_stdv": 10.154247283935547,
  "summary_csf_k": 3.1384400224245903,
  "summary_csf_mad": 95.77715300941541,
  "summary_csf_mean": 381.4480285644531,
  "summary_csf_median": 374.1459655761719,
  "summary_csf_n": 19269.0,
  "summary_csf_p05": 226.9138916015625,
  "summary_csf_p95": 553.426611328125,
  "summary_csf_stdv": 106.01598358154297,
  "summary_gm_k": 0.8169786509888923,
  "summary_gm_mad": 47.98368239653201,
  "summary_gm_mean": 659.0487060546875,
  "summary_gm_median": 656.0174560546875,
  "summary_gm_n": 54666.0,
  "summary_gm_p05": 580.2708282470703,
  "summary_gm_p95": 747.1728668212891,
  "summary_gm_stdv": 51.246463775634766,
  "summary_wm_k": 1.9234388032761789,
  "summary_wm_mad": 48.956911575000504,
  "summary_wm_mean": 995.4312133789062,
  "summary_wm_median": 1000.0000610351562,
  "summary_wm_n": 199141.0,
  "summary_wm_p05": 880.966552734375,
  "summary_wm_p95": 1085.0552978515625,
  "summary_wm_stdv": 60.597564697265625,
  "tpm_overlap_csf": 0.14184223115444183,
  "tpm_overlap_gm": 0.4643003046512604,
  "tpm_overlap_wm": 0.4811941087245941,
  "wm2max": 0.5431698610548686
}