{
  "bids_meta": {
    "AcquisitionDate": "'07-08-2024'",
    "AcquisitionDuration": 235.033,
    "AcquisitionMatrixPE": 256,
    "AcquisitionNumber": 2,
    "AcquisitionTime": "17:04:43.520000",
    "BodyPartExamined": "BRAIN",
    "CoilString": "MULTI COIL",
    "ConversionSoftware": "dcm2niix",
    "ConversionSoftwareVersion": "v1.0.20230411",
    "DeviceSerialNumber": "45051",
    "EchoTime": 0.004605,
    "EchoTrainLength": 128,
    "EstimatedEffectiveEchoSpacing": 1.79305e-05,
    "EstimatedTotalReadoutTime": 0.00457228,
    "FlipAngle": 8,
    "FrequencyEncodingSteps": 256,
    "ImageOrientationPatientDICOM": [
      0.996611,
      0.0578513,
      -0.0584749,
      -0.063383,
      0.9932,
      -0.0976529
    ],
    "ImageType": [
      "ORIGINAL",
      "PRIMARY",
      "T1",
      "NONE"
    ],
    "ImagingFrequency": 127.750416,
    "InPlanePhaseEncodingDirectionDICOM": "ROW",
    "InstitutionAddress": "1161 21ST AVE. SOUTH",
    "InstitutionName": "VANDERBILT INSTITUTE OF IMAGING",
    "InstitutionalDepartmentName": "MRI DEPT.",
    "MRAcquisitionType": "3D",
    "MTState": true,
    "MagneticFieldStrength": 3,
    "Manufacturer": "Philips",
    "ManufacturersModelName": "MR 7700",
    "Modality": "MR",
    "ParallelAcquisitionTechnique": "SENSE",
    "ParallelReductionFactorInPlane": 2,
    "PatientPosition": "HFS",
    "PercentPhaseFOV": 100,
    "PercentSampling": 100,
    "PhaseEncodingAxis": "i",
    "PhaseEncodingSteps": 256,
    "PhaseEncodingStepsOutOfPlane": 150,
    "PhilipsRescaleIntercept": 0,
    "PhilipsRescaleSlope": 3.14945,
    "PhilipsScaleSlope": 0.00704421,
    "PixelBandwidth": 217.014,
    "ProtocolName": "WIP AnatBrain_T1W3D",
    "PulseSequenceName": "T1TFE",
    "ReconMatrixPE": 256,
    "RepetitionTime": 0.0089946,
    "ScanOptions": "SP",
    "ScanningSequence": "GR",
    "SequenceVariant": "MP",
    "SeriesDescription": "AnatBrain_T1W3D",
    "SeriesNumber": 201,
    "SliceThickness": 1,
    "SoftwareVersions": "5.9.0\\5.9.0.0",
    "SpacingBetweenSlices": 1,
    "SpoilingState": true,
    "SpoilingType": "COMBINED",
    "StationName": "PHILIPS-JJJ61LI",
    "UsePhilipsFloatNotDisplayScaling": 1,
    "WaterFatShift": 2.00149,
    "acq_id": "D1S0201",
    "dataset": "<unset>",
    "modality": "T1w",
    "session_id": "1",
    "subject_id": "1231"
  },
  "cjv": 0.3185787702252192,
  "cnr": 4.0161488197227095,
  "efc": 0.6400714069333526,
  "fber": 56178.68359375,
  "fwhm_avg": 3.9274399999999994,
  "fwhm_x": 3.80333,
  "fwhm_y": 4.1792,
  "fwhm_z": 3.79979,
  "icvs_csf": 0.22293204359852287,
  "icvs_gm": 0.4233070309770927,
  "icvs_wm": 0.35376092542438436,
  "inu_med": 2.364027500152588,
  "inu_range": 0.7818546295166016,
  "provenance": {
    "md5sum": "29176945d4b1358142807f0b853cd3d6",
    "settings": {
      "testing": false
    },
    "software": "mriqc",
    "version": "0.15.2",
    "warnings": {
      "large_rot_frame": true,
      "small_air_mask": false
    },
    "webapi_port": null,
    "webapi_url": "https://mriqc.nimh.nih.gov/api/v1"
  },
  "qi_1": 0.0,
  "qi_2": 6.117475738369888e-05,
  "rpve_csf": 26.346389826894164,
  "rpve_gm": 14.359515014352281,
  "rpve_wm": 19.927082504168784,
  "size_x": 256,
  "size_y": 256,
  "size_z": 150,
  "snr_csf": 2.8189196415733067,
  "snr_gm": 10.849506949615074,
  "snr_total": 11.389885551694013,
  "snr_wm": 20.501230063893654,
  "snrd_csf": 64.15119017757789,
  "snrd_gm": 129.09525019101164,
  "snrd_total": 127.76854358912813,
  "snrd_wm": 190.0591903987949,
  "spacing_x": 1.0,
  "spacing_y": 1.0,
  "spacing_z": 1.0,
  "summary_bg_k": 26.794196307482235,
  "summary_bg_mad": 3.4470060437322187,
  "summary_bg_mean": 7.332186698913574,
  "summary_bg_median": 4.43914270401001,
  "summary_bg_n": 664235.0,
  "summary_bg_p05": 0.0,
  "summary_bg_p95": 24.00189418792724,
  "summary_bg_stdv": 8.975000381469727,
  "summary_csf_k": 182.04170868515266,
  "summary_csf_mad": 82.28306576418996,
  "summary_csf_mean": 351.5252685546875,
  "summary_csf_median": 337.5320739746094,
  "summary_csf_n": 24843.0,
  "summary_csf_p05": 220.57574005126955,
  "summary_csf_p95": 524.1007202148437,
  "summary_csf_stdv": 119.73568725585938,
  "summary_gm_k": 0.15466184412716144,
  "summary_gm_mad": 62.243231810113116,
  "summary_gm_mean": 681.3326416015625,
  "summary_gm_median": 679.23583984375,
  "summary_gm_n": 14460.0,
  "summary_gm_p05": 584.5434814453125,
  "summary_gm_p95": 787.2949737548827,
  "summary_gm_stdv": 62.60306167602539,
  "summary_wm_k": 2.2712742510283848,
  "summary_wm_mad": 39.9448365296397,
  "summary_wm_mean": 997.1138305664062,
  "summary_wm_median": 999.9981689453125,
  "summary_wm_n": 146848.0,
  "summary_wm_p05": 910.3316162109375,
  "summary_wm_p95": 1069.134912109375,
  "summary_wm_stdv": 48.777305603027344,
  "tpm_overlap_csf": 0.1624068170785904,
  "tpm_overlap_gm": 0.4441682994365692,
  "tpm_overlap_wm": 0.48989740014076233,
  "wm2max": 0.6153459164254099
}