{
  "bids_meta": {
    "AcquisitionDate": "'03-22-2024'",
    "AcquisitionDuration": 233.809,
    "AcquisitionMatrixPE": 256,
    "AcquisitionNumber": 2,
    "AcquisitionTime": "18:24:25.730000",
    "BodyPartExamined": "BRAIN",
    "CoilString": "MULTI COIL",
    "ConversionSoftware": "dcm2niix",
    "ConversionSoftwareVersion": "v1.0.20230411",
    "DeviceSerialNumber": "45051",
    "EchoTime": 0.004605,
    "EchoTrainLength": 128,
    "EstimatedEffectiveEchoSpacing": 1.79305e-05,
    "EstimatedTotalReadoutTime": 0.00457228,
    "FlipAngle": 8,
    "FrequencyEncodingSteps": 256,
    "ImageOrientationPatientDICOM": [
      0.998933,
      0.045208,
      -0.00945465,
      -0.044444,
      0.99659,
      0.0695203
    ],
    "ImageType": [
      "ORIGINAL",
      "PRIMARY",
      "T1",
      "NONE"
    ],
    "ImagingFrequency": 127.750224,
    "InPlanePhaseEncodingDirectionDICOM": "ROW",
    "InstitutionAddress": "1161 21ST AVE. SOUTH",
    "InstitutionName": "VANDERBILT INSTITUTE OF IMAGING",
    "InstitutionalDepartmentName": "MRI DEPT.",
    "MRAcquisitionType": "3D",
    "MTState": true,
    "MagneticFieldStrength": 3,
    "Manufacturer": "Philips",
    "ManufacturersModelName": "MR 7700",
    "Modality": "MR",
    "ParallelAcquisitionTechnique": "SENSE",
    "ParallelReductionFactorInPlane": 2,
    "PatientPosition": "HFS",
    "PercentPhaseFOV": 100,
    "PercentSampling": 100,
    "PhaseEncodingAxis": "i",
    "PhaseEncodingSteps": 256,
    "PhaseEncodingStepsOutOfPlane": 150,
    "PhilipsRescaleIntercept": 0,
    "PhilipsRescaleSlope": 2.12064,
    "PhilipsScaleSlope": 0.00612001,
    "PixelBandwidth": 217.014,
    "ProtocolName": "WIP AnatBrain_T1W3D",
    "PulseSequenceName": "T1TFE",
    "ReconMatrixPE": 256,
    "RepetitionTime": 0.0089466,
    "ScanOptions": "SP",
    "ScanningSequence": "GR",
    "SequenceVariant": "MP",
    "SeriesDescription": "AnatBrain_T1W3D",
    "SeriesNumber": 201,
    "SliceThickness": 1,
    "SoftwareVersions": "5.9.0\\5.9.0.0",
    "SpacingBetweenSlices": 1,
    "SpoilingState": true,
    "SpoilingType": "COMBINED",
    "StationName": "PHILIPS-JJJ61LI",
    "UsePhilipsFloatNotDisplayScaling": 1,
    "WaterFatShift": 2.00149,
    "acq_id": "D1S0201",
    "dataset": "<unset>",
    "modality": "T1w",
    "session_id": "1",
    "subject_id": "1205"
  },
  "cjv": 0.31664743505508214,
  "cnr": 3.964530138680568,
  "efc": 0.6187240813477081,
  "fber": 89010.40625,
  "fwhm_avg": 4.445049999999999,
  "fwhm_x": 4.3958,
  "fwhm_y": 4.66093,
  "fwhm_z": 4.27842,
  "icvs_csf": 0.1848501697502782,
  "icvs_gm": 0.4354609782651629,
  "icvs_wm": 0.3796888519845589,
  "inu_med": 1.78196120262146,
  "inu_range": 0.7842142522335054,
  "provenance": {
    "md5sum": "b28b948f13145590565b50853d0093df",
    "settings": {
      "testing": false
    },
    "software": "mriqc",
    "version": "0.15.2",
    "warnings": {
      "large_rot_frame": true,
      "small_air_mask": false
    },
    "webapi_port": null,
    "webapi_url": "https://mriqc.nimh.nih.gov/api/v1"
  },
  "qi_1": 0.02282591134867573,
  "qi_2": 8.710704696211267e-05,
  "rpve_csf": 19.417628998395948,
  "rpve_gm": 9.089977431927208,
  "rpve_wm": 12.30780072571952,
  "size_x": 256,
  "size_y": 256,
  "size_z": 150,
  "snr_csf": 1.5419765486425445,
  "snr_gm": 10.613684358315222,
  "snr_total": 10.864533091337785,
  "snr_wm": 20.437938367055587,
  "snrd_csf": 73.04906002634236,
  "snrd_gm": 142.16379951942403,
  "snrd_total": 141.44048235994345,
  "snrd_wm": 209.10858753406393,
  "spacing_x": 1.0,
  "spacing_y": 1.0,
  "spacing_z": 1.0,
  "summary_bg_k": 15.355603610853422,
  "summary_bg_mad": 3.1329914548960525,
  "summary_bg_mean": 3.465147018432617,
  "summary_bg_median": 2.12742280960083,
  "summary_bg_n": 979155.0,
  "summary_bg_p05": 0.0,
  "summary_bg_p95": 13.571068763732907,
  "summary_bg_stdv": 4.89868688583374,
  "summary_csf_k": 64.12574422860013,
  "summary_csf_mad": 99.91054917859203,
  "summary_csf_mean": 386.9403076171875,
  "summary_csf_median": 349.33502197265625,
  "summary_csf_n": 18757.0,
  "summary_csf_p05": 226.9837829589844,
  "summary_csf_p95": 572.8441040039064,
  "summary_csf_stdv": 226.5441131591797,
  "summary_gm_k": 0.8556773546193162,
  "summary_gm_mad": 58.64047403261844,
  "summary_gm_mean": 685.4124145507812,
  "summary_gm_median": 679.8553466796875,
  "summary_gm_n": 34400.0,
  "summary_gm_p05": 590.7137603759766,
  "summary_gm_p95": 800.9403503417968,
  "summary_gm_stdv": 64.05367279052734,
  "summary_wm_k": 1.0428752759464022,
  "summary_wm_mad": 42.732045448840815,
  "summary_wm_mean": 998.83349609375,
  "summary_wm_median": 999.99853515625,
  "summary_wm_n": 258239.0,
  "summary_wm_p05": 914.6996520996094,
  "summary_wm_p95": 1076.9683715820313,
  "summary_wm_stdv": 48.92844772338867,
  "tpm_overlap_csf": 0.16324275732040405,
  "tpm_overlap_gm": 0.4502561390399933,
  "tpm_overlap_wm": 0.5002694129943848,
  "wm2max": 0.5087064414836973
}