{
  "bids_meta": {
    "AcquisitionDate": "06-29-2021",
    "AcquisitionDuration": 233.012,
    "AcquisitionMatrixPE": 256,
    "AcquisitionNumber": 2,
    "AcquisitionTime": "17:06:51.090000",
    "BodyPartExamined": "BRAIN",
    "CoilString": "MULTI COIL",
    "ConversionSoftware": "dcm2niix",
    "ConversionSoftwareVersion": "v1.0.20230411",
    "DeviceSerialNumber": "45051",
    "EchoTime": 0.004605,
    "EchoTrainLength": 128,
    "EstimatedEffectiveEchoSpacing": 1.79305e-05,
    "EstimatedTotalReadoutTime": 0.00457228,
    "FlipAngle": 8,
    "FrequencyEncodingSteps": 256,
    "ImageOrientationPatientDICOM": [
      0.997148,
      0.0742572,
      -0.0135016,
      -0.0740468,
      0.997135,
      0.0154663
    ],
    "ImageType": [
      "ORIGINAL",
      "PRIMARY",
      "T1",
      "NONE"
    ],
    "ImagingFrequency": 127.750648,
    "InPlanePhaseEncodingDirectionDICOM": "ROW",
    "InstitutionAddress": "1161 21ST AVE. SOUTH",
    "InstitutionName": "VANDERBILT INSTITUTE OF IMAGING",
    "InstitutionalDepartmentName": "MRI DEPT.",
    "MRAcquisitionType": "3D",
    "MTState": true,
    "MagneticFieldStrength": 3,
    "Manufacturer": "Philips",
    "ManufacturersModelName": "Ingenia Elition X",
    "Modality": "MR",
    "ParallelAcquisitionTechnique": "SENSE",
    "ParallelReductionFactorInPlane": 2,
    "PatientPosition": "HFS",
    "PercentPhaseFOV": 100,
    "PercentSampling": 100,
    "PhaseEncodingAxis": "i",
    "PhaseEncodingSteps": 256,
    "PhaseEncodingStepsOutOfPlane": 150,
    "PhilipsRescaleIntercept": 0,
    "PhilipsRescaleSlope": 3.43712,
    "PhilipsScaleSlope": 0.00718547,
    "PixelBandwidth": 217.014,
    "ProtocolName": "WIP AnatBrain_T1W3D",
    "PulseSequenceName": "T1TFE",
    "ReconMatrixPE": 256,
    "RepetitionTime": 0.0089161,
    "ScanOptions": "SP",
    "ScanningSequence": "GR",
    "SequenceVariant": "MP",
    "SeriesDescription": "AnatBrain_T1W3D",
    "SeriesNumber": 201,
    "SliceThickness": 1,
    "SoftwareVersions": "5.6.1\\5.6.1.0",
    "SpacingBetweenSlices": 1,
    "SpoilingState": true,
    "SpoilingType": "COMBINED",
    "StationName": "PHILIPS-JJJ61LI",
    "UsePhilipsFloatNotDisplayScaling": 1,
    "WaterFatShift": 2.0015,
    "acq_id": "D1S0201",
    "dataset": "<unset>",
    "modality": "T1w",
    "session_id": "1",
    "subject_id": "1002"
  },
  "cjv": 0.3184394068067772,
  "cnr": 3.9663840187907136,
  "efc": 0.6810153727574114,
  "fber": 12019.052734375,
  "fwhm_avg": 4.3557266666666665,
  "fwhm_x": 4.36641,
  "fwhm_y": 4.52585,
  "fwhm_z": 4.17492,
  "icvs_csf": 0.2086496661055285,
  "icvs_gm": 0.4276261391743795,
  "icvs_wm": 0.363724194720092,
  "inu_med": 2.0937819480895996,
  "inu_range": 0.7899466931819914,
  "provenance": {
    "md5sum": "c272f29a797cabf193ef8d9bdb9e8bb7",
    "settings": {
      "testing": false
    },
    "software": "mriqc",
    "version": "0.15.2",
    "warnings": {
      "large_rot_frame": true,
      "small_air_mask": false
    },
    "webapi_port": null,
    "webapi_url": "https://mriqc.nimh.nih.gov/api/v1"
  },
  "qi_1": 0.0,
  "qi_2": 0.0001505995684895483,
  "rpve_csf": 22.430416927553313,
  "rpve_gm": 11.673676761138298,
  "rpve_wm": 16.096417641407587,
  "size_x": 256,
  "size_y": 256,
  "size_z": 150,
  "snr_csf": 3.255631820740958,
  "snr_gm": 10.984367262441435,
  "snr_total": 11.793953725792827,
  "snr_wm": 21.141862094196085,
  "snrd_csf": 49.91820496388506,
  "snrd_gm": 106.7673678746152,
  "snrd_total": 104.03800500405987,
  "snrd_wm": 155.42844217367934,
  "spacing_x": 1.0,
  "spacing_y": 1.0,
  "spacing_z": 1.0,
  "summary_bg_k": 13.177189689650891,
  "summary_bg_mad": 4.214988523876887,
  "summary_bg_mean": 8.000059127807617,
  "summary_bg_median": 5.391041278839111,
  "summary_bg_n": 522239.0,
  "summary_bg_p05": 0.0,
  "summary_bg_p95": 25.509419059753405,
  "summary_bg_stdv": 9.082193374633789,
  "summary_csf_k": 22.46090278125359,
  "summary_csf_mad": 75.56583887930903,
  "summary_csf_mean": 338.9267578125,
  "summary_csf_median": 321.16162109375,
  "summary_csf_n": 21351.0,
  "summary_csf_p05": 219.12586212158203,
  "summary_csf_p95": 510.5088348388672,
  "summary_csf_stdv": 98.64570617675781,
  "summary_gm_k": 0.6929660745145614,
  "summary_gm_mad": 57.949531085877744,
  "summary_gm_mean": 689.3209838867188,
  "summary_gm_median": 686.9153442382812,
  "summary_gm_n": 23059.0,
  "summary_gm_p05": 590.4990417480469,
  "summary_gm_p95": 796.3423583984375,
  "summary_gm_stdv": 62.534366607666016,
  "summary_wm_k": 1.4109220638445041,
  "summary_wm_mad": 41.74542362337898,
  "summary_wm_mean": 997.9264526367188,
  "summary_wm_median": 999.9888916015625,
  "summary_wm_n": 210045.0,
  "summary_wm_p05": 915.3475830078125,
  "summary_wm_p95": 1070.1177001953124,
  "summary_wm_stdv": 47.298885345458984,
  "tpm_overlap_csf": 0.1703040450811386,
  "tpm_overlap_gm": 0.45217975974082947,
  "tpm_overlap_wm": 0.5200652480125427,
  "wm2max": 0.5851729286744819
}