{
  "bids_meta": {
    "AcquisitionDate": "'09-26-2024'",
    "AcquisitionDuration": 234.247,
    "AcquisitionMatrixPE": 256,
    "AcquisitionNumber": 2,
    "AcquisitionTime": "18:59:32.850000",
    "BodyPartExamined": "BRAIN",
    "CoilString": "MULTI COIL",
    "ConversionSoftware": "dcm2niix",
    "ConversionSoftwareVersion": "v1.0.20230411",
    "DeviceSerialNumber": "45051",
    "EchoTime": 0.004605,
    "EchoTrainLength": 128,
    "EstimatedEffectiveEchoSpacing": 1.79305e-05,
    "EstimatedTotalReadoutTime": 0.00457228,
    "FlipAngle": 8,
    "FrequencyEncodingSteps": 256,
    "ImageOrientationPatientDICOM": [
      0.995553,
      0.0599355,
      -0.072676,
      -0.0581516,
      0.997958,
      0.0264205
    ],
    "ImageType": [
      "ORIGINAL",
      "PRIMARY",
      "T1",
      "NONE"
    ],
    "ImagingFrequency": 127.750336,
    "InPlanePhaseEncodingDirectionDICOM": "ROW",
    "InstitutionAddress": "1161 21ST AVE. SOUTH",
    "InstitutionName": "VANDERBILT INSTITUTE OF IMAGING",
    "InstitutionalDepartmentName": "MRI DEPT.",
    "MRAcquisitionType": "3D",
    "MTState": true,
    "MagneticFieldStrength": 3,
    "Manufacturer": "Philips",
    "ManufacturersModelName": "MR 7700",
    "Modality": "MR",
    "ParallelAcquisitionTechnique": "SENSE",
    "ParallelReductionFactorInPlane": 2,
    "PatientPosition": "HFS",
    "PercentPhaseFOV": 100,
    "PercentSampling": 100,
    "PhaseEncodingAxis": "i",
    "PhaseEncodingSteps": 256,
    "PhaseEncodingStepsOutOfPlane": 150,
    "PhilipsRescaleIntercept": 0,
    "PhilipsRescaleSlope": 2.17265,
    "PhilipsScaleSlope": 0.00646977,
    "PixelBandwidth": 217.014,
    "ProtocolName": "WIP AnatBrain_T1W3D",
    "PulseSequenceName": "T1TFE",
    "ReconMatrixPE": 256,
    "RepetitionTime": 0.0089646,
    "ScanOptions": "SP",
    "ScanningSequence": "GR",
    "SequenceVariant": "MP",
    "SeriesDescription": "AnatBrain_T1W3D",
    "SeriesNumber": 201,
    "SliceThickness": 1,
    "SoftwareVersions": "5.9.0\\5.9.0.0",
    "SpacingBetweenSlices": 1,
    "SpoilingState": true,
    "SpoilingType": "COMBINED",
    "StationName": "PHILIPS-JJJ61LI",
    "UsePhilipsFloatNotDisplayScaling": 1,
    "WaterFatShift": 2.00149,
    "acq_id": "D1S0201",
    "dataset": "<unset>",
    "modality": "T1w",
    "session_id": "1",
    "subject_id": "1265"
  },
  "cjv": 0.3057779473502907,
  "cnr": 4.2197071246993145,
  "efc": 0.6415741916241597,
  "fber": 74043.078125,
  "fwhm_avg": 4.7110666666666665,
  "fwhm_x": 4.73041,
  "fwhm_y": 4.97794,
  "fwhm_z": 4.42485,
  "icvs_csf": 0.1953634315987667,
  "icvs_gm": 0.441954551783452,
  "icvs_wm": 0.36268201661778127,
  "inu_med": 1.9319359064102173,
  "inu_range": 0.7592155992984766,
  "provenance": {
    "md5sum": "e2896cfb6a16d9f10032a7789c0df662",
    "settings": {
      "testing": false
    },
    "software": "mriqc",
    "version": "0.15.2",
    "warnings": {
      "large_rot_frame": true,
      "small_air_mask": false
    },
    "webapi_port": null,
    "webapi_url": "https://mriqc.nimh.nih.gov/api/v1"
  },
  "qi_1": 0.023175412844761677,
  "qi_2": 3.599630376850521e-05,
  "rpve_csf": 23.29236438947162,
  "rpve_gm": 11.231584951343297,
  "rpve_wm": 15.526712542809584,
  "size_x": 256,
  "size_y": 256,
  "size_z": 150,
  "snr_csf": 3.6350185009718228,
  "snr_gm": 11.471264792768862,
  "snr_total": 10.566764889230823,
  "snr_wm": 16.59401137395178,
  "snrd_csf": 68.55528236663837,
  "snrd_gm": 128.93762251874753,
  "snrd_total": 131.99072859070273,
  "snrd_wm": 198.47928088672228,
  "spacing_x": 1.0,
  "spacing_y": 1.0,
  "spacing_z": 1.0,
  "summary_bg_k": 15.625899914007327,
  "summary_bg_mad": 3.3007784727809004,
  "summary_bg_mean": 5.110003471374512,
  "summary_bg_median": 2.2263412475585938,
  "summary_bg_n": 640996.0,
  "summary_bg_p05": 0.0,
  "summary_bg_p95": 20.27583885192871,
  "summary_bg_stdv": 7.474394798278809,
  "summary_csf_k": 1.5526827702344024,
  "summary_csf_mad": 90.19167266361498,
  "summary_csf_mean": 350.5669860839844,
  "summary_csf_median": 345.402587890625,
  "summary_csf_n": 17332.0,
  "summary_csf_p05": 211.09794387817385,
  "summary_csf_p95": 510.75122833251964,
  "summary_csf_stdv": 95.01811981201172,
  "summary_gm_k": 0.36426356677357674,
  "summary_gm_mad": 54.213977974175485,
  "summary_gm_mean": 650.1796875,
  "summary_gm_median": 649.6273803710938,
  "summary_gm_n": 27455.0,
  "summary_gm_p05": 557.9266845703125,
  "summary_gm_p95": 744.00703125,
  "summary_gm_stdv": 56.62981033325195,
  "summary_wm_k": 1.023287888227249,
  "summary_wm_mad": 52.92213048446687,
  "summary_wm_mean": 998.3715209960938,
  "summary_wm_median": 999.9996337890625,
  "summary_wm_n": 185584.0,
  "summary_wm_p05": 892.5830474853516,
  "summary_wm_p95": 1093.629345703125,
  "summary_wm_stdv": 60.26251983642578,
  "tpm_overlap_csf": 0.16163042187690735,
  "tpm_overlap_gm": 0.4521683156490326,
  "tpm_overlap_wm": 0.485291063785553,
  "wm2max": 0.5253558461466478
}