{
  "bids_meta": {
    "AcquisitionDate": "'10-04-2021'",
    "AcquisitionDuration": 236.356,
    "AcquisitionMatrixPE": 256,
    "AcquisitionNumber": 2,
    "AcquisitionTime": "15:17:57.190000",
    "BodyPartExamined": "BRAIN",
    "CoilString": "MULTI COIL",
    "ConversionSoftware": "dcm2niix",
    "ConversionSoftwareVersion": "v1.0.20230411",
    "DeviceSerialNumber": "45051",
    "EchoTime": 0.004605,
    "EchoTrainLength": 128,
    "EstimatedEffectiveEchoSpacing": 1.79305e-05,
    "EstimatedTotalReadoutTime": 0.00457228,
    "FlipAngle": 8,
    "FrequencyEncodingSteps": 256,
    "ImageOrientationPatientDICOM": [
      0.991254,
      0.127338,
      0.0346393,
      -0.119095,
      0.976276,
      -0.180833
    ],
    "ImageType": [
      "ORIGINAL",
      "PRIMARY",
      "T1",
      "NONE"
    ],
    "ImagingFrequency": 127.750712,
    "InPlanePhaseEncodingDirectionDICOM": "ROW",
    "InstitutionAddress": "1161 21ST AVE. SOUTH",
    "InstitutionName": "VANDERBILT INSTITUTE OF IMAGING",
    "InstitutionalDepartmentName": "MRI DEPT.",
    "MRAcquisitionType": "3D",
    "MTState": true,
    "MagneticFieldStrength": 3,
    "Manufacturer": "Philips",
    "ManufacturersModelName": "Ingenia Elition X",
    "Modality": "MR",
    "ParallelAcquisitionTechnique": "SENSE",
    "ParallelReductionFactorInPlane": 2,
    "PatientPosition": "HFS",
    "PercentPhaseFOV": 100,
    "PercentSampling": 100,
    "PhaseEncodingAxis": "i",
    "PhaseEncodingSteps": 256,
    "PhaseEncodingStepsOutOfPlane": 150,
    "PhilipsRescaleIntercept": 0,
    "PhilipsRescaleSlope": 3.53114,
    "PhilipsScaleSlope": 0.0074359,
    "PixelBandwidth": 217.014,
    "ProtocolName": "WIP AnatBrain_T1W3D",
    "PulseSequenceName": "T1TFE",
    "ReconMatrixPE": 256,
    "RepetitionTime": 0.0090454,
    "ScanOptions": "SP",
    "ScanningSequence": "GR",
    "SequenceVariant": "MP",
    "SeriesDescription": "AnatBrain_T1W3D",
    "SeriesNumber": 201,
    "SliceThickness": 1,
    "SoftwareVersions": "5.6.1\\5.6.1.0",
    "SpacingBetweenSlices": 1,
    "SpoilingState": true,
    "SpoilingType": "COMBINED",
    "StationName": "PHILIPS-JJJ61LI",
    "UsePhilipsFloatNotDisplayScaling": 1,
    "WaterFatShift": 2.0015,
    "acq_id": "D1S0201",
    "dataset": "<unset>",
    "modality": "T1w",
    "session_id": "1",
    "subject_id": "1078"
  },
  "cjv": 0.2646663253487926,
  "cnr": 4.804625624022407,
  "efc": 0.7138631063266382,
  "fber": 46767.1875,
  "fwhm_avg": 4.918243333333334,
  "fwhm_x": 4.81879,
  "fwhm_y": 5.15444,
  "fwhm_z": 4.7815,
  "icvs_csf": 0.2138535975288897,
  "icvs_gm": 0.4202486573874175,
  "icvs_wm": 0.36589774508369277,
  "inu_med": 1.8055639266967773,
  "inu_range": 0.8247558832168576,
  "provenance": {
    "md5sum": "dd7a890a3e330e938bd625f945c25952",
    "settings": {
      "testing": false
    },
    "software": "mriqc",
    "version": "0.15.2",
    "warnings": {
      "large_rot_frame": true,
      "small_air_mask": false
    },
    "webapi_port": null,
    "webapi_url": "https://mriqc.nimh.nih.gov/api/v1"
  },
  "qi_1": 0.005963319734338326,
  "qi_2": 0.00015614281633588378,
  "rpve_csf": 17.10707971932818,
  "rpve_gm": 9.184191631651155,
  "rpve_wm": 12.628576768380764,
  "size_x": 256,
  "size_y": 256,
  "size_z": 150,
  "snr_csf": 3.490157415102188,
  "snr_gm": 11.574561916572009,
  "snr_total": 12.118219208177981,
  "snr_wm": 21.28993829285975,
  "snrd_csf": 54.808164165614976,
  "snrd_gm": 107.36710864790402,
  "snrd_total": 109.32859052738661,
  "snrd_wm": 165.81049876864085,
  "spacing_x": 1.0,
  "spacing_y": 1.0,
  "spacing_z": 1.0,
  "summary_bg_k": 20.909813373613993,
  "summary_bg_mad": 3.951115414365356,
  "summary_bg_mean": 4.990628719329834,
  "summary_bg_median": 2.6649868488311768,
  "summary_bg_n": 398567.0,
  "summary_bg_p05": 0.0,
  "summary_bg_p95": 17.377162933349602,
  "summary_bg_stdv": 6.775042533874512,
  "summary_csf_k": 1.301971071369577,
  "summary_csf_mad": 87.98824289249335,
  "summary_csf_mean": 338.41363525390625,
  "summary_csf_median": 330.5470275878906,
  "summary_csf_n": 32839.0,
  "summary_csf_p05": 199.10562591552736,
  "summary_csf_p95": 501.8178985595703,
  "summary_csf_stdv": 94.70690155029297,
  "summary_gm_k": 0.8577288317101499,
  "summary_gm_mad": 51.96609456903037,
  "summary_gm_mean": 651.044677734375,
  "summary_gm_median": 647.529052734375,
  "summary_gm_n": 43695.0,
  "summary_gm_p05": 565.8142028808594,
  "summary_gm_p95": 746.8384521484375,
  "summary_gm_stdv": 55.943511962890625,
  "summary_wm_k": 1.4114617718323679,
  "summary_wm_mad": 41.32111198992118,
  "summary_wm_mean": 997.1572875976562,
  "summary_wm_median": 1000.0000610351562,
  "summary_wm_n": 264877.0,
  "summary_wm_p05": 913.82236328125,
  "summary_wm_p95": 1067.4336669921875,
  "summary_wm_stdv": 46.970458984375,
  "tpm_overlap_csf": 0.15294919908046722,
  "tpm_overlap_gm": 0.4528008699417114,
  "tpm_overlap_wm": 0.500511109828949,
  "wm2max": 0.5791277413910672
}