{
  "bids_meta": {
    "AcquisitionDate": "'12-11-2021'",
    "AcquisitionDuration": 235.532,
    "AcquisitionMatrixPE": 256,
    "AcquisitionNumber": 2,
    "AcquisitionTime": "14:44:40.810000",
    "BodyPartExamined": "BRAIN",
    "CoilString": "MULTI COIL",
    "ConversionSoftware": "dcm2niix",
    "ConversionSoftwareVersion": "v1.0.20230411",
    "DeviceSerialNumber": "45051",
    "EchoTime": 0.004605,
    "EchoTrainLength": 128,
    "EstimatedEffectiveEchoSpacing": 1.79305e-05,
    "EstimatedTotalReadoutTime": 0.00457228,
    "FlipAngle": 8,
    "FrequencyEncodingSteps": 256,
    "ImageOrientationPatientDICOM": [
      0.997148,
      0.0709434,
      -0.0257576,
      -0.0740468,
      0.985619,
      -0.151893
    ],
    "ImageType": [
      "ORIGINAL",
      "PRIMARY",
      "T1",
      "NONE"
    ],
    "ImagingFrequency": 127.75112,
    "InPlanePhaseEncodingDirectionDICOM": "ROW",
    "InstitutionAddress": "1161 21ST AVE. SOUTH",
    "InstitutionName": "VANDERBILT INSTITUTE OF IMAGING",
    "InstitutionalDepartmentName": "MRI DEPT.",
    "MRAcquisitionType": "3D",
    "MTState": true,
    "MagneticFieldStrength": 3,
    "Manufacturer": "Philips",
    "ManufacturersModelName": "Ingenia Elition X",
    "Modality": "MR",
    "ParallelAcquisitionTechnique": "SENSE",
    "ParallelReductionFactorInPlane": 2,
    "PatientPosition": "HFS",
    "PercentPhaseFOV": 100,
    "PercentSampling": 100,
    "PhaseEncodingAxis": "i",
    "PhaseEncodingSteps": 256,
    "PhaseEncodingStepsOutOfPlane": 150,
    "PhilipsRescaleIntercept": 0,
    "PhilipsRescaleSlope": 3.04103,
    "PhilipsScaleSlope": 0.00701283,
    "PixelBandwidth": 217.014,
    "ProtocolName": "WIP AnatBrain_T1W3D",
    "PulseSequenceName": "T1TFE",
    "ReconMatrixPE": 256,
    "RepetitionTime": 0.0090132,
    "ScanOptions": "SP",
    "ScanningSequence": "GR",
    "SequenceVariant": "MP",
    "SeriesDescription": "AnatBrain_T1W3D",
    "SeriesNumber": 201,
    "SliceThickness": 1,
    "SoftwareVersions": "5.6.1\\5.6.1.0",
    "SpacingBetweenSlices": 1,
    "SpoilingState": true,
    "SpoilingType": "COMBINED",
    "StationName": "PHILIPS-JJJ61LI",
    "UsePhilipsFloatNotDisplayScaling": 1,
    "WaterFatShift": 2.0015,
    "acq_id": "D1S0201",
    "dataset": "<unset>",
    "modality": "T1w",
    "session_id": "1",
    "subject_id": "1084"
  },
  "cjv": 0.35075693654192364,
  "cnr": 3.8522121438931634,
  "efc": 0.6507254069195891,
  "fber": 68264.90625,
  "fwhm_avg": 3.972993333333333,
  "fwhm_x": 3.99418,
  "fwhm_y": 4.01176,
  "fwhm_z": 3.91304,
  "icvs_csf": 0.17983141827087384,
  "icvs_gm": 0.4470201222068685,
  "icvs_wm": 0.37314845952225767,
  "inu_med": 2.3357081413269043,
  "inu_range": 0.8950268149375915,
  "provenance": {
    "md5sum": "ebc5d60647e946430a4a4295f8b0c918",
    "settings": {
      "testing": false
    },
    "software": "mriqc",
    "version": "0.15.2",
    "warnings": {
      "large_rot_frame": true,
      "small_air_mask": false
    },
    "webapi_port": null,
    "webapi_url": "https://mriqc.nimh.nih.gov/api/v1"
  },
  "qi_1": 0.0,
  "qi_2": 2.1860586937387477e-05,
  "rpve_csf": 23.378264981349822,
  "rpve_gm": 10.454618540906644,
  "rpve_wm": 14.514291036435438,
  "size_x": 256,
  "size_y": 256,
  "size_z": 150,
  "snr_csf": 0.861788180803616,
  "snr_gm": 10.106676806030451,
  "snr_total": 9.358275619355974,
  "snr_wm": 17.106361871233858,
  "snrd_csf": 65.64713738895068,
  "snrd_gm": 121.51382466427216,
  "snrd_total": 123.69211359041115,
  "snrd_wm": 183.9153787180106,
  "spacing_x": 1.0,
  "spacing_y": 1.0,
  "spacing_z": 1.0,
  "summary_bg_k": 14.666039628180275,
  "summary_bg_mad": 3.5621620232559534,
  "summary_bg_mean": 6.354231357574463,
  "summary_bg_median": 2.402641773223877,
  "summary_bg_n": 504133.0,
  "summary_bg_p05": 0.0,
  "summary_bg_p95": 23.648912429809542,
  "summary_bg_stdv": 8.178557395935059,
  "summary_csf_k": 22.90990762464366,
  "summary_csf_mad": 117.75007529615041,
  "summary_csf_mean": 448.6944580078125,
  "summary_csf_median": 356.94207763671875,
  "summary_csf_n": 10344.0,
  "summary_csf_p05": 188.83793411254885,
  "summary_csf_p95": 1081.7453002929688,
  "summary_csf_stdv": 414.1676940917969,
  "summary_gm_k": 0.09402309358180361,
  "summary_gm_mad": 65.88865602718454,
  "summary_gm_mean": 662.44091796875,
  "summary_gm_median": 660.705078125,
  "summary_gm_n": 39797.0,
  "summary_gm_p05": 557.547021484375,
  "summary_gm_p95": 770.13798828125,
  "summary_gm_stdv": 65.37230682373047,
  "summary_wm_k": 0.9133135543783419,
  "summary_wm_mad": 53.12139135392179,
  "summary_wm_mean": 1000.301025390625,
  "summary_wm_median": 1000.0,
  "summary_wm_n": 217570.0,
  "summary_wm_p05": 904.5674194335938,
  "summary_wm_p95": 1095.9346923828125,
  "summary_wm_stdv": 58.45764923095703,
  "tpm_overlap_csf": 0.1299353688955307,
  "tpm_overlap_gm": 0.4448367953300476,
  "tpm_overlap_wm": 0.4879729449748993,
  "wm2max": 0.5137483340174973
}