{
  "bids_meta": {
    "AcquisitionDate": "'02-19-2022'",
    "AcquisitionDuration": 232.968,
    "AcquisitionMatrixPE": 256,
    "AcquisitionNumber": 2,
    "AcquisitionTime": "13:13:33.690000",
    "BodyPartExamined": "BRAIN",
    "CoilString": "MULTI COIL",
    "ConversionSoftware": "dcm2niix",
    "ConversionSoftwareVersion": "v1.0.20230411",
    "DeviceSerialNumber": "45051",
    "EchoTime": 0.004605,
    "EchoTrainLength": 128,
    "EstimatedEffectiveEchoSpacing": 1.79305e-05,
    "EstimatedTotalReadoutTime": 0.00457228,
    "FlipAngle": 8,
    "FrequencyEncodingSteps": 256,
    "ImageOrientationPatientDICOM": [
      0.999855,
      -0.0019155,
      -0.0169396,
      0.00139116,
      0.999521,
      -0.0309115
    ],
    "ImageType": [
      "ORIGINAL",
      "PRIMARY",
      "T1",
      "NONE"
    ],
    "ImagingFrequency": 127.750608,
    "InPlanePhaseEncodingDirectionDICOM": "ROW",
    "InstitutionAddress": "1161 21ST AVE. SOUTH",
    "InstitutionName": "VANDERBILT INSTITUTE OF IMAGING",
    "InstitutionalDepartmentName": "MRI DEPT.",
    "MRAcquisitionType": "3D",
    "MTState": true,
    "MagneticFieldStrength": 3,
    "Manufacturer": "Philips",
    "ManufacturersModelName": "Ingenia Elition X",
    "Modality": "MR",
    "ParallelAcquisitionTechnique": "SENSE",
    "ParallelReductionFactorInPlane": 2,
    "PatientPosition": "HFS",
    "PercentPhaseFOV": 100,
    "PercentSampling": 100,
    "PhaseEncodingAxis": "i",
    "PhaseEncodingSteps": 256,
    "PhaseEncodingStepsOutOfPlane": 150,
    "PhilipsRescaleIntercept": 0,
    "PhilipsRescaleSlope": 3.09768,
    "PhilipsScaleSlope": 0.00692606,
    "PixelBandwidth": 217.014,
    "ProtocolName": "WIP AnatBrain_T1W3D",
    "PulseSequenceName": "T1TFE",
    "ReconMatrixPE": 256,
    "RepetitionTime": 0.0089144,
    "ScanOptions": "SP",
    "ScanningSequence": "GR",
    "SequenceVariant": "MP",
    "SeriesDescription": "AnatBrain_T1W3D",
    "SeriesNumber": 201,
    "SliceThickness": 1,
    "SoftwareVersions": "5.7.1\\5.7.1.2",
    "SpacingBetweenSlices": 1,
    "SpoilingState": true,
    "SpoilingType": "COMBINED",
    "StationName": "PHILIPS-JJJ61LI",
    "UsePhilipsFloatNotDisplayScaling": 1,
    "WaterFatShift": 2.0015,
    "acq_id": "D1S0201",
    "dataset": "<unset>",
    "modality": "T1w",
    "session_id": "1",
    "subject_id": "1105"
  },
  "cjv": 0.27305880886498934,
  "cnr": 4.5589605037728305,
  "efc": 0.700557099764634,
  "fber": 56057.6484375,
  "fwhm_avg": 4.828033333333333,
  "fwhm_x": 4.91849,
  "fwhm_y": 5.03347,
  "fwhm_z": 4.53214,
  "icvs_csf": 0.17647138548120586,
  "icvs_gm": 0.46889097508008665,
  "icvs_wm": 0.3546376394387075,
  "inu_med": 1.9249558448791504,
  "inu_range": 0.785376667976379,
  "provenance": {
    "md5sum": "441bc181c44d8c01a1bedf7d3c270a25",
    "settings": {
      "testing": false
    },
    "software": "mriqc",
    "version": "0.15.2",
    "warnings": {
      "large_rot_frame": true,
      "small_air_mask": true
    },
    "webapi_port": null,
    "webapi_url": "https://mriqc.nimh.nih.gov/api/v1"
  },
  "qi_1": 0.016729126612476705,
  "qi_2": 5.026793541388455e-05,
  "rpve_csf": 26.343355781599627,
  "rpve_gm": 11.42420380960937,
  "rpve_wm": 16.727632215787974,
  "size_x": 256,
  "size_y": 256,
  "size_z": 150,
  "snr_csf": 3.235761729489364,
  "snr_gm": 13.066426913938276,
  "snr_total": 11.419615215878716,
  "snr_wm": 17.956657004208505,
  "snrd_csf": 60.90231520537671,
  "snrd_gm": 116.31541138500978,
  "snrd_total": 118.10210927661792,
  "snrd_wm": 177.08860123946732,
  "spacing_x": 1.0,
  "spacing_y": 1.0,
  "spacing_z": 1.0,
  "summary_bg_k": 8.816946291649597,
  "summary_bg_mad": 3.699482253846601,
  "summary_bg_mean": 5.043709754943848,
  "summary_bg_median": 2.495262861251831,
  "summary_bg_n": 204426.0,
  "summary_bg_p05": 0.0,
  "summary_bg_p95": 18.200719356536865,
  "summary_bg_stdv": 6.191638469696045,
  "summary_csf_k": 18.954895671278777,
  "summary_csf_mad": 95.65309004301092,
  "summary_csf_mean": 356.0274963378906,
  "summary_csf_median": 343.9085998535156,
  "summary_csf_n": 9427.0,
  "summary_csf_p05": 212.05500030517578,
  "summary_csf_p95": 523.0332519531248,
  "summary_csf_stdv": 106.27802276611328,
  "summary_gm_k": 0.538281389535519,
  "summary_gm_mad": 48.06887953939841,
  "summary_gm_mean": 656.752685546875,
  "summary_gm_median": 656.8201904296875,
  "summary_gm_n": 45050.0,
  "summary_gm_p05": 574.1148162841797,
  "summary_gm_p95": 738.4380126953124,
  "summary_gm_stdv": 50.267215728759766,
  "summary_wm_k": 2.0876642522497884,
  "summary_wm_mad": 45.639290491262614,
  "summary_wm_mean": 993.775390625,
  "summary_wm_median": 999.9996337890625,
  "summary_wm_n": 182098.0,
  "summary_wm_p05": 885.3096008300781,
  "summary_wm_p95": 1072.2106628417969,
  "summary_wm_stdv": 55.68947982788086,
  "tpm_overlap_csf": 0.13940151035785675,
  "tpm_overlap_gm": 0.4634265601634979,
  "tpm_overlap_wm": 0.47844812273979187,
  "wm2max": 0.5694849376128469
}