{
  "bids_meta": {
    "AcquisitionDate": "'10-26-2021'",
    "AcquisitionDuration": 233.3,
    "AcquisitionMatrixPE": 256,
    "AcquisitionNumber": 2,
    "AcquisitionTime": "18:07:56.590000",
    "BodyPartExamined": "BRAIN",
    "CoilString": "MULTI COIL",
    "ConversionSoftware": "dcm2niix",
    "ConversionSoftwareVersion": "v1.0.20230411",
    "DeviceSerialNumber": "45051",
    "EchoTime": 0.004605,
    "EchoTrainLength": 128,
    "EstimatedEffectiveEchoSpacing": 1.79305e-05,
    "EstimatedTotalReadoutTime": 0.00457228,
    "FlipAngle": 8,
    "FrequencyEncodingSteps": 256,
    "ImageOrientationPatientDICOM": [
      0.999333,
      -0.0223545,
      0.028868,
      0.0233404,
      0.99914,
      -0.0342791
    ],
    "ImageType": [
      "ORIGINAL",
      "PRIMARY",
      "T1",
      "NONE"
    ],
    "ImagingFrequency": 127.750632,
    "InPlanePhaseEncodingDirectionDICOM": "ROW",
    "InstitutionAddress": "1161 21ST AVE. SOUTH",
    "InstitutionName": "VANDERBILT INSTITUTE OF IMAGING",
    "InstitutionalDepartmentName": "MRI DEPT.",
    "MRAcquisitionType": "3D",
    "MTState": true,
    "MagneticFieldStrength": 3,
    "Manufacturer": "Philips",
    "ManufacturersModelName": "Ingenia Elition X",
    "Modality": "MR",
    "ParallelAcquisitionTechnique": "SENSE",
    "ParallelReductionFactorInPlane": 2,
    "PatientPosition": "HFS",
    "PercentPhaseFOV": 100,
    "PercentSampling": 100,
    "PhaseEncodingAxis": "i",
    "PhaseEncodingSteps": 256,
    "PhaseEncodingStepsOutOfPlane": 150,
    "PhilipsRescaleIntercept": 0,
    "PhilipsRescaleSlope": 3.063,
    "PhilipsScaleSlope": 0.005728,
    "PixelBandwidth": 217.014,
    "ProtocolName": "WIP AnatBrain_T1W3D",
    "PulseSequenceName": "T1TFE",
    "ReconMatrixPE": 256,
    "RepetitionTime": 0.0089274,
    "ScanOptions": "SP",
    "ScanningSequence": "GR",
    "SequenceVariant": "MP",
    "SeriesDescription": "AnatBrain_T1W3D",
    "SeriesNumber": 201,
    "SliceThickness": 1,
    "SoftwareVersions": "5.6.1\\5.6.1.0",
    "SpacingBetweenSlices": 1,
    "SpoilingState": true,
    "SpoilingType": "COMBINED",
    "StationName": "PHILIPS-JJJ61LI",
    "UsePhilipsFloatNotDisplayScaling": 1,
    "WaterFatShift": 2.0015,
    "acq_id": "D1S0201",
    "dataset": "<unset>",
    "modality": "T1w",
    "session_id": "1",
    "subject_id": "1079"
  },
  "cjv": 0.256566916090527,
  "cnr": 4.818308371950006,
  "efc": 0.6300011971199572,
  "fber": 85593.703125,
  "fwhm_avg": 4.66702,
  "fwhm_x": 4.65958,
  "fwhm_y": 4.88123,
  "fwhm_z": 4.46025,
  "icvs_csf": 0.1696010986103374,
  "icvs_gm": 0.4572898324441713,
  "icvs_wm": 0.3731090689454913,
  "inu_med": 2.4402072429656982,
  "inu_range": 0.9561064839363098,
  "provenance": {
    "md5sum": "01c6eb87db39d8cda769c47fbb8e2a4a",
    "settings": {
      "testing": false
    },
    "software": "mriqc",
    "version": "0.15.2",
    "warnings": {
      "large_rot_frame": true,
      "small_air_mask": false
    },
    "webapi_port": null,
    "webapi_url": "https://mriqc.nimh.nih.gov/api/v1"
  },
  "qi_1": 0.016607073226359428,
  "qi_2": 7.635431711330088e-05,
  "rpve_csf": 23.97072522278568,
  "rpve_gm": 10.14769042288832,
  "rpve_wm": 14.161562668676355,
  "size_x": 256,
  "size_y": 256,
  "size_z": 150,
  "snr_csf": 2.722083545029414,
  "snr_gm": 12.09286507604281,
  "snr_total": 11.466628407672724,
  "snr_wm": 19.584936601945955,
  "snrd_csf": 210.3459670073177,
  "snrd_gm": 390.7093239857179,
  "snrd_total": 402.5319570785055,
  "snrd_wm": 606.540580242481,
  "spacing_x": 1.0,
  "spacing_y": 1.0,
  "spacing_z": 1.0,
  "summary_bg_k": 29.34175174689149,
  "summary_bg_mad": 0.0801176364977762,
  "summary_bg_mean": 2.5138556957244873,
  "summary_bg_median": 2.084437131881714,
  "summary_bg_n": 702879.0,
  "summary_bg_p05": 0.0,
  "summary_bg_p95": 8.486978340148923,
  "summary_bg_stdv": 3.09626841545105,
  "summary_csf_k": 36.86841272050075,
  "summary_csf_mad": 94.47114370041993,
  "summary_csf_mean": 356.39349365234375,
  "summary_csf_median": 346.7955627441406,
  "summary_csf_n": 10413.0,
  "summary_csf_p05": 198.19953002929688,
  "summary_csf_p95": 523.8780517578125,
  "summary_csf_stdv": 127.39466094970703,
  "summary_gm_k": 0.7146790397544294,
  "summary_gm_mad": 49.794178239229204,
  "summary_gm_mean": 645.74267578125,
  "summary_gm_median": 644.1590576171875,
  "summary_gm_n": 45386.0,
  "summary_gm_p05": 561.9148712158203,
  "summary_gm_p95": 735.092529296875,
  "summary_gm_stdv": 53.26710891723633,
  "summary_wm_k": 1.8347047112315318,
  "summary_wm_mad": 41.50236517862154,
  "summary_wm_mean": 994.963623046875,
  "summary_wm_median": 999.9981689453125,
  "summary_wm_n": 221081.0,
  "summary_wm_p05": 898.3154296875,
  "summary_wm_p95": 1068.10400390625,
  "summary_wm_stdv": 51.05944061279297,
  "tpm_overlap_csf": 0.1355658620595932,
  "tpm_overlap_gm": 0.4511291980743408,
  "tpm_overlap_wm": 0.47212496399879456,
  "wm2max": 0.6000380645449388
}