{
  "bids_meta": {
    "AcquisitionDate": "'08-07-2024'",
    "AcquisitionDuration": 235.422,
    "AcquisitionMatrixPE": 256,
    "AcquisitionNumber": 8,
    "AcquisitionTime": "15:16:35.360000",
    "BodyPartExamined": "BRAIN",
    "CoilString": "MULTI COIL",
    "ConversionSoftware": "dcm2niix",
    "ConversionSoftwareVersion": "v1.0.20230411",
    "DeviceSerialNumber": "45051",
    "EchoTime": 0.004605,
    "EchoTrainLength": 128,
    "EstimatedEffectiveEchoSpacing": 1.79305e-05,
    "EstimatedTotalReadoutTime": 0.00457228,
    "FlipAngle": 8,
    "FrequencyEncodingSteps": 256,
    "ImageOrientationPatientDICOM": [
      0.996525,
      0.075346,
      0.0355098,
      -0.0794377,
      0.987915,
      0.133096
    ],
    "ImageType": [
      "ORIGINAL",
      "PRIMARY",
      "T1",
      "NONE"
    ],
    "ImagingFrequency": 127.750096,
    "InPlanePhaseEncodingDirectionDICOM": "ROW",
    "InstitutionAddress": "1161 21ST AVE. SOUTH",
    "InstitutionName": "VANDERBILT INSTITUTE OF IMAGING",
    "InstitutionalDepartmentName": "MRI DEPT.",
    "MRAcquisitionType": "3D",
    "MTState": true,
    "MagneticFieldStrength": 3,
    "Manufacturer": "Philips",
    "ManufacturersModelName": "MR 7700",
    "Modality": "MR",
    "ParallelAcquisitionTechnique": "SENSE",
    "ParallelReductionFactorInPlane": 2,
    "PatientPosition": "HFS",
    "PercentPhaseFOV": 100,
    "PercentSampling": 100,
    "PhaseEncodingAxis": "i",
    "PhaseEncodingSteps": 256,
    "PhaseEncodingStepsOutOfPlane": 150,
    "PhilipsRescaleIntercept": 0,
    "PhilipsRescaleSlope": 3.13236,
    "PhilipsScaleSlope": 0.00657108,
    "PixelBandwidth": 217.014,
    "ProtocolName": "WIP AnatBrain_T1W3D",
    "PulseSequenceName": "T1TFE",
    "ReconMatrixPE": 256,
    "RepetitionTime": 0.0090089,
    "ScanOptions": "SP",
    "ScanningSequence": "GR",
    "SequenceVariant": "MP",
    "SeriesDescription": "AnatBrain_T1W3D",
    "SeriesNumber": 801,
    "SliceThickness": 1,
    "SoftwareVersions": "5.9.0\\5.9.0.0",
    "SpacingBetweenSlices": 1,
    "SpoilingState": true,
    "SpoilingType": "COMBINED",
    "StationName": "PHILIPS-JJJ61LI",
    "UsePhilipsFloatNotDisplayScaling": 1,
    "WaterFatShift": 2.00149,
    "acq_id": "D1S0801",
    "dataset": "<unset>",
    "modality": "T1w",
    "session_id": "1",
    "subject_id": "1255"
  },
  "cjv": 0.39094771007258544,
  "cnr": 3.2302893332598903,
  "efc": 0.6889758964924847,
  "fber": 57307.7890625,
  "fwhm_avg": 4.85266,
  "fwhm_x": 4.86526,
  "fwhm_y": 5.17197,
  "fwhm_z": 4.52075,
  "icvs_csf": 0.20674635317498766,
  "icvs_gm": 0.424374401017499,
  "icvs_wm": 0.3688792458075133,
  "inu_med": 2.206448554992676,
  "inu_range": 1.2044161558151245,
  "provenance": {
    "md5sum": "822dde8818e89af41a877be613638886",
    "settings": {
      "testing": false
    },
    "software": "mriqc",
    "version": "0.15.2",
    "warnings": {
      "large_rot_frame": true,
      "small_air_mask": false
    },
    "webapi_port": null,
    "webapi_url": "https://mriqc.nimh.nih.gov/api/v1"
  },
  "qi_1": 0.0064513777518588715,
  "qi_2": 3.3359878565306616e-05,
  "rpve_csf": 19.273296157998473,
  "rpve_gm": 9.844117249901794,
  "rpve_wm": 12.998926302643595,
  "size_x": 256,
  "size_y": 256,
  "size_z": 150,
  "snr_csf": 3.1477220208071612,
  "snr_gm": 10.897023453776564,
  "snr_total": 9.684600634353401,
  "snr_wm": 15.00905642847648,
  "snrd_csf": 60.66859628490666,
  "snrd_gm": 110.57644565233146,
  "snrd_total": 109.86473896185896,
  "snrd_wm": 158.34917494833874,
  "spacing_x": 1.0,
  "spacing_y": 1.0,
  "spacing_z": 1.0,
  "summary_bg_k": 13.397610262013831,
  "summary_bg_mad": 4.137333935422014,
  "summary_bg_mean": 8.827234268188477,
  "summary_bg_median": 2.7905893325805664,
  "summary_bg_n": 571614.0,
  "summary_bg_p05": 0.0,
  "summary_bg_p95": 36.149759101867645,
  "summary_bg_stdv": 13.308805465698242,
  "summary_csf_k": 0.24936677522398254,
  "summary_csf_mad": 123.51551933592383,
  "summary_csf_mean": 387.5942687988281,
  "summary_csf_median": 383.1358642578125,
  "summary_csf_n": 25448.0,
  "summary_csf_p05": 193.12100830078126,
  "summary_csf_p95": 590.380758666992,
  "summary_csf_stdv": 121.716064453125,
  "summary_gm_k": 1.1005438421369504,
  "summary_gm_mad": 56.764689035828724,
  "summary_gm_mean": 703.1499633789062,
  "summary_gm_median": 698.315185546875,
  "summary_gm_n": 27852.0,
  "summary_gm_p05": 607.1477996826172,
  "summary_gm_p95": 816.6467834472655,
  "summary_gm_stdv": 64.08196258544922,
  "summary_wm_k": 1.0183702752399588,
  "summary_wm_mad": 61.18249797189762,
  "summary_wm_mean": 1001.8772583007812,
  "summary_wm_median": 1000.0107421875,
  "summary_wm_n": 235076.0,
  "summary_wm_p05": 893.5521697998047,
  "summary_wm_p95": 1113.3167724609375,
  "summary_wm_stdv": 66.62701416015625,
  "tpm_overlap_csf": 0.1377233862876892,
  "tpm_overlap_gm": 0.4296068847179413,
  "tpm_overlap_wm": 0.4606438875198364,
  "wm2max": 0.5197916332152946
}