{
  "bids_meta": {
    "AcquisitionDate": "'08-07-2024'",
    "AcquisitionDuration": 235.422,
    "AcquisitionMatrixPE": 256,
    "AcquisitionNumber": 2,
    "AcquisitionTime": "14:49:22.070000",
    "BodyPartExamined": "BRAIN",
    "CoilString": "MULTI COIL",
    "ConversionSoftware": "dcm2niix",
    "ConversionSoftwareVersion": "v1.0.20230411",
    "DeviceSerialNumber": "45051",
    "EchoTime": 0.004605,
    "EchoTrainLength": 128,
    "EstimatedEffectiveEchoSpacing": 1.79305e-05,
    "EstimatedTotalReadoutTime": 0.00457228,
    "FlipAngle": 8,
    "FrequencyEncodingSteps": 256,
    "ImageOrientationPatientDICOM": [
      0.996525,
      0.075346,
      0.0355098,
      -0.0794377,
      0.987915,
      0.133096
    ],
    "ImageType": [
      "ORIGINAL",
      "PRIMARY",
      "T1",
      "NONE"
    ],
    "ImagingFrequency": 127.7502,
    "InPlanePhaseEncodingDirectionDICOM": "ROW",
    "InstitutionAddress": "1161 21ST AVE. SOUTH",
    "InstitutionName": "VANDERBILT INSTITUTE OF IMAGING",
    "InstitutionalDepartmentName": "MRI DEPT.",
    "MRAcquisitionType": "3D",
    "MTState": true,
    "MagneticFieldStrength": 3,
    "Manufacturer": "Philips",
    "ManufacturersModelName": "MR 7700",
    "Modality": "MR",
    "ParallelAcquisitionTechnique": "SENSE",
    "ParallelReductionFactorInPlane": 2,
    "PatientPosition": "HFS",
    "PercentPhaseFOV": 100,
    "PercentSampling": 100,
    "PhaseEncodingAxis": "i",
    "PhaseEncodingSteps": 256,
    "PhaseEncodingStepsOutOfPlane": 150,
    "PhilipsRescaleIntercept": 0,
    "PhilipsRescaleSlope": 3.23736,
    "PhilipsScaleSlope": 0.00657108,
    "PixelBandwidth": 217.014,
    "ProtocolName": "WIP AnatBrain_T1W3D",
    "PulseSequenceName": "T1TFE",
    "ReconMatrixPE": 256,
    "RepetitionTime": 0.0090089,
    "ScanOptions": "SP",
    "ScanningSequence": "GR",
    "SequenceVariant": "MP",
    "SeriesDescription": "AnatBrain_T1W3D",
    "SeriesNumber": 201,
    "SliceThickness": 1,
    "SoftwareVersions": "5.9.0\\5.9.0.0",
    "SpacingBetweenSlices": 1,
    "SpoilingState": true,
    "SpoilingType": "COMBINED",
    "StationName": "PHILIPS-JJJ61LI",
    "UsePhilipsFloatNotDisplayScaling": 1,
    "WaterFatShift": 2.00149,
    "acq_id": "D1S0201",
    "dataset": "<unset>",
    "modality": "T1w",
    "session_id": "1",
    "subject_id": "1255"
  },
  "cjv": 0.4476034620135696,
  "cnr": 2.9062249643278495,
  "efc": 0.6953156987352644,
  "fber": 59718.203125,
  "fwhm_avg": 4.687786666666667,
  "fwhm_x": 4.77201,
  "fwhm_y": 4.99086,
  "fwhm_z": 4.30049,
  "icvs_csf": 0.19827898768162458,
  "icvs_gm": 0.4361254527072337,
  "icvs_wm": 0.36559555961114176,
  "inu_med": 2.0007576942443848,
  "inu_range": 1.1120438456535338,
  "provenance": {
    "md5sum": "d8d0616ff3485e12f0bcd7c366fb0761",
    "settings": {
      "testing": false
    },
    "software": "mriqc",
    "version": "0.15.2",
    "warnings": {
      "large_rot_frame": true,
      "small_air_mask": false
    },
    "webapi_port": null,
    "webapi_url": "https://mriqc.nimh.nih.gov/api/v1"
  },
  "qi_1": 0.00935183434915218,
  "qi_2": 1.7478719861115132e-05,
  "rpve_csf": 20.459074217240047,
  "rpve_gm": 9.795648497589,
  "rpve_wm": 12.954514547185358,
  "size_x": 256,
  "size_y": 256,
  "size_z": 150,
  "snr_csf": 2.0892787730525555,
  "snr_gm": 10.709932824533611,
  "snr_total": 8.679804038345114,
  "snr_wm": 13.240200517449177,
  "snrd_csf": 64.99676516710936,
  "snrd_gm": 114.75360913569855,
  "snrd_total": 114.0194234112674,
  "snrd_wm": 162.3078959309943,
  "spacing_x": 1.0,
  "spacing_y": 1.0,
  "spacing_z": 1.0,
  "summary_bg_k": 36.05551177725519,
  "summary_bg_mad": 4.036401634170158,
  "summary_bg_mean": 5.752068042755127,
  "summary_bg_median": 2.7504096031188965,
  "summary_bg_n": 479482.0,
  "summary_bg_p05": 0.0,
  "summary_bg_p95": 23.274648380279526,
  "summary_bg_stdv": 10.062864303588867,
  "summary_csf_k": 12.711991269625837,
  "summary_csf_mad": 114.27680993654403,
  "summary_csf_mean": 425.1925354003906,
  "summary_csf_median": 400.45562744140625,
  "summary_csf_n": 27314.0,
  "summary_csf_p05": 212.72645950317383,
  "summary_csf_p95": 679.6692199707028,
  "summary_csf_stdv": 191.66819763183594,
  "summary_gm_k": 1.220572178119311,
  "summary_gm_mad": 60.97758142381376,
  "summary_gm_mean": 711.3901977539062,
  "summary_gm_median": 707.015625,
  "summary_gm_n": 38336.0,
  "summary_gm_p05": 612.3005981445312,
  "summary_gm_p95": 825.6077880859375,
  "summary_gm_stdv": 66.01408386230469,
  "summary_wm_k": 0.9908739367148529,
  "summary_wm_mad": 70.16561594267823,
  "summary_wm_mean": 1003.8346557617188,
  "summary_wm_median": 1000.0053100585938,
  "summary_wm_n": 229951.0,
  "summary_wm_p05": 886.2305297851562,
  "summary_wm_p95": 1133.3345336914062,
  "summary_wm_stdv": 75.52779388427734,
  "tpm_overlap_csf": 0.13801436126232147,
  "tpm_overlap_gm": 0.4417857825756073,
  "tpm_overlap_wm": 0.46342381834983826,
  "wm2max": 0.5121893923042922
}