{
  "bids_meta": {
    "AcquisitionDate": "'12-20-2022'",
    "AcquisitionDuration": 234.801,
    "AcquisitionMatrixPE": 256,
    "AcquisitionNumber": 2,
    "AcquisitionTime": "10:09:49.060000",
    "BodyPartExamined": "BRAIN",
    "CoilString": "MULTI COIL",
    "ConversionSoftware": "dcm2niix",
    "ConversionSoftwareVersion": "v1.0.20230411",
    "DeviceSerialNumber": "45051",
    "EchoTime": 0.004605,
    "EchoTrainLength": 128,
    "EstimatedEffectiveEchoSpacing": 1.79305e-05,
    "EstimatedTotalReadoutTime": 0.00457228,
    "FlipAngle": 8,
    "FrequencyEncodingSteps": 256,
    "ImageOrientationPatientDICOM": [
      0.994384,
      0.0753791,
      0.0742811,
      -0.0708426,
      0.995563,
      -0.0619256
    ],
    "ImageType": [
      "ORIGINAL",
      "PRIMARY",
      "T1",
      "NONE"
    ],
    "ImagingFrequency": 127.750472,
    "InPlanePhaseEncodingDirectionDICOM": "ROW",
    "InstitutionAddress": "1161 21ST AVE. SOUTH",
    "InstitutionName": "VANDERBILT INSTITUTE OF IMAGING",
    "InstitutionalDepartmentName": "MRI DEPT.",
    "MRAcquisitionType": "3D",
    "MTState": true,
    "MagneticFieldStrength": 3,
    "Manufacturer": "Philips",
    "ManufacturersModelName": "Ingenia Elition X",
    "Modality": "MR",
    "ParallelAcquisitionTechnique": "SENSE",
    "ParallelReductionFactorInPlane": 2,
    "PatientPosition": "HFS",
    "PercentPhaseFOV": 100,
    "PercentSampling": 100,
    "PhaseEncodingAxis": "i",
    "PhaseEncodingSteps": 256,
    "PhaseEncodingStepsOutOfPlane": 150,
    "PhilipsRescaleIntercept": 0,
    "PhilipsRescaleSlope": 2.79609,
    "PhilipsScaleSlope": 0.00688288,
    "PixelBandwidth": 217.014,
    "ProtocolName": "WIP AnatBrain_T1W3D",
    "PulseSequenceName": "T1TFE",
    "ReconMatrixPE": 256,
    "RepetitionTime": 0.0089855,
    "ScanOptions": "SP",
    "ScanningSequence": "GR",
    "SequenceVariant": "MP",
    "SeriesDescription": "AnatBrain_T1W3D",
    "SeriesNumber": 201,
    "SliceThickness": 1,
    "SoftwareVersions": "5.7.1\\5.7.1.2",
    "SpacingBetweenSlices": 1,
    "SpoilingState": true,
    "SpoilingType": "COMBINED",
    "StationName": "PHILIPS-JJJ61LI",
    "UsePhilipsFloatNotDisplayScaling": 1,
    "WaterFatShift": 2.00149,
    "acq_id": "D1S0201",
    "dataset": "<unset>",
    "modality": "T1w",
    "session_id": "1",
    "subject_id": "1118"
  },
  "cjv": 0.301230314069398,
  "cnr": 4.196979151698216,
  "efc": 0.7044259912910041,
  "fber": 60520.73046875,
  "fwhm_avg": 4.7855300000000005,
  "fwhm_x": 4.68976,
  "fwhm_y": 4.99841,
  "fwhm_z": 4.66842,
  "icvs_csf": 0.2083372190803304,
  "icvs_gm": 0.4221976664453376,
  "icvs_wm": 0.36946511447433195,
  "inu_med": 2.035665988922119,
  "inu_range": 0.8703352928161623,
  "provenance": {
    "md5sum": "9a973ed7e153fef82b1150a2cb1643f0",
    "settings": {
      "testing": false
    },
    "software": "mriqc",
    "version": "0.15.2",
    "warnings": {
      "large_rot_frame": true,
      "small_air_mask": false
    },
    "webapi_port": null,
    "webapi_url": "https://mriqc.nimh.nih.gov/api/v1"
  },
  "qi_1": 0.004086936348370454,
  "qi_2": 9.092854494059773e-05,
  "rpve_csf": 17.11546277186855,
  "rpve_gm": 9.071138240181062,
  "rpve_wm": 12.551000928696729,
  "size_x": 256,
  "size_y": 256,
  "size_z": 150,
  "snr_csf": 2.492988730660558,
  "snr_gm": 11.26261637999144,
  "snr_total": 11.676815717631422,
  "snr_wm": 21.274842042242273,
  "snrd_csf": 63.280790587341755,
  "snrd_gm": 119.05358826531794,
  "snrd_total": 119.28589990833736,
  "snrd_wm": 175.52332087235237,
  "spacing_x": 1.0,
  "spacing_y": 1.0,
  "spacing_z": 1.0,
  "summary_bg_k": 14.509224997612101,
  "summary_bg_mad": 3.732474831868496,
  "summary_bg_mean": 5.2579216957092285,
  "summary_bg_median": 2.5175161361694336,
  "summary_bg_n": 537970.0,
  "summary_bg_p05": 0.0,
  "summary_bg_p95": 18.434252643585204,
  "summary_bg_stdv": 6.317345142364502,
  "summary_csf_k": 56.33913087563958,
  "summary_csf_mad": 95.0506019100269,
  "summary_csf_mean": 377.10870361328125,
  "summary_csf_median": 360.5263977050781,
  "summary_csf_n": 21929.0,
  "summary_csf_p05": 225.53424072265625,
  "summary_csf_p95": 546.5552368164061,
  "summary_csf_stdv": 144.6128387451172,
  "summary_gm_k": 0.7053969079301785,
  "summary_gm_mad": 55.99764327745697,
  "summary_gm_mean": 682.4149780273438,
  "summary_gm_median": 678.2778930664062,
  "summary_gm_n": 41185.0,
  "summary_gm_p05": 591.2440307617187,
  "summary_gm_p95": 787.8096557617187,
  "summary_gm_stdv": 60.22309875488281,
  "summary_wm_k": 2.347314357263346,
  "summary_wm_mad": 40.91480803721792,
  "summary_wm_mean": 997.6490478515625,
  "summary_wm_median": 1000.0,
  "summary_wm_n": 272475.0,
  "summary_wm_p05": 916.1096496582031,
  "summary_wm_p95": 1068.796496582031,
  "summary_wm_stdv": 47.003787994384766,
  "tpm_overlap_csf": 0.15239828824996948,
  "tpm_overlap_gm": 0.45593345165252686,
  "tpm_overlap_wm": 0.505500853061676,
  "wm2max": 0.5578788038416767
}