{
  "bids_meta": {
    "AcquisitionDate": "'03-17-2022'",
    "AcquisitionDuration": 234.298,
    "AcquisitionMatrixPE": 256,
    "AcquisitionNumber": 2,
    "AcquisitionTime": "10:36:15.250000",
    "BodyPartExamined": "BRAIN",
    "CoilString": "MULTI COIL",
    "ConversionSoftware": "dcm2niix",
    "ConversionSoftwareVersion": "v1.0.20230411",
    "DeviceSerialNumber": "45051",
    "EchoTime": 0.004605,
    "EchoTrainLength": 128,
    "EstimatedEffectiveEchoSpacing": 1.79305e-05,
    "EstimatedTotalReadoutTime": 0.00457228,
    "FlipAngle": 8,
    "FrequencyEncodingSteps": 256,
    "ImageOrientationPatientDICOM": [
      0.997264,
      0.00681301,
      -0.0736125,
      -0.00383652,
      0.999172,
      0.0405006
    ],
    "ImageType": [
      "ORIGINAL",
      "PRIMARY",
      "T1",
      "NONE"
    ],
    "ImagingFrequency": 127.750552,
    "InPlanePhaseEncodingDirectionDICOM": "ROW",
    "InstitutionAddress": "1161 21ST AVE. SOUTH",
    "InstitutionName": "VANDERBILT INSTITUTE OF IMAGING",
    "InstitutionalDepartmentName": "MRI DEPT.",
    "MRAcquisitionType": "3D",
    "MTState": true,
    "MagneticFieldStrength": 3,
    "Manufacturer": "Philips",
    "ManufacturersModelName": "Ingenia Elition X",
    "Modality": "MR",
    "ParallelAcquisitionTechnique": "SENSE",
    "ParallelReductionFactorInPlane": 2,
    "PatientPosition": "HFS",
    "PercentPhaseFOV": 100,
    "PercentSampling": 100,
    "PhaseEncodingAxis": "i",
    "PhaseEncodingSteps": 256,
    "PhaseEncodingStepsOutOfPlane": 150,
    "PhilipsRescaleIntercept": 0,
    "PhilipsRescaleSlope": 2.75849,
    "PhilipsScaleSlope": 0.00667526,
    "PixelBandwidth": 217.014,
    "ProtocolName": "WIP AnatBrain_T1W3D",
    "PulseSequenceName": "T1TFE",
    "ReconMatrixPE": 256,
    "RepetitionTime": 0.0089666,
    "ScanOptions": "SP",
    "ScanningSequence": "GR",
    "SequenceVariant": "MP",
    "SeriesDescription": "AnatBrain_T1W3D",
    "SeriesNumber": 201,
    "SliceThickness": 1,
    "SoftwareVersions": "5.7.1\\5.7.1.2",
    "SpacingBetweenSlices": 1,
    "SpoilingState": true,
    "SpoilingType": "COMBINED",
    "StationName": "PHILIPS-JJJ61LI",
    "UsePhilipsFloatNotDisplayScaling": 1,
    "WaterFatShift": 2.00149,
    "acq_id": "D1S0201",
    "dataset": "<unset>",
    "modality": "T1w",
    "session_id": "1",
    "subject_id": "1107"
  },
  "cjv": 0.27115635636108143,
  "cnr": 4.540152161876113,
  "efc": 0.6727011344038316,
  "fber": 64821.11328125,
  "fwhm_avg": 4.542356666666667,
  "fwhm_x": 4.59663,
  "fwhm_y": 4.73014,
  "fwhm_z": 4.3003,
  "icvs_csf": 0.19440870680990993,
  "icvs_gm": 0.4398539757813491,
  "icvs_wm": 0.36573731740874094,
  "inu_med": 2.3251664638519287,
  "inu_range": 0.899117976427078,
  "provenance": {
    "md5sum": "64a8f0d444f1657b0ad04ca722578ea5",
    "settings": {
      "testing": false
    },
    "software": "mriqc",
    "version": "0.15.2",
    "warnings": {
      "large_rot_frame": true,
      "small_air_mask": false
    },
    "webapi_port": null,
    "webapi_url": "https://mriqc.nimh.nih.gov/api/v1"
  },
  "qi_1": 0.00776322092714657,
  "qi_2": 0.00015173193764090193,
  "rpve_csf": 24.521323470168795,
  "rpve_gm": 11.861878839837772,
  "rpve_wm": 16.749930842756186,
  "size_x": 256,
  "size_y": 256,
  "size_z": 150,
  "snr_csf": 3.140427465689131,
  "snr_gm": 11.83167025192581,
  "snr_total": 11.947001971600647,
  "snr_wm": 20.868908197187,
  "snrd_csf": 64.67393318716371,
  "snrd_gm": 122.79996098949825,
  "snrd_total": 124.13062121027356,
  "snrd_wm": 184.91796945415877,
  "spacing_x": 1.0,
  "spacing_y": 1.0,
  "spacing_z": 1.0,
  "summary_bg_k": 12.348879247553473,
  "summary_bg_mad": 3.5428309137022267,
  "summary_bg_mean": 4.213606357574463,
  "summary_bg_median": 2.3896031379699707,
  "summary_bg_n": 343286.0,
  "summary_bg_p05": 0.0,
  "summary_bg_p95": 14.98852276802063,
  "summary_bg_stdv": 5.302418231964111,
  "summary_csf_k": 8.46908099537184,
  "summary_csf_mad": 99.28919370170185,
  "summary_csf_mean": 358.1877136230469,
  "summary_csf_median": 349.7421569824219,
  "summary_csf_n": 12063.0,
  "summary_csf_p05": 198.32810974121094,
  "summary_csf_p95": 535.029052734375,
  "summary_csf_stdv": 111.36307525634766,
  "summary_gm_k": 0.6565250063936507,
  "summary_gm_mad": 52.29317377549939,
  "summary_gm_mean": 667.1201171875,
  "summary_gm_median": 664.07470703125,
  "summary_gm_n": 26446.0,
  "summary_gm_p05": 580.9315185546875,
  "summary_gm_p95": 762.6941375732422,
  "summary_gm_stdv": 56.125816345214844,
  "summary_wm_k": 1.8100536686627455,
  "summary_wm_mad": 38.79374756964821,
  "summary_wm_mean": 994.5713500976562,
  "summary_wm_median": 999.9949951171875,
  "summary_wm_n": 178122.0,
  "summary_wm_p05": 902.33251953125,
  "summary_wm_p95": 1060.999755859375,
  "summary_wm_stdv": 47.91780090332031,
  "tpm_overlap_csf": 0.13488750159740448,
  "tpm_overlap_gm": 0.44762447476387024,
  "tpm_overlap_wm": 0.4721698760986328,
  "wm2max": 0.5531515231121871
}