{
  "bids_meta": {
    "AcquisitionDate": "'05-17-2023'",
    "AcquisitionDuration": 233.677,
    "AcquisitionMatrixPE": 256,
    "AcquisitionNumber": 2,
    "AcquisitionTime": "17:31:57.380000",
    "BodyPartExamined": "BRAIN",
    "CoilString": "MULTI COIL",
    "ConversionSoftware": "dcm2niix",
    "ConversionSoftwareVersion": "v1.0.20230411",
    "DeviceSerialNumber": "45051",
    "EchoTime": 0.004605,
    "EchoTrainLength": 128,
    "EstimatedEffectiveEchoSpacing": 1.79305e-05,
    "EstimatedTotalReadoutTime": 0.00457228,
    "FlipAngle": 8,
    "FrequencyEncodingSteps": 256,
    "ImageOrientationPatientDICOM": [
      0.997943,
      0.0258475,
      -0.0586615,
      -0.0271159,
      0.999413,
      -0.0209298
    ],
    "ImageType": [
      "ORIGINAL",
      "PRIMARY",
      "T1",
      "NONE"
    ],
    "ImagingFrequency": 127.750488,
    "InPlanePhaseEncodingDirectionDICOM": "ROW",
    "InstitutionAddress": "1161 21ST AVE. SOUTH",
    "InstitutionName": "VANDERBILT INSTITUTE OF IMAGING",
    "InstitutionalDepartmentName": "MRI DEPT.",
    "MRAcquisitionType": "3D",
    "MTState": true,
    "MagneticFieldStrength": 3,
    "Manufacturer": "Philips",
    "ManufacturersModelName": "Ingenia Elition X",
    "Modality": "MR",
    "ParallelAcquisitionTechnique": "SENSE",
    "ParallelReductionFactorInPlane": 2,
    "PatientPosition": "HFS",
    "PercentPhaseFOV": 100,
    "PercentSampling": 100,
    "PhaseEncodingAxis": "i",
    "PhaseEncodingSteps": 256,
    "PhaseEncodingStepsOutOfPlane": 150,
    "PhilipsRescaleIntercept": 0,
    "PhilipsRescaleSlope": 3.07399,
    "PhilipsScaleSlope": 0.00686616,
    "PixelBandwidth": 217.014,
    "ProtocolName": "WIP AnatBrain_T1W3D",
    "PulseSequenceName": "T1TFE",
    "ReconMatrixPE": 256,
    "RepetitionTime": 0.0089422,
    "ScanOptions": "SP",
    "ScanningSequence": "GR",
    "SequenceVariant": "MP",
    "SeriesDescription": "AnatBrain_T1W3D",
    "SeriesNumber": 201,
    "SliceThickness": 1,
    "SoftwareVersions": "5.7.1\\5.7.1.2",
    "SpacingBetweenSlices": 1,
    "SpoilingState": true,
    "SpoilingType": "COMBINED",
    "StationName": "PHILIPS-JJJ61LI",
    "UsePhilipsFloatNotDisplayScaling": 1,
    "WaterFatShift": 2.00149,
    "acq_id": "D1S0201",
    "dataset": "<unset>",
    "modality": "T1w",
    "session_id": "1",
    "subject_id": "1192"
  },
  "cjv": 0.2663017807305368,
  "cnr": 4.4009265150553745,
  "efc": 0.6876560509888692,
  "fber": 45598.8984375,
  "fwhm_avg": 4.5167166666666665,
  "fwhm_x": 4.41844,
  "fwhm_y": 4.71571,
  "fwhm_z": 4.416,
  "icvs_csf": 0.185636072562726,
  "icvs_gm": 0.4584839975750327,
  "icvs_wm": 0.3558799298622413,
  "inu_med": 1.6910961866378784,
  "inu_range": 0.786986172199249,
  "provenance": {
    "md5sum": "cdea30c5965376ef917cfb3d733d2201",
    "settings": {
      "testing": false
    },
    "software": "mriqc",
    "version": "0.15.2",
    "warnings": {
      "large_rot_frame": true,
      "small_air_mask": false
    },
    "webapi_port": null,
    "webapi_url": "https://mriqc.nimh.nih.gov/api/v1"
  },
  "qi_1": 0.008570485354734167,
  "qi_2": 0.00010218039805597932,
  "rpve_csf": 19.146324799114748,
  "rpve_gm": 8.6631993006993,
  "rpve_wm": 12.394261159706438,
  "size_x": 256,
  "size_y": 256,
  "size_z": 150,
  "snr_csf": 3.4845043843889245,
  "snr_gm": 11.080500447425667,
  "snr_total": 11.015625996570705,
  "snr_wm": 18.48187315789752,
  "snrd_csf": 49.94789357041401,
  "snrd_gm": 99.29868426826465,
  "snrd_total": 100.78132620930451,
  "snrd_wm": 153.09740078923485,
  "spacing_x": 1.0,
  "spacing_y": 1.0,
  "spacing_z": 1.0,
  "summary_bg_k": 12.480147143850093,
  "summary_bg_mad": 4.279208754708533,
  "summary_bg_mean": 3.822420597076416,
  "summary_bg_median": 2.886282444000244,
  "summary_bg_n": 547317.0,
  "summary_bg_p05": 0.0,
  "summary_bg_p95": 12.2920991897583,
  "summary_bg_stdv": 4.662194728851318,
  "summary_csf_k": 5.6616018279024285,
  "summary_csf_mad": 81.2552253528804,
  "summary_csf_mean": 338.8301086425781,
  "summary_csf_median": 326.2488098144531,
  "summary_csf_n": 26603.0,
  "summary_csf_p05": 220.47540283203125,
  "summary_csf_p95": 494.9872924804685,
  "summary_csf_stdv": 93.626708984375,
  "summary_gm_k": 2.202625548969781,
  "summary_gm_mad": 50.43001225340948,
  "summary_gm_mean": 652.6130981445312,
  "summary_gm_median": 648.5974731445312,
  "summary_gm_n": 47947.0,
  "summary_gm_p05": 566.8929077148438,
  "summary_gm_p95": 751.7317626953125,
  "summary_gm_stdv": 58.534423828125,
  "summary_wm_k": 3.1657469376442124,
  "summary_wm_mad": 43.148846341079384,
  "summary_wm_mean": 998.2180786132812,
  "summary_wm_median": 999.9990234375,
  "summary_wm_n": 229957.0,
  "summary_wm_p05": 903.4051879882812,
  "summary_wm_p95": 1081.3451416015625,
  "summary_wm_stdv": 54.10689926147461,
  "tpm_overlap_csf": 0.15944412350654602,
  "tpm_overlap_gm": 0.45993566513061523,
  "tpm_overlap_wm": 0.47260400652885437,
  "wm2max": 0.5417443873826998
}