{
  "bids_meta": {
    "AcquisitionDate": "'06-17-2023'",
    "AcquisitionDuration": 234.008,
    "AcquisitionMatrixPE": 256,
    "AcquisitionNumber": 2,
    "AcquisitionTime": "09:32:12.510000",
    "BodyPartExamined": "BRAIN",
    "CoilString": "MULTI COIL",
    "ConversionSoftware": "dcm2niix",
    "ConversionSoftwareVersion": "v1.0.20230411",
    "DeviceSerialNumber": "45051",
    "EchoTime": 0.004605,
    "EchoTrainLength": 128,
    "EstimatedEffectiveEchoSpacing": 1.79305e-05,
    "EstimatedTotalReadoutTime": 0.00457228,
    "FlipAngle": 8,
    "FrequencyEncodingSteps": 256,
    "ImageOrientationPatientDICOM": [
      0.998142,
      -0.0581889,
      0.0180465,
      0.0567991,
      0.995944,
      0.0697808
    ],
    "ImageType": [
      "ORIGINAL",
      "PRIMARY",
      "T1",
      "NONE"
    ],
    "ImagingFrequency": 127.750648,
    "InPlanePhaseEncodingDirectionDICOM": "ROW",
    "InstitutionAddress": "1161 21ST AVE. SOUTH",
    "InstitutionName": "VANDERBILT INSTITUTE OF IMAGING",
    "InstitutionalDepartmentName": "MRI DEPT.",
    "MRAcquisitionType": "3D",
    "MTState": true,
    "MagneticFieldStrength": 3,
    "Manufacturer": "Philips",
    "ManufacturersModelName": "Ingenia Elition X",
    "Modality": "MR",
    "ParallelAcquisitionTechnique": "SENSE",
    "ParallelReductionFactorInPlane": 2,
    "PatientPosition": "HFS",
    "PercentPhaseFOV": 100,
    "PercentSampling": 100,
    "PhaseEncodingAxis": "i",
    "PhaseEncodingSteps": 256,
    "PhaseEncodingStepsOutOfPlane": 150,
    "PhilipsRescaleIntercept": 0,
    "PhilipsRescaleSlope": 2.47082,
    "PhilipsScaleSlope": 0.006757,
    "PixelBandwidth": 217.014,
    "ProtocolName": "WIP AnatBrain_T1W3D",
    "PulseSequenceName": "T1TFE",
    "ReconMatrixPE": 256,
    "RepetitionTime": 0.0089544,
    "ScanOptions": "SP",
    "ScanningSequence": "GR",
    "SequenceVariant": "MP",
    "SeriesDescription": "AnatBrain_T1W3D",
    "SeriesNumber": 201,
    "SliceThickness": 1,
    "SoftwareVersions": "5.7.1\\5.7.1.2",
    "SpacingBetweenSlices": 1,
    "SpoilingState": true,
    "SpoilingType": "COMBINED",
    "StationName": "PHILIPS-JJJ61LI",
    "UsePhilipsFloatNotDisplayScaling": 1,
    "WaterFatShift": 2.0015,
    "acq_id": "D1S0201",
    "dataset": "<unset>",
    "modality": "T1w",
    "session_id": "1",
    "subject_id": "1197"
  },
  "cjv": 0.274917093971812,
  "cnr": 4.589945883935058,
  "efc": 0.6420513120922087,
  "fber": 73331.9140625,
  "fwhm_avg": 4.538963333333332,
  "fwhm_x": 4.46099,
  "fwhm_y": 4.7331,
  "fwhm_z": 4.4228,
  "icvs_csf": 0.1898302950410675,
  "icvs_gm": 0.440809055117084,
  "icvs_wm": 0.36936064984184847,
  "inu_med": 2.3447301387786865,
  "inu_range": 0.9301576614379883,
  "provenance": {
    "md5sum": "6774a6190b075432f603c9d6d64b3706",
    "settings": {
      "testing": false
    },
    "software": "mriqc",
    "version": "0.15.2",
    "warnings": {
      "large_rot_frame": true,
      "small_air_mask": false
    },
    "webapi_port": null,
    "webapi_url": "https://mriqc.nimh.nih.gov/api/v1"
  },
  "qi_1": 0.013529361219058499,
  "qi_2": 5.353915317420231e-05,
  "rpve_csf": 23.962644279151707,
  "rpve_gm": 11.37746425090426,
  "rpve_wm": 15.749982624437315,
  "size_x": 256,
  "size_y": 256,
  "size_z": 150,
  "snr_csf": 2.8051121443473197,
  "snr_gm": 12.308270433109437,
  "snr_total": 11.4846856059562,
  "snr_wm": 19.340674240411843,
  "snrd_csf": 69.6881569391681,
  "snrd_gm": 132.36457667408473,
  "snrd_total": 134.4128179000333,
  "snrd_wm": 201.18572008684706,
  "spacing_x": 1.0,
  "spacing_y": 1.0,
  "spacing_z": 1.0,
  "summary_bg_k": 10.348323878143576,
  "summary_bg_mad": 3.256369377226613,
  "summary_bg_mean": 3.8659279346466064,
  "summary_bg_median": 2.2398319244384766,
  "summary_bg_n": 495906.0,
  "summary_bg_p05": 0.0,
  "summary_bg_p95": 14.107943534851074,
  "summary_bg_stdv": 4.8793768882751465,
  "summary_csf_k": 37.447491217362,
  "summary_csf_mad": 89.78747262336168,
  "summary_csf_mean": 361.38385009765625,
  "summary_csf_median": 346.386474609375,
  "summary_csf_n": 15066.0,
  "summary_csf_p05": 221.46294021606445,
  "summary_csf_p95": 530.4405364990234,
  "summary_csf_stdv": 123.47990417480469,
  "summary_gm_k": 0.4885016706267491,
  "summary_gm_mad": 50.82256159568715,
  "summary_gm_mean": 659.808349609375,
  "summary_gm_median": 657.9209594726562,
  "summary_gm_n": 34703.0,
  "summary_gm_p05": 574.9226806640625,
  "summary_gm_p95": 750.050634765625,
  "summary_gm_stdv": 53.452796936035156,
  "summary_wm_k": 2.2297974738788477,
  "summary_wm_mad": 43.22024362809116,
  "summary_wm_mean": 995.718994140625,
  "summary_wm_median": 999.9979248046875,
  "summary_wm_n": 194772.0,
  "summary_wm_p05": 900.9966644287109,
  "summary_wm_p95": 1071.2519836425781,
  "summary_wm_stdv": 51.70426559448242,
  "tpm_overlap_csf": 0.15520912408828735,
  "tpm_overlap_gm": 0.47131189703941345,
  "tpm_overlap_wm": 0.496735543012619,
  "wm2max": 0.5239276082639451
}