{
	"Modality": "MR",
	"MagneticFieldStrength": 3,
	"ImagingFrequency": 127.750712,
	"Manufacturer": "Philips",
	"ManufacturersModelName": "Ingenia Elition X",
	"InstitutionName": "VANDERBILT INSTITUTE OF IMAGING",
	"InstitutionalDepartmentName": "MRI DEPT.",
	"InstitutionAddress": "1161 21ST AVE. SOUTH",
	"DeviceSerialNumber": "45051",
	"StationName": "PHILIPS-JJJ61LI",
	"BodyPartExamined": "BRAIN",
	"PatientPosition": "HFS",
	"SoftwareVersions": "5.6.1\\5.6.1.0",
	"MRAcquisitionType": "3D",
	"SeriesDescription": "AnatBrain_T1W3D",
	"ProtocolName": "WIP AnatBrain_T1W3D",
	"ScanningSequence": "GR",
	"SequenceVariant": "MP",
	"ScanOptions": "SP",
	"PulseSequenceName": "T1TFE",
	"ImageType": ["ORIGINAL", "PRIMARY", "T1", "NONE"],
	"SeriesNumber": 201,
	"AcquisitionTime": "15:17:57.190000",
	"AcquisitionNumber": 2,
	"PhilipsRescaleSlope": 3.53114,
	"PhilipsRescaleIntercept": 0,
	"PhilipsScaleSlope": 0.0074359,
	"UsePhilipsFloatNotDisplayScaling": 1,
	"SliceThickness": 1,
	"SpacingBetweenSlices": 1,
	"EchoTime": 0.004605,
	"RepetitionTime": 0.0090454,
	"MTState": false,
	"SpoilingState": true,
	"SpoilingType": "COMBINED",
	"FlipAngle": 8,
	"CoilString": "MULTI COIL",
	"PercentPhaseFOV": 100,
	"PercentSampling": 100,
	"EchoTrainLength": 128,
	"PhaseEncodingSteps": 256,
	"FrequencyEncodingSteps": 256,
	"PhaseEncodingStepsOutOfPlane": 150,
	"AcquisitionMatrixPE": 256,
	"ReconMatrixPE": 256,
	"ParallelReductionFactorInPlane": 2,
	"ParallelAcquisitionTechnique": "SENSE",
	"WaterFatShift": 2.0015,
	"EstimatedEffectiveEchoSpacing": 1.79305e-05,
	"EstimatedTotalReadoutTime": 0.00457228,
	"AcquisitionDuration": 236.356,
	"PixelBandwidth": 217.014,
	"PhaseEncodingAxis": "i",
	"ImageOrientationPatientDICOM": [
		0.991254,
		0.127338,
		0.0346393,
		-0.119095,
		0.976276,
		-0.180833	],
	"InPlanePhaseEncodingDirectionDICOM": "ROW",
	"ConversionSoftware": "dcm2niix",
	"ConversionSoftwareVersion": "v1.0.20230411",
	"AcquisitionDate":"'10-04-2021'"
}
