{
  "bids_meta": {
    "AcquisitionDate": "'01-21-2025'",
    "AcquisitionDuration": 233.096,
    "AcquisitionMatrixPE": 256,
    "AcquisitionNumber": 2,
    "AcquisitionTime": "16:32:0.640000",
    "BodyPartExamined": "BRAIN",
    "CoilString": "MULTI COIL",
    "ConversionSoftware": "dcm2niix",
    "ConversionSoftwareVersion": "v1.0.20230411",
    "DeviceSerialNumber": "45051",
    "EchoTime": 0.004605,
    "EchoTrainLength": 128,
    "EstimatedEffectiveEchoSpacing": 1.79305e-05,
    "EstimatedTotalReadoutTime": 0.00457228,
    "FlipAngle": 8,
    "FrequencyEncodingSteps": 256,
    "ImageOrientationPatientDICOM": [
      0.999241,
      -0.035073,
      -0.0169396,
      0.0345379,
      0.998925,
      -0.0309115
    ],
    "ImageType": [
      "ORIGINAL",
      "PRIMARY",
      "T1",
      "NONE"
    ],
    "ImagingFrequency": 127.750232,
    "InPlanePhaseEncodingDirectionDICOM": "ROW",
    "InstitutionAddress": "1161 21ST AVE. SOUTH",
    "InstitutionName": "VANDERBILT INSTITUTE OF IMAGING",
    "InstitutionalDepartmentName": "MRI DEPT.",
    "MRAcquisitionType": "3D",
    "MTState": true,
    "MagneticFieldStrength": 3,
    "Manufacturer": "Philips",
    "ManufacturersModelName": "MR 7700",
    "Modality": "MR",
    "ParallelAcquisitionTechnique": "SENSE",
    "ParallelReductionFactorInPlane": 2,
    "PatientPosition": "HFS",
    "PercentPhaseFOV": 100,
    "PercentSampling": 100,
    "PhaseEncodingAxis": "i",
    "PhaseEncodingSteps": 256,
    "PhaseEncodingStepsOutOfPlane": 150,
    "PhilipsRescaleIntercept": 0,
    "PhilipsRescaleSlope": 3.03639,
    "PhilipsScaleSlope": 0.00658185,
    "PixelBandwidth": 217.014,
    "ProtocolName": "WIP AnatBrain_T1W3D",
    "PulseSequenceName": "T1TFE",
    "ReconMatrixPE": 256,
    "RepetitionTime": 0.0089194,
    "ScanOptions": "SP",
    "ScanningSequence": "GR",
    "SequenceVariant": "MP",
    "SeriesDescription": "AnatBrain_T1W3D",
    "SeriesNumber": 201,
    "SliceThickness": 1,
    "SoftwareVersions": "5.9.0\\5.9.0.0",
    "SpacingBetweenSlices": 1,
    "SpoilingState": true,
    "SpoilingType": "COMBINED",
    "StationName": "PHILIPS-JJJ61LI",
    "UsePhilipsFloatNotDisplayScaling": 1,
    "WaterFatShift": 2.00149,
    "acq_id": "D1S0201",
    "dataset": "<unset>",
    "modality": "T1w",
    "session_id": "1",
    "subject_id": "1284"
  },
  "cjv": 0.32138222870932376,
  "cnr": 3.9524461004083635,
  "efc": 0.6652940502690128,
  "fber": 49969.046875,
  "fwhm_avg": 4.857810000000001,
  "fwhm_x": 4.81773,
  "fwhm_y": 5.1051,
  "fwhm_z": 4.6506,
  "icvs_csf": 0.22664936889090573,
  "icvs_gm": 0.40447611940989564,
  "icvs_wm": 0.36887451169919866,
  "inu_med": 1.6199769973754883,
  "inu_range": 0.7109774351119995,
  "provenance": {
    "md5sum": "eabb8faceb76377b4a92f64c79c7d096",
    "settings": {
      "testing": false
    },
    "software": "mriqc",
    "version": "0.15.2",
    "warnings": {
      "large_rot_frame": true,
      "small_air_mask": false
    },
    "webapi_port": null,
    "webapi_url": "https://mriqc.nimh.nih.gov/api/v1"
  },
  "qi_1": 0.03199660958631079,
  "qi_2": 5.976286072525315e-05,
  "rpve_csf": 18.23302934394951,
  "rpve_gm": 10.288876534234273,
  "rpve_wm": 13.737804189646122,
  "size_x": 256,
  "size_y": 256,
  "size_z": 150,
  "snr_csf": 3.4258774564293515,
  "snr_gm": 11.583733655902934,
  "snr_total": 11.33746971684751,
  "snr_wm": 19.002798038210244,
  "snrd_csf": 58.90387661008197,
  "snrd_gm": 108.4504997063848,
  "snrd_total": 108.5632939966939,
  "snrd_wm": 158.33550567361493,
  "spacing_x": 1.0,
  "spacing_y": 1.0,
  "spacing_z": 1.0,
  "summary_bg_k": 58.95207414613319,
  "summary_bg_mad": 4.1376269702709765,
  "summary_bg_mean": 6.699707508087158,
  "summary_bg_median": 2.7907869815826416,
  "summary_bg_n": 755999.0,
  "summary_bg_p05": 0.0,
  "summary_bg_p95": 26.01212635040283,
  "summary_bg_stdv": 9.415245056152344,
  "summary_csf_k": 6.764310909530973,
  "summary_csf_mad": 99.74298273217372,
  "summary_csf_mean": 375.46466064453125,
  "summary_csf_median": 372.0176086425781,
  "summary_csf_n": 24062.0,
  "summary_csf_p05": 213.00647506713867,
  "summary_csf_p95": 550.958743286133,
  "summary_csf_stdv": 108.58820343017578,
  "summary_gm_k": 0.5172249708456884,
  "summary_gm_mad": 55.79250050222796,
  "summary_gm_mean": 685.7847900390625,
  "summary_gm_median": 684.9378662109375,
  "summary_gm_n": 23937.0,
  "summary_gm_p05": 591.649951171875,
  "summary_gm_p95": 784.3619750976563,
  "summary_gm_stdv": 59.128047943115234,
  "summary_wm_k": 2.0880930549008854,
  "summary_wm_mad": 45.46134021888155,
  "summary_wm_mean": 998.908203125,
  "summary_wm_median": 999.9952392578125,
  "summary_wm_n": 242605.0,
  "summary_wm_p05": 909.4545654296876,
  "summary_wm_p95": 1080.9967041015625,
  "summary_wm_stdv": 52.623470306396484,
  "tpm_overlap_csf": 0.1439639776945114,
  "tpm_overlap_gm": 0.44657015800476074,
  "tpm_overlap_wm": 0.4971108138561249,
  "wm2max": 0.5688988435129374
}