{
  "bids_meta": {
    "AcquisitionDate": "'12-03-2021'",
    "AcquisitionDuration": 236.011,
    "AcquisitionMatrixPE": 256,
    "AcquisitionNumber": 2,
    "AcquisitionTime": "15:13:14.580000",
    "BodyPartExamined": "BRAIN",
    "CoilString": "MULTI COIL",
    "ConversionSoftware": "dcm2niix",
    "ConversionSoftwareVersion": "v1.0.20230411",
    "DeviceSerialNumber": "45051",
    "EchoTime": 0.004605,
    "EchoTrainLength": 128,
    "EstimatedEffectiveEchoSpacing": 1.79305e-05,
    "EstimatedTotalReadoutTime": 0.00457228,
    "FlipAngle": 8,
    "FrequencyEncodingSteps": 256,
    "ImageOrientationPatientDICOM": [
      0.998796,
      0.0432368,
      0.0231813,
      -0.0376356,
      0.978396,
      -0.203288
    ],
    "ImageType": [
      "ORIGINAL",
      "PRIMARY",
      "T1",
      "NONE"
    ],
    "ImagingFrequency": 127.750656,
    "InPlanePhaseEncodingDirectionDICOM": "ROW",
    "InstitutionAddress": "1161 21ST AVE. SOUTH",
    "InstitutionName": "VANDERBILT INSTITUTE OF IMAGING",
    "InstitutionalDepartmentName": "MRI DEPT.",
    "MRAcquisitionType": "3D",
    "MTState": true,
    "MagneticFieldStrength": 3,
    "Manufacturer": "Philips",
    "ManufacturersModelName": "Ingenia Elition X",
    "Modality": "MR",
    "ParallelAcquisitionTechnique": "SENSE",
    "ParallelReductionFactorInPlane": 2,
    "PatientPosition": "HFS",
    "PercentPhaseFOV": 100,
    "PercentSampling": 100,
    "PhaseEncodingAxis": "i",
    "PhaseEncodingSteps": 256,
    "PhaseEncodingStepsOutOfPlane": 150,
    "PhilipsRescaleIntercept": 0,
    "PhilipsRescaleSlope": 3.22369,
    "PhilipsScaleSlope": 0.00692169,
    "PixelBandwidth": 217.014,
    "ProtocolName": "WIP AnatBrain_T1W3D",
    "PulseSequenceName": "T1TFE",
    "ReconMatrixPE": 256,
    "RepetitionTime": 0.0090311,
    "ScanOptions": "SP",
    "ScanningSequence": "GR",
    "SequenceVariant": "MP",
    "SeriesDescription": "AnatBrain_T1W3D",
    "SeriesNumber": 201,
    "SliceThickness": 1,
    "SoftwareVersions": "5.6.1\\5.6.1.0",
    "SpacingBetweenSlices": 1,
    "SpoilingState": true,
    "SpoilingType": "COMBINED",
    "StationName": "PHILIPS-JJJ61LI",
    "UsePhilipsFloatNotDisplayScaling": 1,
    "WaterFatShift": 2.00149,
    "acq_id": "D1S0201",
    "dataset": "<unset>",
    "modality": "T1w",
    "session_id": "1",
    "subject_id": "1086"
  },
  "cjv": 0.37578446782041475,
  "cnr": 3.4829533680075566,
  "efc": 0.721051599882597,
  "fber": 47213.05859375,
  "fwhm_avg": 4.887213333333333,
  "fwhm_x": 4.82395,
  "fwhm_y": 5.02576,
  "fwhm_z": 4.81193,
  "icvs_csf": 0.2298067123208542,
  "icvs_gm": 0.4089206618358138,
  "icvs_wm": 0.361272625843332,
  "inu_med": 1.9006839990615845,
  "inu_range": 0.818056255578995,
  "provenance": {
    "md5sum": "16a4bdc4a63bd6f3c43bb34cca888f78",
    "settings": {
      "testing": false
    },
    "software": "mriqc",
    "version": "0.15.2",
    "warnings": {
      "large_rot_frame": true,
      "small_air_mask": false
    },
    "webapi_port": null,
    "webapi_url": "https://mriqc.nimh.nih.gov/api/v1"
  },
  "qi_1": 0.0,
  "qi_2": 2.0116890420392118e-05,
  "rpve_csf": 18.197080332959594,
  "rpve_gm": 10.233938797042383,
  "rpve_wm": 13.738640711452964,
  "size_x": 256,
  "size_y": 256,
  "size_z": 150,
  "snr_csf": 3.5045179870153733,
  "snr_gm": 11.929268850239636,
  "snr_total": 10.13222759164434,
  "snr_wm": 14.962895937678008,
  "snrd_csf": 53.56006030163959,
  "snrd_gm": 104.52077713974488,
  "snrd_total": 103.41297692414985,
  "snrd_wm": 152.15809333106506,
  "spacing_x": 1.0,
  "spacing_y": 1.0,
  "spacing_z": 1.0,
  "summary_bg_k": 18.69369753931568,
  "summary_bg_mad": 4.305648698818926,
  "summary_bg_mean": 10.22534465789795,
  "summary_bg_median": 2.904115915298462,
  "summary_bg_n": 574548.0,
  "summary_bg_p05": 0.0,
  "summary_bg_p95": 44.8249021530152,
  "summary_bg_stdv": 17.25630760192871,
  "summary_csf_k": 1.4254317901206495,
  "summary_csf_mad": 91.54516705037908,
  "summary_csf_mean": 358.2481994628906,
  "summary_csf_median": 352.0042724609375,
  "summary_csf_n": 30925.0,
  "summary_csf_p05": 204.85552368164065,
  "summary_csf_p95": 528.3655883789062,
  "summary_csf_stdv": 100.44136810302734,
  "summary_gm_k": 0.18733483303291631,
  "summary_gm_mad": 56.91508484192957,
  "summary_gm_mean": 688.5969848632812,
  "summary_gm_median": 686.92529296875,
  "summary_gm_n": 30882.0,
  "summary_gm_p05": 596.1286071777344,
  "summary_gm_p95": 784.8765777587889,
  "summary_gm_stdv": 57.582252502441406,
  "summary_wm_k": 2.8123562022739517,
  "summary_wm_mad": 60.73520166049178,
  "summary_wm_mean": 1004.2531127929688,
  "summary_wm_median": 1000.0044555664062,
  "summary_wm_n": 234913.0,
  "summary_wm_p05": 901.8046020507812,
  "summary_wm_p95": 1117.6270263671875,
  "summary_wm_stdv": 66.83213806152344,
  "tpm_overlap_csf": 0.14359807968139648,
  "tpm_overlap_gm": 0.432333767414093,
  "tpm_overlap_wm": 0.47143080830574036,
  "wm2max": 0.5515388460440418
}