{
  "bids_meta": {
    "AcquisitionDate": "'07-01-2024'",
    "AcquisitionDuration": 233.659,
    "AcquisitionMatrixPE": 256,
    "AcquisitionNumber": 2,
    "AcquisitionTime": "14:37:41.830000",
    "BodyPartExamined": "BRAIN",
    "CoilString": "MULTI COIL",
    "ConversionSoftware": "dcm2niix",
    "ConversionSoftwareVersion": "v1.0.20230411",
    "DeviceSerialNumber": "45051",
    "EchoTime": 0.004605,
    "EchoTrainLength": 128,
    "EstimatedEffectiveEchoSpacing": 1.79305e-05,
    "EstimatedTotalReadoutTime": 0.00457228,
    "FlipAngle": 8,
    "FrequencyEncodingSteps": 256,
    "ImageOrientationPatientDICOM": [
      0.999128,
      0.0296807,
      -0.0293653,
      -0.0280745,
      0.998164,
      0.0536764
    ],
    "ImageType": [
      "ORIGINAL",
      "PRIMARY",
      "T1",
      "NONE"
    ],
    "ImagingFrequency": 127.750272,
    "InPlanePhaseEncodingDirectionDICOM": "ROW",
    "InstitutionAddress": "1161 21ST AVE. SOUTH",
    "InstitutionName": "VANDERBILT INSTITUTE OF IMAGING",
    "InstitutionalDepartmentName": "MRI DEPT.",
    "MRAcquisitionType": "3D",
    "MTState": true,
    "MagneticFieldStrength": 3,
    "Manufacturer": "Philips",
    "ManufacturersModelName": "MR 7700",
    "Modality": "MR",
    "ParallelAcquisitionTechnique": "SENSE",
    "ParallelReductionFactorInPlane": 2,
    "PatientPosition": "HFS",
    "PercentPhaseFOV": 100,
    "PercentSampling": 100,
    "PhaseEncodingAxis": "i",
    "PhaseEncodingSteps": 256,
    "PhaseEncodingStepsOutOfPlane": 150,
    "PhilipsRescaleIntercept": 0,
    "PhilipsRescaleSlope": 2.45665,
    "PhilipsScaleSlope": 0.00684965,
    "PixelBandwidth": 217.014,
    "ProtocolName": "WIP AnatBrain_T1W3D",
    "PulseSequenceName": "T1TFE",
    "ReconMatrixPE": 256,
    "RepetitionTime": 0.0089415,
    "ScanOptions": "SP",
    "ScanningSequence": "GR",
    "SequenceVariant": "MP",
    "SeriesDescription": "AnatBrain_T1W3D",
    "SeriesNumber": 201,
    "SliceThickness": 1,
    "SoftwareVersions": "5.9.0\\5.9.0.0",
    "SpacingBetweenSlices": 1,
    "SpoilingState": true,
    "SpoilingType": "COMBINED",
    "StationName": "PHILIPS-JJJ61LI",
    "UsePhilipsFloatNotDisplayScaling": 1,
    "WaterFatShift": 2.00149,
    "acq_id": "D1S0201",
    "dataset": "<unset>",
    "modality": "T1w",
    "session_id": "1",
    "subject_id": "1220"
  },
  "cjv": 0.2976435009774524,
  "cnr": 4.2802662473274165,
  "efc": 0.6325418521170899,
  "fber": 73602.4375,
  "fwhm_avg": 4.407523333333334,
  "fwhm_x": 4.42522,
  "fwhm_y": 4.57993,
  "fwhm_z": 4.21742,
  "icvs_csf": 0.1888611913294441,
  "icvs_gm": 0.455360875176299,
  "icvs_wm": 0.3557779334942569,
  "inu_med": 2.172480821609497,
  "inu_range": 0.8020684719085693,
  "provenance": {
    "md5sum": "15c138b6da318e046aad406c4149ff30",
    "settings": {
      "testing": false
    },
    "software": "mriqc",
    "version": "0.15.2",
    "warnings": {
      "large_rot_frame": true,
      "small_air_mask": false
    },
    "webapi_port": null,
    "webapi_url": "https://mriqc.nimh.nih.gov/api/v1"
  },
  "qi_1": 0.03277096801621543,
  "qi_2": 3.183930427817204e-05,
  "rpve_csf": 23.24735932719523,
  "rpve_gm": 10.840109064529099,
  "rpve_wm": 15.571102926601574,
  "size_x": 256,
  "size_y": 256,
  "size_z": 150,
  "snr_csf": 3.2510124080682976,
  "snr_gm": 11.203111904668873,
  "snr_total": 11.294710423167835,
  "snr_wm": 19.430006956766334,
  "snrd_csf": 67.60519955829525,
  "snrd_gm": 128.09854047874722,
  "snrd_total": 129.61215087593988,
  "snrd_wm": 193.1327125907771,
  "spacing_x": 1.0,
  "spacing_y": 1.0,
  "spacing_z": 1.0,
  "summary_bg_k": 13.854974548293857,
  "summary_bg_mad": 3.3921547980293307,
  "summary_bg_mean": 4.579711437225342,
  "summary_bg_median": 2.287973642349243,
  "summary_bg_n": 691947.0,
  "summary_bg_p05": 0.0,
  "summary_bg_p95": 16.906777763366698,
  "summary_bg_stdv": 5.942515850067139,
  "summary_csf_k": 38.20226937625558,
  "summary_csf_mad": 89.42166332964166,
  "summary_csf_mean": 359.6490783691406,
  "summary_csf_median": 350.0451354980469,
  "summary_csf_n": 16835.0,
  "summary_csf_p05": 226.10648040771486,
  "summary_csf_p95": 530.2547302246094,
  "summary_csf_stdv": 107.6694564819336,
  "summary_gm_k": 0.676816373918224,
  "summary_gm_mad": 55.381581515763486,
  "summary_gm_mean": 667.2008666992188,
  "summary_gm_median": 663.2666015625,
  "summary_gm_n": 40975.0,
  "summary_gm_p05": 577.3964782714844,
  "summary_gm_p95": 771.0477661132812,
  "summary_gm_stdv": 59.203060150146484,
  "summary_wm_k": 1.2973508237274185,
  "summary_wm_mad": 44.84478075746871,
  "summary_wm_mean": 997.1528930664062,
  "summary_wm_median": 999.99951171875,
  "summary_wm_n": 190420.0,
  "summary_wm_p05": 904.8740783691406,
  "summary_wm_p95": 1074.9913635253906,
  "summary_wm_stdv": 51.46662521362305,
  "tpm_overlap_csf": 0.14571385085582733,
  "tpm_overlap_gm": 0.45207464694976807,
  "tpm_overlap_wm": 0.4756484627723694,
  "wm2max": 0.5493905270440137
}