{
  "bids_meta": {
    "AcquisitionDate": "'07-08-2024'",
    "AcquisitionDuration": 234.719,
    "AcquisitionMatrixPE": 256,
    "AcquisitionNumber": 2,
    "AcquisitionTime": "16:01:9.680000",
    "BodyPartExamined": "BRAIN",
    "CoilString": "MULTI COIL",
    "ConversionSoftware": "dcm2niix",
    "ConversionSoftwareVersion": "v1.0.20230411",
    "DeviceSerialNumber": "45051",
    "EchoTime": 0.004605,
    "EchoTrainLength": 128,
    "EstimatedEffectiveEchoSpacing": 1.79305e-05,
    "EstimatedTotalReadoutTime": 0.00457228,
    "FlipAngle": 8,
    "FrequencyEncodingSteps": 256,
    "ImageOrientationPatientDICOM": [
      0.999395,
      -0.00119942,
      0.0347553,
      -0.00253478,
      0.994234,
      0.107199
    ],
    "ImageType": [
      "ORIGINAL",
      "PRIMARY",
      "T1",
      "NONE"
    ],
    "ImagingFrequency": 127.75028,
    "InPlanePhaseEncodingDirectionDICOM": "ROW",
    "InstitutionAddress": "1161 21ST AVE. SOUTH",
    "InstitutionName": "VANDERBILT INSTITUTE OF IMAGING",
    "InstitutionalDepartmentName": "MRI DEPT.",
    "MRAcquisitionType": "3D",
    "MTState": true,
    "MagneticFieldStrength": 3,
    "Manufacturer": "Philips",
    "ManufacturersModelName": "MR 7700",
    "Modality": "MR",
    "ParallelAcquisitionTechnique": "SENSE",
    "ParallelReductionFactorInPlane": 2,
    "PatientPosition": "HFS",
    "PercentPhaseFOV": 100,
    "PercentSampling": 100,
    "PhaseEncodingAxis": "i",
    "PhaseEncodingSteps": 256,
    "PhaseEncodingStepsOutOfPlane": 150,
    "PhilipsRescaleIntercept": 0,
    "PhilipsRescaleSlope": 3.67399,
    "PhilipsScaleSlope": 0.0068765,
    "PixelBandwidth": 217.014,
    "ProtocolName": "WIP AnatBrain_T1W3D",
    "PulseSequenceName": "T1TFE",
    "ReconMatrixPE": 256,
    "RepetitionTime": 0.0089823,
    "ScanOptions": "SP",
    "ScanningSequence": "GR",
    "SequenceVariant": "MP",
    "SeriesDescription": "AnatBrain_T1W3D",
    "SeriesNumber": 201,
    "SliceThickness": 1,
    "SoftwareVersions": "5.9.0\\5.9.0.0",
    "SpacingBetweenSlices": 1,
    "SpoilingState": true,
    "SpoilingType": "COMBINED",
    "StationName": "PHILIPS-JJJ61LI",
    "UsePhilipsFloatNotDisplayScaling": 1,
    "WaterFatShift": 2.00149,
    "acq_id": "D1S0201",
    "dataset": "<unset>",
    "modality": "T1w",
    "session_id": "1",
    "subject_id": "1229"
  },
  "cjv": 0.318354816256775,
  "cnr": 4.009088495394056,
  "efc": 0.7329969008538663,
  "fber": 9256.3984375,
  "fwhm_avg": 4.34295,
  "fwhm_x": 4.26449,
  "fwhm_y": 4.6433,
  "fwhm_z": 4.12106,
  "icvs_csf": 0.20606885049478768,
  "icvs_gm": 0.42707250654081613,
  "icvs_wm": 0.3668586429643962,
  "inu_med": 1.9444236755371094,
  "inu_range": 0.7086325883865354,
  "provenance": {
    "md5sum": "7f43b14a7524efca40f376d1c3672437",
    "settings": {
      "testing": false
    },
    "software": "mriqc",
    "version": "0.15.2",
    "warnings": {
      "large_rot_frame": true,
      "small_air_mask": false
    },
    "webapi_port": null,
    "webapi_url": "https://mriqc.nimh.nih.gov/api/v1"
  },
  "qi_1": 0.0,
  "qi_2": 8.95343499669872e-05,
  "rpve_csf": 21.37559312208928,
  "rpve_gm": 10.989682656271887,
  "rpve_wm": 15.053182187535723,
  "size_x": 256,
  "size_y": 256,
  "size_z": 150,
  "snr_csf": 3.3801921430184505,
  "snr_gm": 11.07826504315947,
  "snr_total": 11.432320500045243,
  "snr_wm": 19.838504313957806,
  "snrd_csf": 24.351708760315603,
  "snrd_gm": 48.34951373227014,
  "snrd_total": 48.00394710255435,
  "snrd_wm": 71.3106188150773,
  "spacing_x": 1.0,
  "spacing_y": 1.0,
  "spacing_z": 1.0,
  "summary_bg_k": 8.285012966252548,
  "summary_bg_mad": 9.187045482064239,
  "summary_bg_mean": 11.549225807189941,
  "summary_bg_median": 6.30112886428833,
  "summary_bg_n": 403545.0,
  "summary_bg_p05": 0.0,
  "summary_bg_p95": 35.53245391845703,
  "summary_bg_stdv": 12.805669784545898,
  "summary_csf_k": 3.3300714521403254,
  "summary_csf_mad": 86.9076236882185,
  "summary_csf_mean": 354.36749267578125,
  "summary_csf_median": 341.4865417480469,
  "summary_csf_n": 25098.0,
  "summary_csf_p05": 215.23644638061523,
  "summary_csf_p95": 532.0088317871093,
  "summary_csf_stdv": 101.02376556396484,
  "summary_gm_k": 0.670129299077729,
  "summary_gm_mad": 57.4257699994086,
  "summary_gm_mean": 682.159912109375,
  "summary_gm_median": 678.01025390625,
  "summary_gm_n": 25281.0,
  "summary_gm_p05": 590.02880859375,
  "summary_gm_p95": 789.3751831054688,
  "summary_gm_stdv": 61.20063400268555,
  "summary_wm_k": 1.0572443562421405,
  "summary_wm_mad": 45.08001174300371,
  "summary_wm_mean": 998.0758666992188,
  "summary_wm_median": 999.9962158203125,
  "summary_wm_n": 210522.0,
  "summary_wm_p05": 910.4190338134765,
  "summary_wm_p95": 1076.4380798339841,
  "summary_wm_stdv": 50.406715393066406,
  "tpm_overlap_csf": 0.1625027358531952,
  "tpm_overlap_gm": 0.4535212814807892,
  "tpm_overlap_wm": 0.4891923666000366,
  "wm2max": 0.5732661413509987
}