{
  "bids_meta": {
    "AcquisitionDate": "'09-22-2024'",
    "AcquisitionDuration": 233.162,
    "AcquisitionMatrixPE": 256,
    "AcquisitionNumber": 2,
    "AcquisitionTime": "14:17:33.810000",
    "BodyPartExamined": "BRAIN",
    "CoilString": "MULTI COIL",
    "ConversionSoftware": "dcm2niix",
    "ConversionSoftwareVersion": "v1.0.20230411",
    "DeviceSerialNumber": "45051",
    "EchoTime": 0.004605,
    "EchoTrainLength": 128,
    "EstimatedEffectiveEchoSpacing": 1.79305e-05,
    "EstimatedTotalReadoutTime": 0.00457228,
    "FlipAngle": 8,
    "FrequencyEncodingSteps": 256,
    "ImageOrientationPatientDICOM": [
      0.999231,
      -0.0292568,
      -0.0260921,
      0.0284647,
      0.999138,
      -0.0302305
    ],
    "ImageType": [
      "ORIGINAL",
      "PRIMARY",
      "T1",
      "NONE"
    ],
    "ImagingFrequency": 127.750472,
    "InPlanePhaseEncodingDirectionDICOM": "ROW",
    "InstitutionAddress": "1161 21ST AVE. SOUTH",
    "InstitutionName": "VANDERBILT INSTITUTE OF IMAGING",
    "InstitutionalDepartmentName": "MRI DEPT.",
    "MRAcquisitionType": "3D",
    "MTState": true,
    "MagneticFieldStrength": 3,
    "Manufacturer": "Philips",
    "ManufacturersModelName": "MR 7700",
    "Modality": "MR",
    "ParallelAcquisitionTechnique": "SENSE",
    "ParallelReductionFactorInPlane": 2,
    "PatientPosition": "HFS",
    "PercentPhaseFOV": 100,
    "PercentSampling": 100,
    "PhaseEncodingAxis": "i",
    "PhaseEncodingSteps": 256,
    "PhaseEncodingStepsOutOfPlane": 150,
    "PhilipsRescaleIntercept": 0,
    "PhilipsRescaleSlope": 3.24249,
    "PhilipsScaleSlope": 0.00693822,
    "PixelBandwidth": 217.014,
    "ProtocolName": "WIP AnatBrain_T1W3D",
    "PulseSequenceName": "T1TFE",
    "ReconMatrixPE": 256,
    "RepetitionTime": 0.008922,
    "ScanOptions": "SP",
    "ScanningSequence": "GR",
    "SequenceVariant": "MP",
    "SeriesDescription": "AnatBrain_T1W3D",
    "SeriesNumber": 201,
    "SliceThickness": 1,
    "SoftwareVersions": "5.9.0\\5.9.0.0",
    "SpacingBetweenSlices": 1,
    "SpoilingState": true,
    "SpoilingType": "COMBINED",
    "StationName": "PHILIPS-JJJ61LI",
    "UsePhilipsFloatNotDisplayScaling": 1,
    "WaterFatShift": 2.00149,
    "acq_id": "D1S0201",
    "dataset": "<unset>",
    "modality": "T1w",
    "session_id": "1",
    "subject_id": "1252"
  },
  "cjv": 0.35671284565092515,
  "cnr": 3.459378994368782,
  "efc": 0.626908235331781,
  "fber": 53102.76953125,
  "fwhm_avg": 4.2997000000000005,
  "fwhm_x": 4.22075,
  "fwhm_y": 4.5009,
  "fwhm_z": 4.17745,
  "icvs_csf": 0.21591510973246303,
  "icvs_gm": 0.4329894979410769,
  "icvs_wm": 0.35109539232646003,
  "inu_med": 1.9746415615081787,
  "inu_range": 0.771372163295746,
  "provenance": {
    "md5sum": "ba58ffcd246cf41f9e600473c8d33df9",
    "settings": {
      "testing": false
    },
    "software": "mriqc",
    "version": "0.15.2",
    "warnings": {
      "large_rot_frame": true,
      "small_air_mask": false
    },
    "webapi_port": null,
    "webapi_url": "https://mriqc.nimh.nih.gov/api/v1"
  },
  "qi_1": 0.029663735517228364,
  "qi_2": 5.21194589124239e-05,
  "rpve_csf": 24.942095301429777,
  "rpve_gm": 13.018684347520793,
  "rpve_wm": 18.500824972975025,
  "size_x": 256,
  "size_y": 256,
  "size_z": 150,
  "snr_csf": 3.4899613691018443,
  "snr_gm": 9.88723073017167,
  "snr_total": 10.862539375844072,
  "snr_wm": 19.210426028258702,
  "snrd_csf": 57.03923749101226,
  "snrd_gm": 115.88016492416591,
  "snrd_total": 113.15647236704815,
  "snrd_wm": 166.5500146859663,
  "spacing_x": 1.0,
  "spacing_y": 1.0,
  "spacing_z": 1.0,
  "summary_bg_k": 188.12202547982636,
  "summary_bg_mad": 3.9335630157404315,
  "summary_bg_mean": 6.265263080596924,
  "summary_bg_median": 2.6531479358673096,
  "summary_bg_n": 907381.0,
  "summary_bg_p05": 0.0,
  "summary_bg_p95": 23.032760620117188,
  "summary_bg_stdv": 8.52852725982666,
  "summary_csf_k": 41.91227691751276,
  "summary_csf_mad": 84.80717251357265,
  "summary_csf_mean": 356.3484191894531,
  "summary_csf_median": 342.4743957519531,
  "summary_csf_n": 19035.0,
  "summary_csf_p05": 233.96029205322264,
  "summary_csf_p95": 519.8214233398436,
  "summary_csf_stdv": 98.12870788574219,
  "summary_gm_k": 0.9593282780842838,
  "summary_gm_mad": 62.77712787268532,
  "summary_gm_mean": 702.884033203125,
  "summary_gm_median": 695.7664794921875,
  "summary_gm_n": 18458.0,
  "summary_gm_p05": 600.122607421875,
  "summary_gm_p95": 833.3783752441406,
  "summary_gm_stdv": 70.36830139160156,
  "summary_wm_k": 1.25687589524391,
  "summary_wm_mad": 45.74611494920609,
  "summary_wm_mean": 998.890380859375,
  "summary_wm_median": 999.9978637695312,
  "summary_wm_n": 158152.0,
  "summary_wm_p05": 910.2305664062501,
  "summary_wm_p95": 1080.6421813964844,
  "summary_wm_stdv": 52.05479049682617,
  "tpm_overlap_csf": 0.15961802005767822,
  "tpm_overlap_gm": 0.4577932357788086,
  "tpm_overlap_wm": 0.4977648854255676,
  "wm2max": 0.612872260119097
}