{
	"Modality": "MR",
	"MagneticFieldStrength": 3,
	"ImagingFrequency": 127.750376,
	"Manufacturer": "Philips",
	"ManufacturersModelName": "Ingenia Elition X",
	"InstitutionName": "VANDERBILT INSTITUTE OF IMAGING",
	"InstitutionalDepartmentName": "MRI DEPT.",
	"InstitutionAddress": "1161 21ST AVE. SOUTH",
	"DeviceSerialNumber": "45051",
	"StationName": "PHILIPS-JJJ61LI",
	"BodyPartExamined": "BRAIN",
	"PatientPosition": "HFS",
	"SoftwareVersions": "5.7.1\\5.7.1.2",
	"MRAcquisitionType": "3D",
	"SeriesDescription": "AnatBrain_T1W3D",
	"ProtocolName": "WIP AnatBrain_T1W3D",
	"ScanningSequence": "GR",
	"SequenceVariant": "MP",
	"ScanOptions": "SP",
	"PulseSequenceName": "T1TFE",
	"ImageType": ["ORIGINAL", "PRIMARY", "T1", "NONE"],
	"SeriesNumber": 201,
	"AcquisitionTime": "14:06:49.650000",
	"AcquisitionNumber": 2,
	"PhilipsRescaleSlope": 3.38095,
	"PhilipsRescaleIntercept": 0,
	"PhilipsScaleSlope": 0.00595836,
	"UsePhilipsFloatNotDisplayScaling": 1,
	"SliceThickness": 1,
	"SpacingBetweenSlices": 1,
	"EchoTime": 0.004605,
	"RepetitionTime": 0.0089219,
	"MTState": false,
	"SpoilingState": true,
	"SpoilingType": "COMBINED",
	"FlipAngle": 8,
	"CoilString": "MULTI COIL",
	"PercentPhaseFOV": 100,
	"PercentSampling": 100,
	"EchoTrainLength": 128,
	"PhaseEncodingSteps": 256,
	"FrequencyEncodingSteps": 256,
	"PhaseEncodingStepsOutOfPlane": 150,
	"AcquisitionMatrixPE": 256,
	"ReconMatrixPE": 256,
	"ParallelReductionFactorInPlane": 2,
	"ParallelAcquisitionTechnique": "SENSE",
	"WaterFatShift": 2.00149,
	"EstimatedEffectiveEchoSpacing": 1.79305e-05,
	"EstimatedTotalReadoutTime": 0.00457228,
	"AcquisitionDuration": 233.159,
	"PixelBandwidth": 217.014,
	"PhaseEncodingAxis": "i",
	"ImageOrientationPatientDICOM": [
		0.999395,
		0.0277564,
		0.0209494,
		-0.0270408,
		0.999066,
		-0.0337018	],
	"InPlanePhaseEncodingDirectionDICOM": "ROW",
	"ConversionSoftware": "dcm2niix",
	"ConversionSoftwareVersion": "v1.0.20230411",
	"AcquisitionDate":"'03-19-2023'"
}
