{
	"Modality": "MR",
	"MagneticFieldStrength": 3,
	"ImagingFrequency": 127.750776,
	"Manufacturer": "Philips",
	"ManufacturersModelName": "Ingenia Elition X",
	"InstitutionName": "VANDERBILT INSTITUTE OF IMAGING",
	"InstitutionalDepartmentName": "MRI DEPT.",
	"InstitutionAddress": "1161 21ST AVE. SOUTH",
	"DeviceSerialNumber": "45051",
	"StationName": "PHILIPS-JJJ61LI",
	"BodyPartExamined": "BRAIN",
	"PatientPosition": "HFS",
	"SoftwareVersions": "5.6.1\\5.6.1.0",
	"MRAcquisitionType": "2D",
	"SeriesDescription": "TOPUP_2.25mmiso_APA",
	"ProtocolName": "WIP TOPUP_2.25mmiso_APA",
	"ScanningSequence": "SE",
	"SequenceVariant": "SK",
	"ScanOptions": "FS",
	"PulseSequenceName": "SEEPI",
	"ImageType": ["ORIGINAL", "PRIMARY", "T2", "NONE"],
	"SeriesNumber": 701,
	"AcquisitionTime": "16:42:54.130000",
	"AcquisitionNumber": 7,
	"PhilipsRescaleSlope": 1.85226,
	"PhilipsRescaleIntercept": 0,
	"PhilipsScaleSlope": 0.0190975,
	"UsePhilipsFloatNotDisplayScaling": 1,
	"SliceThickness": 2.25,
	"SpacingBetweenSlices": 2.25,
	"EchoTime": 0.034229,
	"RepetitionTime": 1.72122,
	"MTState": false,
	"FlipAngle": 90,
	"CoilString": "MULTI COIL",
	"PercentPhaseFOV": 100,
	"PercentSampling": 100,
	"EchoTrainLength": 47,
	"PhaseEncodingSteps": 94,
	"FrequencyEncodingSteps": 96,
	"PhaseEncodingStepsOutOfPlane": 1,
	"AcquisitionMatrixPE": 94,
	"ReconMatrixPE": 96,
	"ParallelReductionFactorInPlane": 2,
	"ParallelAcquisitionTechnique": "SENSE",
	"WaterFatShift": 12.8605,
	"EffectiveEchoSpacing": 0.000305175,
	"TotalReadoutTime": 0.0289916,
	"AcquisitionDuration": 6.88488,
	"PixelBandwidth": 2150.24,
	"PhaseEncodingDirection": "j",
	"ImageOrientationPatientDICOM": [
		0.999114,
		0.0325766,
		-0.026638,
		-0.0365174,
		0.985761,
		-0.164139	],
	"InPlanePhaseEncodingDirectionDICOM": "COL",
	"ConversionSoftware": "dcm2niix",
	"ConversionSoftwareVersion": "v1.0.20230411",
	"AcquisitionDate":"'10-04-2021'"
}
