{
  "Modality": "MR",
  "MagneticFieldStrength": 3,
  "ImagingFrequency": 127.750776,
  "Manufacturer": "Philips",
  "ManufacturersModelName": "Ingenia Elition X",
  "InstitutionName": "VANDERBILT INSTITUTE OF IMAGING",
  "InstitutionalDepartmentName": "MRI DEPT.",
  "InstitutionAddress": "1161 21ST AVE. SOUTH",
  "DeviceSerialNumber": "45051",
  "StationName": "PHILIPS-JJJ61LI",
  "BodyPartExamined": "BRAIN",
  "PatientPosition": "HFS",
  "SoftwareVersions": "5.6.1\\5.6.1.0",
  "MRAcquisitionType": "2D",
  "SeriesDescription": "TOPUP_2.25mmiso_APP",
  "ProtocolName": "WIP TOPUP_2.25mmiso_APP",
  "ScanningSequence": "SE",
  "SequenceVariant": "SK",
  "ScanOptions": "FS",
  "PulseSequenceName": "SEEPI",
  "ImageType": [
    "ORIGINAL",
    "PRIMARY",
    "T2",
    "NONE"
  ],
  "SeriesNumber": 601,
  "AcquisitionTime": "16:42:37.010000",
  "AcquisitionNumber": 6,
  "PhilipsRescaleSlope": 1.43394,
  "PhilipsRescaleIntercept": 0,
  "PhilipsScaleSlope": 0.0216892,
  "UsePhilipsFloatNotDisplayScaling": 1,
  "SliceThickness": 2.25,
  "SpacingBetweenSlices": 2.25,
  "EchoTime": 0.034229,
  "RepetitionTime": 1.7209,
  "MTState": false,
  "FlipAngle": 90,
  "CoilString": "MULTI COIL",
  "PercentPhaseFOV": 100,
  "PercentSampling": 100,
  "EchoTrainLength": 47,
  "PhaseEncodingSteps": 94,
  "FrequencyEncodingSteps": 96,
  "PhaseEncodingStepsOutOfPlane": 1,
  "AcquisitionMatrixPE": 94,
  "ReconMatrixPE": 96,
  "ParallelReductionFactorInPlane": 2,
  "ParallelAcquisitionTechnique": "SENSE",
  "WaterFatShift": 12.8508,
  "EffectiveEchoSpacing": 0.000304943,
  "TotalReadoutTime": 0.0289696,
  "AcquisitionDuration": 6.8836,
  "PixelBandwidth": 2149.67,
  "PhaseEncodingDirection": "j-",
  "ImageOrientationPatientDICOM": [
    0.999114,
    0.0325766,
    -0.026638,
    -0.0365174,
    0.985761,
    -0.164139
  ],
  "InPlanePhaseEncodingDirectionDICOM": "COL",
  "ConversionSoftware": "dcm2niix",
  "ConversionSoftwareVersion": "v1.0.20230411",
  "AcquisitionDate": "'10-04-2021'"
}
