{
    "TaskName": "ReadPhon",
	"Modality": "MR",
	"MagneticFieldStrength": 3,
	"ImagingFrequency": 127.75064,
	"Manufacturer": "Philips",
	"ManufacturersModelName": "Ingenia Elition X",
	"InstitutionName": "VANDERBILT INSTITUTE OF IMAGING",
	"InstitutionalDepartmentName": "MRI DEPT.",
	"InstitutionAddress": "1161 21ST AVE. SOUTH",
	"DeviceSerialNumber": "45051",
	"StationName": "PHILIPS-JJJ61LI",
	"BodyPartExamined": "BRAIN",
	"PatientPosition": "HFS",
	"SoftwareVersions": "5.6.1\\5.6.1.0",
	"MRAcquisitionType": "2D",
	"SeriesDescription": "EPI_task-ReadPhon_run-2",
	"ProtocolName": "WIP EPI_task-ReadPhon_run-2",
	"ScanningSequence": "GR",
	"SequenceVariant": "SK",
	"ScanOptions": "FS",
	"PulseSequenceName": "FEEPI",
	"ImageType": ["ORIGINAL", "PRIMARY", "T2", "NONE"],
	"SeriesNumber": 301,
	"AcquisitionTime": "16:48:16.510000",
	"AcquisitionNumber": 3,
	"PhilipsRescaleSlope": 0.790476,
	"PhilipsRescaleIntercept": 0,
	"PhilipsScaleSlope": 0.0444753,
	"UsePhilipsFloatNotDisplayScaling": 1,
	"SliceThickness": 2.25,
	"SpacingBetweenSlices": 2.25,
	"EchoTime": 0.030001,
	"RepetitionTime": 2,
	"MTState": false,
	"FlipAngle": 72,
	"CoilString": "MULTI COIL",
	"PercentPhaseFOV": 100,
	"PercentSampling": 100,
	"EchoTrainLength": 47,
	"PhaseEncodingSteps": 94,
	"FrequencyEncodingSteps": 96,
	"PhaseEncodingStepsOutOfPlane": 1,
	"AcquisitionMatrixPE": 94,
	"ReconMatrixPE": 96,
	"ParallelReductionFactorInPlane": 2,
	"ParallelAcquisitionTechnique": "MBSENSE",
	"ParallelReductionFactorOutOfPlane": 2,
	"WaterFatShift": 13.3933,
	"EstimatedEffectiveEchoSpacing": 0.000317819,
	"EstimatedTotalReadoutTime": 0.0301928,
	"PixelBandwidth": 2117.3,
	"PhaseEncodingAxis": "j",
	"ImageOrientationPatientDICOM": [
		0.997417,
		-0.052424,
		0.0490968,
		0.0595584,
		0.985735,
		-0.157412	],
	"InPlanePhaseEncodingDirectionDICOM": "COL",
	"ConversionSoftware": "dcm2niix",
	"ConversionSoftwareVersion": "v1.0.20230411",
	"AcquisitionDate":"'10-29-2021'"
}
