{
	"Modality": "MR",
	"MagneticFieldStrength": 3,
	"ImagingFrequency": 127.750776,
	"Manufacturer": "Philips",
	"ManufacturersModelName": "Ingenia Elition X",
	"InstitutionName": "VANDERBILT INSTITUTE OF IMAGING",
	"InstitutionalDepartmentName": "MRI DEPT.",
	"InstitutionAddress": "1161 21ST AVE. SOUTH",
	"DeviceSerialNumber": "45051",
	"StationName": "PHILIPS-JJJ61LI",
	"BodyPartExamined": "BRAIN",
	"PatientPosition": "HFS",
	"SoftwareVersions": "5.7.1\\5.7.1.2",
	"MRAcquisitionType": "2D",
	"SeriesDescription": "DTI_opt64dir_MB2_APP",
	"ProtocolName": "WIP DTI_opt64dir_MB2_APP",
	"ScanningSequence": "SE",
	"SequenceVariant": "SK",
	"ScanOptions": "FS",
	"PulseSequenceName": "DwiSE",
	"ImageType": ["ORIGINAL", "PRIMARY", "DIFFUSION", "NONE"],
	"SeriesNumber": 1001,
	"AcquisitionTime": "15:50:24.030000",
	"AcquisitionNumber": 10,
	"PhilipsRescaleSlope": 1.21709,
	"PhilipsRescaleIntercept": 0,
	"PhilipsScaleSlope": 0.0497931,
	"UsePhilipsFloatNotDisplayScaling": 1,
	"SliceThickness": 2,
	"SpacingBetweenSlices": 2,
	"EchoTime": 0.065966,
	"RepetitionTime": 5.49445,
	"MTState": false,
	"FlipAngle": 78,
	"CoilString": "MULTI COIL",
	"PercentPhaseFOV": 100,
	"PercentSampling": 98.2143,
	"EchoTrainLength": 55,
	"PartialFourierDirection": "PHASE",
	"PartialFourierEnabled": "YES",
	"PhaseEncodingStepsNoPartialFourier": 110,
	"FrequencyEncodingSteps": 112,
	"PhaseEncodingStepsOutOfPlane": 1,
	"AcquisitionMatrixPE": 110,
	"ReconMatrixPE": 112,
	"ParallelReductionFactorInPlane": 2,
	"ParallelAcquisitionTechnique": "MBSENSE",
	"ParallelReductionFactorOutOfPlane": 2,
	"WaterFatShift": 17.9027,
	"EstimatedEffectiveEchoSpacing": 0.000364693,
	"EstimatedTotalReadoutTime": 0.040481,
	"AcquisitionDuration": 369.111,
	"PixelBandwidth": 2325.95,
	"PhaseEncodingAxis": "j",
	"ImageOrientationPatientDICOM": [
		0.99715,
		0.0747643,
		0.0101489,
		-0.0741127,
		0.995788,
		-0.0539838	],
	"InPlanePhaseEncodingDirectionDICOM": "COL",
	"ConversionSoftware": "dcm2niix",
	"ConversionSoftwareVersion": "v1.0.20230411",
	"AcquisitionDate":"'01-17-2022'"
}
