{
  "bids_meta": {
    "AcquisitionDate": "'02-15-2025'",
    "AcquisitionDuration": 236.231,
    "AcquisitionMatrixPE": 256,
    "AcquisitionNumber": 2,
    "AcquisitionTime": "09:15:12.710000",
    "BodyPartExamined": "BRAIN",
    "CoilString": "MULTI COIL",
    "ConversionSoftware": "dcm2niix",
    "ConversionSoftwareVersion": "v1.0.20230411",
    "DeviceSerialNumber": "45051",
    "EchoTime": 0.004605,
    "EchoTrainLength": 128,
    "EstimatedEffectiveEchoSpacing": 1.79305e-05,
    "EstimatedTotalReadoutTime": 0.00457228,
    "FlipAngle": 8,
    "FrequencyEncodingSteps": 256,
    "ImageOrientationPatientDICOM": [
      0.990143,
      0.0719642,
      -0.120161,
      -0.0844788,
      0.991137,
      -0.102526
    ],
    "ImageType": [
      "ORIGINAL",
      "PRIMARY",
      "T1",
      "NONE"
    ],
    "ImagingFrequency": 127.750264,
    "InPlanePhaseEncodingDirectionDICOM": "ROW",
    "InstitutionAddress": "1161 21ST AVE. SOUTH",
    "InstitutionName": "VANDERBILT INSTITUTE OF IMAGING",
    "InstitutionalDepartmentName": "MRI DEPT.",
    "MRAcquisitionType": "3D",
    "MTState": true,
    "MagneticFieldStrength": 3,
    "Manufacturer": "Philips",
    "ManufacturersModelName": "MR 7700",
    "Modality": "MR",
    "ParallelAcquisitionTechnique": "SENSE",
    "ParallelReductionFactorInPlane": 2,
    "PatientPosition": "HFS",
    "PercentPhaseFOV": 100,
    "PercentSampling": 100,
    "PhaseEncodingAxis": "i",
    "PhaseEncodingSteps": 256,
    "PhaseEncodingStepsOutOfPlane": 150,
    "PhilipsRescaleIntercept": 0,
    "PhilipsRescaleSlope": 2.69182,
    "PhilipsScaleSlope": 0.00664373,
    "PixelBandwidth": 217.014,
    "ProtocolName": "WIP AnatBrain_T1W3D",
    "PulseSequenceName": "T1TFE",
    "ReconMatrixPE": 256,
    "RepetitionTime": 0.0090415,
    "ScanOptions": "SP",
    "ScanningSequence": "GR",
    "SequenceVariant": "MP",
    "SeriesDescription": "AnatBrain_T1W3D",
    "SeriesNumber": 201,
    "SliceThickness": 1,
    "SoftwareVersions": "5.9.0\\5.9.0.0",
    "SpacingBetweenSlices": 1,
    "SpoilingState": true,
    "SpoilingType": "COMBINED",
    "StationName": "PHILIPS-JJJ61LI",
    "UsePhilipsFloatNotDisplayScaling": 1,
    "WaterFatShift": 2.00149,
    "acq_id": "D1S0201",
    "dataset": "<unset>",
    "modality": "T1w",
    "session_id": "1",
    "subject_id": "1269"
  },
  "cjv": 0.33234085375046796,
  "cnr": 3.7238975510558254,
  "efc": 0.6662241219125425,
  "fber": 62115.984375,
  "fwhm_avg": 4.477076666666666,
  "fwhm_x": 4.40146,
  "fwhm_y": 4.66154,
  "fwhm_z": 4.36823,
  "icvs_csf": 0.19015524708059672,
  "icvs_gm": 0.4264481828625666,
  "icvs_wm": 0.3833965700568367,
  "inu_med": 1.5935478210449219,
  "inu_range": 0.6693602323532102,
  "provenance": {
    "md5sum": "14b4134576d4087a14d652d84a05a099",
    "settings": {
      "testing": false
    },
    "software": "mriqc",
    "version": "0.15.2",
    "warnings": {
      "large_rot_frame": true,
      "small_air_mask": false
    },
    "webapi_port": null,
    "webapi_url": "https://mriqc.nimh.nih.gov/api/v1"
  },
  "qi_1": 0.018266807028791233,
  "qi_2": 4.4572427636666854e-05,
  "rpve_csf": 20.983661631680523,
  "rpve_gm": 10.191753841599756,
  "rpve_wm": 13.532637739640087,
  "size_x": 256,
  "size_y": 256,
  "size_z": 150,
  "snr_csf": 2.193692003628382,
  "snr_gm": 10.188038101407765,
  "snr_total": 11.838338520987142,
  "snr_wm": 23.133285457925275,
  "snrd_csf": 65.31732121068158,
  "snrd_gm": 123.50810304489245,
  "snrd_total": 122.00377433870267,
  "snrd_wm": 177.185898760534,
  "spacing_x": 1.0,
  "spacing_y": 1.0,
  "spacing_z": 1.0,
  "summary_bg_k": 19.803416283176745,
  "summary_bg_mad": 3.6974419677812094,
  "summary_bg_mean": 5.894137382507324,
  "summary_bg_median": 2.493886709213257,
  "summary_bg_n": 743876.0,
  "summary_bg_p05": 0.0,
  "summary_bg_p95": 22.654229640960693,
  "summary_bg_stdv": 8.276741981506348,
  "summary_csf_k": 60.280932589453826,
  "summary_csf_mad": 102.86584486664533,
  "summary_csf_mean": 389.3714904785156,
  "summary_csf_median": 368.63623046875,
  "summary_csf_n": 17415.0,
  "summary_csf_p05": 224.34131774902346,
  "summary_csf_p95": 573.2427001953124,
  "summary_csf_stdv": 168.03892517089844,
  "summary_gm_k": 0.7030924574148214,
  "summary_gm_mad": 62.84807270540678,
  "summary_gm_mean": 705.7471313476562,
  "summary_gm_median": 697.0518798828125,
  "summary_gm_n": 33424.0,
  "summary_gm_p05": 608.5924591064453,
  "summary_gm_p95": 832.234539794922,
  "summary_gm_stdv": 68.41763305664062,
  "summary_wm_k": 1.2885133055188263,
  "summary_wm_mad": 37.83305137502146,
  "summary_wm_mean": 998.8848876953125,
  "summary_wm_median": 999.9972534179688,
  "summary_wm_n": 251521.0,
  "summary_wm_p05": 925.6055908203125,
  "summary_wm_p95": 1066.7738037109375,
  "summary_wm_stdv": 43.2275505065918,
  "tpm_overlap_csf": 0.15627144277095795,
  "tpm_overlap_gm": 0.4523817002773285,
  "tpm_overlap_wm": 0.5000396966934204,
  "wm2max": 0.5303826392394316
}