{
  "bids_meta": {
    "AcquisitionDate": "'05-11-2023'",
    "AcquisitionDuration": 234.534,
    "AcquisitionMatrixPE": 256,
    "AcquisitionNumber": 2,
    "AcquisitionTime": "19:00:26.660000",
    "BodyPartExamined": "BRAIN",
    "CoilString": "MULTI COIL",
    "ConversionSoftware": "dcm2niix",
    "ConversionSoftwareVersion": "v1.0.20230411",
    "DeviceSerialNumber": "45051",
    "EchoTime": 0.004605,
    "EchoTrainLength": 128,
    "EstimatedEffectiveEchoSpacing": 1.79305e-05,
    "EstimatedTotalReadoutTime": 0.00457229,
    "FlipAngle": 8,
    "FrequencyEncodingSteps": 256,
    "ImageOrientationPatientDICOM": [
      0.996992,
      0.0750896,
      0.0192027,
      -0.0765454,
      0.992823,
      0.0918843
    ],
    "ImageType": [
      "ORIGINAL",
      "PRIMARY",
      "T1",
      "NONE"
    ],
    "ImagingFrequency": 127.75032,
    "InPlanePhaseEncodingDirectionDICOM": "ROW",
    "InstitutionAddress": "1161 21ST AVE. SOUTH",
    "InstitutionName": "VANDERBILT INSTITUTE OF IMAGING",
    "InstitutionalDepartmentName": "MRI DEPT.",
    "MRAcquisitionType": "3D",
    "MTState": true,
    "MagneticFieldStrength": 3,
    "Manufacturer": "Philips",
    "ManufacturersModelName": "Ingenia Elition X",
    "Modality": "MR",
    "ParallelAcquisitionTechnique": "SENSE",
    "ParallelReductionFactorInPlane": 2,
    "PatientPosition": "HFS",
    "PercentPhaseFOV": 100,
    "PercentSampling": 100,
    "PhaseEncodingAxis": "i",
    "PhaseEncodingSteps": 256,
    "PhaseEncodingStepsOutOfPlane": 150,
    "PhilipsRescaleIntercept": 0,
    "PhilipsRescaleSlope": 2.79414,
    "PhilipsScaleSlope": 0.005999,
    "PixelBandwidth": 217.014,
    "ProtocolName": "WIP AnatBrain_T1W3D",
    "PulseSequenceName": "T1TFE",
    "ReconMatrixPE": 256,
    "RepetitionTime": 0.008975,
    "ScanOptions": "SP",
    "ScanningSequence": "GR",
    "SequenceVariant": "MP",
    "SeriesDescription": "AnatBrain_T1W3D",
    "SeriesNumber": 201,
    "SliceThickness": 1,
    "SoftwareVersions": "5.7.1\\5.7.1.2",
    "SpacingBetweenSlices": 1,
    "SpoilingState": true,
    "SpoilingType": "COMBINED",
    "StationName": "PHILIPS-JJJ61LI",
    "UsePhilipsFloatNotDisplayScaling": 1,
    "WaterFatShift": 2.00149,
    "acq_id": "D1S0201",
    "dataset": "<unset>",
    "modality": "T1w",
    "session_id": "1",
    "subject_id": "1196"
  },
  "cjv": 0.2881329407420378,
  "cnr": 4.3134211045361095,
  "efc": 0.6786314696268231,
  "fber": 62974.81640625,
  "fwhm_avg": 4.95189,
  "fwhm_x": 5.00351,
  "fwhm_y": 5.15314,
  "fwhm_z": 4.69902,
  "icvs_csf": 0.20543526506506843,
  "icvs_gm": 0.41461951885090204,
  "icvs_wm": 0.37994521608402954,
  "inu_med": 1.9359571933746338,
  "inu_range": 0.907785105705261,
  "provenance": {
    "md5sum": "0f662ecf44b7ab0165f1f268777907cc",
    "settings": {
      "testing": false
    },
    "software": "mriqc",
    "version": "0.15.2",
    "warnings": {
      "large_rot_frame": true,
      "small_air_mask": false
    },
    "webapi_port": null,
    "webapi_url": "https://mriqc.nimh.nih.gov/api/v1"
  },
  "qi_1": 0.01189773896525341,
  "qi_2": 1.8742072936669912e-05,
  "rpve_csf": 19.265496406185285,
  "rpve_gm": 9.99548981858494,
  "rpve_wm": 13.053735292499628,
  "size_x": 256,
  "size_y": 256,
  "size_z": 150,
  "snr_csf": 3.506269109576383,
  "snr_gm": 12.105820243196526,
  "snr_total": 12.653203706964087,
  "snr_wm": 22.34752176811935,
  "snrd_csf": 62.812702526531645,
  "snrd_gm": 124.91191516009255,
  "snrd_total": 123.17111736037474,
  "snrd_wm": 181.7887343945,
  "spacing_x": 1.0,
  "spacing_y": 1.0,
  "spacing_z": 1.0,
  "summary_bg_k": 18.18487205153941,
  "summary_bg_mad": 3.6038104406794886,
  "summary_bg_mean": 5.060764789581299,
  "summary_bg_median": 2.4307332038879395,
  "summary_bg_n": 564813.0,
  "summary_bg_p05": 0.0,
  "summary_bg_p95": 17.132111358642582,
  "summary_bg_stdv": 6.113156318664551,
  "summary_csf_k": 0.9731439542206894,
  "summary_csf_mad": 92.00115048415896,
  "summary_csf_mean": 357.4783935546875,
  "summary_csf_median": 345.5235900878906,
  "summary_csf_n": 22369.0,
  "summary_csf_p05": 214.4480712890625,
  "summary_csf_p95": 525.045654296875,
  "summary_csf_stdv": 98.54231262207031,
  "summary_gm_k": 0.754397659090456,
  "summary_gm_mad": 52.15395359036933,
  "summary_gm_mean": 688.8817749023438,
  "summary_gm_median": 687.1223754882812,
  "summary_gm_n": 26361.0,
  "summary_gm_p05": 599.5925903320312,
  "summary_gm_p95": 785.2380981445312,
  "summary_gm_stdv": 56.75859451293945,
  "summary_wm_k": 1.240847499408929,
  "summary_wm_mad": 37.994532311235034,
  "summary_wm_mean": 996.5150756835938,
  "summary_wm_median": 999.9935302734375,
  "summary_wm_n": 246096.0,
  "summary_wm_p05": 913.9468536376953,
  "summary_wm_p95": 1062.8590087890625,
  "summary_wm_stdv": 44.747310638427734,
  "tpm_overlap_csf": 0.15533775091171265,
  "tpm_overlap_gm": 0.44088080525398254,
  "tpm_overlap_wm": 0.4973747432231903,
  "wm2max": 0.5723160275448151
}