{
  "bids_meta": {
    "AcquisitionDate": "'12-04-2022'",
    "AcquisitionDuration": 235.827,
    "AcquisitionMatrixPE": 256,
    "AcquisitionNumber": 2,
    "AcquisitionTime": "15:37:4.300000",
    "BodyPartExamined": "BRAIN",
    "CoilString": "MULTI COIL",
    "ConversionSoftware": "dcm2niix",
    "ConversionSoftwareVersion": "v1.0.20230411",
    "DeviceSerialNumber": "45051",
    "EchoTime": 0.004605,
    "EchoTrainLength": 128,
    "EstimatedEffectiveEchoSpacing": 1.79305e-05,
    "EstimatedTotalReadoutTime": 0.00457228,
    "FlipAngle": 8,
    "FrequencyEncodingSteps": 256,
    "ImageOrientationPatientDICOM": [
      0.998837,
      0.0251857,
      -0.0411196,
      -0.0319287,
      0.984476,
      -0.172589
    ],
    "ImageType": [
      "ORIGINAL",
      "PRIMARY",
      "T1",
      "NONE"
    ],
    "ImagingFrequency": 127.750544,
    "InPlanePhaseEncodingDirectionDICOM": "ROW",
    "InstitutionAddress": "1161 21ST AVE. SOUTH",
    "InstitutionName": "VANDERBILT INSTITUTE OF IMAGING",
    "InstitutionalDepartmentName": "MRI DEPT.",
    "MRAcquisitionType": "3D",
    "MTState": true,
    "MagneticFieldStrength": 3,
    "Manufacturer": "Philips",
    "ManufacturersModelName": "Ingenia Elition X",
    "Modality": "MR",
    "ParallelAcquisitionTechnique": "SENSE",
    "ParallelReductionFactorInPlane": 2,
    "PatientPosition": "HFS",
    "PercentPhaseFOV": 100,
    "PercentSampling": 100,
    "PhaseEncodingAxis": "i",
    "PhaseEncodingSteps": 256,
    "PhaseEncodingStepsOutOfPlane": 150,
    "PhilipsRescaleIntercept": 0,
    "PhilipsRescaleSlope": 2.80781,
    "PhilipsScaleSlope": 0.00705121,
    "PixelBandwidth": 217.014,
    "ProtocolName": "WIP AnatBrain_T1W3D",
    "PulseSequenceName": "T1TFE",
    "ReconMatrixPE": 256,
    "RepetitionTime": 0.0090248,
    "ScanOptions": "SP",
    "ScanningSequence": "GR",
    "SequenceVariant": "MP",
    "SeriesDescription": "AnatBrain_T1W3D",
    "SeriesNumber": 201,
    "SliceThickness": 1,
    "SoftwareVersions": "5.7.1\\5.7.1.2",
    "SpacingBetweenSlices": 1,
    "SpoilingState": true,
    "SpoilingType": "COMBINED",
    "StationName": "PHILIPS-JJJ61LI",
    "UsePhilipsFloatNotDisplayScaling": 1,
    "WaterFatShift": 2.00149,
    "acq_id": "D1S0201",
    "dataset": "<unset>",
    "modality": "T1w",
    "session_id": "1",
    "subject_id": "1181"
  },
  "cjv": 0.32442377476509926,
  "cnr": 3.758965145586163,
  "efc": 0.7021282764241163,
  "fber": 55858.36328125,
  "fwhm_avg": 4.639166666666667,
  "fwhm_x": 4.57878,
  "fwhm_y": 4.88297,
  "fwhm_z": 4.45575,
  "icvs_csf": 0.20009669770847585,
  "icvs_gm": 0.44983448484927613,
  "icvs_wm": 0.35006881744224805,
  "inu_med": 1.9090054035186768,
  "inu_range": 0.7125801026821137,
  "provenance": {
    "md5sum": "16033cba3c53aa7fe78282e47b4b60c3",
    "settings": {
      "testing": false
    },
    "software": "mriqc",
    "version": "0.15.2",
    "warnings": {
      "large_rot_frame": true,
      "small_air_mask": false
    },
    "webapi_port": null,
    "webapi_url": "https://mriqc.nimh.nih.gov/api/v1"
  },
  "qi_1": 0.0,
  "qi_2": 3.25330133925741e-05,
  "rpve_csf": 19.91303092715964,
  "rpve_gm": 9.843641634143077,
  "rpve_wm": 14.51682287141535,
  "size_x": 256,
  "size_y": 256,
  "size_z": 150,
  "snr_csf": 2.7039320646096994,
  "snr_gm": 10.20568246660013,
  "snr_total": 11.38335343592459,
  "snr_wm": 21.240445776563938,
  "snrd_csf": 59.41164917818789,
  "snrd_gm": 114.65863509073394,
  "snrd_total": 113.51167169689005,
  "snrd_wm": 166.46473082174828,
  "spacing_x": 1.0,
  "spacing_y": 1.0,
  "spacing_z": 1.0,
  "summary_bg_k": 10.209870671293773,
  "summary_bg_mad": 3.9356087807444946,
  "summary_bg_mean": 7.210533142089844,
  "summary_bg_median": 2.6545276641845703,
  "summary_bg_n": 611664.0,
  "summary_bg_p05": 0.0,
  "summary_bg_p95": 26.262654113769525,
  "summary_bg_stdv": 9.120684623718262,
  "summary_csf_k": 81.7648836121759,
  "summary_csf_mad": 93.3875609205435,
  "summary_csf_mean": 371.5216979980469,
  "summary_csf_median": 356.9043273925781,
  "summary_csf_n": 25355.0,
  "summary_csf_p05": 224.41526184082028,
  "summary_csf_p95": 551.0108520507812,
  "summary_csf_stdv": 131.99195861816406,
  "summary_gm_k": 1.0798899282649144,
  "summary_gm_mad": 59.48579438321475,
  "summary_gm_mean": 696.8330078125,
  "summary_gm_median": 688.7902221679688,
  "summary_gm_n": 51327.0,
  "summary_gm_p05": 601.5363586425781,
  "summary_gm_p95": 825.4808715820312,
  "summary_gm_stdv": 67.49019622802734,
  "summary_wm_k": 1.0168486643532315,
  "summary_wm_mad": 41.47987820039286,
  "summary_wm_mean": 999.752685546875,
  "summary_wm_median": 1000.005615234375,
  "summary_wm_n": 224300.0,
  "summary_wm_p05": 921.7897735595702,
  "summary_wm_p95": 1076.3345397949217,
  "summary_wm_stdv": 47.08015060424805,
  "tpm_overlap_csf": 0.14687012135982513,
  "tpm_overlap_gm": 0.47242358326911926,
  "tpm_overlap_wm": 0.5067602396011353,
  "wm2max": 0.532852877040759
}