{
    "TaskName": "LocalASL",
	"Modality": "MR",
	"MagneticFieldStrength": 3,
	"ImagingFrequency": 127.750296,
	"Manufacturer": "Philips",
	"ManufacturersModelName": "MR 7700",
	"InstitutionName": "VANDERBILT INSTITUTE OF IMAGING",
	"InstitutionalDepartmentName": "MRI DEPT.",
	"InstitutionAddress": "1161 21ST AVE. SOUTH",
	"DeviceSerialNumber": "45051",
	"StationName": "PHILIPS-JJJ61LI",
	"BodyPartExamined": "BRAIN",
	"PatientPosition": "HFS",
	"SoftwareVersions": "5.9.0\\5.9.0.0",
	"MRAcquisitionType": "2D",
	"SeriesDescription": "EPI_task-LocalASL_run-2",
	"ProtocolName": "WIP EPI_task-LocalASL_run-2",
	"ScanningSequence": "GR",
	"SequenceVariant": "SK",
	"ScanOptions": "FS",
	"PulseSequenceName": "FEEPI",
	"ImageType": ["ORIGINAL", "PRIMARY", "T2", "NONE"],
	"SeriesNumber": 901,
	"AcquisitionTime": "15:39:5.600000",
	"AcquisitionNumber": 9,
	"PhilipsRescaleSlope": 0.789744,
	"PhilipsRescaleIntercept": 0,
	"PhilipsScaleSlope": 0.0437747,
	"UsePhilipsFloatNotDisplayScaling": 1,
	"SliceThickness": 2.25,
	"SpacingBetweenSlices": 2.25,
	"EchoTime": 0.030001,
	"RepetitionTime": 2,
	"MTState": false,
	"FlipAngle": 72,
	"CoilString": "MULTI COIL",
	"PercentPhaseFOV": 100,
	"PercentSampling": 100,
	"EchoTrainLength": 47,
	"PhaseEncodingSteps": 94,
	"FrequencyEncodingSteps": 96,
	"PhaseEncodingStepsOutOfPlane": 1,
	"AcquisitionMatrixPE": 94,
	"ReconMatrixPE": 96,
	"ParallelReductionFactorInPlane": 2,
	"ParallelAcquisitionTechnique": "MBSENSE",
	"ParallelReductionFactorOutOfPlane": 2,
	"WaterFatShift": 13.1389,
	"EstimatedEffectiveEchoSpacing": 0.000311783,
	"EstimatedTotalReadoutTime": 0.0296194,
	"PixelBandwidth": 2098.16,
	"PhaseEncodingAxis": "j",
	"ImageOrientationPatientDICOM": [
		0.995576,
		0.0691113,
		0.0636622,
		-0.0714986,
		0.99679,
		0.036014	],
	"InPlanePhaseEncodingDirectionDICOM": "COL",
	"ConversionSoftware": "dcm2niix",
	"ConversionSoftwareVersion": "v1.0.20230411",
	"AcquisitionDate":"'08-31-2024'"
}
